STRATEGY: MAX
NUGET
  remote: https://api.nuget.org/v3/index.json
    akarnokd.reactive_extensions (0.0.27-alpha)
      System.Reactive (>= 4.1.6) - restriction: >= netstandard2.0
    Castle.Core (4.4) - restriction: || (>= net45) (>= netstandard2.0)
      NETStandard.Library (>= 1.6.1) - restriction: || (&& (< net35) (>= netstandard1.3) (< netstandard1.5)) (&& (< net35) (>= netstandard1.5))
      System.Collections.Specialized (>= 4.3) - restriction: || (&& (< net35) (>= netstandard1.3) (< netstandard1.5)) (&& (< net35) (>= netstandard1.5))
      System.ComponentModel (>= 4.3) - restriction: || (&& (< net35) (>= netstandard1.3) (< netstandard1.5)) (&& (< net35) (>= netstandard1.5))
      System.ComponentModel.TypeConverter (>= 4.3) - restriction: || (&& (< net35) (>= netstandard1.3) (< netstandard1.5)) (&& (< net35) (>= netstandard1.5))
      System.Diagnostics.TraceSource (>= 4.3) - restriction: || (&& (< net35) (>= netstandard1.3) (< netstandard1.5)) (&& (< net35) (>= netstandard1.5))
      System.Dynamic.Runtime (>= 4.3) - restriction: || (&& (< net35) (>= netstandard1.3) (< netstandard1.5)) (&& (< net35) (>= netstandard1.5))
      System.Reflection (>= 4.3) - restriction: || (&& (< net35) (>= netstandard1.3) (< netstandard1.5)) (&& (< net35) (>= netstandard1.5))
      System.Reflection.Emit (>= 4.3) - restriction: || (&& (< net35) (>= netstandard1.3) (< netstandard1.5)) (&& (< net35) (>= netstandard1.5))
      System.Reflection.TypeExtensions (>= 4.3) - restriction: || (&& (< net35) (>= netstandard1.3) (< netstandard1.5)) (&& (< net35) (>= netstandard1.5))
      System.Xml.XmlDocument (>= 4.3) - restriction: || (&& (< net35) (>= netstandard1.3) (< netstandard1.5)) (&& (< net35) (>= netstandard1.5))
    DevExpress.Data (18.2.11) - restriction: >= net452
    DevExpress.Xpo (18.2.11) - restriction: >= net452
      DevExpress.Data (18.2.11) - restriction: || (>= net452) (>= netstandard2.0)
    Enums.NET (3.0.1)
      NETStandard.Library (>= 1.6.1) - restriction: || (&& (< net45) (>= netstandard1.1) (< netstandard1.3)) (&& (< net45) (>= netstandard1.3) (< netstandard2.0)) (&& (>= netstandard1.0) (< netstandard1.1))
      System.ComponentModel.Annotations (>= 4.6) - restriction: || (&& (< net45) (>= netstandard1.1) (< netstandard1.3)) (&& (< net45) (>= netstandard1.3) (< netstandard2.0)) (&& (< net45) (>= netstandard2.0) (< netstandard2.1)) (&& (< netcoreapp3.0) (>= netstandard2.1))
      System.ComponentModel.Primitives (>= 4.3) - restriction: || (&& (< net45) (>= netstandard1.1) (< netstandard1.3)) (&& (< net45) (>= netstandard1.3) (< netstandard2.0)) (&& (>= netstandard1.0) (< netstandard1.1))
      System.Runtime.CompilerServices.Unsafe (>= 4.6) - restriction: || (&& (< net45) (>= netstandard1.1) (< netstandard1.3)) (&& (< net45) (>= netstandard1.3) (< netstandard2.0)) (&& (< net45) (>= netstandard2.0) (< netstandard2.1)) (&& (< netcoreapp3.0) (>= netstandard2.1)) (&& (>= netstandard1.0) (< netstandard1.1))
      System.Runtime.Serialization.Primitives (>= 4.3) - restriction: || (&& (< net45) (>= netstandard1.1) (< netstandard1.3)) (&& (< net45) (>= netstandard1.3) (< netstandard2.0)) (&& (>= netstandard1.0) (< netstandard1.1))
    Fasterflect.Xpand (2.0.7)
      System.Reflection.Emit.Lightweight (>= 4.6) - restriction: >= netstandard2.0
    Grpc (2.23)
      Grpc.Core (>= 2.23) - restriction: || (>= net45) (>= netstandard1.5)
    Grpc.Core (2.25) - restriction: || (>= net45) (>= netstandard1.5)
      Grpc.Core.Api (>= 2.25) - restriction: || (>= net45) (>= netstandard1.5)
      NETStandard.Library (>= 1.6.1) - restriction: && (< net45) (>= netstandard1.5) (< netstandard2.0)
      System.Memory (>= 4.5.3) - restriction: || (>= net45) (>= netstandard1.5)
      System.Runtime.Loader (>= 4.0) - restriction: && (< net45) (>= netstandard1.5) (< netstandard2.0)
      System.Threading.Thread (>= 4.0) - restriction: && (< net45) (>= netstandard1.5) (< netstandard2.0)
      System.Threading.ThreadPool (>= 4.0.10) - restriction: && (< net45) (>= netstandard1.5) (< netstandard2.0)
    Grpc.Core.Api (2.25) - restriction: || (>= net45) (>= netstandard1.5)
      NETStandard.Library (>= 1.6.1) - restriction: && (< net45) (>= netstandard1.5) (< netstandard2.0)
      System.Memory (>= 4.5.3) - restriction: || (>= net45) (>= netstandard1.5)
    Humanizer.Core (2.7.9)
      NETStandard.Library (>= 1.6.1) - restriction: && (>= netstandard1.0) (< netstandard2.0)
    JetBrains.Annotations (2019.1.3)
      System.Runtime (>= 4.1) - restriction: && (< net10) (>= netstandard1.0) (< netstandard2.0)
    MagicOnion (2.6.3)
      Grpc (>= 2.23) - restriction: >= netstandard2.0
      MessagePack (>= 1.7.3.7) - restriction: >= netstandard2.0
      System.Buffers (>= 4.5) - restriction: >= netstandard2.0
      System.Collections.Immutable (>= 1.5) - restriction: >= netstandard2.0
      System.Runtime.CompilerServices.Unsafe (>= 4.5.2) - restriction: >= netstandard2.0
      System.Threading.Tasks.Extensions (>= 4.5.3) - restriction: >= netstandard2.0
      System.Threading.Tasks.Parallel (>= 4.3) - restriction: >= netstandard2.0
    MessagePack (1.7.3.7)
      System.Reflection.Emit (>= 4.3) - restriction: || (&& (< net45) (>= netstandard1.6) (< netstandard2.0)) (&& (< net45) (>= netstandard2.0))
      System.Reflection.Emit.Lightweight (>= 4.3) - restriction: || (&& (< net45) (>= netstandard1.6) (< netstandard2.0)) (&& (< net45) (>= netstandard2.0))
      System.Runtime.Serialization.Primitives (>= 4.3) - restriction: || (&& (< net45) (>= netstandard1.6) (< netstandard2.0)) (&& (< net45) (>= netstandard2.0))
      System.Threading.Tasks.Extensions (>= 4.3) - restriction: || (&& (>= net45) (< netstandard1.6)) (&& (< net45) (>= netstandard1.6) (< netstandard2.0)) (&& (< net45) (>= netstandard2.0)) (>= net47)
      System.ValueTuple (>= 4.3) - restriction: || (&& (>= net45) (< net47) (< netstandard1.6)) (&& (< net45) (>= netstandard1.6) (< netstandard2.0)) (&& (< net45) (>= netstandard2.0))
    Microsoft.Bcl.AsyncInterfaces (1.0) - restriction: || (>= net461) (&& (>= netstandard2.0) (< netstandard2.1))
      System.Threading.Tasks.Extensions (>= 4.5.2) - restriction: || (>= net461) (&& (< netcoreapp2.1) (>= netstandard2.0) (< xamarinios) (< xamarinmac)) (>= netstandard2.1)
    Microsoft.CSharp (4.6) - restriction: || (&& (< net20) (>= netstandard1.0) (< netstandard1.3)) (&& (< net20) (>= netstandard1.3) (< netstandard2.0)) (&& (< net40) (>= netstandard1.3) (< netstandard2.0)) (&& (< net40) (>= netstandard2.0))
      NETStandard.Library (>= 1.6.1) - restriction: || (&& (< monoandroid) (< monotouch) (< net45) (>= netstandard1.3) (< netstandard2.0) (< win8) (< wpa81) (< xamarintvos) (< xamarinwatchos)) (&& (< monoandroid) (< net45) (>= netstandard1.0) (< netstandard1.3) (< win8) (< wp8) (< wpa81))
      System.Dynamic.Runtime (>= 4.3) - restriction: || (&& (< monoandroid) (< monotouch) (< net45) (>= netstandard1.3) (< netstandard2.0) (< win8) (< wpa81) (< xamarintvos) (< xamarinwatchos)) (&& (< monoandroid) (< net45) (>= netstandard1.0) (< netstandard1.3) (< win8) (< wp8) (< wpa81))
      System.Reflection.TypeExtensions (>= 4.6) - restriction: && (< monoandroid) (< monotouch) (< net45) (>= netstandard1.3) (< netstandard2.0) (< win8) (< wpa81) (< xamarintvos) (< xamarinwatchos)
    Microsoft.DotNet.InternalAbstractions (1.0) - restriction: >= netcoreapp1.0
      System.AppContext (>= 4.1) - restriction: && (< net451) (>= netstandard1.3)
      System.Collections (>= 4.0.11) - restriction: && (< net451) (>= netstandard1.3)
      System.IO (>= 4.1) - restriction: && (< net451) (>= netstandard1.3)
      System.IO.FileSystem (>= 4.0.1) - restriction: && (< net451) (>= netstandard1.3)
      System.Reflection.TypeExtensions (>= 4.1) - restriction: && (< net451) (>= netstandard1.3)
      System.Runtime.Extensions (>= 4.1) - restriction: && (< net451) (>= netstandard1.3)
      System.Runtime.InteropServices (>= 4.1) - restriction: && (< net451) (>= netstandard1.3)
      System.Runtime.InteropServices.RuntimeInformation (>= 4.0) - restriction: && (< net451) (>= netstandard1.3)
    Microsoft.NETCore.Platforms (3.0) - restriction: || (&& (>= monoandroid) (>= netcoreapp2.0) (< netstandard2.0)) (&& (>= monoandroid) (>= netcoreapp2.1) (< netstandard2.0)) (&& (< monoandroid) (< monotouch) (< net45) (>= netstandard1.5) (< netstandard2.0) (< win8) (< wpa81) (< xamarintvos) (< xamarinwatchos)) (&& (< monoandroid) (< monotouch) (< net45) (>= netstandard1.5) (< win8) (< wpa81) (< xamarinios) (< xamarinmac) (< xamarintvos) (< xamarinwatchos)) (&& (< monoandroid) (< net35) (< netstandard1.2) (>= netstandard1.6) (< win8)) (&& (< monoandroid) (< net35) (< netstandard1.3) (>= netstandard1.6) (< win8) (< wpa81)) (&& (< monoandroid) (< net35) (< netstandard1.5) (>= netstandard1.6) (< win8) (< wpa81)) (&& (< monoandroid) (< net45) (>= netstandard1.2) (< netstandard1.3) (< win8) (< wpa81)) (&& (< monoandroid) (< net45) (>= netstandard1.3) (< netstandard1.5) (< win8) (< wpa81)) (&& (< monoandroid) (< net45) (< netstandard1.3) (>= netstandard2.0) (< win8) (< wpa81)) (&& (< monoandroid) (< net45) (< netstandard1.5) (>= netstandard2.0) (< win8) (< wpa81)) (&& (< monoandroid) (< net45) (>= netstandard2.0) (< win8) (< wpa81) (< xamarinios) (< xamarinmac)) (&& (>= monotouch) (>= netcoreapp2.0)) (&& (>= monotouch) (>= netcoreapp2.1)) (&& (< net35) (>= net45) (>= netstandard1.3) (< netstandard1.5)) (&& (< net35) (>= net45) (< netstandard1.3) (>= netstandard1.4)) (&& (< net35) (>= net45) (>= netstandard1.5)) (&& (< net35) (>= net461) (< netstandard2.0)) (&& (< net35) (< netstandard1.0) (>= netstandard1.4) (< portable-net45+win8)) (&& (< net35) (< netstandard1.0) (>= netstandard1.4) (< win8)) (&& (< net35) (< netstandard1.2) (>= netstandard1.4) (< win8)) (&& (< net35) (< netstandard1.3) (>= netstandard1.4) (< win8) (< wpa81)) (&& (< net35) (>= netstandard1.4) (< netstandard1.5) (< win8) (< wpa81)) (&& (< net35) (>= netstandard1.4) (< portable-net45+win8+wpa81)) (&& (< net35) (>= netstandard1.5) (< netstandard1.6) (< win8) (< wpa81)) (&& (< net35) (>= netstandard1.6) (< netstandard2.0) (< win8) (< wpa81)) (&& (< net35) (>= netstandard2.0)) (&& (>= net461) (>= netcoreapp2.0)) (&& (>= net461) (>= netcoreapp2.1)) (>= netcoreapp1.0) (&& (>= netcoreapp2.0) (< netcoreapp2.1)) (&& (>= netcoreapp2.0) (>= xamarinios)) (&& (>= netcoreapp2.0) (>= xamarinmac)) (&& (>= netcoreapp2.0) (>= xamarintvos)) (&& (>= netcoreapp2.0) (>= xamarinwatchos)) (&& (>= netcoreapp2.1) (< netcoreapp3.0)) (&& (>= netcoreapp2.1) (>= xamarinios)) (&& (>= netcoreapp2.1) (>= xamarinmac)) (&& (>= netcoreapp2.1) (>= xamarintvos)) (&& (>= netcoreapp2.1) (>= xamarinwatchos)) (&& (< netstandard1.0) (>= netstandard1.4) (>= win8)) (&& (< netstandard1.0) (>= netstandard2.0) (>= win8)) (&& (< netstandard1.3) (>= netstandard1.4) (< win8) (>= wpa81)) (&& (< netstandard1.3) (>= netstandard2.0) (< win8) (>= wpa81)) (&& (>= netstandard1.4) (>= wp8)) (&& (< netstandard1.5) (>= uap10.0)) (&& (>= netstandard2.0) (>= wp8)) (>= uap10.1)
    Microsoft.NETCore.Targets (3.0) - restriction: || (&& (< monoandroid) (< monotouch) (< net35) (>= netstandard1.6) (< netstandard2.0) (< win8) (< wpa81) (< xamarintvos) (< xamarinwatchos)) (&& (< monoandroid) (< monotouch) (< net45) (>= netstandard1.5) (< netstandard2.0) (< win8) (< wpa81) (< xamarintvos) (< xamarinwatchos)) (&& (< monoandroid) (< monotouch) (< net45) (>= netstandard1.5) (< win8) (< wpa81) (< xamarinios) (< xamarinmac) (< xamarintvos) (< xamarinwatchos)) (&& (< monoandroid) (< net35) (< netstandard1.1) (>= netstandard1.4) (< win8)) (&& (< monoandroid) (< net35) (< netstandard1.1) (>= netstandard1.5) (< win8)) (&& (< monoandroid) (< net35) (< netstandard1.1) (>= netstandard1.6) (< win8)) (&& (< monoandroid) (< net35) (< netstandard1.1) (>= netstandard2.0) (< win8)) (&& (< monoandroid) (< net35) (< netstandard1.2) (>= netstandard1.4) (< win8)) (&& (< monoandroid) (< net35) (< netstandard1.2) (>= netstandard1.6) (< win8)) (&& (< monoandroid) (< net35) (< netstandard1.2) (>= netstandard2.0) (< win8)) (&& (< monoandroid) (< net35) (< netstandard1.3) (>= netstandard1.4) (< win8) (< wpa81)) (&& (< monoandroid) (< net35) (< netstandard1.3) (>= netstandard1.5) (< win8) (< wpa81)) (&& (< monoandroid) (< net35) (< netstandard1.3) (>= netstandard1.6) (< win8) (< wpa81)) (&& (< monoandroid) (< net35) (< netstandard1.3) (>= netstandard2.0) (< win8) (< wpa81)) (&& (< monoandroid) (< net35) (>= netstandard1.4) (< netstandard1.5) (< win8) (< wpa81)) (&& (< monoandroid) (< net35) (< netstandard1.4) (>= netstandard2.0) (< win8) (< wpa81)) (&& (< monoandroid) (< net35) (>= netstandard1.5) (< netstandard1.6) (< win8) (< wpa81)) (&& (< monoandroid) (< net35) (< netstandard1.5) (>= netstandard1.6) (< win8) (< wpa81)) (&& (< monoandroid) (< net35) (< netstandard1.5) (>= netstandard2.0) (< win8) (< wpa81)) (&& (< monoandroid) (< net35) (< netstandard1.6) (>= netstandard2.0) (< win8) (< wpa81)) (&& (< monoandroid) (< net45) (>= netstandard1.2) (< netstandard1.3) (< win8) (< wpa81)) (&& (< monoandroid) (< net45) (>= netstandard1.3) (< netstandard1.5) (< win8) (< wpa81)) (&& (< monoandroid) (< net45) (< netstandard1.3) (>= netstandard2.0) (< win8) (< wpa81)) (&& (< monoandroid) (< net45) (< netstandard1.5) (>= netstandard2.0) (< win8) (< wpa81)) (&& (< monoandroid) (< net45) (>= netstandard2.0) (< win8) (< wpa81) (< xamarinios) (< xamarinmac)) (&& (< net35) (>= net46) (< netstandard1.4) (>= netstandard2.0)) (&& (< net35) (>= netstandard1.4) (< portable-net45+win8+wpa81)) (&& (< net35) (>= netstandard2.0) (< portable-net45+win8+wpa81)) (>= netcoreapp1.0) (&& (< netstandard1.1) (>= uap10.0) (< win8)) (&& (< netstandard1.3) (>= uap10.0) (< win8) (< wpa81)) (&& (< netstandard1.5) (>= netstandard1.6) (>= uap10.0)) (&& (< netstandard1.5) (>= netstandard2.0) (>= uap10.0)) (&& (< netstandard1.5) (>= uap10.0) (< uap10.1)) (&& (< netstandard1.5) (>= uap10.0) (< win8) (< wpa81))
    Microsoft.Win32.Primitives (4.3) - restriction: || (&& (< monoandroid) (< net35) (< netstandard1.2) (>= netstandard1.4) (< win8)) (&& (< monoandroid) (< net35) (< netstandard1.2) (>= netstandard2.0) (< win8)) (&& (< monoandroid) (< net35) (< netstandard1.3) (>= netstandard1.4) (< win8) (< wpa81)) (&& (< monoandroid) (< net35) (< netstandard1.3) (>= netstandard2.0) (< win8) (< wpa81)) (&& (< net35) (>= net46) (< netstandard1.4) (>= netstandard2.0)) (&& (< net35) (>= netstandard1.4) (< netstandard1.5) (< win8) (< wpa81)) (&& (< net35) (< netstandard1.4) (>= netstandard2.0) (< win8) (< wpa81)) (&& (< net35) (>= netstandard1.5) (< netstandard1.6) (< win8) (< wpa81)) (&& (< net35) (< netstandard1.5) (>= netstandard2.0) (< win8) (< wpa81)) (&& (< net35) (>= netstandard1.6) (< netstandard2.0) (< win8) (< wpa81)) (&& (< net35) (< netstandard1.6) (>= netstandard2.0) (< win8) (< wpa81)) (>= netcoreapp1.0) (&& (< netstandard1.5) (>= netstandard2.0) (>= uap10.0)) (&& (< netstandard1.5) (>= uap10.0) (< uap10.1)) (&& (< netstandard1.5) (>= uap10.0) (< win8) (< wpa81))
      Microsoft.NETCore.Platforms (>= 1.1) - restriction: && (< monoandroid) (< monotouch) (< net46) (>= netstandard1.3) (< xamarinios) (< xamarinmac) (< xamarintvos) (< xamarinwatchos)
      Microsoft.NETCore.Targets (>= 1.1) - restriction: && (< monoandroid) (< monotouch) (< net46) (>= netstandard1.3) (< xamarinios) (< xamarinmac) (< xamarintvos) (< xamarinwatchos)
      System.Runtime (>= 4.3) - restriction: && (< monoandroid) (< monotouch) (< net46) (>= netstandard1.3) (< xamarinios) (< xamarinmac) (< xamarintvos) (< xamarinwatchos)
    Microsoft.Win32.Registry (4.6) - restriction: >= netcoreapp1.0
      NETStandard.Library (>= 1.6.1) - restriction: && (< monoandroid) (< monotouch) (< net46) (>= netstandard1.3) (< netstandard2.0) (< uap10.1) (< xamarintvos) (< xamarinwatchos)
      System.Memory (>= 4.5.3) - restriction: || (&& (< net46) (< netcoreapp2.0) (>= netstandard2.0) (< xamarinios) (< xamarinmac)) (&& (>= netcoreapp2.0) (< netcoreapp2.1)) (>= uap10.1)
      System.Security.AccessControl (>= 4.6) - restriction: || (&& (>= monoandroid) (< netstandard2.0)) (>= monotouch) (&& (< net46) (>= netstandard2.0)) (>= net461) (>= netcoreapp2.0) (>= xamarinios) (>= xamarinmac) (>= xamarintvos) (>= xamarinwatchos)
      System.Security.Principal.Windows (>= 4.6) - restriction: || (&& (>= monoandroid) (< netstandard2.0)) (>= monotouch) (&& (< net46) (>= netstandard2.0)) (>= net461) (>= netcoreapp2.0) (>= xamarinios) (>= xamarinmac) (>= xamarintvos) (>= xamarinwatchos)
    Microsoft.Win32.SystemEvents (4.6) - restriction: >= netcoreapp2.0
      Microsoft.NETCore.Platforms (>= 3.0) - restriction: >= netcoreapp2.0
    Mono.Cecil (0.11.1)
    Moq (4.13.1)
      Castle.Core (>= 4.4) - restriction: || (>= net45) (>= netstandard2.0)
      System.Threading.Tasks.Extensions (>= 4.5.1) - restriction: || (>= net45) (>= netstandard2.0)
    NETStandard.Library (2.0.3) - restriction: || (&& (< monoandroid) (< monotouch) (< net45) (>= netstandard1.4) (< netstandard2.0) (< uap10.1) (< xamarintvos) (< xamarinwatchos)) (&& (< monoandroid) (< monotouch) (< net45) (>= netstandard1.6) (< netstandard2.0) (< win8) (< wpa81) (< xamarintvos) (< xamarinwatchos)) (&& (< monoandroid) (< net45) (>= netstandard1.1) (< netstandard1.3) (< win8)) (&& (< monoandroid) (< net45) (>= netstandard1.3) (< netstandard1.4) (< win8)) (&& (< monoandroid) (< net45) (< netstandard1.3) (>= netstandard1.4)) (&& (< monoandroid) (< net45) (< netstandard1.3) (>= netstandard2.0) (< win8)) (&& (< monoandroid) (< net45) (< netstandard1.4) (>= netstandard2.0) (< win8)) (&& (< net20) (>= netstandard1.0) (< netstandard1.3)) (&& (< net20) (>= netstandard1.3) (< netstandard2.0)) (&& (< net35) (>= net45) (>= netstandard1.3) (< netstandard1.5)) (&& (< net35) (>= net45) (>= netstandard1.5)) (&& (< net35) (>= netstandard1.4) (< netstandard2.0)) (&& (< net35) (>= netstandard2.0)) (&& (< net40) (>= netstandard1.3) (< netstandard2.0)) (&& (< net45) (>= netstandard1.5) (< netstandard2.0)) (&& (>= netcoreapp1.0) (< netstandard2.0)) (&& (>= netstandard1.0) (< netstandard2.0)) (&& (< netstandard1.3) (>= netstandard2.1)) (&& (< netstandard1.4) (>= netstandard2.1)) (&& (< netstandard2.0) (>= netstandard2.1))
      Microsoft.NETCore.Platforms (>= 1.1) - restriction: || (&& (>= net45) (< netstandard1.3)) (&& (< net45) (>= netstandard1.1) (< netstandard1.2) (< win8)) (&& (< net45) (>= netstandard1.2) (< netstandard1.3) (< win8) (< wpa81)) (&& (< net45) (>= netstandard1.3) (< netstandard1.4) (< win8) (< wpa81)) (&& (< net45) (>= netstandard1.4) (< netstandard1.5) (< win8) (< wpa81)) (&& (< net45) (>= netstandard1.5) (< netstandard1.6) (< win8) (< wpa81)) (&& (< net45) (>= netstandard1.6) (< netstandard2.0) (< win8) (< wpa81)) (&& (< net45) (>= netstandard2.0)) (&& (>= net46) (< netstandard1.4)) (>= net461) (>= netcoreapp2.0) (&& (>= netstandard1.0) (< portable-net45+win8+wpa81)) (&& (< netstandard1.0) (>= portable-net45+win8) (< win8)) (&& (< netstandard1.0) (< portable-net45+win8) (>= portable-net45+win8+wpa81)) (&& (< netstandard1.0) (>= portable-net45+win8+wp8+wpa81) (< portable-net45+win8+wpa81)) (&& (< netstandard1.0) (>= win8)) (&& (< netstandard1.3) (< win8) (>= wpa81)) (&& (< netstandard1.5) (>= uap10.0)) (>= uap10.1) (>= wp8)
      Microsoft.Win32.Primitives (>= 4.3) - restriction: || (&& (< net45) (>= netstandard1.3) (< netstandard1.4) (< win8) (< wpa81)) (&& (< net45) (>= netstandard1.4) (< netstandard1.5) (< win8) (< wpa81)) (&& (< net45) (>= netstandard1.5) (< netstandard1.6) (< win8) (< wpa81)) (&& (< net45) (>= netstandard1.6) (< netstandard2.0) (< win8) (< wpa81)) (&& (>= net46) (< netstandard1.4)) (&& (< netstandard1.5) (>= uap10.0) (< uap10.1))
      System.AppContext (>= 4.3) - restriction: || (&& (< net45) (>= netstandard1.3) (< netstandard1.4) (< win8) (< wpa81)) (&& (< net45) (>= netstandard1.4) (< netstandard1.5) (< win8) (< wpa81)) (&& (< net45) (>= netstandard1.5) (< netstandard1.6) (< win8) (< wpa81)) (&& (< net45) (>= netstandard1.6) (< netstandard2.0) (< win8) (< wpa81)) (&& (>= net46) (< netstandard1.4)) (&& (< netstandard1.5) (>= uap10.0) (< uap10.1))
      System.Collections (>= 4.3) - restriction: || (&& (< net45) (>= netstandard1.1) (< netstandard1.2) (< win8)) (&& (< net45) (>= netstandard1.2) (< netstandard1.3) (< win8) (< wpa81)) (&& (< net45) (>= netstandard1.3) (< netstandard1.4) (< win8) (< wpa81)) (&& (< net45) (>= netstandard1.4) (< netstandard1.5) (< win8) (< wpa81)) (&& (< net45) (>= netstandard1.5) (< netstandard1.6) (< win8) (< wpa81)) (&& (< net45) (>= netstandard1.6) (< netstandard2.0) (< win8) (< wpa81)) (&& (>= netstandard1.0) (< portable-net45+win8+wpa81) (< wp8)) (&& (< netstandard1.5) (>= uap10.0) (< uap10.1))
      System.Collections.Concurrent (>= 4.3) - restriction: || (&& (< net45) (>= netstandard1.1) (< netstandard1.2) (< win8)) (&& (< net45) (>= netstandard1.2) (< netstandard1.3) (< win8) (< wpa81)) (&& (< net45) (>= netstandard1.3) (< netstandard1.4) (< win8) (< wpa81)) (&& (< net45) (>= netstandard1.4) (< netstandard1.5) (< win8) (< wpa81)) (&& (< net45) (>= netstandard1.5) (< netstandard1.6) (< win8) (< wpa81)) (&& (< net45) (>= netstandard1.6) (< netstandard2.0) (< win8) (< wpa81)) (&& (< netstandard1.5) (>= uap10.0) (< uap10.1))
      System.Console (>= 4.3) - restriction: || (&& (< net45) (>= netstandard1.3) (< netstandard1.4) (< win8) (< wpa81)) (&& (< net45) (>= netstandard1.4) (< netstandard1.5) (< win8) (< wpa81)) (&& (< net45) (>= netstandard1.5) (< netstandard1.6) (< win8) (< wpa81)) (&& (< net45) (>= netstandard1.6) (< netstandard2.0) (< win8) (< wpa81)) (&& (>= net46) (< netstandard1.4)) (&& (< netstandard1.5) (>= uap10.0) (< uap10.1))
      System.Diagnostics.Debug (>= 4.3) - restriction: || (&& (< net45) (>= netstandard1.1) (< netstandard1.2) (< win8)) (&& (< net45) (>= netstandard1.2) (< netstandard1.3) (< win8) (< wpa81)) (&& (< net45) (>= netstandard1.3) (< netstandard1.4) (< win8) (< wpa81)) (&& (< net45) (>= netstandard1.4) (< netstandard1.5) (< win8) (< wpa81)) (&& (< net45) (>= netstandard1.5) (< netstandard1.6) (< win8) (< wpa81)) (&& (< net45) (>= netstandard1.6) (< netstandard2.0) (< win8) (< wpa81)) (&& (>= netstandard1.0) (< portable-net45+win8+wpa81) (< wp8)) (&& (< netstandard1.5) (>= uap10.0) (< uap10.1))
      System.Diagnostics.Tools (>= 4.3) - restriction: || (&& (< net45) (>= netstandard1.1) (< netstandard1.2) (< win8)) (&& (< net45) (>= netstandard1.2) (< netstandard1.3) (< win8) (< wpa81)) (&& (< net45) (>= netstandard1.3) (< netstandard1.4) (< win8) (< wpa81)) (&& (< net45) (>= netstandard1.4) (< netstandard1.5) (< win8) (< wpa81)) (&& (< net45) (>= netstandard1.5) (< netstandard1.6) (< win8) (< wpa81)) (&& (< net45) (>= netstandard1.6) (< netstandard2.0) (< win8) (< wpa81)) (&& (>= netstandard1.0) (< portable-net45+win8+wpa81) (< wp8)) (&& (< netstandard1.5) (>= uap10.0) (< uap10.1))
      System.Diagnostics.Tracing (>= 4.3) - restriction: || (&& (< net45) (>= netstandard1.1) (< netstandard1.2) (< win8)) (&& (< net45) (>= netstandard1.2) (< netstandard1.3) (< win8) (< wpa81)) (&& (< net45) (>= netstandard1.3) (< netstandard1.4) (< win8) (< wpa81)) (&& (< net45) (>= netstandard1.4) (< netstandard1.5) (< win8) (< wpa81)) (&& (< net45) (>= netstandard1.5) (< netstandard1.6) (< win8) (< wpa81)) (&& (< net45) (>= netstandard1.6) (< netstandard2.0) (< win8) (< wpa81)) (&& (< netstandard1.5) (>= uap10.0) (< uap10.1))
      System.Globalization (>= 4.3) - restriction: || (&& (< net45) (>= netstandard1.1) (< netstandard1.2) (< win8)) (&& (< net45) (>= netstandard1.2) (< netstandard1.3) (< win8) (< wpa81)) (&& (< net45) (>= netstandard1.3) (< netstandard1.4) (< win8) (< wpa81)) (&& (< net45) (>= netstandard1.4) (< netstandard1.5) (< win8) (< wpa81)) (&& (< net45) (>= netstandard1.5) (< netstandard1.6) (< win8) (< wpa81)) (&& (< net45) (>= netstandard1.6) (< netstandard2.0) (< win8) (< wpa81)) (&& (>= netstandard1.0) (< portable-net45+win8+wpa81) (< wp8)) (&& (< netstandard1.5) (>= uap10.0) (< uap10.1))
      System.Globalization.Calendars (>= 4.3) - restriction: || (&& (< net45) (>= netstandard1.3) (< netstandard1.4) (< win8) (< wpa81)) (&& (< net45) (>= netstandard1.4) (< netstandard1.5) (< win8) (< wpa81)) (&& (< net45) (>= netstandard1.5) (< netstandard1.6) (< win8) (< wpa81)) (&& (< net45) (>= netstandard1.6) (< netstandard2.0) (< win8) (< wpa81)) (&& (>= net46) (< netstandard1.4)) (&& (< netstandard1.5) (>= uap10.0) (< uap10.1))
      System.IO (>= 4.3) - restriction: || (&& (< net45) (>= netstandard1.1) (< netstandard1.2) (< win8)) (&& (< net45) (>= netstandard1.2) (< netstandard1.3) (< win8) (< wpa81)) (&& (< net45) (>= netstandard1.3) (< netstandard1.4) (< win8) (< wpa81)) (&& (< net45) (>= netstandard1.4) (< netstandard1.5) (< win8) (< wpa81)) (&& (< net45) (>= netstandard1.5) (< netstandard1.6) (< win8) (< wpa81)) (&& (< net45) (>= netstandard1.6) (< netstandard2.0) (< win8) (< wpa81)) (&& (>= netstandard1.0) (< portable-net45+win8+wpa81) (< wp8)) (&& (< netstandard1.5) (>= uap10.0) (< uap10.1))
      System.IO.Compression (>= 4.3) - restriction: || (&& (< net45) (>= netstandard1.1) (< netstandard1.2) (< win8)) (&& (< net45) (>= netstandard1.2) (< netstandard1.3) (< win8) (< wpa81)) (&& (< net45) (>= netstandard1.3) (< netstandard1.4) (< win8) (< wpa81)) (&& (< net45) (>= netstandard1.4) (< netstandard1.5) (< win8) (< wpa81)) (&& (< net45) (>= netstandard1.5) (< netstandard1.6) (< win8) (< wpa81)) (&& (< net45) (>= netstandard1.6) (< netstandard2.0) (< win8) (< wpa81)) (&& (>= net46) (< netstandard1.4)) (&& (< netstandard1.5) (>= uap10.0) (< uap10.1))
      System.IO.Compression.ZipFile (>= 4.3) - restriction: || (&& (< net45) (>= netstandard1.3) (< netstandard1.4) (< win8) (< wpa81)) (&& (< net45) (>= netstandard1.4) (< netstandard1.5) (< win8) (< wpa81)) (&& (< net45) (>= netstandard1.5) (< netstandard1.6) (< win8) (< wpa81)) (&& (< net45) (>= netstandard1.6) (< netstandard2.0) (< win8) (< wpa81)) (&& (>= net46) (< netstandard1.4)) (&& (< netstandard1.5) (>= uap10.0) (< uap10.1))
      System.IO.FileSystem (>= 4.3) - restriction: || (&& (< net45) (>= netstandard1.3) (< netstandard1.4) (< win8) (< wpa81)) (&& (< net45) (>= netstandard1.4) (< netstandard1.5) (< win8) (< wpa81)) (&& (< net45) (>= netstandard1.5) (< netstandard1.6) (< win8) (< wpa81)) (&& (< net45) (>= netstandard1.6) (< netstandard2.0) (< win8) (< wpa81)) (&& (>= net46) (< netstandard1.4)) (&& (< netstandard1.5) (>= uap10.0) (< uap10.1))
      System.IO.FileSystem.Primitives (>= 4.3) - restriction: || (&& (< net45) (>= netstandard1.3) (< netstandard1.4) (< win8) (< wpa81)) (&& (< net45) (>= netstandard1.4) (< netstandard1.5) (< win8) (< wpa81)) (&& (< net45) (>= netstandard1.5) (< netstandard1.6) (< win8) (< wpa81)) (&& (< net45) (>= netstandard1.6) (< netstandard2.0) (< win8) (< wpa81)) (&& (>= net46) (< netstandard1.4)) (&& (< netstandard1.5) (>= uap10.0) (< uap10.1))
      System.Linq (>= 4.3) - restriction: || (&& (< net45) (>= netstandard1.1) (< netstandard1.2) (< win8)) (&& (< net45) (>= netstandard1.2) (< netstandard1.3) (< win8) (< wpa81)) (&& (< net45) (>= netstandard1.3) (< netstandard1.4) (< win8) (< wpa81)) (&& (< net45) (>= netstandard1.4) (< netstandard1.5) (< win8) (< wpa81)) (&& (< net45) (>= netstandard1.5) (< netstandard1.6) (< win8) (< wpa81)) (&& (< net45) (>= netstandard1.6) (< netstandard2.0) (< win8) (< wpa81)) (&& (>= netstandard1.0) (< portable-net45+win8+wpa81) (< wp8)) (&& (< netstandard1.5) (>= uap10.0) (< uap10.1))
      System.Linq.Expressions (>= 4.3) - restriction: || (&& (< net45) (>= netstandard1.1) (< netstandard1.2) (< win8)) (&& (< net45) (>= netstandard1.2) (< netstandard1.3) (< win8) (< wpa81)) (&& (< net45) (>= netstandard1.3) (< netstandard1.4) (< win8) (< wpa81)) (&& (< net45) (>= netstandard1.4) (< netstandard1.5) (< win8) (< wpa81)) (&& (< net45) (>= netstandard1.5) (< netstandard1.6) (< win8) (< wpa81)) (&& (< net45) (>= netstandard1.6) (< netstandard2.0) (< win8) (< wpa81)) (&& (>= netstandard1.0) (< portable-net45+win8+wpa81) (< wp8)) (&& (< netstandard1.5) (>= uap10.0) (< uap10.1))
      System.Net.Http (>= 4.3.2) - restriction: || (&& (< net45) (>= netstandard1.1) (< netstandard1.2) (< win8)) (&& (< net45) (>= netstandard1.2) (< netstandard1.3) (< win8) (< wpa81)) (&& (< net45) (>= netstandard1.3) (< netstandard1.4) (< win8) (< wpa81)) (&& (< net45) (>= netstandard1.4) (< netstandard1.5) (< win8) (< wpa81)) (&& (< net45) (>= netstandard1.5) (< netstandard1.6) (< win8) (< wpa81)) (&& (< net45) (>= netstandard1.6) (< netstandard2.0) (< win8) (< wpa81)) (&& (>= net46) (< netstandard1.4)) (&& (< netstandard1.5) (>= uap10.0) (< uap10.1))
      System.Net.Primitives (>= 4.3) - restriction: || (&& (< net45) (>= netstandard1.1) (< netstandard1.2) (< win8)) (&& (< net45) (>= netstandard1.2) (< netstandard1.3) (< win8) (< wpa81)) (&& (< net45) (>= netstandard1.3) (< netstandard1.4) (< win8) (< wpa81)) (&& (< net45) (>= netstandard1.4) (< netstandard1.5) (< win8) (< wpa81)) (&& (< net45) (>= netstandard1.5) (< netstandard1.6) (< win8) (< wpa81)) (&& (< net45) (>= netstandard1.6) (< netstandard2.0) (< win8) (< wpa81)) (&& (>= netstandard1.0) (< portable-net45+win8+wpa81) (< wp8)) (&& (< netstandard1.5) (>= uap10.0) (< uap10.1))
      System.Net.Sockets (>= 4.3) - restriction: || (&& (< net45) (>= netstandard1.3) (< netstandard1.4) (< win8) (< wpa81)) (&& (< net45) (>= netstandard1.4) (< netstandard1.5) (< win8) (< wpa81)) (&& (< net45) (>= netstandard1.5) (< netstandard1.6) (< win8) (< wpa81)) (&& (< net45) (>= netstandard1.6) (< netstandard2.0) (< win8) (< wpa81)) (&& (>= net46) (< netstandard1.4)) (&& (< netstandard1.5) (>= uap10.0) (< uap10.1))
      System.ObjectModel (>= 4.3) - restriction: || (&& (< net45) (>= netstandard1.1) (< netstandard1.2) (< win8)) (&& (< net45) (>= netstandard1.2) (< netstandard1.3) (< win8) (< wpa81)) (&& (< net45) (>= netstandard1.3) (< netstandard1.4) (< win8) (< wpa81)) (&& (< net45) (>= netstandard1.4) (< netstandard1.5) (< win8) (< wpa81)) (&& (< net45) (>= netstandard1.5) (< netstandard1.6) (< win8) (< wpa81)) (&& (< net45) (>= netstandard1.6) (< netstandard2.0) (< win8) (< wpa81)) (&& (>= netstandard1.0) (< portable-net45+win8+wpa81) (< wp8)) (&& (< netstandard1.5) (>= uap10.0) (< uap10.1))
      System.Reflection (>= 4.3) - restriction: || (&& (< net45) (>= netstandard1.1) (< netstandard1.2) (< win8)) (&& (< net45) (>= netstandard1.2) (< netstandard1.3) (< win8) (< wpa81)) (&& (< net45) (>= netstandard1.3) (< netstandard1.4) (< win8) (< wpa81)) (&& (< net45) (>= netstandard1.4) (< netstandard1.5) (< win8) (< wpa81)) (&& (< net45) (>= netstandard1.5) (< netstandard1.6) (< win8) (< wpa81)) (&& (< net45) (>= netstandard1.6) (< netstandard2.0) (< win8) (< wpa81)) (&& (>= netstandard1.0) (< portable-net45+win8+wpa81) (< wp8)) (&& (< netstandard1.5) (>= uap10.0) (< uap10.1))
      System.Reflection.Extensions (>= 4.3) - restriction: || (&& (< net45) (>= netstandard1.1) (< netstandard1.2) (< win8)) (&& (< net45) (>= netstandard1.2) (< netstandard1.3) (< win8) (< wpa81)) (&& (< net45) (>= netstandard1.3) (< netstandard1.4) (< win8) (< wpa81)) (&& (< net45) (>= netstandard1.4) (< netstandard1.5) (< win8) (< wpa81)) (&& (< net45) (>= netstandard1.5) (< netstandard1.6) (< win8) (< wpa81)) (&& (< net45) (>= netstandard1.6) (< netstandard2.0) (< win8) (< wpa81)) (&& (>= netstandard1.0) (< portable-net45+win8+wpa81) (< wp8)) (&& (< netstandard1.5) (>= uap10.0) (< uap10.1))
      System.Reflection.Primitives (>= 4.3) - restriction: || (&& (< net45) (>= netstandard1.1) (< netstandard1.2) (< win8)) (&& (< net45) (>= netstandard1.2) (< netstandard1.3) (< win8) (< wpa81)) (&& (< net45) (>= netstandard1.3) (< netstandard1.4) (< win8) (< wpa81)) (&& (< net45) (>= netstandard1.4) (< netstandard1.5) (< win8) (< wpa81)) (&& (< net45) (>= netstandard1.5) (< netstandard1.6) (< win8) (< wpa81)) (&& (< net45) (>= netstandard1.6) (< netstandard2.0) (< win8) (< wpa81)) (&& (>= netstandard1.0) (< portable-net45+win8+wpa81) (< wp8)) (&& (< netstandard1.5) (>= uap10.0) (< uap10.1))
      System.Resources.ResourceManager (>= 4.3) - restriction: || (&& (< net45) (>= netstandard1.1) (< netstandard1.2) (< win8)) (&& (< net45) (>= netstandard1.2) (< netstandard1.3) (< win8) (< wpa81)) (&& (< net45) (>= netstandard1.3) (< netstandard1.4) (< win8) (< wpa81)) (&& (< net45) (>= netstandard1.4) (< netstandard1.5) (< win8) (< wpa81)) (&& (< net45) (>= netstandard1.5) (< netstandard1.6) (< win8) (< wpa81)) (&& (< net45) (>= netstandard1.6) (< netstandard2.0) (< win8) (< wpa81)) (&& (>= netstandard1.0) (< portable-net45+win8+wpa81) (< wp8)) (&& (< netstandard1.5) (>= uap10.0) (< uap10.1))
      System.Runtime (>= 4.3) - restriction: || (&& (< net45) (>= netstandard1.1) (< netstandard1.2) (< win8)) (&& (< net45) (>= netstandard1.2) (< netstandard1.3) (< win8) (< wpa81)) (&& (< net45) (>= netstandard1.3) (< netstandard1.4) (< win8) (< wpa81)) (&& (< net45) (>= netstandard1.4) (< netstandard1.5) (< win8) (< wpa81)) (&& (< net45) (>= netstandard1.5) (< netstandard1.6) (< win8) (< wpa81)) (&& (< net45) (>= netstandard1.6) (< netstandard2.0) (< win8) (< wpa81)) (&& (>= netstandard1.0) (< portable-net45+win8+wpa81) (< wp8)) (&& (< netstandard1.5) (>= uap10.0) (< uap10.1))
      System.Runtime.Extensions (>= 4.3) - restriction: || (&& (< net45) (>= netstandard1.1) (< netstandard1.2) (< win8)) (&& (< net45) (>= netstandard1.2) (< netstandard1.3) (< win8) (< wpa81)) (&& (< net45) (>= netstandard1.3) (< netstandard1.4) (< win8) (< wpa81)) (&& (< net45) (>= netstandard1.4) (< netstandard1.5) (< win8) (< wpa81)) (&& (< net45) (>= netstandard1.5) (< netstandard1.6) (< win8) (< wpa81)) (&& (< net45) (>= netstandard1.6) (< netstandard2.0) (< win8) (< wpa81)) (&& (>= netstandard1.0) (< portable-net45+win8+wpa81) (< wp8)) (&& (< netstandard1.5) (>= uap10.0) (< uap10.1))
      System.Runtime.Handles (>= 4.3) - restriction: || (&& (< net45) (>= netstandard1.3) (< netstandard1.4) (< win8) (< wpa81)) (&& (< net45) (>= netstandard1.4) (< netstandard1.5) (< win8) (< wpa81)) (&& (< net45) (>= netstandard1.5) (< netstandard1.6) (< win8) (< wpa81)) (&& (< net45) (>= netstandard1.6) (< netstandard2.0) (< win8) (< wpa81)) (&& (< netstandard1.5) (>= uap10.0) (< uap10.1))
      System.Runtime.InteropServices (>= 4.3) - restriction: || (&& (< net45) (>= netstandard1.1) (< netstandard1.2) (< win8)) (&& (< net45) (>= netstandard1.2) (< netstandard1.3) (< win8) (< wpa81)) (&& (< net45) (>= netstandard1.3) (< netstandard1.4) (< win8) (< wpa81)) (&& (< net45) (>= netstandard1.4) (< netstandard1.5) (< win8) (< wpa81)) (&& (< net45) (>= netstandard1.5) (< netstandard1.6) (< win8) (< wpa81)) (&& (< net45) (>= netstandard1.6) (< netstandard2.0) (< win8) (< wpa81)) (&& (< netstandard1.5) (>= uap10.0) (< uap10.1))
      System.Runtime.InteropServices.RuntimeInformation (>= 4.3) - restriction: || (&& (>= net45) (< netstandard1.3)) (&& (< net45) (>= netstandard1.1) (< netstandard1.2) (< win8)) (&& (< net45) (>= netstandard1.2) (< netstandard1.3) (< win8) (< wpa81)) (&& (< net45) (>= netstandard1.3) (< netstandard1.4) (< win8) (< wpa81)) (&& (< net45) (>= netstandard1.4) (< netstandard1.5) (< win8) (< wpa81)) (&& (< net45) (>= netstandard1.5) (< netstandard1.6) (< win8) (< wpa81)) (&& (< net45) (>= netstandard1.6) (< netstandard2.0) (< win8) (< wpa81)) (&& (>= net46) (< netstandard1.4)) (&& (< netstandard1.0) (>= portable-net45+win8) (< win8)) (&& (< netstandard1.0) (< portable-net45+win8) (>= portable-net45+win8+wpa81)) (&& (< netstandard1.0) (>= win8)) (&& (< netstandard1.3) (< win8) (>= wpa81)) (&& (< netstandard1.5) (>= uap10.0) (< uap10.1))
      System.Runtime.Numerics (>= 4.3) - restriction: || (&& (< net45) (>= netstandard1.1) (< netstandard1.2) (< win8)) (&& (< net45) (>= netstandard1.2) (< netstandard1.3) (< win8) (< wpa81)) (&& (< net45) (>= netstandard1.3) (< netstandard1.4) (< win8) (< wpa81)) (&& (< net45) (>= netstandard1.4) (< netstandard1.5) (< win8) (< wpa81)) (&& (< net45) (>= netstandard1.5) (< netstandard1.6) (< win8) (< wpa81)) (&& (< net45) (>= netstandard1.6) (< netstandard2.0) (< win8) (< wpa81)) (&& (< netstandard1.5) (>= uap10.0) (< uap10.1))
      System.Security.Cryptography.Algorithms (>= 4.3) - restriction: || (&& (< net45) (>= netstandard1.3) (< netstandard1.4) (< win8) (< wpa81)) (&& (< net45) (>= netstandard1.4) (< netstandard1.5) (< win8) (< wpa81)) (&& (< net45) (>= netstandard1.5) (< netstandard1.6) (< win8) (< wpa81)) (&& (< net45) (>= netstandard1.6) (< netstandard2.0) (< win8) (< wpa81)) (&& (>= net46) (< netstandard1.4)) (&& (< netstandard1.5) (>= uap10.0) (< uap10.1))
      System.Security.Cryptography.Encoding (>= 4.3) - restriction: || (&& (< net45) (>= netstandard1.3) (< netstandard1.4) (< win8) (< wpa81)) (&& (< net45) (>= netstandard1.4) (< netstandard1.5) (< win8) (< wpa81)) (&& (< net45) (>= netstandard1.5) (< netstandard1.6) (< win8) (< wpa81)) (&& (< net45) (>= netstandard1.6) (< netstandard2.0) (< win8) (< wpa81)) (&& (>= net46) (< netstandard1.4)) (&& (< netstandard1.5) (>= uap10.0) (< uap10.1))
      System.Security.Cryptography.Primitives (>= 4.3) - restriction: || (&& (< net45) (>= netstandard1.3) (< netstandard1.4) (< win8) (< wpa81)) (&& (< net45) (>= netstandard1.4) (< netstandard1.5) (< win8) (< wpa81)) (&& (< net45) (>= netstandard1.5) (< netstandard1.6) (< win8) (< wpa81)) (&& (< net45) (>= netstandard1.6) (< netstandard2.0) (< win8) (< wpa81)) (&& (>= net46) (< netstandard1.4)) (&& (< netstandard1.5) (>= uap10.0) (< uap10.1))
      System.Security.Cryptography.X509Certificates (>= 4.3) - restriction: || (&& (< net45) (>= netstandard1.3) (< netstandard1.4) (< win8) (< wpa81)) (&& (< net45) (>= netstandard1.4) (< netstandard1.5) (< win8) (< wpa81)) (&& (< net45) (>= netstandard1.5) (< netstandard1.6) (< win8) (< wpa81)) (&& (< net45) (>= netstandard1.6) (< netstandard2.0) (< win8) (< wpa81)) (&& (>= net46) (< netstandard1.4)) (&& (< netstandard1.5) (>= uap10.0) (< uap10.1))
      System.Text.Encoding (>= 4.3) - restriction: || (&& (< net45) (>= netstandard1.1) (< netstandard1.2) (< win8)) (&& (< net45) (>= netstandard1.2) (< netstandard1.3) (< win8) (< wpa81)) (&& (< net45) (>= netstandard1.3) (< netstandard1.4) (< win8) (< wpa81)) (&& (< net45) (>= netstandard1.4) (< netstandard1.5) (< win8) (< wpa81)) (&& (< net45) (>= netstandard1.5) (< netstandard1.6) (< win8) (< wpa81)) (&& (< net45) (>= netstandard1.6) (< netstandard2.0) (< win8) (< wpa81)) (&& (>= netstandard1.0) (< portable-net45+win8+wpa81) (< wp8)) (&& (< netstandard1.5) (>= uap10.0) (< uap10.1))
      System.Text.Encoding.Extensions (>= 4.3) - restriction: || (&& (< net45) (>= netstandard1.1) (< netstandard1.2) (< win8)) (&& (< net45) (>= netstandard1.2) (< netstandard1.3) (< win8) (< wpa81)) (&& (< net45) (>= netstandard1.3) (< netstandard1.4) (< win8) (< wpa81)) (&& (< net45) (>= netstandard1.4) (< netstandard1.5) (< win8) (< wpa81)) (&& (< net45) (>= netstandard1.5) (< netstandard1.6) (< win8) (< wpa81)) (&& (< net45) (>= netstandard1.6) (< netstandard2.0) (< win8) (< wpa81)) (&& (>= netstandard1.0) (< portable-net45+win8+wpa81) (< wp8)) (&& (< netstandard1.5) (>= uap10.0) (< uap10.1))
      System.Text.RegularExpressions (>= 4.3) - restriction: || (&& (< net45) (>= netstandard1.1) (< netstandard1.2) (< win8)) (&& (< net45) (>= netstandard1.2) (< netstandard1.3) (< win8) (< wpa81)) (&& (< net45) (>= netstandard1.3) (< netstandard1.4) (< win8) (< wpa81)) (&& (< net45) (>= netstandard1.4) (< netstandard1.5) (< win8) (< wpa81)) (&& (< net45) (>= netstandard1.5) (< netstandard1.6) (< win8) (< wpa81)) (&& (< net45) (>= netstandard1.6) (< netstandard2.0) (< win8) (< wpa81)) (&& (>= netstandard1.0) (< portable-net45+win8+wpa81) (< wp8)) (&& (< netstandard1.5) (>= uap10.0) (< uap10.1))
      System.Threading (>= 4.3) - restriction: || (&& (< net45) (>= netstandard1.1) (< netstandard1.2) (< win8)) (&& (< net45) (>= netstandard1.2) (< netstandard1.3) (< win8) (< wpa81)) (&& (< net45) (>= netstandard1.3) (< netstandard1.4) (< win8) (< wpa81)) (&& (< net45) (>= netstandard1.4) (< netstandard1.5) (< win8) (< wpa81)) (&& (< net45) (>= netstandard1.5) (< netstandard1.6) (< win8) (< wpa81)) (&& (< net45) (>= netstandard1.6) (< netstandard2.0) (< win8) (< wpa81)) (&& (>= netstandard1.0) (< portable-net45+win8+wpa81) (< wp8)) (&& (< netstandard1.5) (>= uap10.0) (< uap10.1))
      System.Threading.Tasks (>= 4.3) - restriction: || (&& (< net45) (>= netstandard1.1) (< netstandard1.2) (< win8)) (&& (< net45) (>= netstandard1.2) (< netstandard1.3) (< win8) (< wpa81)) (&& (< net45) (>= netstandard1.3) (< netstandard1.4) (< win8) (< wpa81)) (&& (< net45) (>= netstandard1.4) (< netstandard1.5) (< win8) (< wpa81)) (&& (< net45) (>= netstandard1.5) (< netstandard1.6) (< win8) (< wpa81)) (&& (< net45) (>= netstandard1.6) (< netstandard2.0) (< win8) (< wpa81)) (&& (>= netstandard1.0) (< portable-net45+win8+wpa81) (< wp8)) (&& (< netstandard1.5) (>= uap10.0) (< uap10.1))
      System.Threading.Timer (>= 4.3) - restriction: || (&& (< net45) (>= netstandard1.2) (< netstandard1.3) (< win8) (< wpa81)) (&& (< net45) (>= netstandard1.3) (< netstandard1.4) (< win8) (< wpa81)) (&& (< net45) (>= netstandard1.4) (< netstandard1.5) (< win8) (< wpa81)) (&& (< net45) (>= netstandard1.5) (< netstandard1.6) (< win8) (< wpa81)) (&& (< net45) (>= netstandard1.6) (< netstandard2.0) (< win8) (< wpa81)) (&& (< netstandard1.5) (>= uap10.0) (< uap10.1))
      System.Xml.ReaderWriter (>= 4.3) - restriction: || (&& (< net45) (>= netstandard1.1) (< netstandard1.2) (< win8)) (&& (< net45) (>= netstandard1.2) (< netstandard1.3) (< win8) (< wpa81)) (&& (< net45) (>= netstandard1.3) (< netstandard1.4) (< win8) (< wpa81)) (&& (< net45) (>= netstandard1.4) (< netstandard1.5) (< win8) (< wpa81)) (&& (< net45) (>= netstandard1.5) (< netstandard1.6) (< win8) (< wpa81)) (&& (< net45) (>= netstandard1.6) (< netstandard2.0) (< win8) (< wpa81)) (&& (>= net46) (< netstandard1.4)) (&& (>= netstandard1.0) (< portable-net45+win8+wpa81) (< wp8)) (&& (< netstandard1.5) (>= uap10.0) (< uap10.1))
      System.Xml.XDocument (>= 4.3) - restriction: || (&& (< net45) (>= netstandard1.1) (< netstandard1.2) (< win8)) (&& (< net45) (>= netstandard1.2) (< netstandard1.3) (< win8) (< wpa81)) (&& (< net45) (>= netstandard1.3) (< netstandard1.4) (< win8) (< wpa81)) (&& (< net45) (>= netstandard1.4) (< netstandard1.5) (< win8) (< wpa81)) (&& (< net45) (>= netstandard1.5) (< netstandard1.6) (< win8) (< wpa81)) (&& (< net45) (>= netstandard1.6) (< netstandard2.0) (< win8) (< wpa81)) (&& (>= netstandard1.0) (< portable-net45+win8+wpa81) (< wp8)) (&& (< netstandard1.5) (>= uap10.0) (< uap10.1))
    Newtonsoft.Json (12.0.3)
      Microsoft.CSharp (>= 4.3) - restriction: || (&& (< net20) (>= netstandard1.0) (< netstandard1.3)) (&& (< net20) (>= netstandard1.3) (< netstandard2.0))
      NETStandard.Library (>= 1.6.1) - restriction: || (&& (< net20) (>= netstandard1.0) (< netstandard1.3)) (&& (< net20) (>= netstandard1.3) (< netstandard2.0))
      System.ComponentModel.TypeConverter (>= 4.3) - restriction: || (&& (< net20) (>= netstandard1.0) (< netstandard1.3)) (&& (< net20) (>= netstandard1.3) (< netstandard2.0))
      System.Runtime.Serialization.Formatters (>= 4.3) - restriction: && (< net20) (>= netstandard1.3) (< netstandard2.0)
      System.Runtime.Serialization.Primitives (>= 4.3) - restriction: || (&& (< net20) (>= netstandard1.0) (< netstandard1.3)) (&& (< net20) (>= netstandard1.3) (< netstandard2.0))
      System.Xml.XmlDocument (>= 4.3) - restriction: && (< net20) (>= netstandard1.3) (< netstandard2.0)
    NUnit (3.12)
      NETStandard.Library (>= 1.6.1) - restriction: && (< net35) (>= netstandard1.4) (< netstandard2.0)
      NETStandard.Library (>= 2.0) - restriction: && (< net35) (>= netstandard2.0)
      System.ComponentModel.TypeConverter (>= 4.3) - restriction: && (< net35) (>= netstandard1.4) (< netstandard2.0)
      System.Reflection.TypeExtensions (>= 4.4) - restriction: && (< net35) (>= netstandard1.4) (< netstandard2.0)
    NUnit3TestAdapter (3.15.1)
      Microsoft.DotNet.InternalAbstractions (>= 1.0) - restriction: >= netcoreapp1.0
      System.ComponentModel.EventBasedAsync (>= 4.3) - restriction: >= netcoreapp1.0
      System.ComponentModel.TypeConverter (>= 4.3) - restriction: >= netcoreapp1.0
      System.Diagnostics.Process (>= 4.3) - restriction: >= netcoreapp1.0
      System.Reflection (>= 4.3) - restriction: >= netcoreapp1.0
      System.Runtime.InteropServices.RuntimeInformation (>= 4.3) - restriction: >= netcoreapp1.0
      System.Threading.Thread (>= 4.3) - restriction: >= netcoreapp1.0
      System.Xml.XmlDocument (>= 4.3) - restriction: >= netcoreapp1.0
      System.Xml.XPath.XmlDocument (>= 4.3) - restriction: >= netcoreapp1.0
    runtime.debian.8-x64.runtime.native.System.Security.Cryptography.OpenSsl (4.3.3) - restriction: || (&& (< monoandroid) (< monotouch) (< net35) (>= netstandard1.6) (< netstandard2.0) (< win8) (< wpa81) (< xamarintvos) (< xamarinwatchos)) (&& (< monoandroid) (< net35) (< netstandard1.2) (>= netstandard1.6) (< win8)) (&& (< monoandroid) (< net35) (< netstandard1.2) (>= netstandard2.0) (< win8)) (&& (< monoandroid) (< net35) (< netstandard1.3) (>= netstandard1.6) (< win8) (< wpa81)) (&& (< monoandroid) (< net35) (< netstandard1.3) (>= netstandard2.0) (< win8) (< wpa81)) (&& (< monoandroid) (< net35) (< netstandard1.4) (>= netstandard2.0) (< win8) (< wpa81)) (&& (< monoandroid) (< net35) (< netstandard1.5) (>= netstandard1.6) (< win8) (< wpa81)) (&& (< monoandroid) (< net35) (< netstandard1.5) (>= netstandard2.0) (< win8) (< wpa81)) (&& (< monoandroid) (< net35) (< netstandard1.6) (>= netstandard2.0) (< win8) (< wpa81)) (&& (< net35) (>= net46) (< netstandard1.4) (>= netstandard2.0)) (&& (< netstandard1.5) (>= netstandard1.6) (>= uap10.0)) (&& (< netstandard1.5) (>= netstandard2.0) (>= uap10.0))
    runtime.debian.9-x64.runtime.native.System.Security.Cryptography.OpenSsl (4.3.3) - restriction: || (&& (< monoandroid) (< monotouch) (< net35) (>= netstandard1.6) (< netstandard2.0) (< win8) (< wpa81) (< xamarintvos) (< xamarinwatchos)) (&& (< monoandroid) (< net35) (< netstandard1.2) (>= netstandard1.6) (< win8)) (&& (< monoandroid) (< net35) (< netstandard1.2) (>= netstandard2.0) (< win8)) (&& (< monoandroid) (< net35) (< netstandard1.3) (>= netstandard1.6) (< win8) (< wpa81)) (&& (< monoandroid) (< net35) (< netstandard1.3) (>= netstandard2.0) (< win8) (< wpa81)) (&& (< monoandroid) (< net35) (< netstandard1.4) (>= netstandard2.0) (< win8) (< wpa81)) (&& (< monoandroid) (< net35) (< netstandard1.5) (>= netstandard1.6) (< win8) (< wpa81)) (&& (< monoandroid) (< net35) (< netstandard1.5) (>= netstandard2.0) (< win8) (< wpa81)) (&& (< monoandroid) (< net35) (< netstandard1.6) (>= netstandard2.0) (< win8) (< wpa81)) (&& (< net35) (>= net46) (< netstandard1.4) (>= netstandard2.0)) (&& (< netstandard1.5) (>= netstandard1.6) (>= uap10.0)) (&& (< netstandard1.5) (>= netstandard2.0) (>= uap10.0))
    runtime.fedora.23-x64.runtime.native.System.Security.Cryptography.OpenSsl (4.3.3) - restriction: || (&& (< monoandroid) (< monotouch) (< net35) (>= netstandard1.6) (< netstandard2.0) (< win8) (< wpa81) (< xamarintvos) (< xamarinwatchos)) (&& (< monoandroid) (< net35) (< netstandard1.2) (>= netstandard1.6) (< win8)) (&& (< monoandroid) (< net35) (< netstandard1.2) (>= netstandard2.0) (< win8)) (&& (< monoandroid) (< net35) (< netstandard1.3) (>= netstandard1.6) (< win8) (< wpa81)) (&& (< monoandroid) (< net35) (< netstandard1.3) (>= netstandard2.0) (< win8) (< wpa81)) (&& (< monoandroid) (< net35) (< netstandard1.4) (>= netstandard2.0) (< win8) (< wpa81)) (&& (< monoandroid) (< net35) (< netstandard1.5) (>= netstandard1.6) (< win8) (< wpa81)) (&& (< monoandroid) (< net35) (< netstandard1.5) (>= netstandard2.0) (< win8) (< wpa81)) (&& (< monoandroid) (< net35) (< netstandard1.6) (>= netstandard2.0) (< win8) (< wpa81)) (&& (< net35) (>= net46) (< netstandard1.4) (>= netstandard2.0)) (&& (< netstandard1.5) (>= netstandard1.6) (>= uap10.0)) (&& (< netstandard1.5) (>= netstandard2.0) (>= uap10.0))
    runtime.fedora.24-x64.runtime.native.System.Security.Cryptography.OpenSsl (4.3.3) - restriction: || (&& (< monoandroid) (< monotouch) (< net35) (>= netstandard1.6) (< netstandard2.0) (< win8) (< wpa81) (< xamarintvos) (< xamarinwatchos)) (&& (< monoandroid) (< net35) (< netstandard1.2) (>= netstandard1.6) (< win8)) (&& (< monoandroid) (< net35) (< netstandard1.2) (>= netstandard2.0) (< win8)) (&& (< monoandroid) (< net35) (< netstandard1.3) (>= netstandard1.6) (< win8) (< wpa81)) (&& (< monoandroid) (< net35) (< netstandard1.3) (>= netstandard2.0) (< win8) (< wpa81)) (&& (< monoandroid) (< net35) (< netstandard1.4) (>= netstandard2.0) (< win8) (< wpa81)) (&& (< monoandroid) (< net35) (< netstandard1.5) (>= netstandard1.6) (< win8) (< wpa81)) (&& (< monoandroid) (< net35) (< netstandard1.5) (>= netstandard2.0) (< win8) (< wpa81)) (&& (< monoandroid) (< net35) (< netstandard1.6) (>= netstandard2.0) (< win8) (< wpa81)) (&& (< net35) (>= net46) (< netstandard1.4) (>= netstandard2.0)) (&& (< netstandard1.5) (>= netstandard1.6) (>= uap10.0)) (&& (< netstandard1.5) (>= netstandard2.0) (>= uap10.0))
    runtime.fedora.27-x64.runtime.native.System.Security.Cryptography.OpenSsl (4.3.3) - restriction: || (&& (< monoandroid) (< monotouch) (< net35) (>= netstandard1.6) (< netstandard2.0) (< win8) (< wpa81) (< xamarintvos) (< xamarinwatchos)) (&& (< monoandroid) (< net35) (< netstandard1.2) (>= netstandard1.6) (< win8)) (&& (< monoandroid) (< net35) (< netstandard1.2) (>= netstandard2.0) (< win8)) (&& (< monoandroid) (< net35) (< netstandard1.3) (>= netstandard1.6) (< win8) (< wpa81)) (&& (< monoandroid) (< net35) (< netstandard1.3) (>= netstandard2.0) (< win8) (< wpa81)) (&& (< monoandroid) (< net35) (< netstandard1.4) (>= netstandard2.0) (< win8) (< wpa81)) (&& (< monoandroid) (< net35) (< netstandard1.5) (>= netstandard1.6) (< win8) (< wpa81)) (&& (< monoandroid) (< net35) (< netstandard1.5) (>= netstandard2.0) (< win8) (< wpa81)) (&& (< monoandroid) (< net35) (< netstandard1.6) (>= netstandard2.0) (< win8) (< wpa81)) (&& (< net35) (>= net46) (< netstandard1.4) (>= netstandard2.0)) (&& (< netstandard1.5) (>= netstandard1.6) (>= uap10.0)) (&& (< netstandard1.5) (>= netstandard2.0) (>= uap10.0))
    runtime.fedora.28-x64.runtime.native.System.Security.Cryptography.OpenSsl (4.3.3) - restriction: || (&& (< monoandroid) (< monotouch) (< net35) (>= netstandard1.6) (< netstandard2.0) (< win8) (< wpa81) (< xamarintvos) (< xamarinwatchos)) (&& (< monoandroid) (< net35) (< netstandard1.2) (>= netstandard1.6) (< win8)) (&& (< monoandroid) (< net35) (< netstandard1.2) (>= netstandard2.0) (< win8)) (&& (< monoandroid) (< net35) (< netstandard1.3) (>= netstandard1.6) (< win8) (< wpa81)) (&& (< monoandroid) (< net35) (< netstandard1.3) (>= netstandard2.0) (< win8) (< wpa81)) (&& (< monoandroid) (< net35) (< netstandard1.4) (>= netstandard2.0) (< win8) (< wpa81)) (&& (< monoandroid) (< net35) (< netstandard1.5) (>= netstandard1.6) (< win8) (< wpa81)) (&& (< monoandroid) (< net35) (< netstandard1.5) (>= netstandard2.0) (< win8) (< wpa81)) (&& (< monoandroid) (< net35) (< netstandard1.6) (>= netstandard2.0) (< win8) (< wpa81)) (&& (< net35) (>= net46) (< netstandard1.4) (>= netstandard2.0)) (&& (< netstandard1.5) (>= netstandard1.6) (>= uap10.0)) (&& (< netstandard1.5) (>= netstandard2.0) (>= uap10.0))
    runtime.native.System (4.3.1) - restriction: || (&& (< monoandroid) (< monotouch) (< net35) (>= netstandard1.6) (< netstandard2.0) (< win8) (< wpa81) (< xamarintvos) (< xamarinwatchos)) (&& (< monoandroid) (< net35) (< netstandard1.2) (>= netstandard1.4) (< win8)) (&& (< monoandroid) (< net35) (< netstandard1.2) (>= netstandard1.6) (< win8)) (&& (< monoandroid) (< net35) (< netstandard1.2) (>= netstandard2.0) (< win8)) (&& (< monoandroid) (< net35) (< netstandard1.3) (>= netstandard1.4) (< win8) (< wpa81)) (&& (< monoandroid) (< net35) (< netstandard1.3) (>= netstandard1.6) (< win8) (< wpa81)) (&& (< monoandroid) (< net35) (< netstandard1.3) (>= netstandard2.0) (< win8) (< wpa81)) (&& (< monoandroid) (< net35) (>= netstandard1.4) (< netstandard1.5) (< win8) (< wpa81)) (&& (< monoandroid) (< net35) (< netstandard1.4) (>= netstandard2.0) (< win8) (< wpa81)) (&& (< monoandroid) (< net35) (>= netstandard1.5) (< netstandard1.6) (< win8) (< wpa81)) (&& (< monoandroid) (< net35) (< netstandard1.5) (>= netstandard1.6) (< win8) (< wpa81)) (&& (< monoandroid) (< net35) (< netstandard1.5) (>= netstandard2.0) (< win8) (< wpa81)) (&& (< monoandroid) (< net35) (< netstandard1.6) (>= netstandard2.0) (< win8) (< wpa81)) (&& (< monoandroid) (< net35) (>= netstandard2.0) (< xamarinios) (< xamarinmac)) (&& (< net35) (>= net45) (>= netstandard1.3) (< netstandard1.5)) (&& (< net35) (>= net45) (>= netstandard1.5)) (&& (< net35) (>= net46) (< netstandard1.4) (>= netstandard2.0)) (>= netcoreapp1.0) (&& (< netstandard1.5) (>= netstandard1.6) (>= uap10.0)) (&& (< netstandard1.5) (>= netstandard2.0) (>= uap10.0)) (&& (< netstandard1.5) (>= uap10.0) (< win8) (< wpa81))
      Microsoft.NETCore.Platforms (>= 1.1.1)
      Microsoft.NETCore.Targets (>= 1.1.3)
    runtime.native.System.IO.Compression (4.3.2) - restriction: || (&& (< monoandroid) (< monotouch) (< net35) (>= netstandard1.6) (< netstandard2.0) (< win8) (< wpa81) (< xamarintvos) (< xamarinwatchos)) (&& (< monoandroid) (< net35) (< netstandard1.2) (>= netstandard1.4) (< win8)) (&& (< monoandroid) (< net35) (< netstandard1.2) (>= netstandard2.0) (< win8)) (&& (< monoandroid) (< net35) (< netstandard1.3) (>= netstandard1.4) (< win8) (< wpa81)) (&& (< monoandroid) (< net35) (< netstandard1.3) (>= netstandard2.0) (< win8) (< wpa81)) (&& (< monoandroid) (< net35) (>= netstandard1.4) (< netstandard1.5) (< win8) (< wpa81)) (&& (< monoandroid) (< net35) (< netstandard1.4) (>= netstandard2.0) (< win8) (< wpa81)) (&& (< monoandroid) (< net35) (>= netstandard1.5) (< netstandard1.6) (< win8) (< wpa81)) (&& (< monoandroid) (< net35) (< netstandard1.5) (>= netstandard2.0) (< win8) (< wpa81)) (&& (< monoandroid) (< net35) (< netstandard1.6) (>= netstandard2.0) (< win8) (< wpa81)) (&& (< net35) (>= net46) (< netstandard1.4) (>= netstandard2.0)) (&& (< netstandard1.5) (>= uap10.0) (< win8) (< wpa81))
      Microsoft.NETCore.Platforms (>= 1.1.1)
      Microsoft.NETCore.Targets (>= 1.1.3)
    runtime.native.System.Net.Http (4.3.1) - restriction: || (&& (< monoandroid) (< monotouch) (< net35) (>= netstandard1.6) (< netstandard2.0) (< win8) (< wpa81) (< xamarintvos) (< xamarinwatchos)) (&& (< monoandroid) (< net35) (< netstandard1.2) (>= netstandard1.6) (< win8)) (&& (< monoandroid) (< net35) (< netstandard1.2) (>= netstandard2.0) (< win8)) (&& (< monoandroid) (< net35) (< netstandard1.3) (>= netstandard1.6) (< win8) (< wpa81)) (&& (< monoandroid) (< net35) (< netstandard1.3) (>= netstandard2.0) (< win8) (< wpa81)) (&& (< monoandroid) (< net35) (< netstandard1.4) (>= netstandard2.0) (< win8) (< wpa81)) (&& (< monoandroid) (< net35) (< netstandard1.5) (>= netstandard1.6) (< win8) (< wpa81)) (&& (< monoandroid) (< net35) (< netstandard1.5) (>= netstandard2.0) (< win8) (< wpa81)) (&& (< monoandroid) (< net35) (< netstandard1.6) (>= netstandard2.0) (< win8) (< wpa81)) (&& (< net35) (>= net46) (< netstandard1.4) (>= netstandard2.0)) (&& (< netstandard1.5) (>= netstandard1.6) (>= uap10.0)) (&& (< netstandard1.5) (>= netstandard2.0) (>= uap10.0))
      Microsoft.NETCore.Platforms (>= 1.1.1)
      Microsoft.NETCore.Targets (>= 1.1.3)
    runtime.native.System.Security.Cryptography.Apple (4.3.1) - restriction: || (&& (< monoandroid) (< monotouch) (< net35) (>= netstandard1.6) (< netstandard2.0) (< win8) (< wpa81) (< xamarintvos) (< xamarinwatchos)) (&& (< monoandroid) (< net35) (< netstandard1.4) (>= netstandard2.0) (< win8) (< wpa81)) (&& (< monoandroid) (< net35) (< netstandard1.5) (>= netstandard1.6) (< win8) (< wpa81)) (&& (< monoandroid) (< net35) (< netstandard1.5) (>= netstandard2.0) (< win8) (< wpa81)) (&& (< monoandroid) (< net35) (< netstandard1.6) (>= netstandard2.0) (< win8) (< wpa81)) (&& (< net35) (>= net46) (< netstandard1.4) (>= netstandard2.0)) (&& (< netstandard1.5) (>= netstandard1.6) (>= uap10.0)) (&& (< netstandard1.5) (>= netstandard2.0) (>= uap10.0))
      runtime.osx.10.10-x64.runtime.native.System.Security.Cryptography.Apple (>= 4.3.1)
    runtime.native.System.Security.Cryptography.OpenSsl (4.3.3) - restriction: || (&& (< monoandroid) (< monotouch) (< net35) (>= netstandard1.6) (< netstandard2.0) (< win8) (< wpa81) (< xamarintvos) (< xamarinwatchos)) (&& (< monoandroid) (< net35) (< netstandard1.2) (>= netstandard1.6) (< win8)) (&& (< monoandroid) (< net35) (< netstandard1.2) (>= netstandard2.0) (< win8)) (&& (< monoandroid) (< net35) (< netstandard1.3) (>= netstandard1.6) (< win8) (< wpa81)) (&& (< monoandroid) (< net35) (< netstandard1.3) (>= netstandard2.0) (< win8) (< wpa81)) (&& (< monoandroid) (< net35) (>= netstandard1.4) (< netstandard1.5) (< win8) (< wpa81)) (&& (< monoandroid) (< net35) (< netstandard1.4) (>= netstandard2.0) (< win8) (< wpa81)) (&& (< monoandroid) (< net35) (>= netstandard1.5) (< netstandard1.6) (< win8) (< wpa81)) (&& (< monoandroid) (< net35) (< netstandard1.5) (>= netstandard1.6) (< win8) (< wpa81)) (&& (< monoandroid) (< net35) (< netstandard1.5) (>= netstandard2.0) (< win8) (< wpa81)) (&& (< monoandroid) (< net35) (< netstandard1.6) (>= netstandard2.0) (< win8) (< wpa81)) (&& (< net35) (>= net46) (< netstandard1.4) (>= netstandard2.0)) (&& (< netstandard1.5) (>= netstandard1.6) (>= uap10.0)) (&& (< netstandard1.5) (>= netstandard2.0) (>= uap10.0)) (&& (< netstandard1.5) (>= uap10.0) (< uap10.1))
      runtime.debian.8-x64.runtime.native.System.Security.Cryptography.OpenSsl (>= 4.3.3)
      runtime.debian.9-x64.runtime.native.System.Security.Cryptography.OpenSsl (>= 4.3.3)
      runtime.fedora.23-x64.runtime.native.System.Security.Cryptography.OpenSsl (>= 4.3.3)
      runtime.fedora.24-x64.runtime.native.System.Security.Cryptography.OpenSsl (>= 4.3.3)
      runtime.fedora.27-x64.runtime.native.System.Security.Cryptography.OpenSsl (>= 4.3.3)
      runtime.fedora.28-x64.runtime.native.System.Security.Cryptography.OpenSsl (>= 4.3.3)
      runtime.opensuse.13.2-x64.runtime.native.System.Security.Cryptography.OpenSsl (>= 4.3.3)
      runtime.opensuse.42.1-x64.runtime.native.System.Security.Cryptography.OpenSsl (>= 4.3.3)
      runtime.opensuse.42.3-x64.runtime.native.System.Security.Cryptography.OpenSsl (>= 4.3.3)
      runtime.osx.10.10-x64.runtime.native.System.Security.Cryptography.OpenSsl (>= 4.3.3)
      runtime.rhel.7-x64.runtime.native.System.Security.Cryptography.OpenSsl (>= 4.3.3)
      runtime.ubuntu.14.04-x64.runtime.native.System.Security.Cryptography.OpenSsl (>= 4.3.3)
      runtime.ubuntu.16.04-x64.runtime.native.System.Security.Cryptography.OpenSsl (>= 4.3.3)
      runtime.ubuntu.16.10-x64.runtime.native.System.Security.Cryptography.OpenSsl (>= 4.3.3)
      runtime.ubuntu.18.04-x64.runtime.native.System.Security.Cryptography.OpenSsl (>= 4.3.3)
    runtime.opensuse.13.2-x64.runtime.native.System.Security.Cryptography.OpenSsl (4.3.3) - restriction: || (&& (< monoandroid) (< monotouch) (< net35) (>= netstandard1.6) (< netstandard2.0) (< win8) (< wpa81) (< xamarintvos) (< xamarinwatchos)) (&& (< monoandroid) (< net35) (< netstandard1.2) (>= netstandard1.6) (< win8)) (&& (< monoandroid) (< net35) (< netstandard1.2) (>= netstandard2.0) (< win8)) (&& (< monoandroid) (< net35) (< netstandard1.3) (>= netstandard1.6) (< win8) (< wpa81)) (&& (< monoandroid) (< net35) (< netstandard1.3) (>= netstandard2.0) (< win8) (< wpa81)) (&& (< monoandroid) (< net35) (< netstandard1.4) (>= netstandard2.0) (< win8) (< wpa81)) (&& (< monoandroid) (< net35) (< netstandard1.5) (>= netstandard1.6) (< win8) (< wpa81)) (&& (< monoandroid) (< net35) (< netstandard1.5) (>= netstandard2.0) (< win8) (< wpa81)) (&& (< monoandroid) (< net35) (< netstandard1.6) (>= netstandard2.0) (< win8) (< wpa81)) (&& (< net35) (>= net46) (< netstandard1.4) (>= netstandard2.0)) (&& (< netstandard1.5) (>= netstandard1.6) (>= uap10.0)) (&& (< netstandard1.5) (>= netstandard2.0) (>= uap10.0))
    runtime.opensuse.42.1-x64.runtime.native.System.Security.Cryptography.OpenSsl (4.3.3) - restriction: || (&& (< monoandroid) (< monotouch) (< net35) (>= netstandard1.6) (< netstandard2.0) (< win8) (< wpa81) (< xamarintvos) (< xamarinwatchos)) (&& (< monoandroid) (< net35) (< netstandard1.2) (>= netstandard1.6) (< win8)) (&& (< monoandroid) (< net35) (< netstandard1.2) (>= netstandard2.0) (< win8)) (&& (< monoandroid) (< net35) (< netstandard1.3) (>= netstandard1.6) (< win8) (< wpa81)) (&& (< monoandroid) (< net35) (< netstandard1.3) (>= netstandard2.0) (< win8) (< wpa81)) (&& (< monoandroid) (< net35) (< netstandard1.4) (>= netstandard2.0) (< win8) (< wpa81)) (&& (< monoandroid) (< net35) (< netstandard1.5) (>= netstandard1.6) (< win8) (< wpa81)) (&& (< monoandroid) (< net35) (< netstandard1.5) (>= netstandard2.0) (< win8) (< wpa81)) (&& (< monoandroid) (< net35) (< netstandard1.6) (>= netstandard2.0) (< win8) (< wpa81)) (&& (< net35) (>= net46) (< netstandard1.4) (>= netstandard2.0)) (&& (< netstandard1.5) (>= netstandard1.6) (>= uap10.0)) (&& (< netstandard1.5) (>= netstandard2.0) (>= uap10.0))
    runtime.opensuse.42.3-x64.runtime.native.System.Security.Cryptography.OpenSsl (4.3.3) - restriction: || (&& (< monoandroid) (< monotouch) (< net35) (>= netstandard1.6) (< netstandard2.0) (< win8) (< wpa81) (< xamarintvos) (< xamarinwatchos)) (&& (< monoandroid) (< net35) (< netstandard1.2) (>= netstandard1.6) (< win8)) (&& (< monoandroid) (< net35) (< netstandard1.2) (>= netstandard2.0) (< win8)) (&& (< monoandroid) (< net35) (< netstandard1.3) (>= netstandard1.6) (< win8) (< wpa81)) (&& (< monoandroid) (< net35) (< netstandard1.3) (>= netstandard2.0) (< win8) (< wpa81)) (&& (< monoandroid) (< net35) (< netstandard1.4) (>= netstandard2.0) (< win8) (< wpa81)) (&& (< monoandroid) (< net35) (< netstandard1.5) (>= netstandard1.6) (< win8) (< wpa81)) (&& (< monoandroid) (< net35) (< netstandard1.5) (>= netstandard2.0) (< win8) (< wpa81)) (&& (< monoandroid) (< net35) (< netstandard1.6) (>= netstandard2.0) (< win8) (< wpa81)) (&& (< net35) (>= net46) (< netstandard1.4) (>= netstandard2.0)) (&& (< netstandard1.5) (>= netstandard1.6) (>= uap10.0)) (&& (< netstandard1.5) (>= netstandard2.0) (>= uap10.0))
    runtime.osx.10.10-x64.runtime.native.System.Security.Cryptography.Apple (4.3.1) - restriction: || (&& (< monoandroid) (< monotouch) (< net35) (>= netstandard1.6) (< netstandard2.0) (< win8) (< wpa81) (< xamarintvos) (< xamarinwatchos)) (&& (< monoandroid) (< net35) (< netstandard1.4) (>= netstandard2.0) (< win8) (< wpa81)) (&& (< monoandroid) (< net35) (< netstandard1.5) (>= netstandard1.6) (< win8) (< wpa81)) (&& (< monoandroid) (< net35) (< netstandard1.5) (>= netstandard2.0) (< win8) (< wpa81)) (&& (< monoandroid) (< net35) (< netstandard1.6) (>= netstandard2.0) (< win8) (< wpa81)) (&& (< net35) (>= net46) (< netstandard1.4) (>= netstandard2.0)) (&& (< netstandard1.5) (>= netstandard1.6) (>= uap10.0)) (&& (< netstandard1.5) (>= netstandard2.0) (>= uap10.0))
    runtime.osx.10.10-x64.runtime.native.System.Security.Cryptography.OpenSsl (4.3.3) - restriction: || (&& (< monoandroid) (< monotouch) (< net35) (>= netstandard1.6) (< netstandard2.0) (< win8) (< wpa81) (< xamarintvos) (< xamarinwatchos)) (&& (< monoandroid) (< net35) (< netstandard1.2) (>= netstandard1.6) (< win8)) (&& (< monoandroid) (< net35) (< netstandard1.2) (>= netstandard2.0) (< win8)) (&& (< monoandroid) (< net35) (< netstandard1.3) (>= netstandard1.6) (< win8) (< wpa81)) (&& (< monoandroid) (< net35) (< netstandard1.3) (>= netstandard2.0) (< win8) (< wpa81)) (&& (< monoandroid) (< net35) (< netstandard1.4) (>= netstandard2.0) (< win8) (< wpa81)) (&& (< monoandroid) (< net35) (< netstandard1.5) (>= netstandard1.6) (< win8) (< wpa81)) (&& (< monoandroid) (< net35) (< netstandard1.5) (>= netstandard2.0) (< win8) (< wpa81)) (&& (< monoandroid) (< net35) (< netstandard1.6) (>= netstandard2.0) (< win8) (< wpa81)) (&& (< net35) (>= net46) (< netstandard1.4) (>= netstandard2.0)) (&& (< netstandard1.5) (>= netstandard1.6) (>= uap10.0)) (&& (< netstandard1.5) (>= netstandard2.0) (>= uap10.0))
    runtime.rhel.7-x64.runtime.native.System.Security.Cryptography.OpenSsl (4.3.3) - restriction: || (&& (< monoandroid) (< monotouch) (< net35) (>= netstandard1.6) (< netstandard2.0) (< win8) (< wpa81) (< xamarintvos) (< xamarinwatchos)) (&& (< monoandroid) (< net35) (< netstandard1.2) (>= netstandard1.6) (< win8)) (&& (< monoandroid) (< net35) (< netstandard1.2) (>= netstandard2.0) (< win8)) (&& (< monoandroid) (< net35) (< netstandard1.3) (>= netstandard1.6) (< win8) (< wpa81)) (&& (< monoandroid) (< net35) (< netstandard1.3) (>= netstandard2.0) (< win8) (< wpa81)) (&& (< monoandroid) (< net35) (< netstandard1.4) (>= netstandard2.0) (< win8) (< wpa81)) (&& (< monoandroid) (< net35) (< netstandard1.5) (>= netstandard1.6) (< win8) (< wpa81)) (&& (< monoandroid) (< net35) (< netstandard1.5) (>= netstandard2.0) (< win8) (< wpa81)) (&& (< monoandroid) (< net35) (< netstandard1.6) (>= netstandard2.0) (< win8) (< wpa81)) (&& (< net35) (>= net46) (< netstandard1.4) (>= netstandard2.0)) (&& (< netstandard1.5) (>= netstandard1.6) (>= uap10.0)) (&& (< netstandard1.5) (>= netstandard2.0) (>= uap10.0))
    runtime.ubuntu.14.04-x64.runtime.native.System.Security.Cryptography.OpenSsl (4.3.3) - restriction: || (&& (< monoandroid) (< monotouch) (< net35) (>= netstandard1.6) (< netstandard2.0) (< win8) (< wpa81) (< xamarintvos) (< xamarinwatchos)) (&& (< monoandroid) (< net35) (< netstandard1.2) (>= netstandard1.6) (< win8)) (&& (< monoandroid) (< net35) (< netstandard1.2) (>= netstandard2.0) (< win8)) (&& (< monoandroid) (< net35) (< netstandard1.3) (>= netstandard1.6) (< win8) (< wpa81)) (&& (< monoandroid) (< net35) (< netstandard1.3) (>= netstandard2.0) (< win8) (< wpa81)) (&& (< monoandroid) (< net35) (< netstandard1.4) (>= netstandard2.0) (< win8) (< wpa81)) (&& (< monoandroid) (< net35) (< netstandard1.5) (>= netstandard1.6) (< win8) (< wpa81)) (&& (< monoandroid) (< net35) (< netstandard1.5) (>= netstandard2.0) (< win8) (< wpa81)) (&& (< monoandroid) (< net35) (< netstandard1.6) (>= netstandard2.0) (< win8) (< wpa81)) (&& (< net35) (>= net46) (< netstandard1.4) (>= netstandard2.0)) (&& (< netstandard1.5) (>= netstandard1.6) (>= uap10.0)) (&& (< netstandard1.5) (>= netstandard2.0) (>= uap10.0))
    runtime.ubuntu.16.04-x64.runtime.native.System.Security.Cryptography.OpenSsl (4.3.3) - restriction: || (&& (< monoandroid) (< monotouch) (< net35) (>= netstandard1.6) (< netstandard2.0) (< win8) (< wpa81) (< xamarintvos) (< xamarinwatchos)) (&& (< monoandroid) (< net35) (< netstandard1.2) (>= netstandard1.6) (< win8)) (&& (< monoandroid) (< net35) (< netstandard1.2) (>= netstandard2.0) (< win8)) (&& (< monoandroid) (< net35) (< netstandard1.3) (>= netstandard1.6) (< win8) (< wpa81)) (&& (< monoandroid) (< net35) (< netstandard1.3) (>= netstandard2.0) (< win8) (< wpa81)) (&& (< monoandroid) (< net35) (< netstandard1.4) (>= netstandard2.0) (< win8) (< wpa81)) (&& (< monoandroid) (< net35) (< netstandard1.5) (>= netstandard1.6) (< win8) (< wpa81)) (&& (< monoandroid) (< net35) (< netstandard1.5) (>= netstandard2.0) (< win8) (< wpa81)) (&& (< monoandroid) (< net35) (< netstandard1.6) (>= netstandard2.0) (< win8) (< wpa81)) (&& (< net35) (>= net46) (< netstandard1.4) (>= netstandard2.0)) (&& (< netstandard1.5) (>= netstandard1.6) (>= uap10.0)) (&& (< netstandard1.5) (>= netstandard2.0) (>= uap10.0))
    runtime.ubuntu.16.10-x64.runtime.native.System.Security.Cryptography.OpenSsl (4.3.3) - restriction: || (&& (< monoandroid) (< monotouch) (< net35) (>= netstandard1.6) (< netstandard2.0) (< win8) (< wpa81) (< xamarintvos) (< xamarinwatchos)) (&& (< monoandroid) (< net35) (< netstandard1.2) (>= netstandard1.6) (< win8)) (&& (< monoandroid) (< net35) (< netstandard1.2) (>= netstandard2.0) (< win8)) (&& (< monoandroid) (< net35) (< netstandard1.3) (>= netstandard1.6) (< win8) (< wpa81)) (&& (< monoandroid) (< net35) (< netstandard1.3) (>= netstandard2.0) (< win8) (< wpa81)) (&& (< monoandroid) (< net35) (< netstandard1.4) (>= netstandard2.0) (< win8) (< wpa81)) (&& (< monoandroid) (< net35) (< netstandard1.5) (>= netstandard1.6) (< win8) (< wpa81)) (&& (< monoandroid) (< net35) (< netstandard1.5) (>= netstandard2.0) (< win8) (< wpa81)) (&& (< monoandroid) (< net35) (< netstandard1.6) (>= netstandard2.0) (< win8) (< wpa81)) (&& (< net35) (>= net46) (< netstandard1.4) (>= netstandard2.0)) (&& (< netstandard1.5) (>= netstandard1.6) (>= uap10.0)) (&& (< netstandard1.5) (>= netstandard2.0) (>= uap10.0))
    runtime.ubuntu.18.04-x64.runtime.native.System.Security.Cryptography.OpenSsl (4.3.3) - restriction: || (&& (< monoandroid) (< monotouch) (< net35) (>= netstandard1.6) (< netstandard2.0) (< win8) (< wpa81) (< xamarintvos) (< xamarinwatchos)) (&& (< monoandroid) (< net35) (< netstandard1.2) (>= netstandard1.6) (< win8)) (&& (< monoandroid) (< net35) (< netstandard1.2) (>= netstandard2.0) (< win8)) (&& (< monoandroid) (< net35) (< netstandard1.3) (>= netstandard1.6) (< win8) (< wpa81)) (&& (< monoandroid) (< net35) (< netstandard1.3) (>= netstandard2.0) (< win8) (< wpa81)) (&& (< monoandroid) (< net35) (< netstandard1.4) (>= netstandard2.0) (< win8) (< wpa81)) (&& (< monoandroid) (< net35) (< netstandard1.5) (>= netstandard1.6) (< win8) (< wpa81)) (&& (< monoandroid) (< net35) (< netstandard1.5) (>= netstandard2.0) (< win8) (< wpa81)) (&& (< monoandroid) (< net35) (< netstandard1.6) (>= netstandard2.0) (< win8) (< wpa81)) (&& (< net35) (>= net46) (< netstandard1.4) (>= netstandard2.0)) (&& (< netstandard1.5) (>= netstandard1.6) (>= uap10.0)) (&& (< netstandard1.5) (>= netstandard2.0) (>= uap10.0))
    Ryder (0.8)
      System.Collections (>= 4.3) - restriction: || (&& (< net45) (>= netstandard1.3) (< netstandard2.0)) (&& (< net45) (>= netstandard2.0)) (>= netcoreapp2.2)
      System.Reflection.Emit.Lightweight (>= 4.3) - restriction: || (&& (< net45) (>= netstandard1.3) (< netstandard2.0)) (&& (< net45) (>= netstandard2.0)) (>= netcoreapp2.2)
      System.Reflection.Extensions (>= 4.3) - restriction: || (&& (< net45) (>= netstandard1.3) (< netstandard2.0)) (&& (< net45) (>= netstandard2.0)) (>= netcoreapp2.2)
      System.Reflection.TypeExtensions (>= 4.3) - restriction: || (&& (< net45) (>= netstandard1.3) (< netstandard2.0)) (&& (< net45) (>= netstandard2.0)) (>= netcoreapp2.2)
      System.Runtime.Extensions (>= 4.3) - restriction: || (&& (< net45) (>= netstandard1.3) (< netstandard2.0)) (&& (< net45) (>= netstandard2.0)) (>= netcoreapp2.2)
      System.Runtime.InteropServices (>= 4.3) - restriction: || (&& (< net45) (>= netstandard1.3) (< netstandard2.0)) (&& (< net45) (>= netstandard2.0)) (>= netcoreapp2.2)
      System.Runtime.InteropServices.RuntimeInformation (>= 4.3) - restriction: || (&& (< net45) (>= netstandard1.3) (< netstandard2.0)) (&& (< net45) (>= netstandard2.0)) (>= netcoreapp2.2)
    Shouldly (3.0.2)
      Microsoft.CSharp (>= 4.3) - restriction: || (&& (< net40) (>= netstandard1.3) (< netstandard2.0)) (&& (< net40) (>= netstandard2.0))
      NETStandard.Library (>= 1.6.1) - restriction: && (< net40) (>= netstandard1.3) (< netstandard2.0)
      System.Dynamic.Runtime (>= 4.3) - restriction: || (&& (< net40) (>= netstandard1.3) (< netstandard2.0)) (&& (< net40) (>= netstandard2.0))
      System.Reflection.TypeExtensions (>= 4.3) - restriction: || (&& (< net40) (>= netstandard1.3) (< netstandard2.0)) (&& (< net40) (>= netstandard2.0))
    System.AppContext (4.3) - restriction: || (&& (< net35) (>= net46) (< netstandard1.4) (>= netstandard2.0)) (&& (< net35) (>= netstandard1.4) (< netstandard1.5) (< win8) (< wpa81)) (&& (< net35) (< netstandard1.4) (>= netstandard2.0) (< win8) (< wpa81)) (&& (< net35) (>= netstandard1.5) (< netstandard1.6) (< win8) (< wpa81)) (&& (< net35) (< netstandard1.5) (>= netstandard2.0) (< win8) (< wpa81)) (&& (< net35) (>= netstandard1.6) (< netstandard2.0) (< win8) (< wpa81)) (&& (< net35) (< netstandard1.6) (>= netstandard2.0) (< win8) (< wpa81)) (>= netcoreapp1.0) (&& (< netstandard1.5) (>= netstandard2.0) (>= uap10.0)) (&& (< netstandard1.5) (>= uap10.0) (< uap10.1))
      System.Runtime (>= 4.3) - restriction: || (&& (< monoandroid) (< monotouch) (< net46) (>= netstandard1.6) (< xamarinios) (< xamarinmac) (< xamarintvos) (< xamarinwatchos)) (&& (< monoandroid) (< net46) (>= netstandard1.3) (< netstandard1.6))
    System.Buffers (4.5) - restriction: || (&& (>= monoandroid) (>= netstandard1.5)) (&& (< monoandroid) (< net35) (< netstandard1.2) (>= netstandard1.4) (< win8)) (&& (< monoandroid) (< net35) (< netstandard1.3) (>= netstandard1.4) (< win8) (< wpa81)) (&& (< monoandroid) (< net35) (>= netstandard1.4) (< netstandard1.5) (< win8) (< wpa81)) (&& (< monoandroid) (< net35) (>= netstandard1.6) (< win8) (< wpa81)) (&& (< monoandroid) (< netstandard1.1) (>= netstandard1.5) (< win8)) (&& (< monoandroid) (>= netstandard1.5) (< win8) (< wpa81)) (>= monotouch) (>= net45) (&& (< netstandard1.1) (>= netstandard1.5) (>= win8)) (&& (>= netstandard1.5) (>= wpa81)) (&& (< netstandard1.5) (>= uap10.0) (< uap10.1)) (&& (< netstandard1.5) (>= uap10.0) (< win8) (< wpa81)) (>= netstandard2.0) (>= xamarintvos) (>= xamarinwatchos)
    System.CodeDom (4.6)
    System.Collections (4.3) - restriction: || (&& (< monoandroid) (< monotouch) (< net20) (>= netstandard1.3) (< netstandard2.0) (< xamarintvos) (< xamarinwatchos)) (&& (< monoandroid) (< monotouch) (< net20) (>= netstandard1.4) (< netstandard2.0) (< xamarintvos) (< xamarinwatchos)) (&& (< monoandroid) (< monotouch) (< net20) (>= netstandard1.5) (< netstandard2.0) (< win8) (< wpa81) (< xamarintvos) (< xamarinwatchos)) (&& (< monoandroid) (< monotouch) (< net40) (>= netstandard1.3) (< netstandard2.0) (< win8) (< wpa81) (< xamarintvos) (< xamarinwatchos)) (&& (< monoandroid) (< monotouch) (< net45) (< netcoreapp1.1) (>= netstandard1.6) (< win81) (< wpa81) (< xamarinios) (< xamarinmac) (< xamarintvos) (< xamarinwatchos)) (&& (< monoandroid) (< monotouch) (< net451) (>= netstandard1.2) (< win81) (< wpa81) (< xamarinios) (< xamarinmac) (< xamarintvos) (< xamarinwatchos)) (&& (< monoandroid) (< net20) (>= netstandard1.0) (< netstandard1.3) (< win8) (< wp8) (< wpa81)) (&& (< monoandroid) (< net20) (>= netstandard1.3) (< netstandard1.5) (< win8) (< wpa81)) (&& (< monoandroid) (< net20) (< netstandard1.3) (>= netstandard1.5) (< win8) (< wpa81)) (&& (< monoandroid) (< net35) (< netstandard1.2) (>= netstandard1.6) (< win8)) (&& (< monoandroid) (< net35) (< netstandard1.3) (>= netstandard1.6) (< win8) (< wpa81)) (&& (< monoandroid) (< net35) (< netstandard1.5) (>= netstandard1.6) (< win8) (< wpa81)) (&& (< monoandroid) (< net35) (>= netstandard2.0) (< xamarinios) (< xamarinmac)) (&& (< monoandroid) (< net40) (>= netstandard2.0) (< win8) (< wpa81) (< xamarinios) (< xamarinmac)) (&& (< net35) (>= net45) (>= netstandard1.3) (< netstandard1.5)) (&& (< net35) (>= net45) (>= netstandard1.5)) (&& (< net35) (>= net46) (< netstandard1.4) (>= netstandard2.0)) (&& (< net35) (< netstandard1.2) (>= netstandard1.4) (< win8)) (&& (< net35) (< netstandard1.2) (>= netstandard2.0) (< win8)) (&& (< net35) (< netstandard1.3) (>= netstandard1.4) (< win8) (< wpa81)) (&& (< net35) (< netstandard1.3) (>= netstandard2.0) (< win8) (< wpa81)) (&& (< net35) (>= netstandard1.4) (< netstandard1.5) (< win8) (< wpa81)) (&& (< net35) (>= netstandard1.4) (< portable-net45+win8+wpa81)) (&& (< net35) (< netstandard1.4) (>= netstandard2.0) (< win8) (< wpa81)) (&& (< net35) (>= netstandard1.5) (< netstandard1.6) (< win8) (< wpa81)) (&& (< net35) (< netstandard1.5) (>= netstandard2.0) (< win8) (< wpa81)) (&& (< net35) (>= netstandard1.6) (< netstandard2.0) (< win8) (< wpa81)) (&& (< net35) (>= netstandard1.6) (< portable-net45+win8+wpa81)) (&& (< net35) (< netstandard1.6) (>= netstandard2.0) (< win8) (< wpa81)) (&& (< net35) (>= netstandard2.0) (< portable-net45+win8+wpa81)) (&& (< net45) (>= netstandard1.3) (< netstandard2.0)) (&& (< net45) (>= netstandard2.0)) (>= netcoreapp1.0) (&& (< netstandard1.5) (>= netstandard1.6) (>= uap10.0)) (&& (< netstandard1.5) (>= netstandard2.0) (>= uap10.0)) (&& (< netstandard1.5) (>= uap10.0) (< uap10.1)) (&& (< netstandard1.5) (>= uap10.0) (< win8) (< wpa81))
      Microsoft.NETCore.Platforms (>= 1.1) - restriction: || (&& (< monoandroid) (< monotouch) (< net45) (>= netstandard1.3) (< win8) (< wpa81) (< xamarinios) (< xamarinmac) (< xamarintvos) (< xamarinwatchos)) (&& (< monoandroid) (< net45) (>= netstandard1.0) (< netstandard1.3) (< win8) (< wp8) (< wpa81))
      Microsoft.NETCore.Targets (>= 1.1) - restriction: || (&& (< monoandroid) (< monotouch) (< net45) (>= netstandard1.3) (< win8) (< wpa81) (< xamarinios) (< xamarinmac) (< xamarintvos) (< xamarinwatchos)) (&& (< monoandroid) (< net45) (>= netstandard1.0) (< netstandard1.3) (< win8) (< wp8) (< wpa81))
      System.Runtime (>= 4.3) - restriction: || (&& (< monoandroid) (< monotouch) (< net45) (>= netstandard1.3) (< win8) (< wpa81) (< xamarinios) (< xamarinmac) (< xamarintvos) (< xamarinwatchos)) (&& (< monoandroid) (< net45) (>= netstandard1.0) (< netstandard1.3) (< win8) (< wp8) (< wpa81))
    System.Collections.Concurrent (4.3) - restriction: || (&& (< monoandroid) (< net35) (< netstandard1.2) (>= netstandard1.6) (< win8)) (&& (< monoandroid) (< net35) (< netstandard1.3) (>= netstandard1.5) (< win8) (< wpa81)) (&& (< monoandroid) (< net35) (< netstandard1.3) (>= netstandard1.6) (< win8) (< wpa81)) (&& (< monoandroid) (< net35) (< netstandard1.5) (>= netstandard1.6) (< win8) (< wpa81)) (&& (< monoandroid) (< net45) (< netstandard1.3) (>= netstandard2.0) (< win8) (< wpa81)) (&& (< monoandroid) (< net45) (>= netstandard2.0) (< win8) (< wpa81) (< xamarinios) (< xamarinmac)) (&& (< net35) (>= net46) (< netstandard1.3) (>= netstandard2.0)) (&& (< net35) (>= net46) (< netstandard1.4) (>= netstandard2.0)) (&& (< net35) (< netstandard1.2) (>= netstandard1.4) (< win8)) (&& (< net35) (< netstandard1.2) (>= netstandard2.0) (< win8)) (&& (< net35) (< netstandard1.3) (>= netstandard1.4) (< win8) (< wpa81)) (&& (< net35) (< netstandard1.3) (>= netstandard2.0) (< win8) (< wpa81)) (&& (< net35) (>= netstandard1.4) (< netstandard1.5) (< win8) (< wpa81)) (&& (< net35) (< netstandard1.4) (>= netstandard2.0) (< win8) (< wpa81)) (&& (< net35) (>= netstandard1.5) (< netstandard1.6) (< win8) (< wpa81)) (&& (< net35) (< netstandard1.5) (>= netstandard2.0) (< win8) (< wpa81)) (&& (< net35) (>= netstandard1.6) (< netstandard2.0) (< win8) (< wpa81)) (&& (< net35) (< netstandard1.6) (>= netstandard2.0) (< win8) (< wpa81)) (&& (< netstandard1.3) (>= uap10.0) (< win8) (< wpa81)) (&& (< netstandard1.5) (>= netstandard2.0) (>= uap10.0)) (&& (< netstandard1.5) (>= uap10.0) (< uap10.1)) (&& (< netstandard1.5) (>= uap10.0) (< win8) (< wpa81))
      System.Collections (>= 4.3) - restriction: && (< monoandroid) (< monotouch) (< net45) (>= netstandard1.3) (< win8) (< wpa81) (< xamarinios) (< xamarinmac) (< xamarintvos) (< xamarinwatchos)
      System.Diagnostics.Debug (>= 4.3) - restriction: && (< monoandroid) (< monotouch) (< net45) (>= netstandard1.3) (< win8) (< wpa81) (< xamarinios) (< xamarinmac) (< xamarintvos) (< xamarinwatchos)
      System.Diagnostics.Tracing (>= 4.3) - restriction: && (< monoandroid) (< monotouch) (< net45) (>= netstandard1.3) (< win8) (< wpa81) (< xamarinios) (< xamarinmac) (< xamarintvos) (< xamarinwatchos)
      System.Globalization (>= 4.3) - restriction: && (< monoandroid) (< monotouch) (< net45) (>= netstandard1.3) (< win8) (< wpa81) (< xamarinios) (< xamarinmac) (< xamarintvos) (< xamarinwatchos)
      System.Reflection (>= 4.3) - restriction: && (< monoandroid) (< monotouch) (< net45) (>= netstandard1.3) (< win8) (< wpa81) (< xamarinios) (< xamarinmac) (< xamarintvos) (< xamarinwatchos)
      System.Resources.ResourceManager (>= 4.3) - restriction: && (< monoandroid) (< monotouch) (< net45) (>= netstandard1.3) (< win8) (< wpa81) (< xamarinios) (< xamarinmac) (< xamarintvos) (< xamarinwatchos)
      System.Runtime (>= 4.3) - restriction: || (&& (< monoandroid) (< monotouch) (< net45) (>= netstandard1.3) (< win8) (< wpa81) (< xamarinios) (< xamarinmac) (< xamarintvos) (< xamarinwatchos)) (&& (< monoandroid) (< net45) (>= netstandard1.1) (< netstandard1.3) (< win8) (< wpa81))
      System.Runtime.Extensions (>= 4.3) - restriction: && (< monoandroid) (< monotouch) (< net45) (>= netstandard1.3) (< win8) (< wpa81) (< xamarinios) (< xamarinmac) (< xamarintvos) (< xamarinwatchos)
      System.Threading (>= 4.3) - restriction: && (< monoandroid) (< monotouch) (< net45) (>= netstandard1.3) (< win8) (< wpa81) (< xamarinios) (< xamarinmac) (< xamarintvos) (< xamarinwatchos)
      System.Threading.Tasks (>= 4.3) - restriction: || (&& (< monoandroid) (< monotouch) (< net45) (>= netstandard1.3) (< win8) (< wpa81) (< xamarinios) (< xamarinmac) (< xamarintvos) (< xamarinwatchos)) (&& (< monoandroid) (< net45) (>= netstandard1.1) (< netstandard1.3) (< win8) (< wpa81))
    System.Collections.Immutable (1.6) - restriction: >= netstandard2.0
      System.Memory (>= 4.5.3) - restriction: || (&& (< monoandroid) (< monotouch) (< net45) (>= netstandard1.3) (< netstandard2.0) (< win8) (< wpa81) (< xamarintvos) (< xamarinwatchos)) (&& (< net45) (< netcoreapp2.1) (>= netstandard2.0) (< xamarinios) (< xamarinmac)) (>= net46) (>= uap10.1)
    System.Collections.NonGeneric (4.3) - restriction: || (&& (< monoandroid) (< monotouch) (< net20) (>= netstandard1.5) (< netstandard2.0) (< win8) (< wpa81) (< xamarintvos) (< xamarinwatchos)) (&& (< monoandroid) (< net20) (< netstandard1.3) (>= netstandard1.5) (< win8) (< wpa81)) (&& (< monoandroid) (< net35) (>= netstandard2.0) (< xamarinios) (< xamarinmac)) (&& (< net20) (>= net462) (< netstandard1.3)) (&& (< net20) (>= net462) (< netstandard2.0)) (&& (< net35) (>= net45) (>= netstandard1.3) (< netstandard1.5)) (&& (< net35) (>= net45) (>= netstandard1.5))
      System.Diagnostics.Debug (>= 4.3) - restriction: && (< monoandroid) (< monotouch) (< net46) (>= netstandard1.3) (< xamarinios) (< xamarinmac) (< xamarintvos) (< xamarinwatchos)
      System.Globalization (>= 4.3) - restriction: && (< monoandroid) (< monotouch) (< net46) (>= netstandard1.3) (< xamarinios) (< xamarinmac) (< xamarintvos) (< xamarinwatchos)
      System.Resources.ResourceManager (>= 4.3) - restriction: && (< monoandroid) (< monotouch) (< net46) (>= netstandard1.3) (< xamarinios) (< xamarinmac) (< xamarintvos) (< xamarinwatchos)
      System.Runtime (>= 4.3) - restriction: && (< monoandroid) (< monotouch) (< net46) (>= netstandard1.3) (< xamarinios) (< xamarinmac) (< xamarintvos) (< xamarinwatchos)
      System.Runtime.Extensions (>= 4.3) - restriction: && (< monoandroid) (< monotouch) (< net46) (>= netstandard1.3) (< xamarinios) (< xamarinmac) (< xamarintvos) (< xamarinwatchos)
      System.Threading (>= 4.3) - restriction: && (< monoandroid) (< monotouch) (< net46) (>= netstandard1.3) (< xamarinios) (< xamarinmac) (< xamarintvos) (< xamarinwatchos)
    System.Collections.Specialized (4.3) - restriction: || (&& (< monoandroid) (< monotouch) (< net20) (>= netstandard1.5) (< netstandard2.0) (< win8) (< wpa81) (< xamarintvos) (< xamarinwatchos)) (&& (< monoandroid) (< net20) (< netstandard1.3) (>= netstandard1.5) (< win8) (< wpa81)) (&& (< net35) (>= net45) (>= netstandard1.3) (< netstandard1.5)) (&& (< net35) (>= net45) (>= netstandard1.5)) (&& (< net35) (>= netstandard2.0))
      System.Collections.NonGeneric (>= 4.3) - restriction: && (< monoandroid) (< monotouch) (< net46) (>= netstandard1.3) (< xamarinios) (< xamarinmac) (< xamarintvos) (< xamarinwatchos)
      System.Globalization (>= 4.3) - restriction: && (< monoandroid) (< monotouch) (< net46) (>= netstandard1.3) (< xamarinios) (< xamarinmac) (< xamarintvos) (< xamarinwatchos)
      System.Globalization.Extensions (>= 4.3) - restriction: && (< monoandroid) (< monotouch) (< net46) (>= netstandard1.3) (< xamarinios) (< xamarinmac) (< xamarintvos) (< xamarinwatchos)
      System.Resources.ResourceManager (>= 4.3) - restriction: && (< monoandroid) (< monotouch) (< net46) (>= netstandard1.3) (< xamarinios) (< xamarinmac) (< xamarintvos) (< xamarinwatchos)
      System.Runtime (>= 4.3) - restriction: && (< monoandroid) (< monotouch) (< net46) (>= netstandard1.3) (< xamarinios) (< xamarinmac) (< xamarintvos) (< xamarinwatchos)
      System.Runtime.Extensions (>= 4.3) - restriction: && (< monoandroid) (< monotouch) (< net46) (>= netstandard1.3) (< xamarinios) (< xamarinmac) (< xamarintvos) (< xamarinwatchos)
      System.Threading (>= 4.3) - restriction: && (< monoandroid) (< monotouch) (< net46) (>= netstandard1.3) (< xamarinios) (< xamarinmac) (< xamarintvos) (< xamarinwatchos)
    System.ComponentModel (4.3) - restriction: || (&& (< monoandroid) (< monotouch) (< net20) (>= netstandard1.5) (< netstandard2.0) (< win8) (< wpa81) (< xamarintvos) (< xamarinwatchos)) (&& (< monoandroid) (< monotouch) (< net45) (>= netstandard1.4) (< netstandard2.0) (< uap10.1) (< xamarintvos) (< xamarinwatchos)) (&& (< monoandroid) (< net20) (>= netstandard1.0) (< netstandard1.3) (< win8) (< wp8) (< wpa81)) (&& (< monoandroid) (< net20) (>= netstandard1.3) (< netstandard1.5) (< win8) (< wpa81)) (&& (< monoandroid) (< net20) (< netstandard1.3) (>= netstandard1.5) (< win8) (< wpa81)) (&& (< monoandroid) (< net45) (>= netstandard1.3) (< netstandard1.4) (< win8)) (&& (< monoandroid) (< net45) (< netstandard1.3) (>= netstandard1.4)) (&& (< monoandroid) (< net45) (< netstandard1.4) (>= netstandard2.0) (< win8)) (&& (< net35) (>= net45) (>= netstandard1.3) (< netstandard1.5)) (&& (< net35) (>= net45) (>= netstandard1.5)) (&& (< net35) (>= netstandard2.0)) (&& (< netstandard1.4) (>= netstandard2.1)) (&& (>= netstandard2.0) (>= uap10.0)) (&& (< netstandard2.0) (>= netstandard2.1))
      System.Runtime (>= 4.3) - restriction: || (&& (< monoandroid) (< monotouch) (< net45) (>= netstandard1.3) (< win8) (< wpa81) (< xamarinios) (< xamarinmac) (< xamarintvos) (< xamarinwatchos)) (&& (< monoandroid) (< net45) (>= netstandard1.0) (< netstandard1.3) (< win8) (< wp8) (< wpa81))
    System.ComponentModel.Annotations (4.6) - restriction: || (&& (< net45) (>= netstandard1.1) (< netstandard1.3)) (&& (< net45) (>= netstandard1.3) (< netstandard2.0)) (&& (< net45) (>= netstandard2.0) (< netstandard2.1)) (&& (< netcoreapp3.0) (>= netstandard2.1))
      NETStandard.Library (>= 1.6.1) - restriction: || (&& (< monoandroid) (< monotouch) (< net45) (>= netstandard1.4) (< netstandard2.0) (< uap10.1) (< xamarintvos) (< xamarinwatchos)) (&& (< monoandroid) (< net45) (>= netstandard1.1) (< netstandard1.3) (< win8)) (&& (< monoandroid) (< net45) (>= netstandard1.3) (< netstandard1.4) (< win8))
      System.ComponentModel (>= 4.3) - restriction: || (&& (< monoandroid) (< monotouch) (< net45) (>= netstandard1.4) (< netstandard2.0) (< uap10.1) (< xamarintvos) (< xamarinwatchos)) (&& (< monoandroid) (< net45) (>= netstandard1.3) (< netstandard1.4) (< win8))
    System.ComponentModel.EventBasedAsync (4.3) - restriction: >= netcoreapp1.0
      System.Resources.ResourceManager (>= 4.3) - restriction: && (< monoandroid) (< monotouch) (< net45) (>= netstandard1.3) (< win8) (< wpa81) (< xamarinios) (< xamarinmac) (< xamarintvos) (< xamarinwatchos)
      System.Runtime (>= 4.3) - restriction: || (&& (< monoandroid) (< monotouch) (< net45) (>= netstandard1.3) (< win8) (< wpa81) (< xamarinios) (< xamarinmac) (< xamarintvos) (< xamarinwatchos)) (&& (< monoandroid) (< net45) (>= netstandard1.0) (< netstandard1.3) (< win8) (< wp8) (< wpa81))
      System.Threading (>= 4.3) - restriction: && (< monoandroid) (< monotouch) (< net45) (>= netstandard1.3) (< win8) (< wpa81) (< xamarinios) (< xamarinmac) (< xamarintvos) (< xamarinwatchos)
      System.Threading.Tasks (>= 4.3) - restriction: && (< monoandroid) (< monotouch) (< net45) (>= netstandard1.3) (< win8) (< wpa81) (< xamarinios) (< xamarinmac) (< xamarintvos) (< xamarinwatchos)
    System.ComponentModel.Primitives (4.3) - restriction: || (&& (< monoandroid) (< monotouch) (< net20) (>= netstandard1.5) (< netstandard2.0) (< win8) (< xamarintvos) (< xamarinwatchos)) (&& (< monoandroid) (< net20) (>= netstandard1.0) (< netstandard1.3) (< win8)) (&& (< monoandroid) (< net20) (>= netstandard1.3) (< netstandard1.5) (< win8)) (&& (< monoandroid) (< net20) (< netstandard1.3) (>= netstandard1.5) (< win8)) (&& (< net20) (>= net45) (>= netstandard1.3) (< netstandard1.5)) (&& (< net20) (>= net45) (< netstandard1.3)) (&& (< net20) (>= net462) (< netstandard1.3)) (&& (< net20) (>= net462) (< netstandard2.0)) (&& (< net45) (>= netstandard1.1) (< netstandard1.3)) (&& (< net45) (>= netstandard1.3) (< netstandard2.0)) (&& (>= netstandard1.0) (< netstandard1.1)) (&& (< netstandard1.0) (>= netstandard1.3) (>= win8)) (&& (>= netstandard1.3) (< netstandard2.0) (>= wpa81)) (&& (< netstandard1.3) (>= wpa81)) (>= wp8)
      System.ComponentModel (>= 4.3) - restriction: && (< monoandroid) (< monotouch) (< net45) (>= netstandard1.0) (< win8) (< wp8) (< wpa81) (< xamarinios) (< xamarinmac) (< xamarintvos) (< xamarinwatchos)
      System.Resources.ResourceManager (>= 4.3) - restriction: && (< monoandroid) (< monotouch) (< net45) (>= netstandard1.0) (< win8) (< wp8) (< wpa81) (< xamarinios) (< xamarinmac) (< xamarintvos) (< xamarinwatchos)
      System.Runtime (>= 4.3) - restriction: && (< monoandroid) (< monotouch) (< net45) (>= netstandard1.0) (< win8) (< wp8) (< wpa81) (< xamarinios) (< xamarinmac) (< xamarintvos) (< xamarinwatchos)
    System.ComponentModel.TypeConverter (4.3) - restriction: || (&& (< net20) (>= netstandard1.0) (< netstandard1.3)) (&& (< net20) (>= netstandard1.3) (< netstandard2.0)) (&& (< net35) (>= net45) (>= netstandard1.3) (< netstandard1.5)) (&& (< net35) (>= net45) (>= netstandard1.5)) (&& (< net35) (>= netstandard1.4) (< netstandard2.0)) (&& (< net35) (>= netstandard2.0)) (>= netcoreapp1.0)
      System.Collections (>= 4.3) - restriction: || (&& (< monoandroid) (< monotouch) (< net45) (>= netstandard1.5) (< win8) (< wpa81) (< xamarinios) (< xamarinmac) (< xamarintvos) (< xamarinwatchos)) (&& (< monoandroid) (< net45) (>= netstandard1.0) (< netstandard1.5) (< win8) (< wp8) (< wpa81))
      System.Collections.NonGeneric (>= 4.3) - restriction: || (&& (< monoandroid) (< monotouch) (< net45) (>= netstandard1.5) (< win8) (< wpa81) (< xamarinios) (< xamarinmac) (< xamarintvos) (< xamarinwatchos)) (>= net462)
      System.Collections.Specialized (>= 4.3) - restriction: && (< monoandroid) (< monotouch) (< net45) (>= netstandard1.5) (< win8) (< wpa81) (< xamarinios) (< xamarinmac) (< xamarintvos) (< xamarinwatchos)
      System.ComponentModel (>= 4.3) - restriction: || (&& (< monoandroid) (< monotouch) (< net45) (>= netstandard1.5) (< win8) (< wpa81) (< xamarinios) (< xamarinmac) (< xamarintvos) (< xamarinwatchos)) (&& (< monoandroid) (< net45) (>= netstandard1.0) (< netstandard1.5) (< win8) (< wp8) (< wpa81))
      System.ComponentModel.Primitives (>= 4.3) - restriction: || (&& (< monoandroid) (< monotouch) (< net45) (>= netstandard1.5) (< win8) (< xamarinios) (< xamarinmac) (< xamarintvos) (< xamarinwatchos)) (&& (< monoandroid) (< net45) (>= netstandard1.0) (< netstandard1.5) (< win8)) (&& (>= net45) (< netstandard1.5)) (>= net462) (&& (< netstandard1.0) (>= win8)) (>= wp8) (>= wpa81)
      System.Globalization (>= 4.3) - restriction: || (&& (< monoandroid) (< monotouch) (< net45) (>= netstandard1.5) (< win8) (< wpa81) (< xamarinios) (< xamarinmac) (< xamarintvos) (< xamarinwatchos)) (&& (< monoandroid) (< net45) (>= netstandard1.0) (< netstandard1.5) (< win8) (< wp8) (< wpa81))
      System.Linq (>= 4.3) - restriction: && (< monoandroid) (< monotouch) (< net45) (>= netstandard1.5) (< win8) (< wpa81) (< xamarinios) (< xamarinmac) (< xamarintvos) (< xamarinwatchos)
      System.Reflection (>= 4.3) - restriction: || (&& (< monoandroid) (< monotouch) (< net45) (>= netstandard1.5) (< win8) (< wpa81) (< xamarinios) (< xamarinmac) (< xamarintvos) (< xamarinwatchos)) (&& (< monoandroid) (< net45) (>= netstandard1.0) (< netstandard1.5) (< win8) (< wp8) (< wpa81))
      System.Reflection.Extensions (>= 4.3) - restriction: || (&& (< monoandroid) (< monotouch) (< net45) (>= netstandard1.5) (< win8) (< wpa81) (< xamarinios) (< xamarinmac) (< xamarintvos) (< xamarinwatchos)) (&& (< monoandroid) (< net45) (>= netstandard1.0) (< netstandard1.5) (< win8) (< wp8) (< wpa81))
      System.Reflection.Primitives (>= 4.3) - restriction: || (&& (< monoandroid) (< monotouch) (< net45) (>= netstandard1.5) (< win8) (< wpa81) (< xamarinios) (< xamarinmac) (< xamarintvos) (< xamarinwatchos)) (&& (< monoandroid) (< net45) (>= netstandard1.0) (< netstandard1.5) (< win8) (< wp8) (< wpa81))
      System.Reflection.TypeExtensions (>= 4.3) - restriction: && (< monoandroid) (< monotouch) (< net45) (>= netstandard1.5) (< win8) (< wpa81) (< xamarinios) (< xamarinmac) (< xamarintvos) (< xamarinwatchos)
      System.Resources.ResourceManager (>= 4.3) - restriction: || (&& (< monoandroid) (< monotouch) (< net45) (>= netstandard1.5) (< win8) (< wpa81) (< xamarinios) (< xamarinmac) (< xamarintvos) (< xamarinwatchos)) (&& (< monoandroid) (< net45) (>= netstandard1.0) (< netstandard1.5) (< win8) (< wp8) (< wpa81))
      System.Runtime (>= 4.3) - restriction: || (&& (< monoandroid) (< monotouch) (< net45) (>= netstandard1.5) (< win8) (< wpa81) (< xamarinios) (< xamarinmac) (< xamarintvos) (< xamarinwatchos)) (&& (< monoandroid) (< net45) (>= netstandard1.0) (< netstandard1.5) (< win8) (< wp8) (< wpa81))
      System.Runtime.Extensions (>= 4.3) - restriction: || (&& (< monoandroid) (< monotouch) (< net45) (>= netstandard1.5) (< win8) (< wpa81) (< xamarinios) (< xamarinmac) (< xamarintvos) (< xamarinwatchos)) (&& (< monoandroid) (< net45) (>= netstandard1.0) (< netstandard1.5) (< win8) (< wp8) (< wpa81))
      System.Threading (>= 4.3) - restriction: || (&& (< monoandroid) (< monotouch) (< net45) (>= netstandard1.5) (< win8) (< wpa81) (< xamarinios) (< xamarinmac) (< xamarintvos) (< xamarinwatchos)) (&& (< monoandroid) (< net45) (>= netstandard1.0) (< netstandard1.5) (< win8) (< wp8) (< wpa81))
    System.Console (4.3.1) - restriction: || (&& (< net35) (>= net46) (< netstandard1.4) (>= netstandard2.0)) (&& (< net35) (>= netstandard1.4) (< netstandard1.5) (< win8) (< wpa81)) (&& (< net35) (< netstandard1.4) (>= netstandard2.0) (< win8) (< wpa81)) (&& (< net35) (>= netstandard1.5) (< netstandard1.6) (< win8) (< wpa81)) (&& (< net35) (< netstandard1.5) (>= netstandard2.0) (< win8) (< wpa81)) (&& (< net35) (>= netstandard1.6) (< netstandard2.0) (< win8) (< wpa81)) (&& (< net35) (< netstandard1.6) (>= netstandard2.0) (< win8) (< wpa81)) (&& (< netstandard1.5) (>= netstandard2.0) (>= uap10.0)) (&& (< netstandard1.5) (>= uap10.0) (< uap10.1))
      Microsoft.NETCore.Platforms (>= 1.1) - restriction: && (< monoandroid) (< monotouch) (< net46) (>= netstandard1.3) (< xamarinios) (< xamarinmac) (< xamarintvos) (< xamarinwatchos)
      Microsoft.NETCore.Targets (>= 1.1.2) - restriction: && (< monoandroid) (< monotouch) (< net46) (>= netstandard1.3) (< xamarinios) (< xamarinmac) (< xamarintvos) (< xamarinwatchos)
      System.IO (>= 4.3) - restriction: && (< monoandroid) (< monotouch) (< net46) (>= netstandard1.3) (< xamarinios) (< xamarinmac) (< xamarintvos) (< xamarinwatchos)
      System.Runtime (>= 4.3) - restriction: && (< monoandroid) (< monotouch) (< net46) (>= netstandard1.3) (< xamarinios) (< xamarinmac) (< xamarintvos) (< xamarinwatchos)
      System.Text.Encoding (>= 4.3) - restriction: && (< monoandroid) (< monotouch) (< net46) (>= netstandard1.3) (< xamarinios) (< xamarinmac) (< xamarintvos) (< xamarinwatchos)
    System.Data.Common (4.3)
      System.Collections (>= 4.3) - restriction: && (< monoandroid) (< monotouch) (< net451) (>= netstandard1.2) (< win81) (< wpa81) (< xamarinios) (< xamarinmac) (< xamarintvos) (< xamarinwatchos)
      System.Globalization (>= 4.3) - restriction: && (< monoandroid) (< monotouch) (< net451) (>= netstandard1.2) (< win81) (< wpa81) (< xamarinios) (< xamarinmac) (< xamarintvos) (< xamarinwatchos)
      System.IO (>= 4.3) - restriction: && (< monoandroid) (< monotouch) (< net451) (>= netstandard1.2) (< win81) (< wpa81) (< xamarinios) (< xamarinmac) (< xamarintvos) (< xamarinwatchos)
      System.Resources.ResourceManager (>= 4.3) - restriction: && (< monoandroid) (< monotouch) (< net451) (>= netstandard1.2) (< win81) (< wpa81) (< xamarinios) (< xamarinmac) (< xamarintvos) (< xamarinwatchos)
      System.Runtime (>= 4.3) - restriction: && (< monoandroid) (< monotouch) (< net451) (>= netstandard1.2) (< win81) (< wpa81) (< xamarinios) (< xamarinmac) (< xamarintvos) (< xamarinwatchos)
      System.Runtime.Extensions (>= 4.3) - restriction: && (< monoandroid) (< monotouch) (< net451) (>= netstandard1.2) (< win81) (< wpa81) (< xamarinios) (< xamarinmac) (< xamarintvos) (< xamarinwatchos)
      System.Text.RegularExpressions (>= 4.3) - restriction: && (< monoandroid) (< monotouch) (< net451) (>= netstandard1.2) (< win81) (< wpa81) (< xamarinios) (< xamarinmac) (< xamarintvos) (< xamarinwatchos)
      System.Threading.Tasks (>= 4.3) - restriction: && (< monoandroid) (< monotouch) (< net451) (>= netstandard1.2) (< win81) (< wpa81) (< xamarinios) (< xamarinmac) (< xamarintvos) (< xamarinwatchos)
    System.Diagnostics.Debug (4.3) - restriction: || (&& (< monoandroid) (< monotouch) (< net20) (>= netstandard1.3) (< netstandard2.0) (< xamarintvos) (< xamarinwatchos)) (&& (< monoandroid) (< monotouch) (< net40) (>= netstandard1.3) (< netstandard2.0) (< win8) (< wpa81) (< xamarintvos) (< xamarinwatchos)) (&& (< monoandroid) (< monotouch) (< net45) (>= netstandard1.5) (< netstandard2.0) (< win8) (< wpa81) (< xamarintvos) (< xamarinwatchos)) (&& (< monoandroid) (< net35) (< netstandard1.2) (>= netstandard1.6) (< win8)) (&& (< monoandroid) (< net35) (< netstandard1.3) (>= netstandard1.6) (< win8) (< wpa81)) (&& (< monoandroid) (< net35) (< netstandard1.5) (>= netstandard1.6) (< win8) (< wpa81)) (&& (< monoandroid) (< net35) (>= netstandard2.0) (< xamarinios) (< xamarinmac)) (&& (< monoandroid) (< net40) (>= netstandard2.0) (< win8) (< wpa81) (< xamarinios) (< xamarinmac)) (&& (< monoandroid) (< net45) (>= netstandard2.0) (< win8) (< wpa81) (< xamarinios) (< xamarinmac)) (&& (< net35) (>= net45) (>= netstandard1.3) (< netstandard1.5)) (&& (< net35) (>= net45) (>= netstandard1.5)) (&& (< net35) (>= net46) (< netstandard1.4) (>= netstandard2.0)) (&& (< net35) (< netstandard1.2) (>= netstandard1.4) (< win8)) (&& (< net35) (< netstandard1.2) (>= netstandard2.0) (< win8)) (&& (< net35) (< netstandard1.3) (>= netstandard1.4) (< win8) (< wpa81)) (&& (< net35) (< netstandard1.3) (>= netstandard2.0) (< win8) (< wpa81)) (&& (< net35) (>= netstandard1.4) (< netstandard1.5) (< win8) (< wpa81)) (&& (< net35) (>= netstandard1.4) (< portable-net45+win8+wpa81)) (&& (< net35) (< netstandard1.4) (>= netstandard2.0) (< win8) (< wpa81)) (&& (< net35) (>= netstandard1.5) (< netstandard1.6) (< win8) (< wpa81)) (&& (< net35) (< netstandard1.5) (>= netstandard2.0) (< win8) (< wpa81)) (&& (< net35) (>= netstandard1.6) (< netstandard2.0) (< win8) (< wpa81)) (&& (< net35) (>= netstandard1.6) (< portable-net45+win8+wpa81)) (&& (< net35) (< netstandard1.6) (>= netstandard2.0) (< win8) (< wpa81)) (&& (< net35) (>= netstandard2.0) (< portable-net45+win8+wpa81)) (>= netcoreapp1.0) (&& (< netstandard1.5) (>= netstandard1.6) (>= uap10.0)) (&& (< netstandard1.5) (>= netstandard2.0) (>= uap10.0)) (&& (< netstandard1.5) (>= uap10.0) (< uap10.1)) (&& (< netstandard1.5) (>= uap10.0) (< win8) (< wpa81))
      Microsoft.NETCore.Platforms (>= 1.1) - restriction: || (&& (< monoandroid) (< monotouch) (< net45) (>= netstandard1.3) (< win8) (< wpa81) (< xamarinios) (< xamarinmac) (< xamarintvos) (< xamarinwatchos)) (&& (< monoandroid) (< net45) (>= netstandard1.0) (< netstandard1.3) (< win8) (< wp8) (< wpa81))
      Microsoft.NETCore.Targets (>= 1.1) - restriction: || (&& (< monoandroid) (< monotouch) (< net45) (>= netstandard1.3) (< win8) (< wpa81) (< xamarinios) (< xamarinmac) (< xamarintvos) (< xamarinwatchos)) (&& (< monoandroid) (< net45) (>= netstandard1.0) (< netstandard1.3) (< win8) (< wp8) (< wpa81))
      System.Runtime (>= 4.3) - restriction: || (&& (< monoandroid) (< monotouch) (< net45) (>= netstandard1.3) (< win8) (< wpa81) (< xamarinios) (< xamarinmac) (< xamarintvos) (< xamarinwatchos)) (&& (< monoandroid) (< net45) (>= netstandard1.0) (< netstandard1.3) (< win8) (< wp8) (< wpa81))
    System.Diagnostics.DiagnosticSource (4.6) - restriction: || (&& (< monoandroid) (< monotouch) (< net35) (>= netstandard1.6) (< netstandard2.0) (< win8) (< wpa81) (< xamarintvos) (< xamarinwatchos)) (&& (< monoandroid) (< net35) (< netstandard1.2) (>= netstandard1.4) (< win8)) (&& (< monoandroid) (< net35) (< netstandard1.2) (>= netstandard1.6) (< win8)) (&& (< monoandroid) (< net35) (< netstandard1.2) (>= netstandard2.0) (< win8)) (&& (< monoandroid) (< net35) (< netstandard1.3) (>= netstandard1.4) (< win8) (< wpa81)) (&& (< monoandroid) (< net35) (< netstandard1.3) (>= netstandard1.6) (< win8) (< wpa81)) (&& (< monoandroid) (< net35) (< netstandard1.3) (>= netstandard2.0) (< win8) (< wpa81)) (&& (< monoandroid) (< net35) (>= netstandard1.4) (< netstandard1.5) (< win8) (< wpa81)) (&& (< monoandroid) (< net35) (< netstandard1.4) (>= netstandard2.0) (< win8) (< wpa81)) (&& (< monoandroid) (< net35) (>= netstandard1.5) (< netstandard1.6) (< win8) (< wpa81)) (&& (< monoandroid) (< net35) (< netstandard1.5) (>= netstandard1.6) (< win8) (< wpa81)) (&& (< monoandroid) (< net35) (< netstandard1.5) (>= netstandard2.0) (< win8) (< wpa81)) (&& (< monoandroid) (< net35) (< netstandard1.6) (>= netstandard2.0) (< win8) (< wpa81)) (&& (< net35) (>= net46) (< netstandard1.4) (>= netstandard2.0)) (&& (< netstandard1.5) (>= netstandard1.6) (>= uap10.0)) (&& (< netstandard1.5) (>= netstandard2.0) (>= uap10.0)) (&& (< netstandard1.5) (>= uap10.0) (< win8) (< wpa81))
      System.Collections (>= 4.3) - restriction: || (&& (< monoandroid) (< monotouch) (< net45) (>= netstandard1.3) (< netstandard2.0) (< win8) (< wpa81) (< xamarintvos) (< xamarinwatchos)) (&& (< monoandroid) (< net45) (>= netstandard1.1) (< netstandard1.3) (< win8) (< wpa81))
      System.Collections.Concurrent (>= 4.3) - restriction: || (&& (< monoandroid) (< monotouch) (< net45) (>= netstandard1.3) (< netstandard2.0) (< win8) (< wpa81) (< xamarintvos) (< xamarinwatchos)) (&& (< monoandroid) (< net45) (>= netstandard1.1) (< netstandard1.3) (< win8) (< wpa81))
      System.Diagnostics.Debug (>= 4.3) - restriction: && (< monoandroid) (< monotouch) (< net45) (>= netstandard1.3) (< netstandard2.0) (< win8) (< wpa81) (< xamarintvos) (< xamarinwatchos)
      System.Diagnostics.Tracing (>= 4.3) - restriction: || (&& (< monoandroid) (< monotouch) (< net45) (>= netstandard1.3) (< netstandard2.0) (< win8) (< wpa81) (< xamarintvos) (< xamarinwatchos)) (&& (< monoandroid) (< net45) (>= netstandard1.1) (< netstandard1.3) (< win8) (< wpa81))
      System.Memory (>= 4.5.3) - restriction: || (&& (< monoandroid) (< monotouch) (< net45) (>= netstandard1.3) (< netstandard2.0) (< win8) (< wpa81) (< xamarintvos) (< xamarinwatchos)) (&& (>= net45) (< netstandard1.3)) (&& (< net45) (< netcoreapp2.1) (>= netstandard2.0) (< xamarinios) (< xamarinmac)) (>= net46) (>= uap10.1)
      System.Reflection (>= 4.3) - restriction: || (&& (< monoandroid) (< monotouch) (< net45) (>= netstandard1.3) (< netstandard2.0) (< win8) (< wpa81) (< xamarintvos) (< xamarinwatchos)) (&& (< monoandroid) (< net45) (>= netstandard1.1) (< netstandard1.3) (< win8) (< wpa81))
      System.Resources.ResourceManager (>= 4.3) - restriction: || (&& (< monoandroid) (< monotouch) (< net45) (>= netstandard1.3) (< netstandard2.0) (< win8) (< wpa81) (< xamarintvos) (< xamarinwatchos)) (&& (< monoandroid) (< net45) (>= netstandard1.1) (< netstandard1.3) (< win8) (< wpa81))
      System.Runtime (>= 4.3) - restriction: || (&& (< monoandroid) (< monotouch) (< net45) (>= netstandard1.3) (< netstandard2.0) (< win8) (< wpa81) (< xamarintvos) (< xamarinwatchos)) (&& (< monoandroid) (< net45) (>= netstandard1.1) (< netstandard1.3) (< win8) (< wpa81))
      System.Runtime.Extensions (>= 4.3) - restriction: && (< monoandroid) (< monotouch) (< net45) (>= netstandard1.3) (< netstandard2.0) (< win8) (< wpa81) (< xamarintvos) (< xamarinwatchos)
      System.Runtime.InteropServices (>= 4.3) - restriction: || (&& (< monoandroid) (< monotouch) (< net45) (>= netstandard1.3) (< netstandard2.0) (< win8) (< wpa81) (< xamarintvos) (< xamarinwatchos)) (&& (< monoandroid) (< net45) (>= netstandard1.1) (< netstandard1.3) (< win8) (< wpa81))
      System.Threading (>= 4.3) - restriction: || (&& (< monoandroid) (< monotouch) (< net45) (>= netstandard1.3) (< netstandard2.0) (< win8) (< wpa81) (< xamarintvos) (< xamarinwatchos)) (&& (< monoandroid) (< net45) (>= netstandard1.1) (< netstandard1.3) (< win8) (< wpa81))
    System.Diagnostics.Process (4.3) - restriction: >= netcoreapp1.0
      Microsoft.NETCore.Platforms (>= 1.1) - restriction: && (< monoandroid) (< monotouch) (< net46) (>= netstandard1.4) (< xamarinios) (< xamarinmac) (< xamarintvos) (< xamarinwatchos)
      Microsoft.Win32.Primitives (>= 4.3) - restriction: && (< monoandroid) (< monotouch) (< net46) (>= netstandard1.4) (< xamarinios) (< xamarinmac) (< xamarintvos) (< xamarinwatchos)
      Microsoft.Win32.Registry (>= 4.3) - restriction: && (< monoandroid) (< monotouch) (< net46) (>= netstandard1.4) (< xamarinios) (< xamarinmac) (< xamarintvos) (< xamarinwatchos)
      runtime.native.System (>= 4.3) - restriction: && (< monoandroid) (< monotouch) (< net46) (>= netstandard1.4) (< xamarinios) (< xamarinmac) (< xamarintvos) (< xamarinwatchos)
      System.Collections (>= 4.3) - restriction: && (< monoandroid) (< monotouch) (< net46) (>= netstandard1.4) (< xamarinios) (< xamarinmac) (< xamarintvos) (< xamarinwatchos)
      System.Diagnostics.Debug (>= 4.3) - restriction: && (< monoandroid) (< monotouch) (< net46) (>= netstandard1.4) (< xamarinios) (< xamarinmac) (< xamarintvos) (< xamarinwatchos)
      System.Globalization (>= 4.3) - restriction: && (< monoandroid) (< monotouch) (< net46) (>= netstandard1.4) (< xamarinios) (< xamarinmac) (< xamarintvos) (< xamarinwatchos)
      System.IO (>= 4.3) - restriction: || (&& (< monoandroid) (< monotouch) (< net46) (>= netstandard1.4) (< xamarinios) (< xamarinmac) (< xamarintvos) (< xamarinwatchos)) (&& (< monoandroid) (< net46) (>= netstandard1.3) (< netstandard1.4))
      System.IO.FileSystem (>= 4.3) - restriction: && (< monoandroid) (< monotouch) (< net46) (>= netstandard1.4) (< xamarinios) (< xamarinmac) (< xamarintvos) (< xamarinwatchos)
      System.IO.FileSystem.Primitives (>= 4.3) - restriction: && (< monoandroid) (< monotouch) (< net46) (>= netstandard1.4) (< xamarinios) (< xamarinmac) (< xamarintvos) (< xamarinwatchos)
      System.Resources.ResourceManager (>= 4.3) - restriction: && (< monoandroid) (< monotouch) (< net46) (>= netstandard1.4) (< xamarinios) (< xamarinmac) (< xamarintvos) (< xamarinwatchos)
      System.Runtime (>= 4.3) - restriction: || (&& (< monoandroid) (< monotouch) (< net46) (>= netstandard1.4) (< xamarinios) (< xamarinmac) (< xamarintvos) (< xamarinwatchos)) (&& (< monoandroid) (< net46) (>= netstandard1.3) (< netstandard1.4))
      System.Runtime.Extensions (>= 4.3) - restriction: && (< monoandroid) (< monotouch) (< net46) (>= netstandard1.4) (< xamarinios) (< xamarinmac) (< xamarintvos) (< xamarinwatchos)
      System.Runtime.Handles (>= 4.3) - restriction: || (&& (< monoandroid) (< monotouch) (< net46) (>= netstandard1.4) (< xamarinios) (< xamarinmac) (< xamarintvos) (< xamarinwatchos)) (&& (< monoandroid) (< net46) (>= netstandard1.3) (< netstandard1.4))
      System.Runtime.InteropServices (>= 4.3) - restriction: && (< monoandroid) (< monotouch) (< net46) (>= netstandard1.4) (< xamarinios) (< xamarinmac) (< xamarintvos) (< xamarinwatchos)
      System.Text.Encoding (>= 4.3) - restriction: || (&& (< monoandroid) (< monotouch) (< net46) (>= netstandard1.4) (< xamarinios) (< xamarinmac) (< xamarintvos) (< xamarinwatchos)) (&& (< monoandroid) (< net46) (>= netstandard1.3) (< netstandard1.4))
      System.Text.Encoding.Extensions (>= 4.3) - restriction: && (< monoandroid) (< monotouch) (< net46) (>= netstandard1.4) (< xamarinios) (< xamarinmac) (< xamarintvos) (< xamarinwatchos)
      System.Threading (>= 4.3) - restriction: && (< monoandroid) (< monotouch) (< net46) (>= netstandard1.4) (< xamarinios) (< xamarinmac) (< xamarintvos) (< xamarinwatchos)
      System.Threading.Tasks (>= 4.3) - restriction: && (< monoandroid) (< monotouch) (< net46) (>= netstandard1.4) (< xamarinios) (< xamarinmac) (< xamarintvos) (< xamarinwatchos)
      System.Threading.Thread (>= 4.3) - restriction: && (< monoandroid) (< monotouch) (< net46) (>= netstandard1.4) (< xamarinios) (< xamarinmac) (< xamarintvos) (< xamarinwatchos)
      System.Threading.ThreadPool (>= 4.3) - restriction: && (< monoandroid) (< monotouch) (< net46) (>= netstandard1.4) (< xamarinios) (< xamarinmac) (< xamarintvos) (< xamarinwatchos)
    System.Diagnostics.Tools (4.3) - restriction: || (&& (< net35) (< netstandard1.2) (>= netstandard1.4) (< win8)) (&& (< net35) (< netstandard1.2) (>= netstandard2.0) (< win8)) (&& (< net35) (< netstandard1.3) (>= netstandard1.4) (< win8) (< wpa81)) (&& (< net35) (< netstandard1.3) (>= netstandard2.0) (< win8) (< wpa81)) (&& (< net35) (>= netstandard1.4) (< netstandard1.5) (< win8) (< wpa81)) (&& (< net35) (>= netstandard1.4) (< portable-net45+win8+wpa81)) (&& (< net35) (< netstandard1.4) (>= netstandard2.0) (< win8) (< wpa81)) (&& (< net35) (>= netstandard1.5) (< netstandard1.6) (< win8) (< wpa81)) (&& (< net35) (< netstandard1.5) (>= netstandard2.0) (< win8) (< wpa81)) (&& (< net35) (>= netstandard1.6) (< netstandard2.0) (< win8) (< wpa81)) (&& (< net35) (< netstandard1.6) (>= netstandard2.0) (< win8) (< wpa81)) (&& (< net35) (>= netstandard2.0) (< portable-net45+win8+wpa81)) (&& (< netstandard1.5) (>= netstandard2.0) (>= uap10.0)) (&& (< netstandard1.5) (>= uap10.0) (< uap10.1)) (&& (< netstandard1.5) (>= uap10.0) (< win8) (< wpa81))
      Microsoft.NETCore.Platforms (>= 1.1) - restriction: && (< monoandroid) (< monotouch) (< net45) (>= netstandard1.0) (< win8) (< wp8) (< wpa81) (< xamarinios) (< xamarinmac) (< xamarintvos) (< xamarinwatchos)
      Microsoft.NETCore.Targets (>= 1.1) - restriction: && (< monoandroid) (< monotouch) (< net45) (>= netstandard1.0) (< win8) (< wp8) (< wpa81) (< xamarinios) (< xamarinmac) (< xamarintvos) (< xamarinwatchos)
      System.Runtime (>= 4.3) - restriction: && (< monoandroid) (< monotouch) (< net45) (>= netstandard1.0) (< win8) (< wp8) (< wpa81) (< xamarinios) (< xamarinmac) (< xamarintvos) (< xamarinwatchos)
    System.Diagnostics.TraceSource (4.3) - restriction: || (&& (< net35) (>= net45) (>= netstandard1.3) (< netstandard1.5)) (&& (< net35) (>= net45) (>= netstandard1.5)) (&& (< net35) (>= netstandard2.0))
      Microsoft.NETCore.Platforms (>= 1.1) - restriction: && (< monoandroid) (< monotouch) (< net46) (>= netstandard1.3) (< xamarinios) (< xamarinmac) (< xamarintvos) (< xamarinwatchos)
      runtime.native.System (>= 4.3) - restriction: && (< monoandroid) (< monotouch) (< net46) (>= netstandard1.3) (< xamarinios) (< xamarinmac) (< xamarintvos) (< xamarinwatchos)
      System.Collections (>= 4.3) - restriction: && (< monoandroid) (< monotouch) (< net46) (>= netstandard1.3) (< xamarinios) (< xamarinmac) (< xamarintvos) (< xamarinwatchos)
      System.Diagnostics.Debug (>= 4.3) - restriction: && (< monoandroid) (< monotouch) (< net46) (>= netstandard1.3) (< xamarinios) (< xamarinmac) (< xamarintvos) (< xamarinwatchos)
      System.Globalization (>= 4.3) - restriction: && (< monoandroid) (< monotouch) (< net46) (>= netstandard1.3) (< xamarinios) (< xamarinmac) (< xamarintvos) (< xamarinwatchos)
      System.Resources.ResourceManager (>= 4.3) - restriction: && (< monoandroid) (< monotouch) (< net46) (>= netstandard1.3) (< xamarinios) (< xamarinmac) (< xamarintvos) (< xamarinwatchos)
      System.Runtime (>= 4.3) - restriction: && (< monoandroid) (< monotouch) (< net46) (>= netstandard1.3) (< xamarinios) (< xamarinmac) (< xamarintvos) (< xamarinwatchos)
      System.Runtime.Extensions (>= 4.3) - restriction: && (< monoandroid) (< monotouch) (< net46) (>= netstandard1.3) (< xamarinios) (< xamarinmac) (< xamarintvos) (< xamarinwatchos)
      System.Threading (>= 4.3) - restriction: && (< monoandroid) (< monotouch) (< net46) (>= netstandard1.3) (< xamarinios) (< xamarinmac) (< xamarintvos) (< xamarinwatchos)
    System.Diagnostics.Tracing (4.3) - restriction: || (&& (< monoandroid) (< net35) (< netstandard1.2) (>= netstandard1.6) (< win8)) (&& (< monoandroid) (< net35) (< netstandard1.3) (>= netstandard1.6) (< win8) (< wpa81)) (&& (< monoandroid) (< net35) (< netstandard1.5) (>= netstandard1.6) (< win8) (< wpa81)) (&& (< monoandroid) (< net45) (>= netstandard2.0) (< win8) (< wpa81) (< xamarinios) (< xamarinmac)) (&& (< net35) (>= net46) (< netstandard1.4) (>= netstandard2.0)) (&& (< net35) (< netstandard1.2) (>= netstandard1.4) (< win8)) (&& (< net35) (< netstandard1.2) (>= netstandard2.0) (< win8)) (&& (< net35) (< netstandard1.3) (>= netstandard1.4) (< win8) (< wpa81)) (&& (< net35) (< netstandard1.3) (>= netstandard2.0) (< win8) (< wpa81)) (&& (< net35) (>= netstandard1.4) (< netstandard1.5) (< win8) (< wpa81)) (&& (< net35) (< netstandard1.4) (>= netstandard2.0) (< win8) (< wpa81)) (&& (< net35) (>= netstandard1.5) (< netstandard1.6) (< win8) (< wpa81)) (&& (< net35) (< netstandard1.5) (>= netstandard2.0) (< win8) (< wpa81)) (&& (< net35) (>= netstandard1.6) (< netstandard2.0) (< win8) (< wpa81)) (&& (< net35) (< netstandard1.6) (>= netstandard2.0) (< win8) (< wpa81)) (&& (< netstandard1.5) (>= netstandard1.6) (>= uap10.0)) (&& (< netstandard1.5) (>= netstandard2.0) (>= uap10.0)) (&& (< netstandard1.5) (>= uap10.0) (< uap10.1)) (&& (< netstandard1.5) (>= uap10.0) (< win8) (< wpa81))
      Microsoft.NETCore.Platforms (>= 1.1) - restriction: || (&& (< monoandroid) (< monotouch) (< net45) (>= netstandard1.5) (< win8) (< wpa81) (< xamarinios) (< xamarinmac) (< xamarintvos) (< xamarinwatchos)) (&& (< monoandroid) (< net45) (>= netstandard1.1) (< netstandard1.2) (< win8)) (&& (< monoandroid) (< net45) (>= netstandard1.2) (< netstandard1.3) (< win8) (< wpa81)) (&& (< monoandroid) (< net45) (>= netstandard1.3) (< netstandard1.5) (< win8) (< wpa81))
      Microsoft.NETCore.Targets (>= 1.1) - restriction: || (&& (< monoandroid) (< monotouch) (< net45) (>= netstandard1.5) (< win8) (< wpa81) (< xamarinios) (< xamarinmac) (< xamarintvos) (< xamarinwatchos)) (&& (< monoandroid) (< net45) (>= netstandard1.1) (< netstandard1.2) (< win8)) (&& (< monoandroid) (< net45) (>= netstandard1.2) (< netstandard1.3) (< win8) (< wpa81)) (&& (< monoandroid) (< net45) (>= netstandard1.3) (< netstandard1.5) (< win8) (< wpa81))
      System.Runtime (>= 4.3) - restriction: || (&& (< monoandroid) (< monotouch) (< net45) (>= netstandard1.5) (< win8) (< wpa81) (< xamarinios) (< xamarinmac) (< xamarintvos) (< xamarinwatchos)) (&& (< monoandroid) (< net45) (>= netstandard1.1) (< netstandard1.2) (< win8)) (&& (< monoandroid) (< net45) (>= netstandard1.2) (< netstandard1.3) (< win8) (< wpa81)) (&& (< monoandroid) (< net45) (>= netstandard1.3) (< netstandard1.5) (< win8) (< wpa81))
    System.Drawing.Common (4.6)
      Microsoft.NETCore.Platforms (>= 3.0) - restriction: >= netcoreapp2.0
      Microsoft.Win32.SystemEvents (>= 4.6) - restriction: >= netcoreapp2.0
    System.Dynamic.Runtime (4.3) - restriction: || (&& (< monoandroid) (< monotouch) (< net20) (>= netstandard1.3) (< netstandard2.0) (< win8) (< wpa81) (< xamarintvos) (< xamarinwatchos)) (&& (< monoandroid) (< net20) (>= netstandard1.0) (< netstandard1.3) (< win8) (< wp8) (< wpa81)) (&& (< net35) (>= net45) (>= netstandard1.3) (< netstandard1.5)) (&& (< net35) (>= net45) (>= netstandard1.5)) (&& (< net35) (>= netstandard2.0)) (&& (< net40) (>= netstandard1.3) (< netstandard2.0)) (&& (< net40) (>= netstandard2.0)) (&& (>= netstandard2.0) (>= uap10.0))
      System.Collections (>= 4.3) - restriction: && (< monoandroid) (< monotouch) (< net45) (>= netstandard1.3) (< win8) (< wpa81) (< xamarinios) (< xamarinmac) (< xamarintvos) (< xamarinwatchos)
      System.Diagnostics.Debug (>= 4.3) - restriction: && (< monoandroid) (< monotouch) (< net45) (>= netstandard1.3) (< win8) (< wpa81) (< xamarinios) (< xamarinmac) (< xamarintvos) (< xamarinwatchos)
      System.Linq (>= 4.3) - restriction: && (< monoandroid) (< monotouch) (< net45) (>= netstandard1.3) (< win8) (< wpa81) (< xamarinios) (< xamarinmac) (< xamarintvos) (< xamarinwatchos)
      System.Linq.Expressions (>= 4.3) - restriction: || (&& (< monoandroid) (< monotouch) (< net45) (>= netstandard1.3) (< win8) (< wpa81) (< xamarinios) (< xamarinmac) (< xamarintvos) (< xamarinwatchos)) (&& (< monoandroid) (< net45) (>= netstandard1.0) (< netstandard1.3) (< win8) (< wp8) (< wpa81))
      System.ObjectModel (>= 4.3) - restriction: || (&& (< monoandroid) (< monotouch) (< net45) (>= netstandard1.3) (< win8) (< wpa81) (< xamarinios) (< xamarinmac) (< xamarintvos) (< xamarinwatchos)) (&& (< monoandroid) (< net45) (>= netstandard1.0) (< netstandard1.3) (< win8) (< wp8) (< wpa81))
      System.Reflection (>= 4.3) - restriction: || (&& (< monoandroid) (< monotouch) (< net45) (>= netstandard1.3) (< win8) (< wpa81) (< xamarinios) (< xamarinmac) (< xamarintvos) (< xamarinwatchos)) (&& (< monoandroid) (< net45) (>= netstandard1.0) (< netstandard1.3) (< win8) (< wp8) (< wpa81))
      System.Reflection.Emit (>= 4.3) - restriction: && (< monoandroid) (< monotouch) (< net45) (>= netstandard1.3) (< win8) (< wpa81) (< xamarinios) (< xamarinmac) (< xamarintvos) (< xamarinwatchos)
      System.Reflection.Emit.ILGeneration (>= 4.3) - restriction: && (< monoandroid) (< monotouch) (< net45) (>= netstandard1.3) (< win8) (< wpa81) (< xamarinios) (< xamarinmac) (< xamarintvos) (< xamarinwatchos)
      System.Reflection.Primitives (>= 4.3) - restriction: && (< monoandroid) (< monotouch) (< net45) (>= netstandard1.3) (< win8) (< wpa81) (< xamarinios) (< xamarinmac) (< xamarintvos) (< xamarinwatchos)
      System.Reflection.TypeExtensions (>= 4.3) - restriction: && (< monoandroid) (< monotouch) (< net45) (>= netstandard1.3) (< win8) (< wpa81) (< xamarinios) (< xamarinmac) (< xamarintvos) (< xamarinwatchos)
      System.Resources.ResourceManager (>= 4.3) - restriction: && (< monoandroid) (< monotouch) (< net45) (>= netstandard1.3) (< win8) (< wpa81) (< xamarinios) (< xamarinmac) (< xamarintvos) (< xamarinwatchos)
      System.Runtime (>= 4.3) - restriction: || (&& (< monoandroid) (< monotouch) (< net45) (>= netstandard1.3) (< win8) (< wpa81) (< xamarinios) (< xamarinmac) (< xamarintvos) (< xamarinwatchos)) (&& (< monoandroid) (< net45) (>= netstandard1.0) (< netstandard1.3) (< win8) (< wp8) (< wpa81))
      System.Runtime.Extensions (>= 4.3) - restriction: && (< monoandroid) (< monotouch) (< net45) (>= netstandard1.3) (< win8) (< wpa81) (< xamarinios) (< xamarinmac) (< xamarintvos) (< xamarinwatchos)
      System.Threading (>= 4.3) - restriction: && (< monoandroid) (< monotouch) (< net45) (>= netstandard1.3) (< win8) (< wpa81) (< xamarinios) (< xamarinmac) (< xamarintvos) (< xamarinwatchos)
    System.Globalization (4.3) - restriction: || (&& (< monoandroid) (< monotouch) (< net20) (>= netstandard1.3) (< netstandard2.0) (< xamarintvos) (< xamarinwatchos)) (&& (< monoandroid) (< monotouch) (< net20) (>= netstandard1.5) (< netstandard2.0) (< win8) (< wpa81) (< xamarintvos) (< xamarinwatchos)) (&& (< monoandroid) (< monotouch) (< net45) (< netcoreapp1.1) (>= netstandard1.6) (< win81) (< wpa81) (< xamarinios) (< xamarinmac) (< xamarintvos) (< xamarinwatchos)) (&& (< monoandroid) (< monotouch) (< net45) (>= netstandard1.5) (< netstandard2.0) (< win8) (< wpa81) (< xamarintvos) (< xamarinwatchos)) (&& (< monoandroid) (< monotouch) (< net451) (>= netstandard1.2) (< win81) (< wpa81) (< xamarinios) (< xamarinmac) (< xamarintvos) (< xamarinwatchos)) (&& (< monoandroid) (< net20) (>= netstandard1.0) (< netstandard1.3) (< win8) (< wp8) (< wpa81)) (&& (< monoandroid) (< net20) (>= netstandard1.3) (< netstandard1.5) (< win8) (< wpa81)) (&& (< monoandroid) (< net20) (< netstandard1.3) (>= netstandard1.5) (< win8) (< wpa81)) (&& (< monoandroid) (< net35) (< netstandard1.2) (>= netstandard1.6) (< win8)) (&& (< monoandroid) (< net35) (< netstandard1.3) (>= netstandard1.6) (< win8) (< wpa81)) (&& (< monoandroid) (< net35) (< netstandard1.5) (>= netstandard1.6) (< win8) (< wpa81)) (&& (< monoandroid) (< net35) (>= netstandard2.0) (< xamarinios) (< xamarinmac)) (&& (< net35) (>= net45) (>= netstandard1.3) (< netstandard1.5)) (&& (< net35) (>= net45) (>= netstandard1.5)) (&& (< net35) (>= net46) (< netstandard1.4) (>= netstandard2.0)) (&& (< net35) (< netstandard1.2) (>= netstandard1.4) (< win8)) (&& (< net35) (< netstandard1.2) (>= netstandard2.0) (< win8)) (&& (< net35) (< netstandard1.3) (>= netstandard1.4) (< win8) (< wpa81)) (&& (< net35) (< netstandard1.3) (>= netstandard2.0) (< win8) (< wpa81)) (&& (< net35) (>= netstandard1.4) (< netstandard1.5) (< win8) (< wpa81)) (&& (< net35) (>= netstandard1.4) (< portable-net45+win8+wpa81)) (&& (< net35) (< netstandard1.4) (>= netstandard2.0) (< win8) (< wpa81)) (&& (< net35) (>= netstandard1.5) (< netstandard1.6) (< win8) (< wpa81)) (&& (< net35) (< netstandard1.5) (>= netstandard2.0) (< win8) (< wpa81)) (&& (< net35) (>= netstandard1.6) (< netstandard2.0) (< win8) (< wpa81)) (&& (< net35) (>= netstandard1.6) (< portable-net45+win8+wpa81)) (&& (< net35) (< netstandard1.6) (>= netstandard2.0) (< win8) (< wpa81)) (&& (< net35) (>= netstandard2.0) (< portable-net45+win8+wpa81)) (>= netcoreapp1.0) (&& (< netstandard1.5) (>= netstandard1.6) (>= uap10.0)) (&& (< netstandard1.5) (>= netstandard2.0) (>= uap10.0)) (&& (< netstandard1.5) (>= uap10.0) (< uap10.1)) (&& (< netstandard1.5) (>= uap10.0) (< win8) (< wpa81))
      Microsoft.NETCore.Platforms (>= 1.1) - restriction: || (&& (< monoandroid) (< monotouch) (< net45) (>= netstandard1.3) (< win8) (< wpa81) (< xamarinios) (< xamarinmac) (< xamarintvos) (< xamarinwatchos)) (&& (< monoandroid) (< net45) (>= netstandard1.0) (< netstandard1.3) (< win8) (< wp8) (< wpa81))
      Microsoft.NETCore.Targets (>= 1.1) - restriction: || (&& (< monoandroid) (< monotouch) (< net45) (>= netstandard1.3) (< win8) (< wpa81) (< xamarinios) (< xamarinmac) (< xamarintvos) (< xamarinwatchos)) (&& (< monoandroid) (< net45) (>= netstandard1.0) (< netstandard1.3) (< win8) (< wp8) (< wpa81))
      System.Runtime (>= 4.3) - restriction: || (&& (< monoandroid) (< monotouch) (< net45) (>= netstandard1.3) (< win8) (< wpa81) (< xamarinios) (< xamarinmac) (< xamarintvos) (< xamarinwatchos)) (&& (< monoandroid) (< net45) (>= netstandard1.0) (< netstandard1.3) (< win8) (< wp8) (< wpa81))
    System.Globalization.Calendars (4.3) - restriction: || (&& (< monoandroid) (< net35) (< netstandard1.5) (>= netstandard1.6) (< win8) (< wpa81)) (&& (< net35) (>= net46) (< netstandard1.4) (>= netstandard2.0)) (&& (< net35) (>= netstandard1.4) (< netstandard1.5) (< win8) (< wpa81)) (&& (< net35) (< netstandard1.4) (>= netstandard2.0) (< win8) (< wpa81)) (&& (< net35) (>= netstandard1.5) (< netstandard1.6) (< win8) (< wpa81)) (&& (< net35) (< netstandard1.5) (>= netstandard2.0) (< win8) (< wpa81)) (&& (< net35) (>= netstandard1.6) (< netstandard2.0) (< win8) (< wpa81)) (&& (< net35) (< netstandard1.6) (>= netstandard2.0) (< win8) (< wpa81)) (&& (< netstandard1.5) (>= netstandard1.6) (>= uap10.0)) (&& (< netstandard1.5) (>= netstandard2.0) (>= uap10.0)) (&& (< netstandard1.5) (>= uap10.0) (< uap10.1))
      Microsoft.NETCore.Platforms (>= 1.1) - restriction: && (< monoandroid) (< monotouch) (< net46) (>= netstandard1.3) (< xamarinios) (< xamarinmac) (< xamarintvos) (< xamarinwatchos)
      Microsoft.NETCore.Targets (>= 1.1) - restriction: && (< monoandroid) (< monotouch) (< net46) (>= netstandard1.3) (< xamarinios) (< xamarinmac) (< xamarintvos) (< xamarinwatchos)
      System.Globalization (>= 4.3) - restriction: && (< monoandroid) (< monotouch) (< net46) (>= netstandard1.3) (< xamarinios) (< xamarinmac) (< xamarintvos) (< xamarinwatchos)
      System.Runtime (>= 4.3) - restriction: && (< monoandroid) (< monotouch) (< net46) (>= netstandard1.3) (< xamarinios) (< xamarinmac) (< xamarintvos) (< xamarinwatchos)
    System.Globalization.Extensions (4.3) - restriction: || (&& (< monoandroid) (< monotouch) (< net35) (>= netstandard1.6) (< netstandard2.0) (< win8) (< wpa81) (< xamarintvos) (< xamarinwatchos)) (&& (< monoandroid) (< net35) (< netstandard1.2) (>= netstandard1.6) (< win8)) (&& (< monoandroid) (< net35) (< netstandard1.2) (>= netstandard2.0) (< win8)) (&& (< monoandroid) (< net35) (< netstandard1.3) (>= netstandard1.6) (< win8) (< wpa81)) (&& (< monoandroid) (< net35) (< netstandard1.3) (>= netstandard2.0) (< win8) (< wpa81)) (&& (< monoandroid) (< net35) (< netstandard1.4) (>= netstandard2.0) (< win8) (< wpa81)) (&& (< monoandroid) (< net35) (< netstandard1.5) (>= netstandard1.6) (< win8) (< wpa81)) (&& (< monoandroid) (< net35) (< netstandard1.5) (>= netstandard2.0) (< win8) (< wpa81)) (&& (< monoandroid) (< net35) (< netstandard1.6) (>= netstandard2.0) (< win8) (< wpa81)) (&& (< monoandroid) (< net35) (>= netstandard2.0) (< xamarinios) (< xamarinmac)) (&& (< net35) (>= net45) (>= netstandard1.3) (< netstandard1.5)) (&& (< net35) (>= net45) (>= netstandard1.5)) (&& (< net35) (>= net46) (< netstandard1.4) (>= netstandard2.0)) (&& (< netstandard1.5) (>= netstandard1.6) (>= uap10.0)) (&& (< netstandard1.5) (>= netstandard2.0) (>= uap10.0))
      Microsoft.NETCore.Platforms (>= 1.1) - restriction: && (< monoandroid) (< monotouch) (< net46) (>= netstandard1.3) (< xamarinios) (< xamarinmac) (< xamarintvos) (< xamarinwatchos)
      System.Globalization (>= 4.3) - restriction: && (< monoandroid) (< monotouch) (< net46) (>= netstandard1.3) (< xamarinios) (< xamarinmac) (< xamarintvos) (< xamarinwatchos)
      System.Resources.ResourceManager (>= 4.3) - restriction: && (< monoandroid) (< monotouch) (< net46) (>= netstandard1.3) (< xamarinios) (< xamarinmac) (< xamarintvos) (< xamarinwatchos)
      System.Runtime (>= 4.3) - restriction: && (< monoandroid) (< monotouch) (< net46) (>= netstandard1.3) (< xamarinios) (< xamarinmac) (< xamarintvos) (< xamarinwatchos)
      System.Runtime.Extensions (>= 4.3) - restriction: && (< monoandroid) (< monotouch) (< net46) (>= netstandard1.3) (< xamarinios) (< xamarinmac) (< xamarintvos) (< xamarinwatchos)
      System.Runtime.InteropServices (>= 4.3) - restriction: && (< monoandroid) (< monotouch) (< net46) (>= netstandard1.3) (< xamarinios) (< xamarinmac) (< xamarintvos) (< xamarinwatchos)
    System.Interactive (4.0)
      NETStandard.Library (>= 1.6.1) - restriction: && (< net45) (>= netstandard1.0) (< netstandard2.0)
    System.Interactive.Async (4.0)
      System.Linq.Async (>= 4.0) - restriction: || (>= net461) (>= netstandard2.0)
    System.IO (4.3) - restriction: || (&& (< monoandroid) (< monotouch) (< net20) (>= netstandard1.3) (< netstandard2.0) (< xamarintvos) (< xamarinwatchos)) (&& (< monoandroid) (< monotouch) (< net45) (>= netstandard1.5) (< netstandard2.0) (< xamarintvos) (< xamarinwatchos)) (&& (< monoandroid) (< monotouch) (< net45) (>= netstandard1.6) (< netstandard2.0) (< win8) (< wpa81) (< xamarintvos) (< xamarinwatchos)) (&& (< monoandroid) (< monotouch) (< net451) (>= netstandard1.2) (< win81) (< wpa81) (< xamarinios) (< xamarinmac) (< xamarintvos) (< xamarinwatchos)) (&& (< monoandroid) (< net35) (< netstandard1.2) (>= netstandard1.6) (< win8)) (&& (< monoandroid) (< net35) (< netstandard1.3) (>= netstandard1.5) (< win8) (< wpa81)) (&& (< monoandroid) (< net35) (< netstandard1.3) (>= netstandard1.6) (< win8) (< wpa81)) (&& (< monoandroid) (< net35) (< netstandard1.5) (>= netstandard1.6) (< win8) (< wpa81)) (&& (< net35) (>= net46) (< netstandard1.3) (>= netstandard2.0)) (&& (< net35) (>= net46) (< netstandard1.4) (>= netstandard2.0)) (&& (< net35) (< netstandard1.2) (>= netstandard1.4) (< win8)) (&& (< net35) (< netstandard1.2) (>= netstandard2.0) (< win8)) (&& (< net35) (< netstandard1.3) (>= netstandard1.4) (< win8) (< wpa81)) (&& (< net35) (< netstandard1.3) (>= netstandard2.0) (< win8) (< wpa81)) (&& (< net35) (>= netstandard1.4) (< netstandard1.5) (< win8) (< wpa81)) (&& (< net35) (>= netstandard1.4) (< portable-net45+win8+wpa81)) (&& (< net35) (< netstandard1.4) (>= netstandard2.0) (< win8) (< wpa81)) (&& (< net35) (>= netstandard1.5) (< netstandard1.6) (< win8) (< wpa81)) (&& (< net35) (< netstandard1.5) (>= netstandard2.0) (< win8) (< wpa81)) (&& (< net35) (>= netstandard1.6) (< netstandard2.0) (< win8) (< wpa81)) (&& (< net35) (< netstandard1.6) (>= netstandard2.0) (< win8) (< wpa81)) (&& (< net35) (>= netstandard2.0) (< portable-net45+win8+wpa81)) (>= netcoreapp1.0) (&& (< netstandard1.3) (>= uap10.0) (< win8) (< wpa81)) (&& (< netstandard1.5) (>= netstandard1.6) (>= uap10.0)) (&& (< netstandard1.5) (>= netstandard2.0) (>= uap10.0)) (&& (< netstandard1.5) (>= uap10.0) (< uap10.1)) (&& (< netstandard1.5) (>= uap10.0) (< win8) (< wpa81))
      Microsoft.NETCore.Platforms (>= 1.1) - restriction: || (&& (< monoandroid) (< monotouch) (< net45) (>= netstandard1.5) (< win8) (< wpa81) (< xamarinios) (< xamarinmac) (< xamarintvos) (< xamarinwatchos)) (&& (< monoandroid) (< net45) (>= netstandard1.0) (< netstandard1.3) (< win8) (< wp8) (< wpa81)) (&& (< monoandroid) (< net45) (>= netstandard1.3) (< netstandard1.5) (< win8) (< wpa81))
      Microsoft.NETCore.Targets (>= 1.1) - restriction: || (&& (< monoandroid) (< monotouch) (< net45) (>= netstandard1.5) (< win8) (< wpa81) (< xamarinios) (< xamarinmac) (< xamarintvos) (< xamarinwatchos)) (&& (< monoandroid) (< net45) (>= netstandard1.0) (< netstandard1.3) (< win8) (< wp8) (< wpa81)) (&& (< monoandroid) (< net45) (>= netstandard1.3) (< netstandard1.5) (< win8) (< wpa81))
      System.Runtime (>= 4.3) - restriction: || (&& (< monoandroid) (< monotouch) (< net45) (>= netstandard1.5) (< win8) (< wpa81) (< xamarinios) (< xamarinmac) (< xamarintvos) (< xamarinwatchos)) (&& (< monoandroid) (< net45) (>= netstandard1.0) (< netstandard1.3) (< win8) (< wp8) (< wpa81)) (&& (< monoandroid) (< net45) (>= netstandard1.3) (< netstandard1.5) (< win8) (< wpa81))
      System.Text.Encoding (>= 4.3) - restriction: || (&& (< monoandroid) (< monotouch) (< net45) (>= netstandard1.5) (< win8) (< wpa81) (< xamarinios) (< xamarinmac) (< xamarintvos) (< xamarinwatchos)) (&& (< monoandroid) (< net45) (>= netstandard1.0) (< netstandard1.3) (< win8) (< wp8) (< wpa81)) (&& (< monoandroid) (< net45) (>= netstandard1.3) (< netstandard1.5) (< win8) (< wpa81))
      System.Threading.Tasks (>= 4.3) - restriction: || (&& (< monoandroid) (< monotouch) (< net45) (>= netstandard1.5) (< win8) (< wpa81) (< xamarinios) (< xamarinmac) (< xamarintvos) (< xamarinwatchos)) (&& (< monoandroid) (< net45) (>= netstandard1.0) (< netstandard1.3) (< win8) (< wp8) (< wpa81)) (&& (< monoandroid) (< net45) (>= netstandard1.3) (< netstandard1.5) (< win8) (< wpa81))
    System.IO.Compression (4.3) - restriction: || (&& (< net35) (>= net46) (< netstandard1.4) (>= netstandard2.0)) (&& (< net35) (< netstandard1.2) (>= netstandard1.4) (< win8)) (&& (< net35) (< netstandard1.2) (>= netstandard2.0) (< win8)) (&& (< net35) (< netstandard1.3) (>= netstandard1.4) (< win8) (< wpa81)) (&& (< net35) (< netstandard1.3) (>= netstandard2.0) (< win8) (< wpa81)) (&& (< net35) (>= netstandard1.4) (< netstandard1.5) (< win8) (< wpa81)) (&& (< net35) (< netstandard1.4) (>= netstandard2.0) (< win8) (< wpa81)) (&& (< net35) (>= netstandard1.5) (< netstandard1.6) (< win8) (< wpa81)) (&& (< net35) (< netstandard1.5) (>= netstandard2.0) (< win8) (< wpa81)) (&& (< net35) (>= netstandard1.6) (< netstandard2.0) (< win8) (< wpa81)) (&& (< net35) (< netstandard1.6) (>= netstandard2.0) (< win8) (< wpa81)) (&& (< netstandard1.5) (>= netstandard2.0) (>= uap10.0)) (&& (< netstandard1.5) (>= uap10.0) (< uap10.1)) (&& (< netstandard1.5) (>= uap10.0) (< win8) (< wpa81))
      Microsoft.NETCore.Platforms (>= 1.1) - restriction: && (< monoandroid) (< monotouch) (< net45) (>= netstandard1.3) (< win8) (< wpa81) (< xamarinios) (< xamarinmac) (< xamarintvos) (< xamarinwatchos)
      runtime.native.System (>= 4.3) - restriction: && (< monoandroid) (< monotouch) (< net45) (>= netstandard1.3) (< win8) (< wpa81) (< xamarinios) (< xamarinmac) (< xamarintvos) (< xamarinwatchos)
      runtime.native.System.IO.Compression (>= 4.3) - restriction: && (< monoandroid) (< monotouch) (< net45) (>= netstandard1.3) (< win8) (< wpa81) (< xamarinios) (< xamarinmac) (< xamarintvos) (< xamarinwatchos)
      System.Buffers (>= 4.3) - restriction: && (< monoandroid) (< monotouch) (< net45) (>= netstandard1.3) (< win8) (< wpa81) (< xamarinios) (< xamarinmac) (< xamarintvos) (< xamarinwatchos)
      System.Collections (>= 4.3) - restriction: && (< monoandroid) (< monotouch) (< net45) (>= netstandard1.3) (< win8) (< wpa81) (< xamarinios) (< xamarinmac) (< xamarintvos) (< xamarinwatchos)
      System.Diagnostics.Debug (>= 4.3) - restriction: && (< monoandroid) (< monotouch) (< net45) (>= netstandard1.3) (< win8) (< wpa81) (< xamarinios) (< xamarinmac) (< xamarintvos) (< xamarinwatchos)
      System.IO (>= 4.3) - restriction: || (&& (< monoandroid) (< monotouch) (< net45) (>= netstandard1.3) (< win8) (< wpa81) (< xamarinios) (< xamarinmac) (< xamarintvos) (< xamarinwatchos)) (&& (< monoandroid) (< net45) (>= netstandard1.1) (< netstandard1.3) (< win8) (< wpa81))
      System.Resources.ResourceManager (>= 4.3) - restriction: && (< monoandroid) (< monotouch) (< net45) (>= netstandard1.3) (< win8) (< wpa81) (< xamarinios) (< xamarinmac) (< xamarintvos) (< xamarinwatchos)
      System.Runtime (>= 4.3) - restriction: || (&& (< monoandroid) (< monotouch) (< net45) (>= netstandard1.3) (< win8) (< wpa81) (< xamarinios) (< xamarinmac) (< xamarintvos) (< xamarinwatchos)) (&& (< monoandroid) (< net45) (>= netstandard1.1) (< netstandard1.3) (< win8) (< wpa81))
      System.Runtime.Extensions (>= 4.3) - restriction: && (< monoandroid) (< monotouch) (< net45) (>= netstandard1.3) (< win8) (< wpa81) (< xamarinios) (< xamarinmac) (< xamarintvos) (< xamarinwatchos)
      System.Runtime.Handles (>= 4.3) - restriction: && (< monoandroid) (< monotouch) (< net45) (>= netstandard1.3) (< win8) (< wpa81) (< xamarinios) (< xamarinmac) (< xamarintvos) (< xamarinwatchos)
      System.Runtime.InteropServices (>= 4.3) - restriction: && (< monoandroid) (< monotouch) (< net45) (>= netstandard1.3) (< win8) (< wpa81) (< xamarinios) (< xamarinmac) (< xamarintvos) (< xamarinwatchos)
      System.Text.Encoding (>= 4.3) - restriction: || (&& (< monoandroid) (< monotouch) (< net45) (>= netstandard1.3) (< win8) (< wpa81) (< xamarinios) (< xamarinmac) (< xamarintvos) (< xamarinwatchos)) (&& (< monoandroid) (< net45) (>= netstandard1.1) (< netstandard1.3) (< win8) (< wpa81))
      System.Threading (>= 4.3) - restriction: && (< monoandroid) (< monotouch) (< net45) (>= netstandard1.3) (< win8) (< wpa81) (< xamarinios) (< xamarinmac) (< xamarintvos) (< xamarinwatchos)
      System.Threading.Tasks (>= 4.3) - restriction: && (< monoandroid) (< monotouch) (< net45) (>= netstandard1.3) (< win8) (< wpa81) (< xamarinios) (< xamarinmac) (< xamarintvos) (< xamarinwatchos)
    System.IO.Compression.ZipFile (4.3) - restriction: || (&& (< net35) (>= net46) (< netstandard1.4) (>= netstandard2.0)) (&& (< net35) (>= netstandard1.4) (< netstandard1.5) (< win8) (< wpa81)) (&& (< net35) (< netstandard1.4) (>= netstandard2.0) (< win8) (< wpa81)) (&& (< net35) (>= netstandard1.5) (< netstandard1.6) (< win8) (< wpa81)) (&& (< net35) (< netstandard1.5) (>= netstandard2.0) (< win8) (< wpa81)) (&& (< net35) (>= netstandard1.6) (< netstandard2.0) (< win8) (< wpa81)) (&& (< net35) (< netstandard1.6) (>= netstandard2.0) (< win8) (< wpa81)) (&& (< netstandard1.5) (>= netstandard2.0) (>= uap10.0)) (&& (< netstandard1.5) (>= uap10.0) (< uap10.1))
      System.Buffers (>= 4.3) - restriction: && (< monoandroid) (< monotouch) (< net46) (>= netstandard1.3) (< xamarinios) (< xamarinmac) (< xamarintvos) (< xamarinwatchos)
      System.IO (>= 4.3) - restriction: && (< monoandroid) (< monotouch) (< net46) (>= netstandard1.3) (< xamarinios) (< xamarinmac) (< xamarintvos) (< xamarinwatchos)
      System.IO.Compression (>= 4.3) - restriction: && (< monoandroid) (< monotouch) (< net46) (>= netstandard1.3) (< xamarinios) (< xamarinmac) (< xamarintvos) (< xamarinwatchos)
      System.IO.FileSystem (>= 4.3) - restriction: && (< monoandroid) (< monotouch) (< net46) (>= netstandard1.3) (< xamarinios) (< xamarinmac) (< xamarintvos) (< xamarinwatchos)
      System.IO.FileSystem.Primitives (>= 4.3) - restriction: && (< monoandroid) (< monotouch) (< net46) (>= netstandard1.3) (< xamarinios) (< xamarinmac) (< xamarintvos) (< xamarinwatchos)
      System.Resources.ResourceManager (>= 4.3) - restriction: && (< monoandroid) (< monotouch) (< net46) (>= netstandard1.3) (< xamarinios) (< xamarinmac) (< xamarintvos) (< xamarinwatchos)
      System.Runtime (>= 4.3) - restriction: && (< monoandroid) (< monotouch) (< net46) (>= netstandard1.3) (< xamarinios) (< xamarinmac) (< xamarintvos) (< xamarinwatchos)
      System.Runtime.Extensions (>= 4.3) - restriction: && (< monoandroid) (< monotouch) (< net46) (>= netstandard1.3) (< xamarinios) (< xamarinmac) (< xamarintvos) (< xamarinwatchos)
      System.Text.Encoding (>= 4.3) - restriction: && (< monoandroid) (< monotouch) (< net46) (>= netstandard1.3) (< xamarinios) (< xamarinmac) (< xamarintvos) (< xamarinwatchos)
    System.IO.FileSystem (4.3) - restriction: || (&& (< monoandroid) (< net35) (< netstandard1.2) (>= netstandard1.4) (< win8)) (&& (< monoandroid) (< net35) (< netstandard1.2) (>= netstandard1.6) (< win8)) (&& (< monoandroid) (< net35) (< netstandard1.2) (>= netstandard2.0) (< win8)) (&& (< monoandroid) (< net35) (< netstandard1.3) (>= netstandard1.4) (< win8) (< wpa81)) (&& (< monoandroid) (< net35) (< netstandard1.3) (>= netstandard1.6) (< win8) (< wpa81)) (&& (< monoandroid) (< net35) (< netstandard1.3) (>= netstandard2.0) (< win8) (< wpa81)) (&& (< monoandroid) (< net35) (< netstandard1.5) (>= netstandard1.6) (< win8) (< wpa81)) (&& (< net35) (>= net46) (< netstandard1.4) (>= netstandard2.0)) (&& (< net35) (>= netstandard1.4) (< netstandard1.5) (< win8) (< wpa81)) (&& (< net35) (>= netstandard1.4) (< portable-net45+win8+wpa81)) (&& (< net35) (< netstandard1.4) (>= netstandard2.0) (< win8) (< wpa81)) (&& (< net35) (>= netstandard1.5) (< netstandard1.6) (< win8) (< wpa81)) (&& (< net35) (< netstandard1.5) (>= netstandard2.0) (< win8) (< wpa81)) (&& (< net35) (>= netstandard1.6) (< netstandard2.0) (< win8) (< wpa81)) (&& (< net35) (< netstandard1.6) (>= netstandard2.0) (< win8) (< wpa81)) (&& (< net35) (>= netstandard2.0) (< portable-net45+win8+wpa81)) (>= netcoreapp1.0) (&& (< netstandard1.5) (>= netstandard1.6) (>= uap10.0)) (&& (< netstandard1.5) (>= netstandard2.0) (>= uap10.0)) (&& (< netstandard1.5) (>= uap10.0) (< uap10.1)) (&& (< netstandard1.5) (>= uap10.0) (< win8) (< wpa81))
      Microsoft.NETCore.Platforms (>= 1.1) - restriction: && (< monoandroid) (< monotouch) (< net46) (>= netstandard1.3) (< xamarinios) (< xamarinmac) (< xamarintvos) (< xamarinwatchos)
      Microsoft.NETCore.Targets (>= 1.1) - restriction: && (< monoandroid) (< monotouch) (< net46) (>= netstandard1.3) (< xamarinios) (< xamarinmac) (< xamarintvos) (< xamarinwatchos)
      System.IO (>= 4.3) - restriction: && (< monoandroid) (< monotouch) (< net46) (>= netstandard1.3) (< xamarinios) (< xamarinmac) (< xamarintvos) (< xamarinwatchos)
      System.IO.FileSystem.Primitives (>= 4.3) - restriction: || (&& (< monoandroid) (< monotouch) (>= netstandard1.3) (< xamarinios) (< xamarinmac) (< xamarintvos) (< xamarinwatchos)) (>= net46)
      System.Runtime (>= 4.3) - restriction: && (< monoandroid) (< monotouch) (< net46) (>= netstandard1.3) (< xamarinios) (< xamarinmac) (< xamarintvos) (< xamarinwatchos)
      System.Runtime.Handles (>= 4.3) - restriction: && (< monoandroid) (< monotouch) (< net46) (>= netstandard1.3) (< xamarinios) (< xamarinmac) (< xamarintvos) (< xamarinwatchos)
      System.Text.Encoding (>= 4.3) - restriction: && (< monoandroid) (< monotouch) (< net46) (>= netstandard1.3) (< xamarinios) (< xamarinmac) (< xamarintvos) (< xamarinwatchos)
      System.Threading.Tasks (>= 4.3) - restriction: && (< monoandroid) (< monotouch) (< net46) (>= netstandard1.3) (< xamarinios) (< xamarinmac) (< xamarintvos) (< xamarinwatchos)
    System.IO.FileSystem.Primitives (4.3) - restriction: || (&& (< monoandroid) (< net35) (< netstandard1.2) (>= netstandard1.4) (< win8)) (&& (< monoandroid) (< net35) (< netstandard1.2) (>= netstandard2.0) (< win8)) (&& (< monoandroid) (< net35) (< netstandard1.3) (>= netstandard1.4) (< win8) (< wpa81)) (&& (< monoandroid) (< net35) (< netstandard1.3) (>= netstandard2.0) (< win8) (< wpa81)) (&& (< monoandroid) (< net35) (< netstandard1.5) (>= netstandard1.6) (< win8) (< wpa81)) (&& (< net35) (>= net46) (< netstandard1.4) (>= netstandard2.0)) (&& (< net35) (>= netstandard1.4) (< netstandard1.5) (< win8) (< wpa81)) (&& (< net35) (>= netstandard1.4) (< portable-net45+win8+wpa81)) (&& (< net35) (< netstandard1.4) (>= netstandard2.0) (< win8) (< wpa81)) (&& (< net35) (>= netstandard1.5) (< netstandard1.6) (< win8) (< wpa81)) (&& (< net35) (< netstandard1.5) (>= netstandard2.0) (< win8) (< wpa81)) (&& (< net35) (>= netstandard1.6) (< netstandard2.0) (< win8) (< wpa81)) (&& (< net35) (< netstandard1.6) (>= netstandard2.0) (< win8) (< wpa81)) (&& (< net35) (>= netstandard2.0) (< portable-net45+win8+wpa81)) (>= netcoreapp1.0) (&& (< netstandard1.5) (>= netstandard1.6) (>= uap10.0)) (&& (< netstandard1.5) (>= netstandard2.0) (>= uap10.0)) (&& (< netstandard1.5) (>= uap10.0) (< uap10.1)) (&& (< netstandard1.5) (>= uap10.0) (< win8) (< wpa81))
      System.Runtime (>= 4.3) - restriction: && (< monoandroid) (< monotouch) (< net46) (>= netstandard1.3) (< xamarinios) (< xamarinmac) (< xamarintvos) (< xamarinwatchos)
    System.Linq (4.3) - restriction: || (&& (< monoandroid) (< monotouch) (< net20) (>= netstandard1.5) (< netstandard2.0) (< win8) (< wpa81) (< xamarintvos) (< xamarinwatchos)) (&& (< monoandroid) (< monotouch) (< net40) (>= netstandard1.3) (< netstandard2.0) (< win8) (< wpa81) (< xamarintvos) (< xamarinwatchos)) (&& (< monoandroid) (< net20) (< netstandard1.3) (>= netstandard1.5) (< win8) (< wpa81)) (&& (< monoandroid) (< net35) (< netstandard1.2) (>= netstandard1.6) (< win8)) (&& (< monoandroid) (< net35) (< netstandard1.3) (>= netstandard1.6) (< win8) (< wpa81)) (&& (< monoandroid) (< net35) (< netstandard1.5) (>= netstandard1.6) (< win8) (< wpa81)) (&& (< monoandroid) (< net40) (>= netstandard2.0) (< win8) (< wpa81) (< xamarinios) (< xamarinmac)) (&& (< net35) (>= net46) (< netstandard1.4) (>= netstandard2.0)) (&& (< net35) (< netstandard1.2) (>= netstandard1.4) (< win8)) (&& (< net35) (< netstandard1.2) (>= netstandard2.0) (< win8)) (&& (< net35) (< netstandard1.3) (>= netstandard1.4) (< win8) (< wpa81)) (&& (< net35) (< netstandard1.3) (>= netstandard2.0) (< win8) (< wpa81)) (&& (< net35) (>= netstandard1.4) (< netstandard1.5) (< win8) (< wpa81)) (&& (< net35) (>= netstandard1.4) (< portable-net45+win8+wpa81)) (&& (< net35) (< netstandard1.4) (>= netstandard2.0) (< win8) (< wpa81)) (&& (< net35) (>= netstandard1.5) (< netstandard1.6) (< win8) (< wpa81)) (&& (< net35) (< netstandard1.5) (>= netstandard2.0) (< win8) (< wpa81)) (&& (< net35) (>= netstandard1.6) (< netstandard2.0) (< win8) (< wpa81)) (&& (< net35) (>= netstandard1.6) (< portable-net45+win8+wpa81)) (&& (< net35) (< netstandard1.6) (>= netstandard2.0) (< win8) (< wpa81)) (&& (< net35) (>= netstandard2.0) (< portable-net45+win8+wpa81)) (&& (< netstandard1.5) (>= netstandard1.6) (>= uap10.0)) (&& (< netstandard1.5) (>= netstandard2.0) (>= uap10.0)) (&& (< netstandard1.5) (>= uap10.0) (< uap10.1))
      System.Collections (>= 4.3) - restriction: || (&& (< monoandroid) (< monotouch) (< net45) (>= netstandard1.6) (< xamarinios) (< xamarinmac) (< xamarintvos) (< xamarinwatchos)) (&& (< monoandroid) (< net45) (>= netstandard1.0) (< netstandard1.6) (< win8) (< wp8) (< wpa81))
      System.Diagnostics.Debug (>= 4.3) - restriction: && (< monoandroid) (< monotouch) (< net45) (>= netstandard1.6) (< xamarinios) (< xamarinmac) (< xamarintvos) (< xamarinwatchos)
      System.Resources.ResourceManager (>= 4.3) - restriction: && (< monoandroid) (< monotouch) (< net45) (>= netstandard1.6) (< xamarinios) (< xamarinmac) (< xamarintvos) (< xamarinwatchos)
      System.Runtime (>= 4.3) - restriction: || (&& (< monoandroid) (< monotouch) (< net45) (>= netstandard1.6) (< xamarinios) (< xamarinmac) (< xamarintvos) (< xamarinwatchos)) (&& (< monoandroid) (< net45) (>= netstandard1.0) (< netstandard1.6) (< win8) (< wp8) (< wpa81))
      System.Runtime.Extensions (>= 4.3) - restriction: && (< monoandroid) (< monotouch) (< net45) (>= netstandard1.6) (< xamarinios) (< xamarinmac) (< xamarintvos) (< xamarinwatchos)
    System.Linq.Async (4.0) - restriction: || (>= net461) (>= netstandard2.0)
      Microsoft.Bcl.AsyncInterfaces (>= 1.0) - restriction: || (>= net461) (&& (>= netstandard2.0) (< netstandard2.1))
    System.Linq.Expressions (4.3) - restriction: || (&& (< monoandroid) (< monotouch) (< net40) (>= netstandard1.3) (< netstandard2.0) (< win8) (< wpa81) (< xamarintvos) (< xamarinwatchos)) (&& (< monoandroid) (< net40) (< netstandard1.3) (>= netstandard2.0) (< win8) (< wpa81)) (&& (< monoandroid) (< net40) (>= netstandard2.0) (< win8) (< wpa81) (< xamarinios) (< xamarinmac)) (&& (< net35) (< netstandard1.2) (>= netstandard1.4) (< win8)) (&& (< net35) (< netstandard1.2) (>= netstandard2.0) (< win8)) (&& (< net35) (< netstandard1.3) (>= netstandard1.4) (< win8) (< wpa81)) (&& (< net35) (< netstandard1.3) (>= netstandard2.0) (< win8) (< wpa81)) (&& (< net35) (>= netstandard1.4) (< netstandard1.5) (< win8) (< wpa81)) (&& (< net35) (>= netstandard1.4) (< portable-net45+win8+wpa81)) (&& (< net35) (< netstandard1.4) (>= netstandard2.0) (< win8) (< wpa81)) (&& (< net35) (>= netstandard1.5) (< netstandard1.6) (< win8) (< wpa81)) (&& (< net35) (< netstandard1.5) (>= netstandard2.0) (< win8) (< wpa81)) (&& (< net35) (>= netstandard1.6) (< netstandard2.0) (< win8) (< wpa81)) (&& (< net35) (< netstandard1.6) (>= netstandard2.0) (< win8) (< wpa81)) (&& (< net35) (>= netstandard2.0) (< portable-net45+win8+wpa81)) (&& (< netstandard1.5) (>= netstandard2.0) (>= uap10.0)) (&& (< netstandard1.5) (>= uap10.0) (< uap10.1))
      System.Collections (>= 4.3) - restriction: && (< monoandroid) (< monotouch) (< net45) (>= netstandard1.6) (< xamarinios) (< xamarinmac) (< xamarintvos) (< xamarinwatchos)
      System.Diagnostics.Debug (>= 4.3) - restriction: && (< monoandroid) (< monotouch) (< net45) (>= netstandard1.6) (< xamarinios) (< xamarinmac) (< xamarintvos) (< xamarinwatchos)
      System.Globalization (>= 4.3) - restriction: && (< monoandroid) (< monotouch) (< net45) (>= netstandard1.6) (< xamarinios) (< xamarinmac) (< xamarintvos) (< xamarinwatchos)
      System.IO (>= 4.3) - restriction: && (< monoandroid) (< monotouch) (< net45) (>= netstandard1.6) (< xamarinios) (< xamarinmac) (< xamarintvos) (< xamarinwatchos)
      System.Linq (>= 4.3) - restriction: && (< monoandroid) (< monotouch) (< net45) (>= netstandard1.6) (< xamarinios) (< xamarinmac) (< xamarintvos) (< xamarinwatchos)
      System.ObjectModel (>= 4.3) - restriction: && (< monoandroid) (< monotouch) (< net45) (>= netstandard1.6) (< xamarinios) (< xamarinmac) (< xamarintvos) (< xamarinwatchos)
      System.Reflection (>= 4.3) - restriction: || (&& (< monoandroid) (< monotouch) (< net45) (>= netstandard1.6) (< xamarinios) (< xamarinmac) (< xamarintvos) (< xamarinwatchos)) (&& (< monoandroid) (< net45) (>= netstandard1.0) (< netstandard1.3) (< win8) (< wp8) (< wpa81)) (&& (< monoandroid) (< net45) (>= netstandard1.3) (< netstandard1.6) (< win8) (< wpa81))
      System.Reflection.Emit (>= 4.3) - restriction: && (< monoandroid) (< monotouch) (< net45) (>= netstandard1.6) (< xamarinios) (< xamarinmac) (< xamarintvos) (< xamarinwatchos)
      System.Reflection.Emit.ILGeneration (>= 4.3) - restriction: && (< monoandroid) (< monotouch) (< net45) (>= netstandard1.6) (< xamarinios) (< xamarinmac) (< xamarintvos) (< xamarinwatchos)
      System.Reflection.Emit.Lightweight (>= 4.3) - restriction: && (< monoandroid) (< monotouch) (< net45) (>= netstandard1.6) (< xamarinios) (< xamarinmac) (< xamarintvos) (< xamarinwatchos)
      System.Reflection.Extensions (>= 4.3) - restriction: && (< monoandroid) (< monotouch) (< net45) (>= netstandard1.6) (< xamarinios) (< xamarinmac) (< xamarintvos) (< xamarinwatchos)
      System.Reflection.Primitives (>= 4.3) - restriction: && (< monoandroid) (< monotouch) (< net45) (>= netstandard1.6) (< xamarinios) (< xamarinmac) (< xamarintvos) (< xamarinwatchos)
      System.Reflection.TypeExtensions (>= 4.3) - restriction: && (< monoandroid) (< monotouch) (< net45) (>= netstandard1.6) (< xamarinios) (< xamarinmac) (< xamarintvos) (< xamarinwatchos)
      System.Resources.ResourceManager (>= 4.3) - restriction: && (< monoandroid) (< monotouch) (< net45) (>= netstandard1.6) (< xamarinios) (< xamarinmac) (< xamarintvos) (< xamarinwatchos)
      System.Runtime (>= 4.3) - restriction: || (&& (< monoandroid) (< monotouch) (< net45) (>= netstandard1.6) (< xamarinios) (< xamarinmac) (< xamarintvos) (< xamarinwatchos)) (&& (< monoandroid) (< net45) (>= netstandard1.0) (< netstandard1.3) (< win8) (< wp8) (< wpa81)) (&& (< monoandroid) (< net45) (>= netstandard1.3) (< netstandard1.6) (< win8) (< wpa81))
      System.Runtime.Extensions (>= 4.3) - restriction: && (< monoandroid) (< monotouch) (< net45) (>= netstandard1.6) (< xamarinios) (< xamarinmac) (< xamarintvos) (< xamarinwatchos)
      System.Threading (>= 4.3) - restriction: && (< monoandroid) (< monotouch) (< net45) (>= netstandard1.6) (< xamarinios) (< xamarinmac) (< xamarintvos) (< xamarinwatchos)
    System.Linq.Queryable (4.3) - restriction: && (>= netstandard2.0) (>= uap10.0)
    System.Memory (4.5.3) - restriction: || (&& (< monoandroid) (< net35) (< netstandard1.2) (>= netstandard1.4) (< win8)) (&& (< monoandroid) (< net35) (< netstandard1.2) (>= netstandard1.6) (< win8)) (&& (< monoandroid) (< net35) (< netstandard1.2) (>= netstandard2.0) (< win8)) (&& (< monoandroid) (< net35) (>= netstandard1.4) (< win8) (< wpa81)) (&& (< monoandroid) (< net35) (>= netstandard1.6) (< win8) (< wpa81)) (&& (< monoandroid) (< net35) (>= netstandard2.0) (< win8) (< wpa81)) (&& (< net35) (>= net46) (>= netstandard1.4)) (&& (< net35) (>= net46) (>= netstandard1.6)) (>= net45) (&& (>= net46) (>= netstandard2.0)) (&& (>= net46) (>= uap10.0)) (&& (>= netcoreapp1.0) (< netcoreapp2.0) (>= netstandard2.0)) (&& (>= netcoreapp1.0) (>= uap10.1)) (&& (>= netcoreapp2.0) (< netcoreapp2.1)) (&& (< netcoreapp2.1) (>= netstandard2.0) (< xamarinios) (< xamarinmac)) (&& (< netstandard1.2) (>= uap10.1) (< win8)) (>= netstandard1.5) (&& (>= netstandard1.6) (>= uap10.1)) (&& (>= netstandard2.0) (>= uap10.0)) (&& (>= netstandard2.0) (>= uap10.1)) (&& (>= uap10.0) (< win8) (< wpa81)) (&& (>= uap10.1) (< win8) (< wpa81))
      System.Buffers (>= 4.4) - restriction: || (&& (>= monoandroid) (< netstandard2.0)) (&& (< monoandroid) (< net45) (>= netstandard1.1) (< netstandard2.0) (< win8) (< wpa81)) (&& (< monoandroid) (< netstandard1.1) (>= portable-net45+win8+wpa81) (< win8)) (>= monotouch) (&& (>= net45) (< netstandard2.0)) (&& (< net45) (< netcoreapp2.0) (>= netstandard2.0)) (>= net461) (&& (< netstandard1.1) (>= win8)) (&& (< netstandard2.0) (< uap10.1) (>= wpa81)) (>= xamarinios) (>= xamarinmac) (>= xamarintvos) (>= xamarinwatchos)
      System.Diagnostics.Debug (>= 4.3) - restriction: && (< monoandroid) (< monotouch) (< net45) (>= netstandard1.1) (< netstandard2.0) (< win8) (< wpa81) (< xamarintvos) (< xamarinwatchos)
      System.Globalization (>= 4.3) - restriction: && (< monoandroid) (< monotouch) (< net45) (>= netstandard1.1) (< netstandard2.0) (< win8) (< wpa81) (< xamarintvos) (< xamarinwatchos)
      System.Numerics.Vectors (>= 4.4) - restriction: || (&& (< net45) (< netcoreapp2.0) (>= netstandard2.0) (< xamarinios) (< xamarinmac)) (>= net461)
      System.Reflection (>= 4.3) - restriction: && (< monoandroid) (< monotouch) (< net45) (>= netstandard1.1) (< netstandard2.0) (< win8) (< wpa81) (< xamarintvos) (< xamarinwatchos)
      System.Resources.ResourceManager (>= 4.3) - restriction: && (< monoandroid) (< monotouch) (< net45) (>= netstandard1.1) (< netstandard2.0) (< win8) (< wpa81) (< xamarintvos) (< xamarinwatchos)
      System.Runtime (>= 4.3) - restriction: && (< monoandroid) (< monotouch) (< net45) (>= netstandard1.1) (< netstandard2.0) (< win8) (< wpa81) (< xamarintvos) (< xamarinwatchos)
      System.Runtime.CompilerServices.Unsafe (>= 4.5.2) - restriction: || (&& (>= monoandroid) (< netstandard2.0)) (&& (< monoandroid) (< net45) (>= netstandard1.1) (< netstandard2.0) (< win8) (< wpa81)) (&& (< monoandroid) (< netstandard1.1) (>= portable-net45+win8+wpa81) (< win8)) (>= monotouch) (&& (>= net45) (< netstandard2.0)) (&& (< net45) (< netcoreapp2.0) (>= netstandard2.0)) (>= net461) (&& (>= netcoreapp2.0) (< netcoreapp2.1)) (&& (< netstandard1.1) (>= win8)) (&& (< netstandard2.0) (>= wpa81)) (>= uap10.1) (>= xamarinios) (>= xamarinmac) (>= xamarintvos) (>= xamarinwatchos)
      System.Runtime.Extensions (>= 4.3) - restriction: && (< monoandroid) (< monotouch) (< net45) (>= netstandard1.1) (< netstandard2.0) (< win8) (< wpa81) (< xamarintvos) (< xamarinwatchos)
      System.Runtime.InteropServices (>= 4.3) - restriction: && (< monoandroid) (< monotouch) (< net45) (>= netstandard1.1) (< netstandard2.0) (< win8) (< wpa81) (< xamarintvos) (< xamarinwatchos)
    System.Net.Http (4.3.4) - restriction: || (&& (< net35) (>= net46) (< netstandard1.4) (>= netstandard2.0)) (&& (< net35) (< netstandard1.2) (>= netstandard1.4) (< win8)) (&& (< net35) (< netstandard1.2) (>= netstandard2.0) (< win8)) (&& (< net35) (< netstandard1.3) (>= netstandard1.4) (< win8) (< wpa81)) (&& (< net35) (< netstandard1.3) (>= netstandard2.0) (< win8) (< wpa81)) (&& (< net35) (>= netstandard1.4) (< netstandard1.5) (< win8) (< wpa81)) (&& (< net35) (< netstandard1.4) (>= netstandard2.0) (< win8) (< wpa81)) (&& (< net35) (>= netstandard1.5) (< netstandard1.6) (< win8) (< wpa81)) (&& (< net35) (< netstandard1.5) (>= netstandard2.0) (< win8) (< wpa81)) (&& (< net35) (>= netstandard1.6) (< netstandard2.0) (< win8) (< wpa81)) (&& (< net35) (< netstandard1.6) (>= netstandard2.0) (< win8) (< wpa81)) (&& (< netstandard1.5) (>= netstandard2.0) (>= uap10.0)) (&& (< netstandard1.5) (>= uap10.0) (< uap10.1))
      Microsoft.NETCore.Platforms (>= 1.1.1) - restriction: || (&& (< monoandroid) (< monotouch) (< net45) (>= netstandard1.6) (< xamarinios) (< xamarinmac) (< xamarintvos) (< xamarinwatchos)) (&& (< monoandroid) (< net45) (>= netstandard1.3) (< netstandard1.6) (< win8) (< wpa81))
      Microsoft.Win32.Primitives (>= 4.3) - restriction: && (< monoandroid) (< net45) (>= netstandard1.3) (< netstandard1.6) (< win8) (< wpa81)
      runtime.native.System (>= 4.3) - restriction: && (< monoandroid) (< monotouch) (< net45) (>= netstandard1.6) (< xamarinios) (< xamarinmac) (< xamarintvos) (< xamarinwatchos)
      runtime.native.System.Net.Http (>= 4.3) - restriction: && (< monoandroid) (< monotouch) (< net45) (>= netstandard1.6) (< xamarinios) (< xamarinmac) (< xamarintvos) (< xamarinwatchos)
      runtime.native.System.Security.Cryptography.OpenSsl (>= 4.3.2) - restriction: && (< monoandroid) (< monotouch) (< net45) (>= netstandard1.6) (< xamarinios) (< xamarinmac) (< xamarintvos) (< xamarinwatchos)
      System.Collections (>= 4.3) - restriction: || (&& (< monoandroid) (< monotouch) (< net45) (>= netstandard1.6) (< xamarinios) (< xamarinmac) (< xamarintvos) (< xamarinwatchos)) (&& (< monoandroid) (< net45) (>= netstandard1.3) (< netstandard1.6) (< win8) (< wpa81))
      System.Diagnostics.Debug (>= 4.3) - restriction: || (&& (< monoandroid) (< monotouch) (< net45) (>= netstandard1.6) (< xamarinios) (< xamarinmac) (< xamarintvos) (< xamarinwatchos)) (&& (< monoandroid) (< net45) (>= netstandard1.3) (< netstandard1.6) (< win8) (< wpa81))
      System.Diagnostics.DiagnosticSource (>= 4.3) - restriction: || (&& (< monoandroid) (< monotouch) (< net45) (>= netstandard1.6) (< xamarinios) (< xamarinmac) (< xamarintvos) (< xamarinwatchos)) (&& (< monoandroid) (< net45) (>= netstandard1.3) (< netstandard1.6) (< win8) (< wpa81))
      System.Diagnostics.Tracing (>= 4.3) - restriction: || (&& (< monoandroid) (< monotouch) (< net45) (>= netstandard1.6) (< xamarinios) (< xamarinmac) (< xamarintvos) (< xamarinwatchos)) (&& (< monoandroid) (< net45) (>= netstandard1.3) (< netstandard1.6) (< win8) (< wpa81))
      System.Globalization (>= 4.3) - restriction: || (&& (< monoandroid) (< monotouch) (< net45) (>= netstandard1.6) (< xamarinios) (< xamarinmac) (< xamarintvos) (< xamarinwatchos)) (&& (< monoandroid) (< net45) (>= netstandard1.3) (< netstandard1.6) (< win8) (< wpa81))
      System.Globalization.Extensions (>= 4.3) - restriction: && (< monoandroid) (< monotouch) (< net45) (>= netstandard1.6) (< xamarinios) (< xamarinmac) (< xamarintvos) (< xamarinwatchos)
      System.IO (>= 4.3) - restriction: || (&& (< monoandroid) (< monotouch) (< net45) (>= netstandard1.6) (< xamarinios) (< xamarinmac) (< xamarintvos) (< xamarinwatchos)) (&& (< monoandroid) (< net45) (>= netstandard1.1) (< netstandard1.3) (< win8) (< wpa81)) (&& (< monoandroid) (< net45) (>= netstandard1.3) (< netstandard1.6) (< win8) (< wpa81))
      System.IO.Compression (>= 4.3) - restriction: && (< monoandroid) (< net45) (>= netstandard1.3) (< netstandard1.6) (< win8) (< wpa81)
      System.IO.FileSystem (>= 4.3) - restriction: && (< monoandroid) (< monotouch) (< net45) (>= netstandard1.6) (< xamarinios) (< xamarinmac) (< xamarintvos) (< xamarinwatchos)
      System.Net.Primitives (>= 4.3) - restriction: || (&& (< monoandroid) (< monotouch) (< net45) (>= netstandard1.6) (< xamarinios) (< xamarinmac) (< xamarintvos) (< xamarinwatchos)) (&& (< monoandroid) (< net45) (>= netstandard1.1) (< netstandard1.3) (< win8) (< wpa81)) (&& (< monoandroid) (< net45) (>= netstandard1.3) (< netstandard1.6) (< win8) (< wpa81))
      System.Resources.ResourceManager (>= 4.3) - restriction: || (&& (< monoandroid) (< monotouch) (< net45) (>= netstandard1.6) (< xamarinios) (< xamarinmac) (< xamarintvos) (< xamarinwatchos)) (&& (< monoandroid) (< net45) (>= netstandard1.3) (< netstandard1.6) (< win8) (< wpa81))
      System.Runtime (>= 4.3) - restriction: || (&& (< monoandroid) (< monotouch) (< net45) (>= netstandard1.6) (< xamarinios) (< xamarinmac) (< xamarintvos) (< xamarinwatchos)) (&& (< monoandroid) (< net45) (>= netstandard1.1) (< netstandard1.3) (< win8) (< wpa81)) (&& (< monoandroid) (< net45) (>= netstandard1.3) (< netstandard1.6) (< win8) (< wpa81))
      System.Runtime.Extensions (>= 4.3) - restriction: || (&& (< monoandroid) (< monotouch) (< net45) (>= netstandard1.6) (< xamarinios) (< xamarinmac) (< xamarintvos) (< xamarinwatchos)) (&& (< monoandroid) (< net45) (>= netstandard1.3) (< netstandard1.6) (< win8) (< wpa81))
      System.Runtime.Handles (>= 4.3) - restriction: || (&& (< monoandroid) (< monotouch) (< net45) (>= netstandard1.6) (< xamarinios) (< xamarinmac) (< xamarintvos) (< xamarinwatchos)) (&& (< monoandroid) (< net45) (>= netstandard1.3) (< netstandard1.6) (< win8) (< wpa81))
      System.Runtime.InteropServices (>= 4.3) - restriction: || (&& (< monoandroid) (< monotouch) (< net45) (>= netstandard1.6) (< xamarinios) (< xamarinmac) (< xamarintvos) (< xamarinwatchos)) (&& (< monoandroid) (< net45) (>= netstandard1.3) (< netstandard1.6) (< win8) (< wpa81))
      System.Security.Cryptography.Algorithms (>= 4.3) - restriction: && (< monoandroid) (< monotouch) (< net45) (>= netstandard1.6) (< xamarinios) (< xamarinmac) (< xamarintvos) (< xamarinwatchos)
      System.Security.Cryptography.Encoding (>= 4.3) - restriction: || (&& (< monoandroid) (< monotouch) (< net45) (>= netstandard1.6) (< xamarinios) (< xamarinmac) (< xamarintvos) (< xamarinwatchos)) (&& (< monoandroid) (< net45) (>= netstandard1.3) (< netstandard1.6) (< win8) (< wpa81))
      System.Security.Cryptography.OpenSsl (>= 4.3) - restriction: && (< monoandroid) (< monotouch) (< net45) (>= netstandard1.6) (< xamarinios) (< xamarinmac) (< xamarintvos) (< xamarinwatchos)
      System.Security.Cryptography.Primitives (>= 4.3) - restriction: && (< monoandroid) (< monotouch) (< net45) (>= netstandard1.6) (< xamarinios) (< xamarinmac) (< xamarintvos) (< xamarinwatchos)
      System.Security.Cryptography.X509Certificates (>= 4.3) - restriction: || (&& (< monoandroid) (< monotouch) (< net45) (>= netstandard1.6) (< xamarinios) (< xamarinmac) (< xamarintvos) (< xamarinwatchos)) (&& (< monoandroid) (< net45) (>= netstandard1.3) (< netstandard1.6) (< win8) (< wpa81)) (>= net46)
      System.Text.Encoding (>= 4.3) - restriction: || (&& (< monoandroid) (< monotouch) (< net45) (>= netstandard1.6) (< xamarinios) (< xamarinmac) (< xamarintvos) (< xamarinwatchos)) (&& (< monoandroid) (< net45) (>= netstandard1.1) (< netstandard1.3) (< win8) (< wpa81)) (&& (< monoandroid) (< net45) (>= netstandard1.3) (< netstandard1.6) (< win8) (< wpa81))
      System.Threading (>= 4.3) - restriction: || (&& (< monoandroid) (< monotouch) (< net45) (>= netstandard1.6) (< xamarinios) (< xamarinmac) (< xamarintvos) (< xamarinwatchos)) (&& (< monoandroid) (< net45) (>= netstandard1.3) (< netstandard1.6) (< win8) (< wpa81))
      System.Threading.Tasks (>= 4.3) - restriction: || (&& (< monoandroid) (< monotouch) (< net45) (>= netstandard1.6) (< xamarinios) (< xamarinmac) (< xamarintvos) (< xamarinwatchos)) (&& (< monoandroid) (< net45) (>= netstandard1.1) (< netstandard1.3) (< win8) (< wpa81)) (&& (< monoandroid) (< net45) (>= netstandard1.3) (< netstandard1.6) (< win8) (< wpa81))
    System.Net.Primitives (4.3.1) - restriction: || (&& (< monoandroid) (< net35) (< netstandard1.2) (>= netstandard1.6) (< win8)) (&& (< monoandroid) (< net35) (< netstandard1.3) (>= netstandard1.5) (< win8) (< wpa81)) (&& (< monoandroid) (< net35) (< netstandard1.3) (>= netstandard1.6) (< win8) (< wpa81)) (&& (< monoandroid) (< net35) (< netstandard1.5) (>= netstandard1.6) (< win8) (< wpa81)) (&& (< net35) (>= net46) (< netstandard1.3) (>= netstandard2.0)) (&& (< net35) (>= net46) (< netstandard1.4) (>= netstandard2.0)) (&& (< net35) (< netstandard1.2) (>= netstandard1.4) (< win8)) (&& (< net35) (< netstandard1.2) (>= netstandard2.0) (< win8)) (&& (< net35) (< netstandard1.3) (>= netstandard1.4) (< win8) (< wpa81)) (&& (< net35) (< netstandard1.3) (>= netstandard2.0) (< win8) (< wpa81)) (&& (< net35) (>= netstandard1.4) (< netstandard1.5) (< win8) (< wpa81)) (&& (< net35) (>= netstandard1.4) (< portable-net45+win8+wpa81)) (&& (< net35) (< netstandard1.4) (>= netstandard2.0) (< win8) (< wpa81)) (&& (< net35) (>= netstandard1.5) (< netstandard1.6) (< win8) (< wpa81)) (&& (< net35) (< netstandard1.5) (>= netstandard2.0) (< win8) (< wpa81)) (&& (< net35) (>= netstandard1.6) (< netstandard2.0) (< win8) (< wpa81)) (&& (< net35) (< netstandard1.6) (>= netstandard2.0) (< win8) (< wpa81)) (&& (< net35) (>= netstandard2.0) (< portable-net45+win8+wpa81)) (&& (< netstandard1.3) (>= uap10.0) (< win8) (< wpa81)) (&& (< netstandard1.5) (>= netstandard1.6) (>= uap10.0)) (&& (< netstandard1.5) (>= netstandard2.0) (>= uap10.0)) (&& (< netstandard1.5) (>= uap10.0) (< uap10.1)) (&& (< netstandard1.5) (>= uap10.0) (< win8) (< wpa81))
      Microsoft.NETCore.Platforms (>= 1.1.1) - restriction: || (&& (< monoandroid) (< monotouch) (< net45) (>= netstandard1.3) (< win8) (< wpa81) (< xamarinios) (< xamarinmac) (< xamarintvos) (< xamarinwatchos)) (&& (< monoandroid) (< net45) (>= netstandard1.1) (< netstandard1.3) (< win8) (< wpa81)) (&& (< monoandroid) (>= netstandard1.0) (< netstandard1.1) (< win8) (< wp8))
      Microsoft.NETCore.Targets (>= 1.1.3) - restriction: || (&& (< monoandroid) (< monotouch) (< net45) (>= netstandard1.3) (< win8) (< wpa81) (< xamarinios) (< xamarinmac) (< xamarintvos) (< xamarinwatchos)) (&& (< monoandroid) (< net45) (>= netstandard1.1) (< netstandard1.3) (< win8) (< wpa81)) (&& (< monoandroid) (>= netstandard1.0) (< netstandard1.1) (< win8) (< wp8))
      System.Runtime (>= 4.3.1) - restriction: || (&& (< monoandroid) (< monotouch) (< net45) (>= netstandard1.3) (< win8) (< wpa81) (< xamarinios) (< xamarinmac) (< xamarintvos) (< xamarinwatchos)) (&& (< monoandroid) (< net45) (>= netstandard1.1) (< netstandard1.3) (< win8) (< wpa81)) (&& (< monoandroid) (>= netstandard1.0) (< netstandard1.1) (< win8) (< wp8))
      System.Runtime.Handles (>= 4.3) - restriction: && (< monoandroid) (< monotouch) (< net45) (>= netstandard1.3) (< win8) (< wpa81) (< xamarinios) (< xamarinmac) (< xamarintvos) (< xamarinwatchos)
    System.Net.Sockets (4.3) - restriction: || (&& (< net35) (>= net46) (< netstandard1.4) (>= netstandard2.0)) (&& (< net35) (>= netstandard1.4) (< netstandard1.5) (< win8) (< wpa81)) (&& (< net35) (< netstandard1.4) (>= netstandard2.0) (< win8) (< wpa81)) (&& (< net35) (>= netstandard1.5) (< netstandard1.6) (< win8) (< wpa81)) (&& (< net35) (< netstandard1.5) (>= netstandard2.0) (< win8) (< wpa81)) (&& (< net35) (>= netstandard1.6) (< netstandard2.0) (< win8) (< wpa81)) (&& (< net35) (< netstandard1.6) (>= netstandard2.0) (< win8) (< wpa81)) (&& (< netstandard1.5) (>= netstandard2.0) (>= uap10.0)) (&& (< netstandard1.5) (>= uap10.0) (< uap10.1))
      Microsoft.NETCore.Platforms (>= 1.1) - restriction: && (< monoandroid) (< monotouch) (< net46) (>= netstandard1.3) (< xamarinios) (< xamarinmac) (< xamarintvos) (< xamarinwatchos)
      Microsoft.NETCore.Targets (>= 1.1) - restriction: && (< monoandroid) (< monotouch) (< net46) (>= netstandard1.3) (< xamarinios) (< xamarinmac) (< xamarintvos) (< xamarinwatchos)
      System.IO (>= 4.3) - restriction: && (< monoandroid) (< monotouch) (< net46) (>= netstandard1.3) (< xamarinios) (< xamarinmac) (< xamarintvos) (< xamarinwatchos)
      System.Net.Primitives (>= 4.3) - restriction: && (< monoandroid) (< monotouch) (< net46) (>= netstandard1.3) (< xamarinios) (< xamarinmac) (< xamarintvos) (< xamarinwatchos)
      System.Runtime (>= 4.3) - restriction: && (< monoandroid) (< monotouch) (< net46) (>= netstandard1.3) (< xamarinios) (< xamarinmac) (< xamarintvos) (< xamarinwatchos)
      System.Threading.Tasks (>= 4.3) - restriction: && (< monoandroid) (< monotouch) (< net46) (>= netstandard1.3) (< xamarinios) (< xamarinmac) (< xamarintvos) (< xamarinwatchos)
    System.Numerics.Vectors (4.5) - restriction: || (&& (< net45) (< netcoreapp2.0) (>= netstandard2.0) (< xamarinios) (< xamarinmac)) (>= net461)
    System.ObjectModel (4.3) - restriction: || (&& (< monoandroid) (< monotouch) (< net40) (>= netstandard1.3) (< netstandard2.0) (< win8) (< wpa81) (< xamarintvos) (< xamarinwatchos)) (&& (< monoandroid) (< net35) (< netstandard1.2) (>= netstandard1.6) (< win8)) (&& (< monoandroid) (< net35) (< netstandard1.3) (>= netstandard1.6) (< win8) (< wpa81)) (&& (< monoandroid) (< net35) (< netstandard1.5) (>= netstandard1.6) (< win8) (< wpa81)) (&& (< monoandroid) (< net40) (< netstandard1.3) (>= netstandard2.0) (< win8) (< wpa81)) (&& (< monoandroid) (< net40) (>= netstandard2.0) (< win8) (< wpa81) (< xamarinios) (< xamarinmac)) (&& (< net35) (< netstandard1.2) (>= netstandard1.4) (< win8)) (&& (< net35) (< netstandard1.2) (>= netstandard2.0) (< win8)) (&& (< net35) (< netstandard1.3) (>= netstandard1.4) (< win8) (< wpa81)) (&& (< net35) (< netstandard1.3) (>= netstandard2.0) (< win8) (< wpa81)) (&& (< net35) (>= netstandard1.4) (< netstandard1.5) (< win8) (< wpa81)) (&& (< net35) (>= netstandard1.4) (< portable-net45+win8+wpa81)) (&& (< net35) (< netstandard1.4) (>= netstandard2.0) (< win8) (< wpa81)) (&& (< net35) (>= netstandard1.5) (< netstandard1.6) (< win8) (< wpa81)) (&& (< net35) (< netstandard1.5) (>= netstandard2.0) (< win8) (< wpa81)) (&& (< net35) (>= netstandard1.6) (< netstandard2.0) (< win8) (< wpa81)) (&& (< net35) (>= netstandard1.6) (< portable-net45+win8+wpa81)) (&& (< net35) (< netstandard1.6) (>= netstandard2.0) (< win8) (< wpa81)) (&& (< net35) (>= netstandard2.0) (< portable-net45+win8+wpa81)) (&& (< netstandard1.5) (>= netstandard1.6) (>= uap10.0)) (&& (< netstandard1.5) (>= netstandard2.0) (>= uap10.0)) (&& (< netstandard1.5) (>= uap10.0) (< uap10.1))
      System.Collections (>= 4.3) - restriction: && (< monoandroid) (< monotouch) (< net45) (>= netstandard1.3) (< win8) (< wpa81) (< xamarinios) (< xamarinmac) (< xamarintvos) (< xamarinwatchos)
      System.Diagnostics.Debug (>= 4.3) - restriction: && (< monoandroid) (< monotouch) (< net45) (>= netstandard1.3) (< win8) (< wpa81) (< xamarinios) (< xamarinmac) (< xamarintvos) (< xamarinwatchos)
      System.Resources.ResourceManager (>= 4.3) - restriction: && (< monoandroid) (< monotouch) (< net45) (>= netstandard1.3) (< win8) (< wpa81) (< xamarinios) (< xamarinmac) (< xamarintvos) (< xamarinwatchos)
      System.Runtime (>= 4.3) - restriction: || (&& (< monoandroid) (< monotouch) (< net45) (>= netstandard1.3) (< win8) (< wpa81) (< xamarinios) (< xamarinmac) (< xamarintvos) (< xamarinwatchos)) (&& (< monoandroid) (< net45) (>= netstandard1.0) (< netstandard1.3) (< win8) (< wp8) (< wpa81))
      System.Threading (>= 4.3) - restriction: && (< monoandroid) (< monotouch) (< net45) (>= netstandard1.3) (< win8) (< wpa81) (< xamarinios) (< xamarinmac) (< xamarintvos) (< xamarinwatchos)
    System.Reactive (4.2)
      System.ComponentModel (>= 4.0.1) - restriction: && (>= uap10.0) (< uap10.1)
      System.Dynamic.Runtime (>= 4.0.11) - restriction: && (>= uap10.0) (< uap10.1)
      System.Linq.Queryable (>= 4.0.1) - restriction: && (>= uap10.0) (< uap10.1)
      System.Runtime.InteropServices.WindowsRuntime (>= 4.3) - restriction: && (< net46) (< netcoreapp3.0) (>= netstandard2.0) (< uap10.0)
      System.Threading.Tasks.Extensions (>= 4.5.3) - restriction: || (>= net46) (&& (< netcoreapp3.0) (>= netstandard2.0)) (>= uap10.0)
      System.ValueTuple (>= 4.5) - restriction: || (>= net46) (&& (>= uap10.0) (< uap10.1))
    System.Reflection (4.3) - restriction: || (&& (< monoandroid) (< monotouch) (< net20) (>= netstandard1.4) (< netstandard2.0) (< xamarintvos) (< xamarinwatchos)) (&& (< monoandroid) (< monotouch) (< net20) (>= netstandard1.5) (< netstandard2.0) (< win8) (< wpa81) (< xamarintvos) (< xamarinwatchos)) (&& (< monoandroid) (< monotouch) (< net35) (>= netstandard1.5) (< netstandard2.0) (< xamarintvos) (< xamarinwatchos)) (&& (< monoandroid) (< monotouch) (< net45) (>= netstandard1.2) (< win8) (< wpa81) (< xamarinios) (< xamarinmac) (< xamarintvos) (< xamarinwatchos)) (&& (< monoandroid) (< monotouch) (< net45) (>= netstandard1.3) (< netstandard2.0) (< win8) (< wpa81) (< xamarintvos) (< xamarinwatchos)) (&& (< monoandroid) (< monotouch) (< net45) (>= netstandard1.5) (< netstandard2.0) (< win8) (< wpa81) (< xamarintvos) (< xamarinwatchos)) (&& (< monoandroid) (< monotouch) (< net45) (>= netstandard1.6) (< netstandard2.0) (< win8) (< wpa81) (< xamarintvos) (< xamarinwatchos)) (&& (< monoandroid) (< net20) (>= netstandard1.0) (< netstandard1.3) (< win8) (< wp8) (< wpa81)) (&& (< monoandroid) (< net20) (>= netstandard1.3) (< netstandard1.5) (< win8) (< wpa81)) (&& (< monoandroid) (< net20) (< netstandard1.3) (>= netstandard1.5) (< win8) (< wpa81)) (&& (< monoandroid) (< net35) (>= netstandard1.4) (< netstandard1.5) (< uap10.1)) (&& (< monoandroid) (< net45) (>= netstandard2.0) (< win8) (< wpa81) (< xamarinios) (< xamarinmac)) (&& (< net35) (>= net45) (>= netstandard1.3) (< netstandard1.5)) (&& (< net35) (>= net45) (>= netstandard1.5)) (&& (< net35) (< netstandard1.2) (>= netstandard1.4) (< win8)) (&& (< net35) (< netstandard1.3) (>= netstandard1.4) (< win8) (< wpa81)) (&& (< net35) (>= netstandard1.4) (< netstandard1.5) (< win8) (< wpa81)) (&& (< net35) (>= netstandard1.4) (< portable-net45+win8+wpa81)) (&& (< net35) (>= netstandard1.5) (< netstandard1.6) (< win8) (< wpa81)) (&& (< net35) (>= netstandard1.6) (< netstandard2.0) (< win8) (< wpa81)) (&& (< net35) (>= netstandard2.0)) (>= netcoreapp1.0) (&& (< netstandard1.5) (>= netstandard2.0) (>= uap10.0)) (&& (< netstandard1.5) (>= uap10.0) (< uap10.1)) (&& (< netstandard1.5) (>= uap10.0) (< win8) (< wpa81))
      Microsoft.NETCore.Platforms (>= 1.1) - restriction: || (&& (< monoandroid) (< monotouch) (< net45) (>= netstandard1.5) (< win8) (< wpa81) (< xamarinios) (< xamarinmac) (< xamarintvos) (< xamarinwatchos)) (&& (< monoandroid) (< net45) (>= netstandard1.0) (< netstandard1.3) (< win8) (< wp8) (< wpa81)) (&& (< monoandroid) (< net45) (>= netstandard1.3) (< netstandard1.5) (< win8) (< wpa81))
      Microsoft.NETCore.Targets (>= 1.1) - restriction: || (&& (< monoandroid) (< monotouch) (< net45) (>= netstandard1.5) (< win8) (< wpa81) (< xamarinios) (< xamarinmac) (< xamarintvos) (< xamarinwatchos)) (&& (< monoandroid) (< net45) (>= netstandard1.0) (< netstandard1.3) (< win8) (< wp8) (< wpa81)) (&& (< monoandroid) (< net45) (>= netstandard1.3) (< netstandard1.5) (< win8) (< wpa81))
      System.IO (>= 4.3) - restriction: || (&& (< monoandroid) (< monotouch) (< net45) (>= netstandard1.5) (< win8) (< wpa81) (< xamarinios) (< xamarinmac) (< xamarintvos) (< xamarinwatchos)) (&& (< monoandroid) (< net45) (>= netstandard1.0) (< netstandard1.3) (< win8) (< wp8) (< wpa81)) (&& (< monoandroid) (< net45) (>= netstandard1.3) (< netstandard1.5) (< win8) (< wpa81))
      System.Reflection.Primitives (>= 4.3) - restriction: || (&& (< monoandroid) (< monotouch) (< net45) (>= netstandard1.5) (< win8) (< wpa81) (< xamarinios) (< xamarinmac) (< xamarintvos) (< xamarinwatchos)) (&& (< monoandroid) (< net45) (>= netstandard1.0) (< netstandard1.3) (< win8) (< wp8) (< wpa81)) (&& (< monoandroid) (< net45) (>= netstandard1.3) (< netstandard1.5) (< win8) (< wpa81))
      System.Runtime (>= 4.3) - restriction: || (&& (< monoandroid) (< monotouch) (< net45) (>= netstandard1.5) (< win8) (< wpa81) (< xamarinios) (< xamarinmac) (< xamarintvos) (< xamarinwatchos)) (&& (< monoandroid) (< net45) (>= netstandard1.0) (< netstandard1.3) (< win8) (< wp8) (< wpa81)) (&& (< monoandroid) (< net45) (>= netstandard1.3) (< netstandard1.5) (< win8) (< wpa81))
    System.Reflection.Emit (4.6)
      System.IO (>= 4.3) - restriction: && (< monoandroid) (< monotouch) (< net45) (>= netstandard1.1) (< netstandard2.0) (< win8) (< wpa81) (< xamarintvos) (< xamarinwatchos)
      System.Reflection (>= 4.3) - restriction: && (< monoandroid) (< monotouch) (< net45) (>= netstandard1.1) (< netstandard2.0) (< win8) (< wpa81) (< xamarintvos) (< xamarinwatchos)
      System.Reflection.Emit.ILGeneration (>= 4.6) - restriction: || (&& (< monoandroid) (< monotouch) (< net45) (>= netstandard1.1) (< netstandard2.0) (< win8) (< wpa81) (< xamarintvos) (< xamarinwatchos)) (&& (< monoandroid) (< netstandard1.1) (>= portable-net45+win8+wpa81) (< win8)) (&& (< net45) (< netcoreapp2.0) (>= netstandard2.0) (< netstandard2.1) (< xamarinios) (< xamarinmac)) (&& (< netstandard1.1) (>= win8)) (&& (< netstandard2.0) (>= wpa81)) (>= uap10.1)
      System.Reflection.Primitives (>= 4.3) - restriction: && (< monoandroid) (< monotouch) (< net45) (>= netstandard1.1) (< netstandard2.0) (< win8) (< wpa81) (< xamarintvos) (< xamarinwatchos)
      System.Resources.ResourceManager (>= 4.3) - restriction: && (< monoandroid) (< monotouch) (< net45) (>= netstandard1.1) (< netstandard2.0) (< win8) (< wpa81) (< xamarintvos) (< xamarinwatchos)
      System.Runtime (>= 4.3) - restriction: && (< monoandroid) (< monotouch) (< net45) (>= netstandard1.1) (< netstandard2.0) (< win8) (< wpa81) (< xamarintvos) (< xamarinwatchos)
      System.Runtime.InteropServices (>= 4.3) - restriction: && (< monoandroid) (< monotouch) (< net45) (>= netstandard1.1) (< netstandard2.0) (< win8) (< wpa81) (< xamarintvos) (< xamarinwatchos)
    System.Reflection.Emit.ILGeneration (4.6) - restriction: || (&& (< monoandroid) (< monotouch) (< net35) (>= netstandard1.6) (< netstandard2.0) (< win8) (< wpa81) (< xamarintvos) (< xamarinwatchos)) (&& (< monoandroid) (< monotouch) (< net40) (>= netstandard1.3) (< netstandard2.0) (< win8) (< wpa81) (< xamarintvos) (< xamarinwatchos)) (&& (< monoandroid) (< monotouch) (< net45) (>= netstandard1.6) (< netstandard2.0) (< win8) (< wpa81) (< xamarintvos) (< xamarinwatchos)) (&& (< monoandroid) (< net35) (< netstandard1.2) (>= netstandard1.6) (< win8)) (&& (< monoandroid) (< net35) (< netstandard1.2) (>= netstandard2.0) (< win8)) (&& (< monoandroid) (< net35) (< netstandard1.3) (>= netstandard1.6) (< win8) (< wpa81)) (&& (< monoandroid) (< net35) (< netstandard1.3) (>= netstandard2.0) (< win8) (< wpa81)) (&& (< monoandroid) (< net35) (< netstandard1.4) (>= netstandard2.0) (< win8) (< wpa81)) (&& (< monoandroid) (< net35) (< netstandard1.5) (>= netstandard1.6) (< win8) (< wpa81)) (&& (< monoandroid) (< net35) (< netstandard1.5) (>= netstandard2.0) (< win8) (< wpa81)) (&& (< monoandroid) (< net35) (< netstandard1.6) (>= netstandard2.0) (< win8) (< wpa81)) (&& (< monoandroid) (< net40) (>= netstandard2.0) (< win8) (< wpa81) (< xamarinios) (< xamarinmac)) (&& (< monoandroid) (< netstandard1.1) (>= netstandard1.6) (< win8)) (&& (< monoandroid) (< netstandard1.1) (>= netstandard2.0) (< win8)) (&& (< net35) (>= netstandard1.6) (< portable-net45+win8+wpa81)) (&& (< net35) (>= netstandard2.0) (< portable-net45+win8+wpa81)) (&& (< net45) (< netcoreapp2.0) (>= netstandard2.0) (< netstandard2.1) (< xamarinios) (< xamarinmac)) (&& (< netstandard1.1) (>= netstandard1.6) (>= win8)) (&& (< netstandard1.1) (>= netstandard2.0) (>= win8)) (&& (< netstandard1.5) (>= netstandard1.6) (>= uap10.0)) (&& (< netstandard1.5) (>= netstandard2.0) (>= uap10.0)) (&& (>= netstandard1.6) (< netstandard2.0) (>= wpa81)) (&& (>= netstandard1.6) (>= uap10.1)) (&& (>= netstandard2.0) (>= uap10.1))
      System.Reflection (>= 4.3) - restriction: && (< monoandroid) (< monotouch) (< net45) (>= netstandard1.0) (< netstandard2.0) (< win8) (< wp8) (< wpa81) (< xamarintvos) (< xamarinwatchos)
      System.Reflection.Primitives (>= 4.3) - restriction: && (< monoandroid) (< monotouch) (< net45) (>= netstandard1.0) (< netstandard2.0) (< win8) (< wp8) (< wpa81) (< xamarintvos) (< xamarinwatchos)
      System.Resources.ResourceManager (>= 4.3) - restriction: && (< monoandroid) (< monotouch) (< net45) (>= netstandard1.0) (< netstandard2.0) (< win8) (< wp8) (< wpa81) (< xamarintvos) (< xamarinwatchos)
      System.Runtime (>= 4.3) - restriction: && (< monoandroid) (< monotouch) (< net45) (>= netstandard1.0) (< netstandard2.0) (< win8) (< wp8) (< wpa81) (< xamarintvos) (< xamarinwatchos)
    System.Reflection.Emit.Lightweight (4.6) - restriction: || (&& (< monoandroid) (< monotouch) (< net35) (>= netstandard1.6) (< win8) (< wpa81) (< xamarintvos) (< xamarinwatchos)) (&& (< monoandroid) (< net35) (< netstandard1.2) (>= netstandard1.6) (< win8)) (&& (< monoandroid) (< net35) (< netstandard1.3) (>= netstandard1.6) (< win8) (< wpa81)) (&& (< monoandroid) (< net35) (< netstandard1.5) (>= netstandard1.6) (< win8) (< wpa81)) (&& (< net35) (>= netstandard1.6) (< portable-net45+win8+wpa81)) (&& (< net45) (>= netstandard1.3)) (&& (< net45) (>= netstandard1.6)) (&& (< netstandard1.5) (>= netstandard1.6) (>= uap10.0)) (>= netstandard2.0)
      System.Reflection (>= 4.3) - restriction: && (< monoandroid) (< monotouch) (< net45) (>= netstandard1.0) (< netstandard2.0) (< win8) (< wp8) (< wpa81) (< xamarintvos) (< xamarinwatchos)
      System.Reflection.Emit.ILGeneration (>= 4.6) - restriction: || (&& (< monoandroid) (< monotouch) (< net45) (>= netstandard1.0) (< netstandard2.0) (< win8) (< wp8) (< wpa81) (< xamarintvos) (< xamarinwatchos)) (&& (< net45) (< netcoreapp2.0) (>= netstandard2.0) (< netstandard2.1) (< xamarinios) (< xamarinmac)) (&& (< netstandard2.0) (>= wpa81)) (&& (>= portable-net45+win8+wp8+wpa81) (< portable-net45+wp8) (< win8)) (&& (< portable-net45+wp8) (>= win8)) (>= uap10.1)
      System.Reflection.Primitives (>= 4.3) - restriction: && (< monoandroid) (< monotouch) (< net45) (>= netstandard1.0) (< netstandard2.0) (< win8) (< wp8) (< wpa81) (< xamarintvos) (< xamarinwatchos)
      System.Resources.ResourceManager (>= 4.3) - restriction: && (< monoandroid) (< monotouch) (< net45) (>= netstandard1.0) (< netstandard2.0) (< win8) (< wp8) (< wpa81) (< xamarintvos) (< xamarinwatchos)
      System.Runtime (>= 4.3) - restriction: && (< monoandroid) (< monotouch) (< net45) (>= netstandard1.0) (< netstandard2.0) (< win8) (< wp8) (< wpa81) (< xamarintvos) (< xamarinwatchos)
    System.Reflection.Extensions (4.3) - restriction: || (&& (< monoandroid) (< monotouch) (< net20) (>= netstandard1.5) (< netstandard2.0) (< win8) (< wpa81) (< xamarintvos) (< xamarinwatchos)) (&& (< monoandroid) (< net20) (>= netstandard1.0) (< netstandard1.3) (< win8) (< wp8) (< wpa81)) (&& (< monoandroid) (< net20) (>= netstandard1.3) (< netstandard1.5) (< win8) (< wpa81)) (&& (< monoandroid) (< net20) (< netstandard1.3) (>= netstandard1.5) (< win8) (< wpa81)) (&& (< monoandroid) (< net35) (< netstandard1.2) (>= netstandard1.6) (< win8)) (&& (< monoandroid) (< net35) (< netstandard1.3) (>= netstandard1.6) (< win8) (< wpa81)) (&& (< monoandroid) (< net35) (< netstandard1.5) (>= netstandard1.6) (< win8) (< wpa81)) (&& (< net35) (< netstandard1.2) (>= netstandard1.4) (< win8)) (&& (< net35) (< netstandard1.2) (>= netstandard2.0) (< win8)) (&& (< net35) (< netstandard1.3) (>= netstandard1.4) (< win8) (< wpa81)) (&& (< net35) (< netstandard1.3) (>= netstandard2.0) (< win8) (< wpa81)) (&& (< net35) (>= netstandard1.4) (< netstandard1.5) (< win8) (< wpa81)) (&& (< net35) (>= netstandard1.4) (< portable-net45+win8+wpa81)) (&& (< net35) (< netstandard1.4) (>= netstandard2.0) (< win8) (< wpa81)) (&& (< net35) (>= netstandard1.5) (< netstandard1.6) (< win8) (< wpa81)) (&& (< net35) (< netstandard1.5) (>= netstandard2.0) (< win8) (< wpa81)) (&& (< net35) (>= netstandard1.6) (< netstandard2.0) (< win8) (< wpa81)) (&& (< net35) (>= netstandard1.6) (< portable-net45+win8+wpa81)) (&& (< net35) (< netstandard1.6) (>= netstandard2.0) (< win8) (< wpa81)) (&& (< net35) (>= netstandard2.0) (< portable-net45+win8+wpa81)) (&& (< net45) (>= netstandard1.3) (< netstandard2.0)) (&& (< net45) (>= netstandard2.0)) (>= netcoreapp1.0) (&& (< netstandard1.5) (>= netstandard1.6) (>= uap10.0)) (&& (< netstandard1.5) (>= netstandard2.0) (>= uap10.0)) (&& (< netstandard1.5) (>= uap10.0) (< uap10.1))
      Microsoft.NETCore.Platforms (>= 1.1) - restriction: && (< monoandroid) (< monotouch) (< net45) (>= netstandard1.0) (< win8) (< wp8) (< wpa81) (< xamarinios) (< xamarinmac) (< xamarintvos) (< xamarinwatchos)
      Microsoft.NETCore.Targets (>= 1.1) - restriction: && (< monoandroid) (< monotouch) (< net45) (>= netstandard1.0) (< win8) (< wp8) (< wpa81) (< xamarinios) (< xamarinmac) (< xamarintvos) (< xamarinwatchos)
      System.Reflection (>= 4.3) - restriction: && (< monoandroid) (< monotouch) (< net45) (>= netstandard1.0) (< win8) (< wp8) (< wpa81) (< xamarinios) (< xamarinmac) (< xamarintvos) (< xamarinwatchos)
      System.Runtime (>= 4.3) - restriction: && (< monoandroid) (< monotouch) (< net45) (>= netstandard1.0) (< win8) (< wp8) (< wpa81) (< xamarinios) (< xamarinmac) (< xamarintvos) (< xamarinwatchos)
    System.Reflection.Primitives (4.3) - restriction: || (&& (< monoandroid) (< monotouch) (< net20) (>= netstandard1.5) (< netstandard2.0) (< win8) (< wpa81) (< xamarintvos) (< xamarinwatchos)) (&& (< monoandroid) (< monotouch) (< net45) (>= netstandard1.5) (< netstandard2.0) (< win8) (< wpa81) (< xamarintvos) (< xamarinwatchos)) (&& (< monoandroid) (< monotouch) (< net45) (>= netstandard1.6) (< netstandard2.0) (< win8) (< wpa81) (< xamarintvos) (< xamarinwatchos)) (&& (< monoandroid) (< net20) (>= netstandard1.0) (< netstandard1.3) (< win8) (< wp8) (< wpa81)) (&& (< monoandroid) (< net20) (>= netstandard1.3) (< netstandard1.5) (< win8) (< wpa81)) (&& (< monoandroid) (< net20) (< netstandard1.3) (>= netstandard1.5) (< win8) (< wpa81)) (&& (< monoandroid) (< net45) (< netstandard1.2) (>= netstandard1.3) (< win8)) (&& (< monoandroid) (< net45) (< netstandard1.2) (>= netstandard2.0) (< win8)) (&& (< monoandroid) (< net45) (>= netstandard1.3) (< netstandard1.5) (< win8) (< wpa81)) (&& (< monoandroid) (< net45) (< netstandard1.3) (>= netstandard2.0) (< win8) (< wpa81)) (&& (< monoandroid) (< net45) (< netstandard1.5) (>= netstandard2.0) (< win8) (< wpa81)) (&& (< monoandroid) (< net45) (>= netstandard2.0) (< win8) (< wpa81) (< xamarinios) (< xamarinmac)) (&& (< net35) (< netstandard1.2) (>= netstandard1.4) (< win8)) (&& (< net35) (< netstandard1.2) (>= netstandard2.0) (< win8)) (&& (< net35) (< netstandard1.3) (>= netstandard1.4) (< win8) (< wpa81)) (&& (< net35) (< netstandard1.3) (>= netstandard2.0) (< win8) (< wpa81)) (&& (< net35) (>= netstandard1.4) (< netstandard1.5) (< win8) (< wpa81)) (&& (< net35) (>= netstandard1.4) (< portable-net45+win8+wpa81)) (&& (< net35) (< netstandard1.4) (>= netstandard2.0) (< win8) (< wpa81)) (&& (< net35) (>= netstandard1.5) (< netstandard1.6) (< win8) (< wpa81)) (&& (< net35) (< netstandard1.5) (>= netstandard2.0) (< win8) (< wpa81)) (&& (< net35) (>= netstandard1.6) (< netstandard2.0) (< win8) (< wpa81)) (&& (< net35) (< netstandard1.6) (>= netstandard2.0) (< win8) (< wpa81)) (&& (< net35) (>= netstandard2.0) (< portable-net45+win8+wpa81)) (>= netcoreapp1.0) (&& (>= netcoreapp1.1) (>= netstandard2.0)) (&& (>= netcoreapp1.1) (< netstandard2.0)) (&& (< netstandard1.5) (>= netstandard2.0) (>= uap10.0)) (&& (< netstandard1.5) (>= uap10.0) (< uap10.1))
      Microsoft.NETCore.Platforms (>= 1.1) - restriction: && (< monoandroid) (< monotouch) (< net45) (>= netstandard1.0) (< win8) (< wp8) (< wpa81) (< xamarinios) (< xamarinmac) (< xamarintvos) (< xamarinwatchos)
      Microsoft.NETCore.Targets (>= 1.1) - restriction: && (< monoandroid) (< monotouch) (< net45) (>= netstandard1.0) (< win8) (< wp8) (< wpa81) (< xamarinios) (< xamarinmac) (< xamarintvos) (< xamarinwatchos)
      System.Runtime (>= 4.3) - restriction: && (< monoandroid) (< monotouch) (< net45) (>= netstandard1.0) (< win8) (< wp8) (< wpa81) (< xamarinios) (< xamarinmac) (< xamarintvos) (< xamarinwatchos)
    System.Reflection.TypeExtensions (4.6) - restriction: || (&& (< monoandroid) (< monotouch) (< net20) (>= netstandard1.3) (< netstandard2.0) (< win8) (< wpa81) (< xamarintvos) (< xamarinwatchos)) (&& (< monoandroid) (< monotouch) (< net20) (>= netstandard1.5) (< netstandard2.0) (< win8) (< wpa81) (< xamarintvos) (< xamarinwatchos)) (&& (< monoandroid) (< monotouch) (< net35) (>= netstandard1.6) (< netstandard2.0) (< win8) (< wpa81) (< xamarintvos) (< xamarinwatchos)) (&& (< monoandroid) (< net20) (< netstandard1.3) (>= netstandard1.5) (< win8) (< wpa81)) (&& (< monoandroid) (< net35) (< netstandard1.2) (>= netstandard1.6) (< win8)) (&& (< monoandroid) (< net35) (< netstandard1.3) (>= netstandard1.6) (< win8) (< wpa81)) (&& (< monoandroid) (< net35) (< netstandard1.5) (>= netstandard1.6) (< win8) (< wpa81)) (&& (< net35) (>= net45) (>= netstandard1.3) (< netstandard1.5)) (&& (< net35) (>= net45) (>= netstandard1.5)) (&& (< net35) (>= netstandard1.4) (< netstandard2.0)) (&& (< net35) (>= netstandard1.6) (< portable-net45+win8+wpa81)) (&& (< net35) (>= netstandard2.0)) (&& (< net40) (>= netstandard1.3) (< netstandard2.0)) (&& (< net40) (>= netstandard2.0)) (>= netcoreapp1.0) (&& (< netstandard1.5) (>= netstandard1.6) (>= uap10.0)) (&& (< netstandard1.5) (>= netstandard2.0) (>= uap10.0))
      System.Reflection (>= 4.3) - restriction: || (&& (< monoandroid) (< monotouch) (< net46) (>= netstandard1.5) (< netstandard2.0) (< xamarintvos) (< xamarinwatchos)) (&& (< monoandroid) (< net46) (>= netstandard1.3) (< netstandard1.5) (< uap10.1))
      System.Resources.ResourceManager (>= 4.3) - restriction: || (&& (< monoandroid) (< monotouch) (< net46) (>= netstandard1.5) (< netstandard2.0) (< xamarintvos) (< xamarinwatchos)) (&& (< monoandroid) (< net46) (>= netstandard1.3) (< netstandard1.5) (< uap10.1))
      System.Runtime (>= 4.3) - restriction: || (&& (< monoandroid) (< monotouch) (< net46) (>= netstandard1.5) (< netstandard2.0) (< xamarintvos) (< xamarinwatchos)) (&& (< monoandroid) (< net46) (>= netstandard1.3) (< netstandard1.5) (< uap10.1))
    System.Resources.ResourceManager (4.3) - restriction: || (&& (< monoandroid) (< monotouch) (< net20) (>= netstandard1.3) (< netstandard2.0) (< xamarintvos) (< xamarinwatchos)) (&& (< monoandroid) (< monotouch) (< net20) (>= netstandard1.4) (< netstandard2.0) (< xamarintvos) (< xamarinwatchos)) (&& (< monoandroid) (< monotouch) (< net20) (>= netstandard1.5) (< netstandard2.0) (< win8) (< wpa81) (< xamarintvos) (< xamarinwatchos)) (&& (< monoandroid) (< monotouch) (< net35) (>= netstandard1.5) (< netstandard2.0) (< xamarintvos) (< xamarinwatchos)) (&& (< monoandroid) (< monotouch) (< net40) (>= netstandard1.3) (< netstandard2.0) (< win8) (< wpa81) (< xamarintvos) (< xamarinwatchos)) (&& (< monoandroid) (< monotouch) (< net45) (< netcoreapp1.1) (>= netstandard1.6) (< win81) (< wpa81) (< xamarinios) (< xamarinmac) (< xamarintvos) (< xamarinwatchos)) (&& (< monoandroid) (< monotouch) (< net45) (>= netstandard1.5) (< netstandard2.0) (< win8) (< wpa81) (< xamarintvos) (< xamarinwatchos)) (&& (< monoandroid) (< monotouch) (< net45) (>= netstandard1.6) (< netstandard2.0) (< win8) (< wpa81) (< xamarintvos) (< xamarinwatchos)) (&& (< monoandroid) (< monotouch) (< net451) (>= netstandard1.2) (< win81) (< wpa81) (< xamarinios) (< xamarinmac) (< xamarintvos) (< xamarinwatchos)) (&& (< monoandroid) (< net20) (>= netstandard1.0) (< netstandard1.3) (< win8) (< wp8) (< wpa81)) (&& (< monoandroid) (< net20) (>= netstandard1.3) (< netstandard1.5) (< win8) (< wpa81)) (&& (< monoandroid) (< net20) (< netstandard1.3) (>= netstandard1.5) (< win8) (< wpa81)) (&& (< monoandroid) (< net35) (< netstandard1.2) (>= netstandard1.6) (< win8)) (&& (< monoandroid) (< net35) (< netstandard1.3) (>= netstandard1.6) (< win8) (< wpa81)) (&& (< monoandroid) (< net35) (>= netstandard1.4) (< netstandard1.5) (< uap10.1)) (&& (< monoandroid) (< net35) (< netstandard1.5) (>= netstandard1.6) (< win8) (< wpa81)) (&& (< monoandroid) (< net35) (>= netstandard2.0) (< xamarinios) (< xamarinmac)) (&& (< monoandroid) (< net40) (>= netstandard2.0) (< win8) (< wpa81) (< xamarinios) (< xamarinmac)) (&& (< monoandroid) (< net45) (>= netstandard2.0) (< win8) (< wpa81) (< xamarinios) (< xamarinmac)) (&& (< net35) (>= net45) (>= netstandard1.3) (< netstandard1.5)) (&& (< net35) (>= net45) (>= netstandard1.5)) (&& (< net35) (>= net46) (< netstandard1.4) (>= netstandard2.0)) (&& (< net35) (< netstandard1.2) (>= netstandard1.4) (< win8)) (&& (< net35) (< netstandard1.2) (>= netstandard2.0) (< win8)) (&& (< net35) (< netstandard1.3) (>= netstandard1.4) (< win8) (< wpa81)) (&& (< net35) (< netstandard1.3) (>= netstandard2.0) (< win8) (< wpa81)) (&& (< net35) (>= netstandard1.4) (< netstandard1.5) (< win8) (< wpa81)) (&& (< net35) (>= netstandard1.4) (< portable-net45+win8+wpa81)) (&& (< net35) (< netstandard1.4) (>= netstandard2.0) (< win8) (< wpa81)) (&& (< net35) (>= netstandard1.5) (< netstandard1.6) (< win8) (< wpa81)) (&& (< net35) (< netstandard1.5) (>= netstandard2.0) (< win8) (< wpa81)) (&& (< net35) (>= netstandard1.6) (< netstandard2.0) (< win8) (< wpa81)) (&& (< net35) (< netstandard1.6) (>= netstandard2.0) (< win8) (< wpa81)) (&& (< net35) (>= netstandard2.0) (< portable-net45+win8+wpa81)) (>= netcoreapp1.0) (&& (< netstandard1.5) (>= netstandard1.6) (>= uap10.0)) (&& (< netstandard1.5) (>= netstandard2.0) (>= uap10.0)) (&& (< netstandard1.5) (>= uap10.0) (< uap10.1)) (&& (< netstandard1.5) (>= uap10.0) (< win8) (< wpa81))
      Microsoft.NETCore.Platforms (>= 1.1) - restriction: && (< monoandroid) (< monotouch) (< net45) (>= netstandard1.0) (< win8) (< wp8) (< wpa81) (< xamarinios) (< xamarinmac) (< xamarintvos) (< xamarinwatchos)
      Microsoft.NETCore.Targets (>= 1.1) - restriction: && (< monoandroid) (< monotouch) (< net45) (>= netstandard1.0) (< win8) (< wp8) (< wpa81) (< xamarinios) (< xamarinmac) (< xamarintvos) (< xamarinwatchos)
      System.Globalization (>= 4.3) - restriction: && (< monoandroid) (< monotouch) (< net45) (>= netstandard1.0) (< win8) (< wp8) (< wpa81) (< xamarinios) (< xamarinmac) (< xamarintvos) (< xamarinwatchos)
      System.Reflection (>= 4.3) - restriction: && (< monoandroid) (< monotouch) (< net45) (>= netstandard1.0) (< win8) (< wp8) (< wpa81) (< xamarinios) (< xamarinmac) (< xamarintvos) (< xamarinwatchos)
      System.Runtime (>= 4.3) - restriction: && (< monoandroid) (< monotouch) (< net45) (>= netstandard1.0) (< win8) (< wp8) (< wpa81) (< xamarinios) (< xamarinmac) (< xamarintvos) (< xamarinwatchos)
    System.Runtime (4.3.1) - restriction: || (&& (< monoandroid) (< monotouch) (< net20) (>= netstandard1.4) (< netstandard2.0) (< xamarintvos) (< xamarinwatchos)) (&& (< monoandroid) (< monotouch) (< net20) (>= netstandard1.5) (< netstandard2.0) (< win8) (< wpa81) (< xamarintvos) (< xamarinwatchos)) (&& (< monoandroid) (< monotouch) (< net35) (>= netstandard1.5) (< netstandard2.0) (< xamarintvos) (< xamarinwatchos)) (&& (< monoandroid) (< monotouch) (< net45) (>= netstandard1.5) (< netstandard2.0) (< win8) (< wpa81) (< xamarintvos) (< xamarinwatchos)) (&& (< monoandroid) (< monotouch) (< net45) (>= netstandard1.6) (< netstandard2.0) (< win8) (< wpa81) (< xamarintvos) (< xamarinwatchos)) (&& (< monoandroid) (< monotouch) (< net45) (>= netstandard1.6) (< win81) (< wpa81) (< xamarinios) (< xamarinmac) (< xamarintvos) (< xamarinwatchos)) (&& (< monoandroid) (< monotouch) (< net451) (>= netstandard1.2) (< win81) (< wpa81) (< xamarinios) (< xamarinmac) (< xamarintvos) (< xamarinwatchos)) (&& (< monoandroid) (< net20) (>= netstandard1.0) (< netstandard1.3) (< win8) (< wp8) (< wpa81)) (&& (< monoandroid) (< net20) (>= netstandard1.3) (< netstandard1.4)) (&& (< monoandroid) (< net20) (>= netstandard1.3) (< netstandard1.5) (< win8) (< wpa81)) (&& (< monoandroid) (< net20) (< netstandard1.3) (>= netstandard1.5) (< win8) (< wpa81)) (&& (< monoandroid) (< net35) (< netstandard1.1) (>= netstandard1.4) (< win8)) (&& (< monoandroid) (< net35) (< netstandard1.1) (>= netstandard1.5) (< win8)) (&& (< monoandroid) (< net35) (< netstandard1.1) (>= netstandard1.6) (< win8)) (&& (< monoandroid) (< net35) (< netstandard1.1) (>= netstandard2.0) (< win8)) (&& (< monoandroid) (< net35) (< netstandard1.3) (>= netstandard1.5) (< win8) (< wpa81)) (&& (< monoandroid) (< net35) (< netstandard1.3) (>= netstandard1.6) (< win8) (< wpa81)) (&& (< monoandroid) (< net35) (>= netstandard1.4) (< netstandard1.5) (< uap10.1)) (&& (< monoandroid) (< net35) (>= netstandard2.0) (< xamarinios) (< xamarinmac)) (&& (< monoandroid) (< net45) (>= netstandard1.2) (< netstandard1.3) (< win8) (< wpa81)) (&& (< monoandroid) (< net45) (>= netstandard1.3) (< netstandard1.5) (< win8) (< wpa81)) (&& (< monoandroid) (< net45) (>= netstandard1.3) (< netstandard1.6) (< win8) (< wpa81)) (&& (< monoandroid) (< net45) (< netstandard1.3) (>= netstandard1.6) (< win8) (< wpa81)) (&& (< monoandroid) (< net45) (< netstandard1.3) (>= netstandard2.0) (< win8) (< wpa81)) (&& (< monoandroid) (< net45) (< netstandard1.5) (>= netstandard2.0) (< win8) (< wpa81)) (&& (< monoandroid) (< net45) (>= netstandard2.0) (< win8) (< wpa81) (< xamarinios) (< xamarinmac)) (&& (< net10) (>= netstandard1.0) (< netstandard2.0)) (&& (< net35) (>= net45) (>= netstandard1.3) (< netstandard1.5)) (&& (< net35) (>= net45) (>= netstandard1.5)) (&& (< net35) (< netstandard1.2) (>= netstandard1.4) (< win8)) (&& (< net35) (< netstandard1.2) (>= netstandard2.0) (< win8)) (&& (< net35) (< netstandard1.3) (>= netstandard1.4) (< win8) (< wpa81)) (&& (< net35) (< netstandard1.3) (>= netstandard2.0) (< win8) (< wpa81)) (&& (< net35) (>= netstandard1.4) (< netstandard1.5) (< win8) (< wpa81)) (&& (< net35) (>= netstandard1.4) (< portable-net45+win8+wpa81)) (&& (< net35) (< netstandard1.4) (>= netstandard2.0) (< win8) (< wpa81)) (&& (< net35) (>= netstandard1.5) (< netstandard1.6) (< win8) (< wpa81)) (&& (< net35) (< netstandard1.5) (>= netstandard2.0) (< win8) (< wpa81)) (&& (< net35) (>= netstandard1.6) (< netstandard2.0) (< win8) (< wpa81)) (&& (< net35) (< netstandard1.6) (>= netstandard2.0) (< win8) (< wpa81)) (&& (< net35) (>= netstandard2.0) (< portable-net45+win8+wpa81)) (>= netcoreapp1.0) (&& (< netstandard1.1) (>= uap10.0) (< win8)) (&& (< netstandard1.3) (>= uap10.0) (< win8) (< wpa81)) (&& (< netstandard1.5) (>= netstandard2.0) (>= uap10.0)) (&& (< netstandard1.5) (>= uap10.0) (< uap10.1)) (&& (< netstandard1.5) (>= uap10.0) (< win8) (< wpa81))
      Microsoft.NETCore.Platforms (>= 1.1.1) - restriction: || (&& (< monoandroid) (< monotouch) (< net45) (>= netstandard1.5) (< win8) (< wpa81) (< xamarinios) (< xamarinmac) (< xamarintvos) (< xamarinwatchos)) (&& (< monoandroid) (< net45) (>= netstandard1.0) (< netstandard1.2) (< win8) (< wp8)) (&& (< monoandroid) (< net45) (>= netstandard1.2) (< netstandard1.3) (< win8) (< wpa81)) (&& (< monoandroid) (< net45) (>= netstandard1.3) (< netstandard1.5) (< win8) (< wpa81))
      Microsoft.NETCore.Targets (>= 1.1.3) - restriction: || (&& (< monoandroid) (< monotouch) (< net45) (>= netstandard1.5) (< win8) (< wpa81) (< xamarinios) (< xamarinmac) (< xamarintvos) (< xamarinwatchos)) (&& (< monoandroid) (< net45) (>= netstandard1.0) (< netstandard1.2) (< win8) (< wp8)) (&& (< monoandroid) (< net45) (>= netstandard1.2) (< netstandard1.3) (< win8) (< wpa81)) (&& (< monoandroid) (< net45) (>= netstandard1.3) (< netstandard1.5) (< win8) (< wpa81))
    System.Runtime.CompilerServices.Unsafe (4.6) - restriction: || (&& (>= monoandroid) (>= netstandard1.5)) (&& (< monoandroid) (>= netstandard1.5) (< win8)) (&& (>= netcoreapp2.0) (< netcoreapp2.1)) (&& (< netcoreapp3.0) (>= netstandard2.1)) (>= netstandard1.0) (&& (>= netstandard1.5) (>= uap10.1)) (&& (>= netstandard1.5) (>= win8)) (&& (>= netstandard1.5) (>= wpa81)) (&& (>= netstandard2.0) (< netstandard2.1))
    System.Runtime.Extensions (4.3.1) - restriction: || (&& (< monoandroid) (< monotouch) (< net20) (>= netstandard1.3) (< netstandard2.0) (< xamarintvos) (< xamarinwatchos)) (&& (< monoandroid) (< monotouch) (< net20) (>= netstandard1.5) (< netstandard2.0) (< win8) (< wpa81) (< xamarintvos) (< xamarinwatchos)) (&& (< monoandroid) (< monotouch) (< net40) (>= netstandard1.3) (< netstandard2.0) (< win8) (< wpa81) (< xamarintvos) (< xamarinwatchos)) (&& (< monoandroid) (< monotouch) (< net45) (< netcoreapp1.1) (>= netstandard1.6) (< win81) (< wpa81) (< xamarinios) (< xamarinmac) (< xamarintvos) (< xamarinwatchos)) (&& (< monoandroid) (< monotouch) (< net45) (>= netstandard1.5) (< netstandard2.0) (< win8) (< wpa81) (< xamarintvos) (< xamarinwatchos)) (&& (< monoandroid) (< monotouch) (< net451) (>= netstandard1.2) (< win81) (< wpa81) (< xamarinios) (< xamarinmac) (< xamarintvos) (< xamarinwatchos)) (&& (< monoandroid) (< net20) (>= netstandard1.0) (< netstandard1.3) (< win8) (< wp8) (< wpa81)) (&& (< monoandroid) (< net20) (>= netstandard1.3) (< netstandard1.5) (< win8) (< wpa81)) (&& (< monoandroid) (< net20) (< netstandard1.3) (>= netstandard1.5) (< win8) (< wpa81)) (&& (< monoandroid) (< net35) (< netstandard1.2) (>= netstandard1.6) (< win8)) (&& (< monoandroid) (< net35) (< netstandard1.3) (>= netstandard1.6) (< win8) (< wpa81)) (&& (< monoandroid) (< net35) (< netstandard1.5) (>= netstandard1.6) (< win8) (< wpa81)) (&& (< monoandroid) (< net35) (>= netstandard2.0) (< xamarinios) (< xamarinmac)) (&& (< monoandroid) (< net40) (>= netstandard2.0) (< win8) (< wpa81) (< xamarinios) (< xamarinmac)) (&& (< net35) (>= net45) (>= netstandard1.3) (< netstandard1.5)) (&& (< net35) (>= net45) (>= netstandard1.5)) (&& (< net35) (>= net46) (< netstandard1.4) (>= netstandard2.0)) (&& (< net35) (< netstandard1.2) (>= netstandard1.4) (< win8)) (&& (< net35) (< netstandard1.2) (>= netstandard2.0) (< win8)) (&& (< net35) (< netstandard1.3) (>= netstandard1.4) (< win8) (< wpa81)) (&& (< net35) (< netstandard1.3) (>= netstandard2.0) (< win8) (< wpa81)) (&& (< net35) (>= netstandard1.4) (< netstandard1.5) (< win8) (< wpa81)) (&& (< net35) (>= netstandard1.4) (< portable-net45+win8+wpa81)) (&& (< net35) (< netstandard1.4) (>= netstandard2.0) (< win8) (< wpa81)) (&& (< net35) (>= netstandard1.5) (< netstandard1.6) (< win8) (< wpa81)) (&& (< net35) (< netstandard1.5) (>= netstandard2.0) (< win8) (< wpa81)) (&& (< net35) (>= netstandard1.6) (< netstandard2.0) (< win8) (< wpa81)) (&& (< net35) (>= netstandard1.6) (< portable-net45+win8+wpa81)) (&& (< net35) (< netstandard1.6) (>= netstandard2.0) (< win8) (< wpa81)) (&& (< net35) (>= netstandard2.0) (< portable-net45+win8+wpa81)) (&& (< net45) (>= netstandard1.3) (< netstandard2.0)) (&& (< net45) (>= netstandard2.0)) (>= netcoreapp1.0) (&& (< netstandard1.5) (>= netstandard1.6) (>= uap10.0)) (&& (< netstandard1.5) (>= netstandard2.0) (>= uap10.0)) (&& (< netstandard1.5) (>= uap10.0) (< uap10.1)) (&& (< netstandard1.5) (>= uap10.0) (< win8) (< wpa81))
      Microsoft.NETCore.Platforms (>= 1.1.1) - restriction: || (&& (< monoandroid) (< monotouch) (< net45) (>= netstandard1.5) (< win8) (< wpa81) (< xamarinios) (< xamarinmac) (< xamarintvos) (< xamarinwatchos)) (&& (< monoandroid) (< net45) (>= netstandard1.0) (< netstandard1.3) (< win8) (< wp8) (< wpa81)) (&& (< monoandroid) (< net45) (>= netstandard1.3) (< netstandard1.5) (< win8) (< wpa81))
      Microsoft.NETCore.Targets (>= 1.1.3) - restriction: || (&& (< monoandroid) (< monotouch) (< net45) (>= netstandard1.5) (< win8) (< wpa81) (< xamarinios) (< xamarinmac) (< xamarintvos) (< xamarinwatchos)) (&& (< monoandroid) (< net45) (>= netstandard1.0) (< netstandard1.3) (< win8) (< wp8) (< wpa81)) (&& (< monoandroid) (< net45) (>= netstandard1.3) (< netstandard1.5) (< win8) (< wpa81))
      System.Runtime (>= 4.3.1) - restriction: || (&& (< monoandroid) (< monotouch) (< net45) (>= netstandard1.5) (< win8) (< wpa81) (< xamarinios) (< xamarinmac) (< xamarintvos) (< xamarinwatchos)) (&& (< monoandroid) (< net45) (>= netstandard1.0) (< netstandard1.3) (< win8) (< wp8) (< wpa81)) (&& (< monoandroid) (< net45) (>= netstandard1.3) (< netstandard1.5) (< win8) (< wpa81))
    System.Runtime.Handles (4.3) - restriction: || (&& (< monoandroid) (< monotouch) (< net45) (>= netstandard1.5) (< netstandard2.0) (< win8) (< wpa81) (< xamarintvos) (< xamarinwatchos)) (&& (< monoandroid) (< net35) (< netstandard1.2) (>= netstandard1.4) (< win8)) (&& (< monoandroid) (< net35) (< netstandard1.2) (>= netstandard1.6) (< win8)) (&& (< monoandroid) (< net35) (< netstandard1.2) (>= netstandard2.0) (< win8)) (&& (< monoandroid) (< net35) (< netstandard1.3) (>= netstandard1.4) (< win8) (< wpa81)) (&& (< monoandroid) (< net35) (< netstandard1.3) (>= netstandard1.6) (< win8) (< wpa81)) (&& (< monoandroid) (< net35) (< netstandard1.3) (>= netstandard2.0) (< win8) (< wpa81)) (&& (< monoandroid) (< net35) (< netstandard1.5) (>= netstandard1.6) (< win8) (< wpa81)) (&& (< monoandroid) (< net45) (>= netstandard1.3) (< netstandard1.5) (< win8) (< wpa81)) (&& (< monoandroid) (< net45) (< netstandard1.5) (>= netstandard2.0) (< win8) (< wpa81)) (&& (< monoandroid) (< net45) (>= netstandard2.0) (< win8) (< wpa81) (< xamarinios) (< xamarinmac)) (&& (< net35) (>= net46) (< netstandard1.4) (>= netstandard2.0)) (&& (< net35) (>= netstandard1.4) (< netstandard1.5) (< win8) (< wpa81)) (&& (< net35) (< netstandard1.4) (>= netstandard2.0) (< win8) (< wpa81)) (&& (< net35) (>= netstandard1.5) (< netstandard1.6) (< win8) (< wpa81)) (&& (< net35) (< netstandard1.5) (>= netstandard2.0) (< win8) (< wpa81)) (&& (< net35) (>= netstandard1.6) (< netstandard2.0) (< win8) (< wpa81)) (&& (< net35) (< netstandard1.6) (>= netstandard2.0) (< win8) (< wpa81)) (>= netcoreapp1.0) (&& (>= netcoreapp1.1) (>= netstandard2.0)) (&& (>= netcoreapp1.1) (< netstandard2.0)) (&& (< netstandard1.5) (>= netstandard1.6) (>= uap10.0)) (&& (< netstandard1.5) (>= netstandard2.0) (>= uap10.0)) (&& (< netstandard1.5) (>= uap10.0) (< uap10.1)) (&& (< netstandard1.5) (>= uap10.0) (< win8) (< wpa81))
      Microsoft.NETCore.Platforms (>= 1.1) - restriction: && (< monoandroid) (< monotouch) (< net46) (>= netstandard1.3) (< xamarinios) (< xamarinmac) (< xamarintvos) (< xamarinwatchos)
      Microsoft.NETCore.Targets (>= 1.1) - restriction: && (< monoandroid) (< monotouch) (< net46) (>= netstandard1.3) (< xamarinios) (< xamarinmac) (< xamarintvos) (< xamarinwatchos)
      System.Runtime (>= 4.3) - restriction: && (< monoandroid) (< monotouch) (< net46) (>= netstandard1.3) (< xamarinios) (< xamarinmac) (< xamarintvos) (< xamarinwatchos)
    System.Runtime.InteropServices (4.3) - restriction: || (&& (< monoandroid) (< monotouch) (< net45) (>= netstandard1.5) (< netstandard2.0) (< win8) (< wpa81) (< xamarintvos) (< xamarinwatchos)) (&& (< monoandroid) (< monotouch) (< net45) (>= netstandard1.6) (< netstandard2.0) (< win8) (< wpa81) (< xamarintvos) (< xamarinwatchos)) (&& (< monoandroid) (< net35) (< netstandard1.2) (>= netstandard1.6) (< win8)) (&& (< monoandroid) (< net35) (< netstandard1.3) (>= netstandard1.6) (< win8) (< wpa81)) (&& (< monoandroid) (< net35) (< netstandard1.5) (>= netstandard1.6) (< win8) (< wpa81)) (&& (< monoandroid) (< net35) (>= netstandard2.0) (< xamarinios) (< xamarinmac)) (&& (< net35) (>= net45) (>= netstandard1.3) (< netstandard1.5)) (&& (< net35) (>= net45) (>= netstandard1.5)) (&& (< net35) (>= net46) (< netstandard1.4) (>= netstandard2.0)) (&& (< net35) (< netstandard1.2) (>= netstandard1.4) (< win8)) (&& (< net35) (< netstandard1.2) (>= netstandard2.0) (< win8)) (&& (< net35) (< netstandard1.3) (>= netstandard1.4) (< win8) (< wpa81)) (&& (< net35) (< netstandard1.3) (>= netstandard2.0) (< win8) (< wpa81)) (&& (< net35) (>= netstandard1.4) (< netstandard1.5) (< win8) (< wpa81)) (&& (< net35) (< netstandard1.4) (>= netstandard2.0) (< win8) (< wpa81)) (&& (< net35) (>= netstandard1.5) (< netstandard1.6) (< win8) (< wpa81)) (&& (< net35) (< netstandard1.5) (>= netstandard2.0) (< win8) (< wpa81)) (&& (< net35) (>= netstandard1.6) (< netstandard2.0) (< win8) (< wpa81)) (&& (< net35) (< netstandard1.6) (>= netstandard2.0) (< win8) (< wpa81)) (&& (< net45) (>= netstandard1.3) (< netstandard2.0)) (&& (< net45) (>= netstandard2.0)) (>= netcoreapp1.0) (&& (< netstandard1.5) (>= netstandard1.6) (>= uap10.0)) (&& (< netstandard1.5) (>= netstandard2.0) (>= uap10.0)) (&& (< netstandard1.5) (>= uap10.0) (< uap10.1)) (&& (< netstandard1.5) (>= uap10.0) (< win8) (< wpa81))
      Microsoft.NETCore.Platforms (>= 1.1) - restriction: || (&& (< monoandroid) (< monotouch) (< net45) (>= netstandard1.5) (< win8) (< wpa81) (< xamarinios) (< xamarinmac) (< xamarintvos) (< xamarinwatchos)) (&& (< monoandroid) (< net45) (>= netstandard1.1) (< netstandard1.2) (< win8)) (&& (< monoandroid) (< net45) (>= netstandard1.2) (< netstandard1.3) (< win8) (< wpa81)) (&& (< monoandroid) (< net45) (>= netstandard1.3) (< netstandard1.5) (< win8) (< wpa81)) (>= netcoreapp1.1)
      Microsoft.NETCore.Targets (>= 1.1) - restriction: || (&& (< monoandroid) (< monotouch) (< net45) (>= netstandard1.5) (< win8) (< wpa81) (< xamarinios) (< xamarinmac) (< xamarintvos) (< xamarinwatchos)) (&& (< monoandroid) (< net45) (>= netstandard1.1) (< netstandard1.2) (< win8)) (&& (< monoandroid) (< net45) (>= netstandard1.2) (< netstandard1.3) (< win8) (< wpa81)) (&& (< monoandroid) (< net45) (>= netstandard1.3) (< netstandard1.5) (< win8) (< wpa81)) (>= netcoreapp1.1)
      System.Reflection (>= 4.3) - restriction: || (&& (< monoandroid) (< monotouch) (< net45) (>= netstandard1.5) (< win8) (< wpa81) (< xamarinios) (< xamarinmac) (< xamarintvos) (< xamarinwatchos)) (&& (< monoandroid) (< net45) (>= netstandard1.1) (< netstandard1.2) (< win8)) (&& (< monoandroid) (< net45) (>= netstandard1.2) (< netstandard1.3) (< win8) (< wpa81)) (&& (< monoandroid) (< net45) (>= netstandard1.3) (< netstandard1.5) (< win8) (< wpa81)) (>= netcoreapp1.1)
      System.Reflection.Primitives (>= 4.3) - restriction: || (&& (< monoandroid) (< monotouch) (< net45) (>= netstandard1.5) (< win8) (< wpa81) (< xamarinios) (< xamarinmac) (< xamarintvos) (< xamarinwatchos)) (&& (< monoandroid) (< net45) (>= netstandard1.1) (< netstandard1.2) (< win8)) (&& (< monoandroid) (< net45) (>= netstandard1.2) (< netstandard1.3) (< win8) (< wpa81)) (&& (< monoandroid) (< net45) (>= netstandard1.3) (< netstandard1.5) (< win8) (< wpa81)) (>= netcoreapp1.1)
      System.Runtime (>= 4.3) - restriction: || (&& (< monoandroid) (< monotouch) (< net45) (>= netstandard1.5) (< win8) (< wpa81) (< xamarinios) (< xamarinmac) (< xamarintvos) (< xamarinwatchos)) (&& (< monoandroid) (< net45) (>= netstandard1.1) (< netstandard1.2) (< win8)) (&& (< monoandroid) (< net45) (>= netstandard1.2) (< netstandard1.3) (< win8) (< wpa81)) (&& (< monoandroid) (< net45) (>= netstandard1.3) (< netstandard1.5) (< win8) (< wpa81)) (>= net462) (>= netcoreapp1.1)
      System.Runtime.Handles (>= 4.3) - restriction: || (&& (< monoandroid) (< monotouch) (< net45) (>= netstandard1.5) (< win8) (< wpa81) (< xamarinios) (< xamarinmac) (< xamarintvos) (< xamarinwatchos)) (&& (< monoandroid) (< net45) (>= netstandard1.3) (< netstandard1.5) (< win8) (< wpa81)) (>= netcoreapp1.1)
    System.Runtime.InteropServices.RuntimeInformation (4.3) - restriction: || (&& (< net35) (>= net45) (< netstandard1.3) (>= netstandard1.4)) (&& (< net35) (>= net45) (< netstandard1.3) (>= netstandard2.0)) (&& (< net35) (>= net46) (< netstandard1.4) (>= netstandard2.0)) (&& (< net35) (< netstandard1.0) (>= netstandard1.4) (< portable-net45+win8)) (&& (< net35) (< netstandard1.0) (>= netstandard1.4) (< win8)) (&& (< net35) (< netstandard1.0) (>= netstandard2.0) (< portable-net45+win8)) (&& (< net35) (< netstandard1.0) (>= netstandard2.0) (< win8)) (&& (< net35) (< netstandard1.2) (>= netstandard1.4) (< win8)) (&& (< net35) (< netstandard1.2) (>= netstandard2.0) (< win8)) (&& (< net35) (< netstandard1.3) (>= netstandard1.4) (< win8) (< wpa81)) (&& (< net35) (< netstandard1.3) (>= netstandard2.0) (< win8) (< wpa81)) (&& (< net35) (>= netstandard1.4) (< netstandard1.5) (< win8) (< wpa81)) (&& (< net35) (< netstandard1.4) (>= netstandard2.0) (< win8) (< wpa81)) (&& (< net35) (>= netstandard1.5) (< netstandard1.6) (< win8) (< wpa81)) (&& (< net35) (< netstandard1.5) (>= netstandard2.0) (< win8) (< wpa81)) (&& (< net35) (>= netstandard1.6) (< netstandard2.0) (< win8) (< wpa81)) (&& (< net35) (< netstandard1.6) (>= netstandard2.0) (< win8) (< wpa81)) (&& (< net45) (>= netstandard1.3) (< netstandard2.0)) (&& (< net45) (>= netstandard2.0)) (>= netcoreapp1.0) (&& (< netstandard1.0) (>= netstandard1.4) (>= win8)) (&& (< netstandard1.0) (>= netstandard2.0) (>= win8)) (&& (< netstandard1.3) (>= netstandard1.4) (< win8) (>= wpa81)) (&& (< netstandard1.3) (>= netstandard2.0) (< win8) (>= wpa81)) (&& (< netstandard1.5) (>= netstandard2.0) (>= uap10.0)) (&& (< netstandard1.5) (>= uap10.0) (< uap10.1))
      runtime.native.System (>= 4.3) - restriction: && (< monoandroid) (< monotouch) (< net45) (>= netstandard1.1) (< win8) (< wpa81) (< xamarinios) (< xamarinmac) (< xamarintvos) (< xamarinwatchos)
      System.Reflection (>= 4.3) - restriction: && (< monoandroid) (< monotouch) (< net45) (>= netstandard1.1) (< win8) (< wpa81) (< xamarinios) (< xamarinmac) (< xamarintvos) (< xamarinwatchos)
      System.Reflection.Extensions (>= 4.3) - restriction: && (< monoandroid) (< monotouch) (< net45) (>= netstandard1.1) (< win8) (< wpa81) (< xamarinios) (< xamarinmac) (< xamarintvos) (< xamarinwatchos)
      System.Resources.ResourceManager (>= 4.3) - restriction: && (< monoandroid) (< monotouch) (< net45) (>= netstandard1.1) (< win8) (< wpa81) (< xamarinios) (< xamarinmac) (< xamarintvos) (< xamarinwatchos)
      System.Runtime (>= 4.3) - restriction: && (< monoandroid) (< monotouch) (< net45) (>= netstandard1.1) (< win8) (< wpa81) (< xamarinios) (< xamarinmac) (< xamarintvos) (< xamarinwatchos)
      System.Runtime.InteropServices (>= 4.3) - restriction: && (< monoandroid) (< monotouch) (< net45) (>= netstandard1.1) (< win8) (< wpa81) (< xamarinios) (< xamarinmac) (< xamarintvos) (< xamarinwatchos)
      System.Threading (>= 4.3) - restriction: && (< monoandroid) (< monotouch) (< net45) (>= netstandard1.1) (< win8) (< wpa81) (< xamarinios) (< xamarinmac) (< xamarintvos) (< xamarinwatchos)
    System.Runtime.InteropServices.WindowsRuntime (4.3) - restriction: && (< net46) (< netcoreapp3.0) (>= netstandard2.0) (< uap10.0)
      System.Runtime (>= 4.3) - restriction: && (< monoandroid) (< monotouch) (< net45) (>= netstandard1.0) (< win8) (< wp8) (< wpa81) (< xamarinios) (< xamarinmac) (< xamarintvos) (< xamarinwatchos)
    System.Runtime.Loader (4.3) - restriction: && (< net45) (>= netstandard1.5) (< netstandard2.0)
      System.IO (>= 4.3) - restriction: && (< monoandroid) (< monotouch) (< net462) (>= netstandard1.5) (< xamarinios) (< xamarinmac) (< xamarintvos) (< xamarinwatchos)
      System.Reflection (>= 4.3) - restriction: && (< monoandroid) (< monotouch) (< net462) (>= netstandard1.5) (< xamarinios) (< xamarinmac) (< xamarintvos) (< xamarinwatchos)
      System.Runtime (>= 4.3) - restriction: && (< monoandroid) (< monotouch) (< net462) (>= netstandard1.5) (< xamarinios) (< xamarinmac) (< xamarintvos) (< xamarinwatchos)
    System.Runtime.Numerics (4.3) - restriction: || (&& (< monoandroid) (< net35) (< netstandard1.5) (>= netstandard1.6) (< win8) (< wpa81)) (&& (< net35) (>= net46) (< netstandard1.4) (>= netstandard2.0)) (&& (< net35) (< netstandard1.2) (>= netstandard1.4) (< win8)) (&& (< net35) (< netstandard1.2) (>= netstandard2.0) (< win8)) (&& (< net35) (< netstandard1.3) (>= netstandard1.4) (< win8) (< wpa81)) (&& (< net35) (< netstandard1.3) (>= netstandard2.0) (< win8) (< wpa81)) (&& (< net35) (>= netstandard1.4) (< netstandard1.5) (< win8) (< wpa81)) (&& (< net35) (< netstandard1.4) (>= netstandard2.0) (< win8) (< wpa81)) (&& (< net35) (>= netstandard1.5) (< netstandard1.6) (< win8) (< wpa81)) (&& (< net35) (< netstandard1.5) (>= netstandard2.0) (< win8) (< wpa81)) (&& (< net35) (>= netstandard1.6) (< netstandard2.0) (< win8) (< wpa81)) (&& (< net35) (< netstandard1.6) (>= netstandard2.0) (< win8) (< wpa81)) (&& (< netstandard1.5) (>= netstandard1.6) (>= uap10.0)) (&& (< netstandard1.5) (>= netstandard2.0) (>= uap10.0)) (&& (< netstandard1.5) (>= uap10.0) (< uap10.1))
      System.Globalization (>= 4.3) - restriction: && (< monoandroid) (< monotouch) (< net45) (>= netstandard1.3) (< win8) (< wpa81) (< xamarinios) (< xamarinmac) (< xamarintvos) (< xamarinwatchos)
      System.Resources.ResourceManager (>= 4.3) - restriction: && (< monoandroid) (< monotouch) (< net45) (>= netstandard1.3) (< win8) (< wpa81) (< xamarinios) (< xamarinmac) (< xamarintvos) (< xamarinwatchos)
      System.Runtime (>= 4.3) - restriction: || (&& (< monoandroid) (< monotouch) (< net45) (>= netstandard1.3) (< win8) (< wpa81) (< xamarinios) (< xamarinmac) (< xamarintvos) (< xamarinwatchos)) (&& (< monoandroid) (< net45) (>= netstandard1.1) (< netstandard1.3) (< win8) (< wpa81))
      System.Runtime.Extensions (>= 4.3) - restriction: && (< monoandroid) (< monotouch) (< net45) (>= netstandard1.3) (< win8) (< wpa81) (< xamarinios) (< xamarinmac) (< xamarintvos) (< xamarinwatchos)
    System.Runtime.Serialization.Formatters (4.3) - restriction: && (< net20) (>= netstandard1.3) (< netstandard2.0)
      System.Collections (>= 4.3) - restriction: && (< monoandroid) (< monotouch) (< net46) (>= netstandard1.4) (< xamarinios) (< xamarinmac) (< xamarintvos) (< xamarinwatchos)
      System.Reflection (>= 4.3) - restriction: && (< monoandroid) (< monotouch) (< net46) (>= netstandard1.4) (< xamarinios) (< xamarinmac) (< xamarintvos) (< xamarinwatchos)
      System.Resources.ResourceManager (>= 4.3) - restriction: && (< monoandroid) (< monotouch) (< net46) (>= netstandard1.4) (< xamarinios) (< xamarinmac) (< xamarintvos) (< xamarinwatchos)
      System.Runtime (>= 4.3) - restriction: || (&& (< monoandroid) (< monotouch) (< net46) (>= netstandard1.4) (< xamarinios) (< xamarinmac) (< xamarintvos) (< xamarinwatchos)) (&& (< monoandroid) (< net46) (>= netstandard1.3) (< netstandard1.4))
      System.Runtime.Serialization.Primitives (>= 4.3) - restriction: || (&& (< monoandroid) (< monotouch) (>= netstandard1.4) (< xamarinios) (< xamarinmac) (< xamarintvos) (< xamarinwatchos)) (&& (< monoandroid) (>= netstandard1.3) (< netstandard1.4)) (>= net46)
    System.Runtime.Serialization.Primitives (4.3) - restriction: || (&& (< monoandroid) (< monotouch) (< net20) (>= netstandard1.4) (< netstandard2.0) (< xamarintvos) (< xamarinwatchos)) (&& (< monoandroid) (< net20) (>= netstandard1.3) (< netstandard1.4)) (&& (< net20) (>= net46) (< netstandard2.0)) (&& (< net20) (>= netstandard1.0) (< netstandard1.3)) (&& (< net20) (>= netstandard1.3) (< netstandard2.0)) (&& (< net45) (>= netstandard1.6) (< netstandard2.0)) (&& (< net45) (>= netstandard2.0))
      System.Resources.ResourceManager (>= 4.3) - restriction: && (< monoandroid) (< monotouch) (< net45) (>= netstandard1.3) (< win8) (< wpa81) (< xamarinios) (< xamarinmac) (< xamarintvos) (< xamarinwatchos)
      System.Runtime (>= 4.3) - restriction: || (&& (< monoandroid) (< monotouch) (< net45) (>= netstandard1.3) (< win8) (< wpa81) (< xamarinios) (< xamarinmac) (< xamarintvos) (< xamarinwatchos)) (&& (< monoandroid) (< net45) (>= netstandard1.0) (< netstandard1.3) (< win8) (< wp8) (< wpa81))
    System.Security.AccessControl (4.6) - restriction: || (&& (>= monoandroid) (>= netcoreapp1.0) (< netstandard2.0)) (&& (>= monotouch) (>= netcoreapp1.0)) (&& (>= net461) (>= netcoreapp1.0)) (&& (>= netcoreapp1.0) (>= netstandard2.0)) (&& (>= netcoreapp1.0) (>= xamarinios)) (&& (>= netcoreapp1.0) (>= xamarinmac)) (&& (>= netcoreapp1.0) (>= xamarintvos)) (&& (>= netcoreapp1.0) (>= xamarinwatchos)) (>= netcoreapp2.0)
      Microsoft.NETCore.Platforms (>= 3.0) - restriction: >= netcoreapp2.0
      System.Security.Principal.Windows (>= 4.6) - restriction: || (&& (>= net46) (< netstandard2.0)) (&& (< net46) (>= netstandard1.3) (< netstandard2.0) (< uap10.1)) (&& (< net46) (>= netstandard2.0)) (>= net461) (>= netcoreapp2.0)
    System.Security.Cryptography.Algorithms (4.3.1) - restriction: || (&& (< monoandroid) (< net35) (< netstandard1.2) (>= netstandard1.6) (< win8)) (&& (< monoandroid) (< net35) (< netstandard1.2) (>= netstandard2.0) (< win8)) (&& (< monoandroid) (< net35) (< netstandard1.3) (>= netstandard1.6) (< win8) (< wpa81)) (&& (< monoandroid) (< net35) (< netstandard1.3) (>= netstandard2.0) (< win8) (< wpa81)) (&& (< monoandroid) (< net35) (< netstandard1.4) (>= netstandard1.5) (< win8) (< wpa81)) (&& (< monoandroid) (< net35) (< netstandard1.4) (>= netstandard1.6) (< win8) (< wpa81)) (&& (< monoandroid) (< net35) (< netstandard1.5) (>= netstandard1.6) (< win8) (< wpa81)) (&& (< net35) (>= net46) (< netstandard1.4) (>= netstandard1.5)) (&& (< net35) (>= net46) (< netstandard1.4) (>= netstandard1.6)) (&& (< net35) (>= net46) (< netstandard1.4) (>= netstandard2.0)) (&& (< net35) (>= net461) (< netstandard1.4) (>= netstandard2.0)) (&& (< net35) (>= net461) (>= netstandard1.5) (< netstandard1.6)) (&& (< net35) (>= net461) (< netstandard1.5)) (&& (< net35) (>= net461) (>= netstandard1.6) (< netstandard2.0)) (&& (< net35) (>= net461) (< netstandard1.6) (>= netstandard2.0)) (&& (< net35) (>= netstandard1.4) (< netstandard1.5) (< win8) (< wpa81)) (&& (< net35) (< netstandard1.4) (>= netstandard2.0) (< win8) (< wpa81)) (&& (< net35) (>= netstandard1.5) (< netstandard1.6) (< win8) (< wpa81)) (&& (< net35) (< netstandard1.5) (>= netstandard2.0) (< win8) (< wpa81)) (&& (< net35) (>= netstandard1.6) (< netstandard2.0) (< win8) (< wpa81)) (&& (< net35) (< netstandard1.6) (>= netstandard2.0) (< win8) (< wpa81)) (&& (>= net461) (< netstandard1.5) (>= uap10.0)) (&& (< netstandard1.4) (>= uap10.0)) (&& (< netstandard1.5) (>= netstandard1.6) (>= uap10.0)) (&& (< netstandard1.5) (>= netstandard2.0) (>= uap10.0)) (&& (< netstandard1.5) (>= uap10.0) (< uap10.1))
      Microsoft.NETCore.Platforms (>= 1.1) - restriction: && (< monoandroid) (< monotouch) (< net46) (>= netstandard1.6) (< xamarinios) (< xamarinmac) (< xamarintvos) (< xamarinwatchos)
      runtime.native.System.Security.Cryptography.Apple (>= 4.3.1) - restriction: && (< monoandroid) (< monotouch) (< net46) (>= netstandard1.6) (< xamarinios) (< xamarinmac) (< xamarintvos) (< xamarinwatchos)
      runtime.native.System.Security.Cryptography.OpenSsl (>= 4.3.2) - restriction: && (< monoandroid) (< monotouch) (< net46) (>= netstandard1.6) (< xamarinios) (< xamarinmac) (< xamarintvos) (< xamarinwatchos)
      System.Collections (>= 4.3) - restriction: && (< monoandroid) (< monotouch) (< net46) (>= netstandard1.6) (< xamarinios) (< xamarinmac) (< xamarintvos) (< xamarinwatchos)
      System.IO (>= 4.3) - restriction: || (&& (< monoandroid) (< monotouch) (< net46) (>= netstandard1.6) (< xamarinios) (< xamarinmac) (< xamarintvos) (< xamarinwatchos)) (&& (< monoandroid) (< net46) (>= netstandard1.3) (< netstandard1.4)) (&& (< monoandroid) (< net46) (>= netstandard1.4) (< netstandard1.6)) (>= net463)
      System.Resources.ResourceManager (>= 4.3) - restriction: && (< monoandroid) (< monotouch) (< net46) (>= netstandard1.6) (< xamarinios) (< xamarinmac) (< xamarintvos) (< xamarinwatchos)
      System.Runtime (>= 4.3) - restriction: || (&& (< monoandroid) (< monotouch) (< net46) (>= netstandard1.6) (< xamarinios) (< xamarinmac) (< xamarintvos) (< xamarinwatchos)) (&& (< monoandroid) (< net46) (>= netstandard1.3) (< netstandard1.4)) (&& (< monoandroid) (< net46) (>= netstandard1.4) (< netstandard1.6)) (>= net463)
      System.Runtime.Extensions (>= 4.3) - restriction: && (< monoandroid) (< monotouch) (< net46) (>= netstandard1.6) (< xamarinios) (< xamarinmac) (< xamarintvos) (< xamarinwatchos)
      System.Runtime.Handles (>= 4.3) - restriction: && (< monoandroid) (< monotouch) (< net46) (>= netstandard1.6) (< xamarinios) (< xamarinmac) (< xamarintvos) (< xamarinwatchos)
      System.Runtime.InteropServices (>= 4.3) - restriction: && (< monoandroid) (< monotouch) (< net46) (>= netstandard1.6) (< xamarinios) (< xamarinmac) (< xamarintvos) (< xamarinwatchos)
      System.Runtime.Numerics (>= 4.3) - restriction: && (< monoandroid) (< monotouch) (< net46) (>= netstandard1.6) (< xamarinios) (< xamarinmac) (< xamarintvos) (< xamarinwatchos)
      System.Security.Cryptography.Encoding (>= 4.3) - restriction: || (&& (< monoandroid) (< monotouch) (< net46) (>= netstandard1.6) (< xamarinios) (< xamarinmac) (< xamarintvos) (< xamarinwatchos)) (>= net463)
      System.Security.Cryptography.Primitives (>= 4.3) - restriction: || (&& (< monoandroid) (< monotouch) (< net46) (>= netstandard1.6) (< xamarinios) (< xamarinmac) (< xamarintvos) (< xamarinwatchos)) (&& (< monoandroid) (< net46) (>= netstandard1.3) (< netstandard1.4)) (&& (< monoandroid) (< net46) (>= netstandard1.4) (< netstandard1.6)) (&& (>= net46) (< netstandard1.4)) (&& (>= net461) (< netstandard1.6)) (>= net463)
      System.Text.Encoding (>= 4.3) - restriction: && (< monoandroid) (< monotouch) (< net46) (>= netstandard1.6) (< xamarinios) (< xamarinmac) (< xamarintvos) (< xamarinwatchos)
    System.Security.Cryptography.Cng (4.6.1) - restriction: || (&& (< monoandroid) (< monotouch) (< net35) (>= netstandard1.6) (< netstandard2.0) (< win8) (< wpa81) (< xamarintvos) (< xamarinwatchos)) (&& (< monoandroid) (< net35) (< netstandard1.4) (>= netstandard2.0) (< win8) (< wpa81)) (&& (< monoandroid) (< net35) (< netstandard1.5) (>= netstandard1.6) (< win8) (< wpa81)) (&& (< monoandroid) (< net35) (< netstandard1.5) (>= netstandard2.0) (< win8) (< wpa81)) (&& (< monoandroid) (< net35) (< netstandard1.6) (>= netstandard2.0) (< win8) (< wpa81)) (&& (< net35) (>= net46) (< netstandard1.4) (>= netstandard2.0)) (&& (< netstandard1.5) (>= netstandard1.6) (>= uap10.0)) (&& (< netstandard1.5) (>= netstandard2.0) (>= uap10.0))
      System.IO (>= 4.3) - restriction: || (&& (< monoandroid) (< monotouch) (< net46) (>= netstandard1.6) (< netstandard2.0) (< xamarintvos) (< xamarinwatchos)) (&& (< monoandroid) (< net46) (>= netstandard1.3) (< netstandard1.4)) (&& (< monoandroid) (< net46) (>= netstandard1.4) (< netstandard1.6) (< uap10.1))
      System.Resources.ResourceManager (>= 4.3) - restriction: || (&& (< monoandroid) (< monotouch) (< net46) (>= netstandard1.6) (< netstandard2.0) (< xamarintvos) (< xamarinwatchos)) (&& (< monoandroid) (< net46) (>= netstandard1.3) (< netstandard1.4)) (&& (< monoandroid) (< net46) (>= netstandard1.4) (< netstandard1.6) (< uap10.1))
      System.Runtime (>= 4.3) - restriction: || (&& (< monoandroid) (< monotouch) (< net46) (>= netstandard1.6) (< netstandard2.0) (< xamarintvos) (< xamarinwatchos)) (&& (< monoandroid) (< net46) (>= netstandard1.3) (< netstandard1.4)) (&& (< monoandroid) (< net46) (>= netstandard1.4) (< netstandard1.6) (< uap10.1))
      System.Runtime.Extensions (>= 4.3) - restriction: || (&& (< monoandroid) (< monotouch) (< net46) (>= netstandard1.6) (< netstandard2.0) (< xamarintvos) (< xamarinwatchos)) (&& (< monoandroid) (< net46) (>= netstandard1.4) (< netstandard1.6) (< uap10.1))
      System.Runtime.Handles (>= 4.3) - restriction: || (&& (< monoandroid) (< monotouch) (< net46) (>= netstandard1.6) (< netstandard2.0) (< xamarintvos) (< xamarinwatchos)) (&& (< monoandroid) (< net46) (>= netstandard1.3) (< netstandard1.4)) (&& (< monoandroid) (< net46) (>= netstandard1.4) (< netstandard1.6) (< uap10.1))
      System.Runtime.InteropServices (>= 4.3) - restriction: || (&& (< monoandroid) (< monotouch) (< net46) (>= netstandard1.6) (< netstandard2.0) (< xamarintvos) (< xamarinwatchos)) (&& (< monoandroid) (< net46) (>= netstandard1.3) (< netstandard1.4)) (&& (< monoandroid) (< net46) (>= netstandard1.4) (< netstandard1.6) (< uap10.1))
      System.Security.Cryptography.Algorithms (>= 4.3) - restriction: || (&& (< monoandroid) (< monotouch) (< net46) (>= netstandard1.6) (< netstandard2.0) (< xamarintvos) (< xamarinwatchos)) (&& (< monoandroid) (< net46) (>= netstandard1.3) (< netstandard1.4)) (&& (< monoandroid) (< net46) (>= netstandard1.4) (< netstandard1.6) (< uap10.1)) (&& (>= net46) (< netstandard1.4))
      System.Security.Cryptography.Encoding (>= 4.3) - restriction: || (&& (< monoandroid) (< monotouch) (< net46) (>= netstandard1.6) (< netstandard2.0) (< xamarintvos) (< xamarinwatchos)) (&& (< monoandroid) (< net46) (>= netstandard1.4) (< netstandard1.6) (< uap10.1))
      System.Security.Cryptography.Primitives (>= 4.3) - restriction: || (&& (< monoandroid) (< monotouch) (< net46) (>= netstandard1.6) (< netstandard2.0) (< xamarintvos) (< xamarinwatchos)) (&& (< monoandroid) (< net46) (>= netstandard1.3) (< netstandard1.4)) (&& (< monoandroid) (< net46) (>= netstandard1.4) (< netstandard1.6) (< uap10.1)) (&& (>= net46) (< netstandard1.4))
      System.Text.Encoding (>= 4.3) - restriction: || (&& (< monoandroid) (< monotouch) (< net46) (>= netstandard1.6) (< netstandard2.0) (< xamarintvos) (< xamarinwatchos)) (&& (< monoandroid) (< net46) (>= netstandard1.4) (< netstandard1.6) (< uap10.1))
    System.Security.Cryptography.Csp (4.3) - restriction: || (&& (< monoandroid) (< monotouch) (< net35) (>= netstandard1.6) (< netstandard2.0) (< win8) (< wpa81) (< xamarintvos) (< xamarinwatchos)) (&& (< monoandroid) (< net35) (< netstandard1.4) (>= netstandard2.0) (< win8) (< wpa81)) (&& (< monoandroid) (< net35) (< netstandard1.5) (>= netstandard1.6) (< win8) (< wpa81)) (&& (< monoandroid) (< net35) (< netstandard1.5) (>= netstandard2.0) (< win8) (< wpa81)) (&& (< monoandroid) (< net35) (< netstandard1.6) (>= netstandard2.0) (< win8) (< wpa81)) (&& (< net35) (>= net46) (< netstandard1.4) (>= netstandard2.0)) (&& (< netstandard1.5) (>= netstandard1.6) (>= uap10.0)) (&& (< netstandard1.5) (>= netstandard2.0) (>= uap10.0))
      Microsoft.NETCore.Platforms (>= 1.1) - restriction: && (< monoandroid) (< monotouch) (< net46) (>= netstandard1.3) (< xamarinios) (< xamarinmac) (< xamarintvos) (< xamarinwatchos)
      System.IO (>= 4.3) - restriction: && (< monoandroid) (< monotouch) (< net46) (>= netstandard1.3) (< xamarinios) (< xamarinmac) (< xamarintvos) (< xamarinwatchos)
      System.Reflection (>= 4.3) - restriction: && (< monoandroid) (< monotouch) (< net46) (>= netstandard1.3) (< xamarinios) (< xamarinmac) (< xamarintvos) (< xamarinwatchos)
      System.Resources.ResourceManager (>= 4.3) - restriction: && (< monoandroid) (< monotouch) (< net46) (>= netstandard1.3) (< xamarinios) (< xamarinmac) (< xamarintvos) (< xamarinwatchos)
      System.Runtime (>= 4.3) - restriction: && (< monoandroid) (< monotouch) (< net46) (>= netstandard1.3) (< xamarinios) (< xamarinmac) (< xamarintvos) (< xamarinwatchos)
      System.Runtime.Extensions (>= 4.3) - restriction: && (< monoandroid) (< monotouch) (< net46) (>= netstandard1.3) (< xamarinios) (< xamarinmac) (< xamarintvos) (< xamarinwatchos)
      System.Runtime.Handles (>= 4.3) - restriction: && (< monoandroid) (< monotouch) (< net46) (>= netstandard1.3) (< xamarinios) (< xamarinmac) (< xamarintvos) (< xamarinwatchos)
      System.Runtime.InteropServices (>= 4.3) - restriction: && (< monoandroid) (< monotouch) (< net46) (>= netstandard1.3) (< xamarinios) (< xamarinmac) (< xamarintvos) (< xamarinwatchos)
      System.Security.Cryptography.Algorithms (>= 4.3) - restriction: || (&& (< monoandroid) (< monotouch) (>= netstandard1.3) (< xamarinios) (< xamarinmac) (< xamarintvos) (< xamarinwatchos)) (>= net46)
      System.Security.Cryptography.Encoding (>= 4.3) - restriction: && (< monoandroid) (< monotouch) (< net46) (>= netstandard1.3) (< xamarinios) (< xamarinmac) (< xamarintvos) (< xamarinwatchos)
      System.Security.Cryptography.Primitives (>= 4.3) - restriction: || (&& (< monoandroid) (< monotouch) (>= netstandard1.3) (< xamarinios) (< xamarinmac) (< xamarintvos) (< xamarinwatchos)) (>= net46)
      System.Text.Encoding (>= 4.3) - restriction: && (< monoandroid) (< monotouch) (< net46) (>= netstandard1.3) (< xamarinios) (< xamarinmac) (< xamarintvos) (< xamarinwatchos)
      System.Threading (>= 4.3) - restriction: && (< monoandroid) (< monotouch) (< net46) (>= netstandard1.3) (< xamarinios) (< xamarinmac) (< xamarintvos) (< xamarinwatchos)
    System.Security.Cryptography.Encoding (4.3) - restriction: || (&& (< monoandroid) (< net35) (< netstandard1.2) (>= netstandard1.4) (< win8)) (&& (< monoandroid) (< net35) (< netstandard1.2) (>= netstandard1.6) (< win8)) (&& (< monoandroid) (< net35) (< netstandard1.2) (>= netstandard2.0) (< win8)) (&& (< monoandroid) (< net35) (< netstandard1.3) (>= netstandard1.4) (< win8) (< wpa81)) (&& (< monoandroid) (< net35) (< netstandard1.3) (>= netstandard1.6) (< win8) (< wpa81)) (&& (< monoandroid) (< net35) (< netstandard1.3) (>= netstandard2.0) (< win8) (< wpa81)) (&& (< monoandroid) (< net35) (< netstandard1.4) (>= netstandard1.5) (< win8) (< wpa81)) (&& (< monoandroid) (< net35) (< netstandard1.4) (>= netstandard1.6) (< win8) (< wpa81)) (&& (< monoandroid) (< net35) (< netstandard1.5) (>= netstandard1.6) (< win8) (< wpa81)) (&& (< net35) (>= net46) (< netstandard1.4) (>= netstandard1.5)) (&& (< net35) (>= net46) (< netstandard1.4) (>= netstandard1.6)) (&& (< net35) (>= net46) (< netstandard1.4) (>= netstandard2.0)) (&& (< net35) (>= net461) (< netstandard1.4) (>= netstandard2.0)) (&& (< net35) (>= net461) (>= netstandard1.5) (< netstandard1.6)) (&& (< net35) (>= net461) (< netstandard1.5)) (&& (< net35) (>= net461) (>= netstandard1.6) (< netstandard2.0)) (&& (< net35) (>= net461) (< netstandard1.6) (>= netstandard2.0)) (&& (< net35) (>= net463) (< netstandard1.4) (>= netstandard2.0)) (&& (< net35) (>= net463) (< netstandard1.5)) (&& (< net35) (>= net463) (>= netstandard1.6) (< netstandard2.0)) (&& (< net35) (>= net463) (< netstandard1.6)) (&& (< net35) (>= netstandard1.4) (< netstandard1.5) (< win8) (< wpa81)) (&& (< net35) (< netstandard1.4) (>= netstandard2.0) (< win8) (< wpa81)) (&& (< net35) (>= netstandard1.5) (< netstandard1.6) (< win8) (< wpa81)) (&& (< net35) (< netstandard1.5) (>= netstandard2.0) (< win8) (< wpa81)) (&& (< net35) (>= netstandard1.6) (< netstandard2.0) (< win8) (< wpa81)) (&& (< net35) (< netstandard1.6) (>= netstandard2.0) (< win8) (< wpa81)) (&& (>= net461) (< netstandard1.5) (>= uap10.0)) (&& (>= net463) (< netstandard1.5) (>= uap10.0)) (&& (< netstandard1.4) (>= uap10.0)) (&& (< netstandard1.5) (>= netstandard1.6) (>= uap10.0)) (&& (< netstandard1.5) (>= netstandard2.0) (>= uap10.0)) (&& (< netstandard1.5) (>= uap10.0) (< uap10.1)) (&& (< netstandard1.5) (>= uap10.0) (< win8) (< wpa81))
      Microsoft.NETCore.Platforms (>= 1.1) - restriction: && (< monoandroid) (< monotouch) (< net46) (>= netstandard1.3) (< xamarinios) (< xamarinmac) (< xamarintvos) (< xamarinwatchos)
      runtime.native.System.Security.Cryptography.OpenSsl (>= 4.3) - restriction: && (< monoandroid) (< monotouch) (< net46) (>= netstandard1.3) (< xamarinios) (< xamarinmac) (< xamarintvos) (< xamarinwatchos)
      System.Collections (>= 4.3) - restriction: && (< monoandroid) (< monotouch) (< net46) (>= netstandard1.3) (< xamarinios) (< xamarinmac) (< xamarintvos) (< xamarinwatchos)
      System.Collections.Concurrent (>= 4.3) - restriction: && (< monoandroid) (< monotouch) (< net46) (>= netstandard1.3) (< xamarinios) (< xamarinmac) (< xamarintvos) (< xamarinwatchos)
      System.Linq (>= 4.3) - restriction: && (< monoandroid) (< monotouch) (< net46) (>= netstandard1.3) (< xamarinios) (< xamarinmac) (< xamarintvos) (< xamarinwatchos)
      System.Resources.ResourceManager (>= 4.3) - restriction: && (< monoandroid) (< monotouch) (< net46) (>= netstandard1.3) (< xamarinios) (< xamarinmac) (< xamarintvos) (< xamarinwatchos)
      System.Runtime (>= 4.3) - restriction: && (< monoandroid) (< monotouch) (< net46) (>= netstandard1.3) (< xamarinios) (< xamarinmac) (< xamarintvos) (< xamarinwatchos)
      System.Runtime.Extensions (>= 4.3) - restriction: && (< monoandroid) (< monotouch) (< net46) (>= netstandard1.3) (< xamarinios) (< xamarinmac) (< xamarintvos) (< xamarinwatchos)
      System.Runtime.Handles (>= 4.3) - restriction: && (< monoandroid) (< monotouch) (< net46) (>= netstandard1.3) (< xamarinios) (< xamarinmac) (< xamarintvos) (< xamarinwatchos)
      System.Runtime.InteropServices (>= 4.3) - restriction: && (< monoandroid) (< monotouch) (< net46) (>= netstandard1.3) (< xamarinios) (< xamarinmac) (< xamarintvos) (< xamarinwatchos)
      System.Security.Cryptography.Primitives (>= 4.3) - restriction: && (< monoandroid) (< monotouch) (< net46) (>= netstandard1.3) (< xamarinios) (< xamarinmac) (< xamarintvos) (< xamarinwatchos)
      System.Text.Encoding (>= 4.3) - restriction: && (< monoandroid) (< monotouch) (< net46) (>= netstandard1.3) (< xamarinios) (< xamarinmac) (< xamarintvos) (< xamarinwatchos)
    System.Security.Cryptography.OpenSsl (4.6) - restriction: || (&& (< monoandroid) (< monotouch) (< net35) (>= netstandard1.6) (< netstandard2.0) (< win8) (< wpa81) (< xamarintvos) (< xamarinwatchos)) (&& (< monoandroid) (< net35) (< netstandard1.2) (>= netstandard1.6) (< win8)) (&& (< monoandroid) (< net35) (< netstandard1.2) (>= netstandard2.0) (< win8)) (&& (< monoandroid) (< net35) (< netstandard1.3) (>= netstandard1.6) (< win8) (< wpa81)) (&& (< monoandroid) (< net35) (< netstandard1.3) (>= netstandard2.0) (< win8) (< wpa81)) (&& (< monoandroid) (< net35) (< netstandard1.4) (>= netstandard2.0) (< win8) (< wpa81)) (&& (< monoandroid) (< net35) (< netstandard1.5) (>= netstandard1.6) (< win8) (< wpa81)) (&& (< monoandroid) (< net35) (< netstandard1.5) (>= netstandard2.0) (< win8) (< wpa81)) (&& (< monoandroid) (< net35) (< netstandard1.6) (>= netstandard2.0) (< win8) (< wpa81)) (&& (< net35) (>= net46) (< netstandard1.4) (>= netstandard2.0)) (&& (< netstandard1.5) (>= netstandard1.6) (>= uap10.0)) (&& (< netstandard1.5) (>= netstandard2.0) (>= uap10.0))
      System.Collections (>= 4.3) - restriction: && (>= netstandard1.6) (< netstandard2.0)
      System.IO (>= 4.3) - restriction: && (>= netstandard1.6) (< netstandard2.0)
      System.Resources.ResourceManager (>= 4.3) - restriction: && (>= netstandard1.6) (< netstandard2.0)
      System.Runtime (>= 4.3) - restriction: && (>= netstandard1.6) (< netstandard2.0)
      System.Runtime.Extensions (>= 4.3) - restriction: && (>= netstandard1.6) (< netstandard2.0)
      System.Runtime.Handles (>= 4.3) - restriction: && (>= netstandard1.6) (< netstandard2.0)
      System.Runtime.InteropServices (>= 4.3) - restriction: && (>= netstandard1.6) (< netstandard2.0)
      System.Runtime.Numerics (>= 4.3) - restriction: && (>= netstandard1.6) (< netstandard2.0)
      System.Security.Cryptography.Algorithms (>= 4.3) - restriction: && (>= netstandard1.6) (< netstandard2.0)
      System.Security.Cryptography.Encoding (>= 4.3) - restriction: && (>= netstandard1.6) (< netstandard2.0)
      System.Security.Cryptography.Primitives (>= 4.3) - restriction: && (>= netstandard1.6) (< netstandard2.0)
      System.Text.Encoding (>= 4.3) - restriction: && (>= netstandard1.6) (< netstandard2.0)
    System.Security.Cryptography.Primitives (4.3) - restriction: || (&& (< monoandroid) (< net35) (< netstandard1.2) (>= netstandard1.6) (< win8)) (&& (< monoandroid) (< net35) (< netstandard1.2) (>= netstandard2.0) (< win8)) (&& (< monoandroid) (< net35) (< netstandard1.3) (>= netstandard1.6) (< win8) (< wpa81)) (&& (< monoandroid) (< net35) (< netstandard1.3) (>= netstandard2.0) (< win8) (< wpa81)) (&& (< monoandroid) (< net35) (< netstandard1.4) (>= netstandard1.5) (< win8) (< wpa81)) (&& (< monoandroid) (< net35) (< netstandard1.4) (>= netstandard1.6) (< win8) (< wpa81)) (&& (< monoandroid) (< net35) (< netstandard1.5) (>= netstandard1.6) (< win8) (< wpa81)) (&& (< net35) (>= net46) (< netstandard1.4) (>= netstandard1.5)) (&& (< net35) (>= net46) (< netstandard1.4) (>= netstandard1.6)) (&& (< net35) (>= net46) (< netstandard1.4) (>= netstandard2.0)) (&& (< net35) (>= net461) (< netstandard1.4) (>= netstandard2.0)) (&& (< net35) (>= net461) (>= netstandard1.5) (< netstandard1.6)) (&& (< net35) (>= net461) (< netstandard1.5)) (&& (< net35) (>= net461) (< netstandard1.6) (>= netstandard2.0)) (&& (< net35) (>= net463) (< netstandard1.4) (>= netstandard2.0)) (&& (< net35) (>= net463) (< netstandard1.5)) (&& (< net35) (>= net463) (>= netstandard1.6) (< netstandard2.0)) (&& (< net35) (>= net463) (< netstandard1.6)) (&& (< net35) (>= netstandard1.4) (< netstandard1.5) (< win8) (< wpa81)) (&& (< net35) (< netstandard1.4) (>= netstandard2.0) (< win8) (< wpa81)) (&& (< net35) (>= netstandard1.5) (< netstandard1.6) (< win8) (< wpa81)) (&& (< net35) (< netstandard1.5) (>= netstandard2.0) (< win8) (< wpa81)) (&& (< net35) (>= netstandard1.6) (< netstandard2.0) (< win8) (< wpa81)) (&& (< net35) (< netstandard1.6) (>= netstandard2.0) (< win8) (< wpa81)) (&& (>= net461) (< netstandard1.5) (>= uap10.0)) (&& (>= net463) (< netstandard1.5) (>= uap10.0)) (&& (< netstandard1.4) (>= uap10.0)) (&& (< netstandard1.5) (>= netstandard1.6) (>= uap10.0)) (&& (< netstandard1.5) (>= netstandard2.0) (>= uap10.0)) (&& (< netstandard1.5) (>= uap10.0) (< uap10.1))
      System.Diagnostics.Debug (>= 4.3) - restriction: && (< monoandroid) (< monotouch) (< net46) (>= netstandard1.3) (< xamarinios) (< xamarinmac) (< xamarintvos) (< xamarinwatchos)
      System.Globalization (>= 4.3) - restriction: && (< monoandroid) (< monotouch) (< net46) (>= netstandard1.3) (< xamarinios) (< xamarinmac) (< xamarintvos) (< xamarinwatchos)
      System.IO (>= 4.3) - restriction: && (< monoandroid) (< monotouch) (< net46) (>= netstandard1.3) (< xamarinios) (< xamarinmac) (< xamarintvos) (< xamarinwatchos)
      System.Resources.ResourceManager (>= 4.3) - restriction: && (< monoandroid) (< monotouch) (< net46) (>= netstandard1.3) (< xamarinios) (< xamarinmac) (< xamarintvos) (< xamarinwatchos)
      System.Runtime (>= 4.3) - restriction: && (< monoandroid) (< monotouch) (< net46) (>= netstandard1.3) (< xamarinios) (< xamarinmac) (< xamarintvos) (< xamarinwatchos)
      System.Threading (>= 4.3) - restriction: && (< monoandroid) (< monotouch) (< net46) (>= netstandard1.3) (< xamarinios) (< xamarinmac) (< xamarintvos) (< xamarinwatchos)
      System.Threading.Tasks (>= 4.3) - restriction: && (< monoandroid) (< monotouch) (< net46) (>= netstandard1.3) (< xamarinios) (< xamarinmac) (< xamarintvos) (< xamarinwatchos)
    System.Security.Cryptography.X509Certificates (4.3.2) - restriction: || (&& (< monoandroid) (< net35) (< netstandard1.2) (>= netstandard1.4) (< win8)) (&& (< monoandroid) (< net35) (< netstandard1.2) (>= netstandard1.6) (< win8)) (&& (< monoandroid) (< net35) (< netstandard1.2) (>= netstandard2.0) (< win8)) (&& (< monoandroid) (< net35) (< netstandard1.3) (>= netstandard1.4) (< win8) (< wpa81)) (&& (< monoandroid) (< net35) (< netstandard1.3) (>= netstandard1.6) (< win8) (< wpa81)) (&& (< monoandroid) (< net35) (< netstandard1.3) (>= netstandard2.0) (< win8) (< wpa81)) (&& (< monoandroid) (< net35) (< netstandard1.5) (>= netstandard1.6) (< win8) (< wpa81)) (&& (< net35) (>= net46) (< netstandard1.2) (>= netstandard1.4)) (&& (< net35) (>= net46) (< netstandard1.2) (>= netstandard2.0)) (&& (< net35) (>= net46) (< netstandard1.3) (>= netstandard1.4)) (&& (< net35) (>= net46) (< netstandard1.3) (>= netstandard2.0)) (&& (< net35) (>= net46) (>= netstandard1.4) (< netstandard1.5)) (&& (< net35) (>= net46) (< netstandard1.4) (>= netstandard2.0)) (&& (< net35) (>= net46) (>= netstandard1.5) (< netstandard1.6)) (&& (< net35) (>= net46) (< netstandard1.5) (>= netstandard2.0)) (&& (< net35) (>= net46) (>= netstandard1.6) (< netstandard2.0)) (&& (< net35) (>= net46) (< netstandard1.6) (>= netstandard2.0)) (&& (< net35) (>= netstandard1.4) (< netstandard1.5) (< win8) (< wpa81)) (&& (< net35) (< netstandard1.4) (>= netstandard2.0) (< win8) (< wpa81)) (&& (< net35) (>= netstandard1.5) (< netstandard1.6) (< win8) (< wpa81)) (&& (< net35) (< netstandard1.5) (>= netstandard2.0) (< win8) (< wpa81)) (&& (< net35) (>= netstandard1.6) (< netstandard2.0) (< win8) (< wpa81)) (&& (< net35) (< netstandard1.6) (>= netstandard2.0) (< win8) (< wpa81)) (&& (>= net46) (< netstandard1.5) (>= uap10.0)) (&& (< netstandard1.5) (>= netstandard1.6) (>= uap10.0)) (&& (< netstandard1.5) (>= netstandard2.0) (>= uap10.0)) (&& (< netstandard1.5) (>= uap10.0) (< uap10.1)) (&& (< netstandard1.5) (>= uap10.0) (< win8) (< wpa81))
      Microsoft.NETCore.Platforms (>= 1.1) - restriction: && (< monoandroid) (< monotouch) (< net46) (>= netstandard1.6) (< xamarinios) (< xamarinmac) (< xamarintvos) (< xamarinwatchos)
      runtime.native.System (>= 4.3) - restriction: && (< monoandroid) (< monotouch) (< net46) (>= netstandard1.6) (< xamarinios) (< xamarinmac) (< xamarintvos) (< xamarinwatchos)
      runtime.native.System.Net.Http (>= 4.3) - restriction: && (< monoandroid) (< monotouch) (< net46) (>= netstandard1.6) (< xamarinios) (< xamarinmac) (< xamarintvos) (< xamarinwatchos)
      runtime.native.System.Security.Cryptography.OpenSsl (>= 4.3.2) - restriction: && (< monoandroid) (< monotouch) (< net46) (>= netstandard1.6) (< xamarinios) (< xamarinmac) (< xamarintvos) (< xamarinwatchos)
      System.Collections (>= 4.3) - restriction: && (< monoandroid) (< monotouch) (< net46) (>= netstandard1.6) (< xamarinios) (< xamarinmac) (< xamarintvos) (< xamarinwatchos)
      System.Diagnostics.Debug (>= 4.3) - restriction: && (< monoandroid) (< monotouch) (< net46) (>= netstandard1.6) (< xamarinios) (< xamarinmac) (< xamarintvos) (< xamarinwatchos)
      System.Globalization (>= 4.3) - restriction: && (< monoandroid) (< monotouch) (< net46) (>= netstandard1.6) (< xamarinios) (< xamarinmac) (< xamarintvos) (< xamarinwatchos)
      System.Globalization.Calendars (>= 4.3) - restriction: && (< monoandroid) (< monotouch) (< net46) (>= netstandard1.6) (< xamarinios) (< xamarinmac) (< xamarintvos) (< xamarinwatchos)
      System.IO (>= 4.3) - restriction: && (< monoandroid) (< monotouch) (< net46) (>= netstandard1.6) (< xamarinios) (< xamarinmac) (< xamarintvos) (< xamarinwatchos)
      System.IO.FileSystem (>= 4.3) - restriction: && (< monoandroid) (< monotouch) (< net46) (>= netstandard1.6) (< xamarinios) (< xamarinmac) (< xamarintvos) (< xamarinwatchos)
      System.IO.FileSystem.Primitives (>= 4.3) - restriction: && (< monoandroid) (< monotouch) (< net46) (>= netstandard1.6) (< xamarinios) (< xamarinmac) (< xamarintvos) (< xamarinwatchos)
      System.Resources.ResourceManager (>= 4.3) - restriction: && (< monoandroid) (< monotouch) (< net46) (>= netstandard1.6) (< xamarinios) (< xamarinmac) (< xamarintvos) (< xamarinwatchos)
      System.Runtime (>= 4.3) - restriction: || (&& (< monoandroid) (< monotouch) (< net46) (>= netstandard1.6) (< xamarinios) (< xamarinmac) (< xamarintvos) (< xamarinwatchos)) (&& (< monoandroid) (< net46) (>= netstandard1.3) (< netstandard1.4)) (&& (< monoandroid) (< net46) (>= netstandard1.4) (< netstandard1.6))
      System.Runtime.Extensions (>= 4.3) - restriction: && (< monoandroid) (< monotouch) (< net46) (>= netstandard1.6) (< xamarinios) (< xamarinmac) (< xamarintvos) (< xamarinwatchos)
      System.Runtime.Handles (>= 4.3) - restriction: || (&& (< monoandroid) (< monotouch) (< net46) (>= netstandard1.6) (< xamarinios) (< xamarinmac) (< xamarintvos) (< xamarinwatchos)) (&& (< monoandroid) (< net46) (>= netstandard1.3) (< netstandard1.4)) (&& (< monoandroid) (< net46) (>= netstandard1.4) (< netstandard1.6))
      System.Runtime.InteropServices (>= 4.3) - restriction: && (< monoandroid) (< monotouch) (< net46) (>= netstandard1.6) (< xamarinios) (< xamarinmac) (< xamarintvos) (< xamarinwatchos)
      System.Runtime.Numerics (>= 4.3) - restriction: && (< monoandroid) (< monotouch) (< net46) (>= netstandard1.6) (< xamarinios) (< xamarinmac) (< xamarintvos) (< xamarinwatchos)
      System.Security.Cryptography.Algorithms (>= 4.3) - restriction: || (&& (< monoandroid) (< monotouch) (< net46) (>= netstandard1.6) (< xamarinios) (< xamarinmac) (< xamarintvos) (< xamarinwatchos)) (&& (< monoandroid) (< net46) (>= netstandard1.3) (< netstandard1.4)) (&& (< monoandroid) (< net46) (>= netstandard1.4) (< netstandard1.6)) (&& (>= net46) (< netstandard1.4)) (>= net461)
      System.Security.Cryptography.Cng (>= 4.3) - restriction: && (< monoandroid) (< monotouch) (< net46) (>= netstandard1.6) (< xamarinios) (< xamarinmac) (< xamarintvos) (< xamarinwatchos)
      System.Security.Cryptography.Csp (>= 4.3) - restriction: && (< monoandroid) (< monotouch) (< net46) (>= netstandard1.6) (< xamarinios) (< xamarinmac) (< xamarintvos) (< xamarinwatchos)
      System.Security.Cryptography.Encoding (>= 4.3) - restriction: || (&& (< monoandroid) (< monotouch) (< net46) (>= netstandard1.6) (< xamarinios) (< xamarinmac) (< xamarintvos) (< xamarinwatchos)) (&& (< monoandroid) (< net46) (>= netstandard1.3) (< netstandard1.4)) (&& (< monoandroid) (< net46) (>= netstandard1.4) (< netstandard1.6)) (&& (>= net46) (< netstandard1.4)) (>= net461)
      System.Security.Cryptography.OpenSsl (>= 4.3) - restriction: && (< monoandroid) (< monotouch) (< net46) (>= netstandard1.6) (< xamarinios) (< xamarinmac) (< xamarintvos) (< xamarinwatchos)
      System.Security.Cryptography.Primitives (>= 4.3) - restriction: && (< monoandroid) (< monotouch) (< net46) (>= netstandard1.6) (< xamarinios) (< xamarinmac) (< xamarintvos) (< xamarinwatchos)
      System.Text.Encoding (>= 4.3) - restriction: && (< monoandroid) (< monotouch) (< net46) (>= netstandard1.6) (< xamarinios) (< xamarinmac) (< xamarintvos) (< xamarinwatchos)
      System.Threading (>= 4.3) - restriction: && (< monoandroid) (< monotouch) (< net46) (>= netstandard1.6) (< xamarinios) (< xamarinmac) (< xamarintvos) (< xamarinwatchos)
    System.Security.Principal.Windows (4.6) - restriction: || (&& (>= monoandroid) (>= netcoreapp1.0) (< netstandard2.0)) (&& (>= monotouch) (>= netcoreapp1.0)) (&& (>= net461) (>= netcoreapp1.0)) (&& (>= netcoreapp1.0) (>= netstandard2.0)) (&& (>= netcoreapp1.0) (>= xamarinios)) (&& (>= netcoreapp1.0) (>= xamarinmac)) (&& (>= netcoreapp1.0) (>= xamarintvos)) (&& (>= netcoreapp1.0) (>= xamarinwatchos)) (>= netcoreapp2.0)
      Microsoft.NETCore.Platforms (>= 3.0) - restriction: || (&& (>= netcoreapp2.0) (< netcoreapp2.1)) (&& (>= netcoreapp2.1) (< netcoreapp3.0))
    System.Text.Encoding (4.3) - restriction: || (&& (< monoandroid) (< monotouch) (< net20) (>= netstandard1.3) (< netstandard2.0) (< xamarintvos) (< xamarinwatchos)) (&& (< monoandroid) (< monotouch) (< net45) (>= netstandard1.5) (< win8) (< wpa81) (< xamarinios) (< xamarinmac) (< xamarintvos) (< xamarinwatchos)) (&& (< monoandroid) (< net35) (< netstandard1.2) (>= netstandard1.6) (< win8)) (&& (< monoandroid) (< net35) (< netstandard1.3) (>= netstandard1.5) (< win8) (< wpa81)) (&& (< monoandroid) (< net35) (< netstandard1.3) (>= netstandard1.6) (< win8) (< wpa81)) (&& (< monoandroid) (< net35) (< netstandard1.5) (>= netstandard1.6) (< win8) (< wpa81)) (&& (< monoandroid) (< net45) (>= netstandard1.2) (< netstandard1.3) (< win8) (< wpa81)) (&& (< monoandroid) (< net45) (>= netstandard1.3) (< netstandard1.5) (< win8) (< wpa81)) (&& (< net35) (>= net46) (< netstandard1.3) (>= netstandard2.0)) (&& (< net35) (>= net46) (< netstandard1.4) (>= netstandard2.0)) (&& (< net35) (< netstandard1.2) (>= netstandard1.4) (< win8)) (&& (< net35) (< netstandard1.2) (>= netstandard2.0) (< win8)) (&& (< net35) (< netstandard1.3) (>= netstandard1.4) (< win8) (< wpa81)) (&& (< net35) (< netstandard1.3) (>= netstandard2.0) (< win8) (< wpa81)) (&& (< net35) (>= netstandard1.4) (< netstandard1.5) (< win8) (< wpa81)) (&& (< net35) (>= netstandard1.4) (< portable-net45+win8+wpa81)) (&& (< net35) (< netstandard1.4) (>= netstandard2.0) (< win8) (< wpa81)) (&& (< net35) (>= netstandard1.5) (< netstandard1.6) (< win8) (< wpa81)) (&& (< net35) (< netstandard1.5) (>= netstandard2.0) (< win8) (< wpa81)) (&& (< net35) (>= netstandard1.6) (< netstandard2.0) (< win8) (< wpa81)) (&& (< net35) (< netstandard1.6) (>= netstandard2.0) (< win8) (< wpa81)) (&& (< net35) (>= netstandard2.0) (< portable-net45+win8+wpa81)) (>= netcoreapp1.0) (&& (< netstandard1.3) (>= uap10.0) (< win8) (< wpa81)) (&& (< netstandard1.5) (>= netstandard1.6) (>= uap10.0)) (&& (< netstandard1.5) (>= netstandard2.0) (>= uap10.0)) (&& (< netstandard1.5) (>= uap10.0) (< uap10.1)) (&& (< netstandard1.5) (>= uap10.0) (< win8) (< wpa81))
      Microsoft.NETCore.Platforms (>= 1.1) - restriction: || (&& (< monoandroid) (< monotouch) (< net45) (>= netstandard1.3) (< win8) (< wpa81) (< xamarinios) (< xamarinmac) (< xamarintvos) (< xamarinwatchos)) (&& (< monoandroid) (< net45) (>= netstandard1.0) (< netstandard1.3) (< win8) (< wp8) (< wpa81))
      Microsoft.NETCore.Targets (>= 1.1) - restriction: || (&& (< monoandroid) (< monotouch) (< net45) (>= netstandard1.3) (< win8) (< wpa81) (< xamarinios) (< xamarinmac) (< xamarintvos) (< xamarinwatchos)) (&& (< monoandroid) (< net45) (>= netstandard1.0) (< netstandard1.3) (< win8) (< wp8) (< wpa81))
      System.Runtime (>= 4.3) - restriction: || (&& (< monoandroid) (< monotouch) (< net45) (>= netstandard1.3) (< win8) (< wpa81) (< xamarinios) (< xamarinmac) (< xamarintvos) (< xamarinwatchos)) (&& (< monoandroid) (< net45) (>= netstandard1.0) (< netstandard1.3) (< win8) (< wp8) (< wpa81))
    System.Text.Encoding.Extensions (4.3) - restriction: || (&& (< net35) (>= net46) (< netstandard1.4) (>= netstandard2.0)) (&& (< net35) (< netstandard1.2) (>= netstandard1.4) (< win8)) (&& (< net35) (< netstandard1.2) (>= netstandard2.0) (< win8)) (&& (< net35) (< netstandard1.3) (>= netstandard1.4) (< win8) (< wpa81)) (&& (< net35) (< netstandard1.3) (>= netstandard2.0) (< win8) (< wpa81)) (&& (< net35) (>= netstandard1.4) (< netstandard1.5) (< win8) (< wpa81)) (&& (< net35) (>= netstandard1.4) (< portable-net45+win8+wpa81)) (&& (< net35) (< netstandard1.4) (>= netstandard2.0) (< win8) (< wpa81)) (&& (< net35) (>= netstandard1.5) (< netstandard1.6) (< win8) (< wpa81)) (&& (< net35) (< netstandard1.5) (>= netstandard2.0) (< win8) (< wpa81)) (&& (< net35) (>= netstandard1.6) (< netstandard2.0) (< win8) (< wpa81)) (&& (< net35) (< netstandard1.6) (>= netstandard2.0) (< win8) (< wpa81)) (&& (< net35) (>= netstandard2.0) (< portable-net45+win8+wpa81)) (>= netcoreapp1.0) (&& (< netstandard1.5) (>= netstandard2.0) (>= uap10.0)) (&& (< netstandard1.5) (>= uap10.0) (< uap10.1)) (&& (< netstandard1.5) (>= uap10.0) (< win8) (< wpa81))
      Microsoft.NETCore.Platforms (>= 1.1) - restriction: || (&& (< monoandroid) (< monotouch) (< net45) (>= netstandard1.3) (< win8) (< wpa81) (< xamarinios) (< xamarinmac) (< xamarintvos) (< xamarinwatchos)) (&& (< monoandroid) (< net45) (>= netstandard1.0) (< netstandard1.3) (< win8) (< wp8) (< wpa81))
      Microsoft.NETCore.Targets (>= 1.1) - restriction: || (&& (< monoandroid) (< monotouch) (< net45) (>= netstandard1.3) (< win8) (< wpa81) (< xamarinios) (< xamarinmac) (< xamarintvos) (< xamarinwatchos)) (&& (< monoandroid) (< net45) (>= netstandard1.0) (< netstandard1.3) (< win8) (< wp8) (< wpa81))
      System.Runtime (>= 4.3) - restriction: || (&& (< monoandroid) (< monotouch) (< net45) (>= netstandard1.3) (< win8) (< wpa81) (< xamarinios) (< xamarinmac) (< xamarintvos) (< xamarinwatchos)) (&& (< monoandroid) (< net45) (>= netstandard1.0) (< netstandard1.3) (< win8) (< wp8) (< wpa81))
      System.Text.Encoding (>= 4.3) - restriction: || (&& (< monoandroid) (< monotouch) (< net45) (>= netstandard1.3) (< win8) (< wpa81) (< xamarinios) (< xamarinmac) (< xamarintvos) (< xamarinwatchos)) (&& (< monoandroid) (< net45) (>= netstandard1.0) (< netstandard1.3) (< win8) (< wp8) (< wpa81))
    System.Text.RegularExpressions (4.3.1) - restriction: || (&& (< monoandroid) (< monotouch) (< net451) (>= netstandard1.2) (< win81) (< wpa81) (< xamarinios) (< xamarinmac) (< xamarintvos) (< xamarinwatchos)) (&& (< net35) (>= net46) (< netstandard1.4) (>= netstandard2.0)) (&& (< net35) (< netstandard1.2) (>= netstandard1.4) (< win8)) (&& (< net35) (< netstandard1.2) (>= netstandard2.0) (< win8)) (&& (< net35) (< netstandard1.3) (>= netstandard1.4) (< win8) (< wpa81)) (&& (< net35) (< netstandard1.3) (>= netstandard2.0) (< win8) (< wpa81)) (&& (< net35) (>= netstandard1.4) (< netstandard1.5) (< win8) (< wpa81)) (&& (< net35) (>= netstandard1.4) (< portable-net45+win8+wpa81)) (&& (< net35) (< netstandard1.4) (>= netstandard2.0) (< win8) (< wpa81)) (&& (< net35) (>= netstandard1.5) (< netstandard1.6) (< win8) (< wpa81)) (&& (< net35) (< netstandard1.5) (>= netstandard2.0) (< win8) (< wpa81)) (&& (< net35) (>= netstandard1.6) (< netstandard2.0) (< win8) (< wpa81)) (&& (< net35) (< netstandard1.6) (>= netstandard2.0) (< win8) (< wpa81)) (&& (< net35) (>= netstandard2.0) (< portable-net45+win8+wpa81)) (&& (< netstandard1.5) (>= netstandard2.0) (>= uap10.0)) (&& (< netstandard1.5) (>= uap10.0) (< uap10.1)) (&& (< netstandard1.5) (>= uap10.0) (< win8) (< wpa81))
      System.Collections (>= 4.3) - restriction: && (< monoandroid) (< monotouch) (< net45) (< netcoreapp1.1) (>= netstandard1.6) (< xamarinios) (< xamarinmac) (< xamarintvos) (< xamarinwatchos)
      System.Globalization (>= 4.3) - restriction: && (< monoandroid) (< monotouch) (< net45) (< netcoreapp1.1) (>= netstandard1.6) (< xamarinios) (< xamarinmac) (< xamarintvos) (< xamarinwatchos)
      System.Resources.ResourceManager (>= 4.3) - restriction: && (< monoandroid) (< monotouch) (< net45) (< netcoreapp1.1) (>= netstandard1.6) (< xamarinios) (< xamarinmac) (< xamarintvos) (< xamarinwatchos)
      System.Runtime (>= 4.3.1) - restriction: || (&& (< monoandroid) (< monotouch) (< net45) (>= netstandard1.6) (< xamarinios) (< xamarinmac) (< xamarintvos) (< xamarinwatchos)) (&& (< monoandroid) (< net45) (>= netstandard1.0) (< netstandard1.3) (< win8) (< wp8) (< wpa81)) (&& (< monoandroid) (< net45) (>= netstandard1.3) (< netstandard1.6) (< win8) (< wpa81)) (>= netcoreapp1.1)
      System.Runtime.Extensions (>= 4.3.1) - restriction: && (< monoandroid) (< monotouch) (< net45) (< netcoreapp1.1) (>= netstandard1.6) (< xamarinios) (< xamarinmac) (< xamarintvos) (< xamarinwatchos)
      System.Threading (>= 4.3) - restriction: && (< monoandroid) (< monotouch) (< net45) (< netcoreapp1.1) (>= netstandard1.6) (< xamarinios) (< xamarinmac) (< xamarintvos) (< xamarinwatchos)
    System.Threading (4.3) - restriction: || (&& (< monoandroid) (< monotouch) (< net20) (>= netstandard1.3) (< netstandard2.0) (< xamarintvos) (< xamarinwatchos)) (&& (< monoandroid) (< monotouch) (< net20) (>= netstandard1.5) (< netstandard2.0) (< win8) (< wpa81) (< xamarintvos) (< xamarinwatchos)) (&& (< monoandroid) (< monotouch) (< net40) (>= netstandard1.3) (< netstandard2.0) (< win8) (< wpa81) (< xamarintvos) (< xamarinwatchos)) (&& (< monoandroid) (< monotouch) (< net45) (< netcoreapp1.1) (>= netstandard1.6) (< win81) (< wpa81) (< xamarinios) (< xamarinmac) (< xamarintvos) (< xamarinwatchos)) (&& (< monoandroid) (< net20) (>= netstandard1.0) (< netstandard1.3) (< win8) (< wp8) (< wpa81)) (&& (< monoandroid) (< net20) (>= netstandard1.3) (< netstandard1.5) (< win8) (< wpa81)) (&& (< monoandroid) (< net20) (< netstandard1.3) (>= netstandard1.5) (< win8) (< wpa81)) (&& (< monoandroid) (< net35) (< netstandard1.2) (>= netstandard1.6) (< win8)) (&& (< monoandroid) (< net35) (< netstandard1.3) (>= netstandard1.6) (< win8) (< wpa81)) (&& (< monoandroid) (< net35) (< netstandard1.5) (>= netstandard1.6) (< win8) (< wpa81)) (&& (< monoandroid) (< net35) (>= netstandard2.0) (< xamarinios) (< xamarinmac)) (&& (< monoandroid) (< net40) (>= netstandard2.0) (< win8) (< wpa81) (< xamarinios) (< xamarinmac)) (&& (< monoandroid) (< net45) (>= netstandard2.0) (< win8) (< wpa81) (< xamarinios) (< xamarinmac)) (&& (< net20) (>= net462) (< netstandard1.3)) (&& (< net20) (>= net462) (< netstandard2.0)) (&& (< net35) (>= net45) (>= netstandard1.3) (< netstandard1.5)) (&& (< net35) (>= net45) (>= netstandard1.5)) (&& (< net35) (>= net46) (< netstandard1.4) (>= netstandard2.0)) (&& (< net35) (< netstandard1.2) (>= netstandard1.4) (< win8)) (&& (< net35) (< netstandard1.2) (>= netstandard2.0) (< win8)) (&& (< net35) (< netstandard1.3) (>= netstandard1.4) (< win8) (< wpa81)) (&& (< net35) (< netstandard1.3) (>= netstandard2.0) (< win8) (< wpa81)) (&& (< net35) (>= netstandard1.4) (< netstandard1.5) (< win8) (< wpa81)) (&& (< net35) (>= netstandard1.4) (< portable-net45+win8+wpa81)) (&& (< net35) (< netstandard1.4) (>= netstandard2.0) (< win8) (< wpa81)) (&& (< net35) (>= netstandard1.5) (< netstandard1.6) (< win8) (< wpa81)) (&& (< net35) (< netstandard1.5) (>= netstandard2.0) (< win8) (< wpa81)) (&& (< net35) (>= netstandard1.6) (< netstandard2.0) (< win8) (< wpa81)) (&& (< net35) (>= netstandard1.6) (< portable-net45+win8+wpa81)) (&& (< net35) (< netstandard1.6) (>= netstandard2.0) (< win8) (< wpa81)) (&& (< net35) (>= netstandard2.0) (< portable-net45+win8+wpa81)) (>= netcoreapp1.0) (&& (< netstandard1.5) (>= netstandard1.6) (>= uap10.0)) (&& (< netstandard1.5) (>= netstandard2.0) (>= uap10.0)) (&& (< netstandard1.5) (>= uap10.0) (< uap10.1)) (&& (< netstandard1.5) (>= uap10.0) (< win8) (< wpa81))
      System.Runtime (>= 4.3) - restriction: || (&& (< monoandroid) (< monotouch) (< net45) (>= netstandard1.3) (< win8) (< wpa81) (< xamarinios) (< xamarinmac) (< xamarintvos) (< xamarinwatchos)) (&& (< monoandroid) (< net45) (>= netstandard1.0) (< netstandard1.3) (< win8) (< wp8) (< wpa81))
      System.Threading.Tasks (>= 4.3) - restriction: || (&& (< monoandroid) (< monotouch) (< net45) (>= netstandard1.3) (< win8) (< wpa81) (< xamarinios) (< xamarinmac) (< xamarintvos) (< xamarinwatchos)) (&& (< monoandroid) (< net45) (>= netstandard1.0) (< netstandard1.3) (< win8) (< wp8) (< wpa81))
    System.Threading.Tasks (4.3) - restriction: || (&& (< monoandroid) (< monotouch) (< net451) (>= netstandard1.2) (< win81) (< wpa81) (< xamarinios) (< xamarinmac) (< xamarintvos) (< xamarinwatchos)) (&& (< monoandroid) (< net35) (< netstandard1.2) (>= netstandard1.6) (< win8)) (&& (< monoandroid) (< net35) (< netstandard1.3) (>= netstandard1.5) (< win8) (< wpa81)) (&& (< monoandroid) (< net35) (< netstandard1.3) (>= netstandard1.6) (< win8) (< wpa81)) (&& (< monoandroid) (< net35) (< netstandard1.5) (>= netstandard1.6) (< win8) (< wpa81)) (&& (< monoandroid) (< net45) (< netstandard1.3) (>= netstandard2.0) (< win8) (< wpa81)) (&& (< monoandroid) (< net45) (>= netstandard2.0) (< win8) (< wpa81) (< xamarinios) (< xamarinmac)) (&& (< net35) (>= net46) (< netstandard1.3) (>= netstandard2.0)) (&& (< net35) (>= net46) (< netstandard1.4) (>= netstandard2.0)) (&& (< net35) (< netstandard1.2) (>= netstandard1.4) (< win8)) (&& (< net35) (< netstandard1.2) (>= netstandard2.0) (< win8)) (&& (< net35) (< netstandard1.3) (>= netstandard1.4) (< win8) (< wpa81)) (&& (< net35) (< netstandard1.3) (>= netstandard2.0) (< win8) (< wpa81)) (&& (< net35) (>= netstandard1.4) (< netstandard1.5) (< win8) (< wpa81)) (&& (< net35) (>= netstandard1.4) (< portable-net45+win8+wpa81)) (&& (< net35) (< netstandard1.4) (>= netstandard2.0) (< win8) (< wpa81)) (&& (< net35) (>= netstandard1.5) (< netstandard1.6) (< win8) (< wpa81)) (&& (< net35) (< netstandard1.5) (>= netstandard2.0) (< win8) (< wpa81)) (&& (< net35) (>= netstandard1.6) (< netstandard2.0) (< win8) (< wpa81)) (&& (< net35) (< netstandard1.6) (>= netstandard2.0) (< win8) (< wpa81)) (&& (< net35) (>= netstandard2.0) (< portable-net45+win8+wpa81)) (>= netcoreapp1.0) (&& (< netstandard1.3) (>= uap10.0) (< win8) (< wpa81)) (&& (< netstandard1.5) (>= netstandard1.6) (>= uap10.0)) (&& (< netstandard1.5) (>= netstandard2.0) (>= uap10.0)) (&& (< netstandard1.5) (>= uap10.0) (< uap10.1)) (&& (< netstandard1.5) (>= uap10.0) (< win8) (< wpa81))
      Microsoft.NETCore.Platforms (>= 1.1) - restriction: || (&& (< monoandroid) (< monotouch) (< net45) (>= netstandard1.3) (< win8) (< wpa81) (< xamarinios) (< xamarinmac) (< xamarintvos) (< xamarinwatchos)) (&& (< monoandroid) (< net45) (>= netstandard1.0) (< netstandard1.3) (< win8) (< wp8) (< wpa81))
      Microsoft.NETCore.Targets (>= 1.1) - restriction: || (&& (< monoandroid) (< monotouch) (< net45) (>= netstandard1.3) (< win8) (< wpa81) (< xamarinios) (< xamarinmac) (< xamarintvos) (< xamarinwatchos)) (&& (< monoandroid) (< net45) (>= netstandard1.0) (< netstandard1.3) (< win8) (< wp8) (< wpa81))
      System.Runtime (>= 4.3) - restriction: || (&& (< monoandroid) (< monotouch) (< net45) (>= netstandard1.3) (< win8) (< wpa81) (< xamarinios) (< xamarinmac) (< xamarintvos) (< xamarinwatchos)) (&& (< monoandroid) (< net45) (>= netstandard1.0) (< netstandard1.3) (< win8) (< wp8) (< wpa81))
    System.Threading.Tasks.Extensions (4.5.3) - restriction: || (&& (< monoandroid) (< net35) (< netstandard1.2) (>= netstandard1.4) (< win8)) (&& (< monoandroid) (< net35) (< netstandard1.2) (>= netstandard2.0) (< win8)) (&& (< monoandroid) (< net35) (< netstandard1.3) (>= netstandard1.4) (< win8) (< wpa81)) (&& (< monoandroid) (< net35) (>= netstandard1.4) (< netstandard1.5) (< win8) (< wpa81)) (&& (< monoandroid) (< net35) (>= netstandard1.5) (< win8) (< wpa81)) (&& (< monoandroid) (< net35) (>= netstandard2.0) (< win8) (< wpa81)) (&& (< net35) (>= netstandard1.4) (< portable-net45+win8+wpa81)) (&& (< net35) (>= netstandard2.0) (< portable-net45+win8+wpa81)) (>= net45) (&& (>= net46) (>= netstandard2.0)) (&& (< netcoreapp2.1) (>= netstandard2.0) (< netstandard2.1) (< xamarinios) (< xamarinmac)) (&& (< netcoreapp3.0) (>= netstandard2.0)) (&& (< netstandard1.5) (>= uap10.0) (< win8) (< wpa81)) (>= netstandard1.6) (&& (>= netstandard2.0) (>= uap10.0))
      System.Runtime.CompilerServices.Unsafe (>= 4.5.2) - restriction: || (&& (< monoandroid) (< monotouch) (>= netstandard1.0) (< netstandard2.0) (< win8) (< wpa81) (< xamarintvos) (< xamarinwatchos)) (&& (< monoandroid) (< netstandard1.0) (>= portable-net45+win8+wp8+wpa81) (< win8)) (>= net45) (&& (< netcoreapp2.1) (>= netstandard2.0) (< xamarinios) (< xamarinmac)) (&& (< netstandard1.0) (>= win8)) (&& (< netstandard2.0) (>= wpa81)) (>= wp8)
    System.Threading.Tasks.Parallel (4.3) - restriction: >= netstandard2.0
      System.Collections.Concurrent (>= 4.3) - restriction: || (&& (< monoandroid) (< monotouch) (< net45) (>= netstandard1.3) (< win8) (< wpa81) (< xamarinios) (< xamarinmac) (< xamarintvos) (< xamarinwatchos)) (&& (< monoandroid) (< net45) (>= netstandard1.1) (< netstandard1.3) (< win8) (< wpa81))
      System.Diagnostics.Debug (>= 4.3) - restriction: && (< monoandroid) (< monotouch) (< net45) (>= netstandard1.3) (< win8) (< wpa81) (< xamarinios) (< xamarinmac) (< xamarintvos) (< xamarinwatchos)
      System.Diagnostics.Tracing (>= 4.3) - restriction: && (< monoandroid) (< monotouch) (< net45) (>= netstandard1.3) (< win8) (< wpa81) (< xamarinios) (< xamarinmac) (< xamarintvos) (< xamarinwatchos)
      System.Resources.ResourceManager (>= 4.3) - restriction: && (< monoandroid) (< monotouch) (< net45) (>= netstandard1.3) (< win8) (< wpa81) (< xamarinios) (< xamarinmac) (< xamarintvos) (< xamarinwatchos)
      System.Runtime (>= 4.3) - restriction: || (&& (< monoandroid) (< monotouch) (< net45) (>= netstandard1.3) (< win8) (< wpa81) (< xamarinios) (< xamarinmac) (< xamarintvos) (< xamarinwatchos)) (&& (< monoandroid) (< net45) (>= netstandard1.1) (< netstandard1.3) (< win8) (< wpa81))
      System.Runtime.Extensions (>= 4.3) - restriction: && (< monoandroid) (< monotouch) (< net45) (>= netstandard1.3) (< win8) (< wpa81) (< xamarinios) (< xamarinmac) (< xamarintvos) (< xamarinwatchos)
      System.Threading (>= 4.3) - restriction: && (< monoandroid) (< monotouch) (< net45) (>= netstandard1.3) (< win8) (< wpa81) (< xamarinios) (< xamarinmac) (< xamarintvos) (< xamarinwatchos)
      System.Threading.Tasks (>= 4.3) - restriction: || (&& (< monoandroid) (< monotouch) (< net45) (>= netstandard1.3) (< win8) (< wpa81) (< xamarinios) (< xamarinmac) (< xamarintvos) (< xamarinwatchos)) (&& (< monoandroid) (< net45) (>= netstandard1.1) (< netstandard1.3) (< win8) (< wpa81))
    System.Threading.Thread (4.3) - restriction: || (&& (< net45) (>= netstandard1.5) (< netstandard2.0)) (>= netcoreapp1.0)
      System.Runtime (>= 4.3) - restriction: && (< monoandroid) (< monotouch) (< net46) (>= netstandard1.3) (< xamarinios) (< xamarinmac) (< xamarintvos) (< xamarinwatchos)
    System.Threading.ThreadPool (4.3) - restriction: || (&& (< net45) (>= netstandard1.5) (< netstandard2.0)) (>= netcoreapp1.0)
      System.Runtime (>= 4.3) - restriction: && (< monoandroid) (< monotouch) (< net46) (>= netstandard1.3) (< xamarinios) (< xamarinmac) (< xamarintvos) (< xamarinwatchos)
      System.Runtime.Handles (>= 4.3) - restriction: && (< monoandroid) (< monotouch) (< net46) (>= netstandard1.3) (< xamarinios) (< xamarinmac) (< xamarintvos) (< xamarinwatchos)
    System.Threading.Timer (4.3) - restriction: || (&& (< net35) (< netstandard1.3) (>= netstandard1.4) (< win8) (< wpa81)) (&& (< net35) (< netstandard1.3) (>= netstandard2.0) (< win8) (< wpa81)) (&& (< net35) (>= netstandard1.4) (< netstandard1.5) (< win8) (< wpa81)) (&& (< net35) (< netstandard1.4) (>= netstandard2.0) (< win8) (< wpa81)) (&& (< net35) (>= netstandard1.5) (< netstandard1.6) (< win8) (< wpa81)) (&& (< net35) (< netstandard1.5) (>= netstandard2.0) (< win8) (< wpa81)) (&& (< net35) (>= netstandard1.6) (< netstandard2.0) (< win8) (< wpa81)) (&& (< net35) (< netstandard1.6) (>= netstandard2.0) (< win8) (< wpa81)) (&& (< netstandard1.5) (>= netstandard2.0) (>= uap10.0)) (&& (< netstandard1.5) (>= uap10.0) (< uap10.1))
      Microsoft.NETCore.Platforms (>= 1.1) - restriction: && (< monoandroid) (< monotouch) (< net451) (>= netstandard1.2) (< win81) (< wpa81) (< xamarinios) (< xamarinmac) (< xamarintvos) (< xamarinwatchos)
      Microsoft.NETCore.Targets (>= 1.1) - restriction: && (< monoandroid) (< monotouch) (< net451) (>= netstandard1.2) (< win81) (< wpa81) (< xamarinios) (< xamarinmac) (< xamarintvos) (< xamarinwatchos)
      System.Runtime (>= 4.3) - restriction: && (< monoandroid) (< monotouch) (< net451) (>= netstandard1.2) (< win81) (< wpa81) (< xamarinios) (< xamarinmac) (< xamarintvos) (< xamarinwatchos)
    System.ValueTuple (4.5)
      NETStandard.Library (>= 1.6.1) - restriction: && (< monoandroid) (< monotouch) (< net45) (>= netstandard1.0) (< netstandard2.0) (< win8) (< wp8) (< wpa81) (< xamarintvos) (< xamarinwatchos)
    System.Xml.ReaderWriter (4.3.1) - restriction: || (&& (< monoandroid) (< monotouch) (< net20) (>= netstandard1.3) (< netstandard2.0) (< xamarintvos) (< xamarinwatchos)) (&& (< monoandroid) (< net35) (< netstandard1.3) (>= netstandard1.5) (< win8) (< wpa81)) (&& (< monoandroid) (< net35) (< netstandard1.3) (>= netstandard1.6) (< win8) (< wpa81)) (&& (< net35) (>= net46) (< netstandard1.4) (>= netstandard2.0)) (&& (< net35) (< netstandard1.2) (>= netstandard1.4) (< win8)) (&& (< net35) (< netstandard1.2) (>= netstandard2.0) (< win8)) (&& (< net35) (< netstandard1.3) (>= netstandard1.4) (< win8) (< wpa81)) (&& (< net35) (< netstandard1.3) (>= netstandard2.0) (< win8) (< wpa81)) (&& (< net35) (>= netstandard1.4) (< netstandard1.5) (< win8) (< wpa81)) (&& (< net35) (>= netstandard1.4) (< portable-net45+win8+wpa81)) (&& (< net35) (< netstandard1.4) (>= netstandard2.0) (< win8) (< wpa81)) (&& (< net35) (>= netstandard1.5) (< netstandard1.6) (< win8) (< wpa81)) (&& (< net35) (< netstandard1.5) (>= netstandard2.0) (< win8) (< wpa81)) (&& (< net35) (>= netstandard1.6) (< netstandard2.0) (< win8) (< wpa81)) (&& (< net35) (< netstandard1.6) (>= netstandard2.0) (< win8) (< wpa81)) (&& (< net35) (>= netstandard2.0) (< portable-net45+win8+wpa81)) (>= netcoreapp1.0) (&& (< netstandard1.3) (>= uap10.0) (< win8) (< wpa81)) (&& (< netstandard1.5) (>= netstandard2.0) (>= uap10.0)) (&& (< netstandard1.5) (>= uap10.0) (< uap10.1)) (&& (< netstandard1.5) (>= uap10.0) (< win8) (< wpa81))
      System.Collections (>= 4.3) - restriction: && (< monoandroid) (< monotouch) (< net45) (>= netstandard1.3) (< win8) (< wpa81) (< xamarinios) (< xamarinmac) (< xamarintvos) (< xamarinwatchos)
      System.Diagnostics.Debug (>= 4.3) - restriction: && (< monoandroid) (< monotouch) (< net45) (>= netstandard1.3) (< win8) (< wpa81) (< xamarinios) (< xamarinmac) (< xamarintvos) (< xamarinwatchos)
      System.Globalization (>= 4.3) - restriction: && (< monoandroid) (< monotouch) (< net45) (>= netstandard1.3) (< win8) (< wpa81) (< xamarinios) (< xamarinmac) (< xamarintvos) (< xamarinwatchos)
      System.IO (>= 4.3) - restriction: || (&& (< monoandroid) (< monotouch) (< net45) (>= netstandard1.3) (< win8) (< wpa81) (< xamarinios) (< xamarinmac) (< xamarintvos) (< xamarinwatchos)) (&& (< monoandroid) (< net45) (>= netstandard1.0) (< netstandard1.3) (< win8) (< wp8) (< wpa81))
      System.IO.FileSystem (>= 4.3) - restriction: && (< monoandroid) (< monotouch) (< net45) (>= netstandard1.3) (< win8) (< wpa81) (< xamarinios) (< xamarinmac) (< xamarintvos) (< xamarinwatchos)
      System.IO.FileSystem.Primitives (>= 4.3) - restriction: && (< monoandroid) (< monotouch) (< net45) (>= netstandard1.3) (< win8) (< wpa81) (< xamarinios) (< xamarinmac) (< xamarintvos) (< xamarinwatchos)
      System.Resources.ResourceManager (>= 4.3) - restriction: && (< monoandroid) (< monotouch) (< net45) (>= netstandard1.3) (< win8) (< wpa81) (< xamarinios) (< xamarinmac) (< xamarintvos) (< xamarinwatchos)
      System.Runtime (>= 4.3) - restriction: || (&& (< monoandroid) (< monotouch) (< net45) (>= netstandard1.3) (< win8) (< wpa81) (< xamarinios) (< xamarinmac) (< xamarintvos) (< xamarinwatchos)) (&& (< monoandroid) (< net45) (>= netstandard1.0) (< netstandard1.3) (< win8) (< wp8) (< wpa81))
      System.Runtime.Extensions (>= 4.3) - restriction: && (< monoandroid) (< monotouch) (< net45) (>= netstandard1.3) (< win8) (< wpa81) (< xamarinios) (< xamarinmac) (< xamarintvos) (< xamarinwatchos)
      System.Runtime.InteropServices (>= 4.3) - restriction: && (< monoandroid) (< monotouch) (< net45) (>= netstandard1.3) (< win8) (< wpa81) (< xamarinios) (< xamarinmac) (< xamarintvos) (< xamarinwatchos)
      System.Text.Encoding (>= 4.3) - restriction: || (&& (< monoandroid) (< monotouch) (< net45) (>= netstandard1.3) (< win8) (< wpa81) (< xamarinios) (< xamarinmac) (< xamarintvos) (< xamarinwatchos)) (&& (< monoandroid) (< net45) (>= netstandard1.0) (< netstandard1.3) (< win8) (< wp8) (< wpa81))
      System.Text.Encoding.Extensions (>= 4.3) - restriction: && (< monoandroid) (< monotouch) (< net45) (>= netstandard1.3) (< win8) (< wpa81) (< xamarinios) (< xamarinmac) (< xamarintvos) (< xamarinwatchos)
      System.Text.RegularExpressions (>= 4.3) - restriction: && (< monoandroid) (< monotouch) (< net45) (>= netstandard1.3) (< win8) (< wpa81) (< xamarinios) (< xamarinmac) (< xamarintvos) (< xamarinwatchos)
      System.Threading.Tasks (>= 4.3) - restriction: || (&& (< monoandroid) (< monotouch) (< net45) (>= netstandard1.3) (< win8) (< wpa81) (< xamarinios) (< xamarinmac) (< xamarintvos) (< xamarinwatchos)) (&& (< monoandroid) (< net45) (>= netstandard1.0) (< netstandard1.3) (< win8) (< wp8) (< wpa81))
      System.Threading.Tasks.Extensions (>= 4.3) - restriction: && (< monoandroid) (< monotouch) (< net45) (>= netstandard1.3) (< win8) (< wpa81) (< xamarinios) (< xamarinmac) (< xamarintvos) (< xamarinwatchos)
    System.Xml.XDocument (4.3) - restriction: || (&& (< net35) (< netstandard1.2) (>= netstandard1.4) (< win8)) (&& (< net35) (< netstandard1.2) (>= netstandard2.0) (< win8)) (&& (< net35) (< netstandard1.3) (>= netstandard1.4) (< win8) (< wpa81)) (&& (< net35) (< netstandard1.3) (>= netstandard2.0) (< win8) (< wpa81)) (&& (< net35) (>= netstandard1.4) (< netstandard1.5) (< win8) (< wpa81)) (&& (< net35) (>= netstandard1.4) (< portable-net45+win8+wpa81)) (&& (< net35) (< netstandard1.4) (>= netstandard2.0) (< win8) (< wpa81)) (&& (< net35) (>= netstandard1.5) (< netstandard1.6) (< win8) (< wpa81)) (&& (< net35) (< netstandard1.5) (>= netstandard2.0) (< win8) (< wpa81)) (&& (< net35) (>= netstandard1.6) (< netstandard2.0) (< win8) (< wpa81)) (&& (< net35) (< netstandard1.6) (>= netstandard2.0) (< win8) (< wpa81)) (&& (< net35) (>= netstandard2.0) (< portable-net45+win8+wpa81)) (&& (< netstandard1.5) (>= netstandard2.0) (>= uap10.0)) (&& (< netstandard1.5) (>= uap10.0) (< uap10.1))
      System.Collections (>= 4.3) - restriction: && (< monoandroid) (< monotouch) (< net45) (>= netstandard1.3) (< win8) (< wpa81) (< xamarinios) (< xamarinmac) (< xamarintvos) (< xamarinwatchos)
      System.Diagnostics.Debug (>= 4.3) - restriction: && (< monoandroid) (< monotouch) (< net45) (>= netstandard1.3) (< win8) (< wpa81) (< xamarinios) (< xamarinmac) (< xamarintvos) (< xamarinwatchos)
      System.Diagnostics.Tools (>= 4.3) - restriction: && (< monoandroid) (< monotouch) (< net45) (>= netstandard1.3) (< win8) (< wpa81) (< xamarinios) (< xamarinmac) (< xamarintvos) (< xamarinwatchos)
      System.Globalization (>= 4.3) - restriction: && (< monoandroid) (< monotouch) (< net45) (>= netstandard1.3) (< win8) (< wpa81) (< xamarinios) (< xamarinmac) (< xamarintvos) (< xamarinwatchos)
      System.IO (>= 4.3) - restriction: || (&& (< monoandroid) (< monotouch) (< net45) (>= netstandard1.3) (< win8) (< wpa81) (< xamarinios) (< xamarinmac) (< xamarintvos) (< xamarinwatchos)) (&& (< monoandroid) (< net45) (>= netstandard1.0) (< netstandard1.3) (< win8) (< wp8) (< wpa81))
      System.Reflection (>= 4.3) - restriction: && (< monoandroid) (< monotouch) (< net45) (>= netstandard1.3) (< win8) (< wpa81) (< xamarinios) (< xamarinmac) (< xamarintvos) (< xamarinwatchos)
      System.Resources.ResourceManager (>= 4.3) - restriction: && (< monoandroid) (< monotouch) (< net45) (>= netstandard1.3) (< win8) (< wpa81) (< xamarinios) (< xamarinmac) (< xamarintvos) (< xamarinwatchos)
      System.Runtime (>= 4.3) - restriction: || (&& (< monoandroid) (< monotouch) (< net45) (>= netstandard1.3) (< win8) (< wpa81) (< xamarinios) (< xamarinmac) (< xamarintvos) (< xamarinwatchos)) (&& (< monoandroid) (< net45) (>= netstandard1.0) (< netstandard1.3) (< win8) (< wp8) (< wpa81))
      System.Runtime.Extensions (>= 4.3) - restriction: && (< monoandroid) (< monotouch) (< net45) (>= netstandard1.3) (< win8) (< wpa81) (< xamarinios) (< xamarinmac) (< xamarintvos) (< xamarinwatchos)
      System.Text.Encoding (>= 4.3) - restriction: && (< monoandroid) (< monotouch) (< net45) (>= netstandard1.3) (< win8) (< wpa81) (< xamarinios) (< xamarinmac) (< xamarintvos) (< xamarinwatchos)
      System.Threading (>= 4.3) - restriction: && (< monoandroid) (< monotouch) (< net45) (>= netstandard1.3) (< win8) (< wpa81) (< xamarinios) (< xamarinmac) (< xamarintvos) (< xamarinwatchos)
      System.Xml.ReaderWriter (>= 4.3) - restriction: || (&& (< monoandroid) (< monotouch) (< net45) (>= netstandard1.3) (< win8) (< wpa81) (< xamarinios) (< xamarinmac) (< xamarintvos) (< xamarinwatchos)) (&& (< monoandroid) (< net45) (>= netstandard1.0) (< netstandard1.3) (< win8) (< wp8) (< wpa81))
    System.Xml.XmlDocument (4.3) - restriction: || (&& (< net20) (>= netstandard1.3) (< netstandard2.0)) (&& (< net35) (>= net45) (>= netstandard1.3) (< netstandard1.5)) (&& (< net35) (>= net45) (>= netstandard1.5)) (&& (< net35) (>= netstandard2.0)) (>= netcoreapp1.0)
      System.Collections (>= 4.3) - restriction: && (< monoandroid) (< monotouch) (< net46) (>= netstandard1.3) (< xamarinios) (< xamarinmac) (< xamarintvos) (< xamarinwatchos)
      System.Diagnostics.Debug (>= 4.3) - restriction: && (< monoandroid) (< monotouch) (< net46) (>= netstandard1.3) (< xamarinios) (< xamarinmac) (< xamarintvos) (< xamarinwatchos)
      System.Globalization (>= 4.3) - restriction: && (< monoandroid) (< monotouch) (< net46) (>= netstandard1.3) (< xamarinios) (< xamarinmac) (< xamarintvos) (< xamarinwatchos)
      System.IO (>= 4.3) - restriction: && (< monoandroid) (< monotouch) (< net46) (>= netstandard1.3) (< xamarinios) (< xamarinmac) (< xamarintvos) (< xamarinwatchos)
      System.Resources.ResourceManager (>= 4.3) - restriction: && (< monoandroid) (< monotouch) (< net46) (>= netstandard1.3) (< xamarinios) (< xamarinmac) (< xamarintvos) (< xamarinwatchos)
      System.Runtime (>= 4.3) - restriction: && (< monoandroid) (< monotouch) (< net46) (>= netstandard1.3) (< xamarinios) (< xamarinmac) (< xamarintvos) (< xamarinwatchos)
      System.Runtime.Extensions (>= 4.3) - restriction: && (< monoandroid) (< monotouch) (< net46) (>= netstandard1.3) (< xamarinios) (< xamarinmac) (< xamarintvos) (< xamarinwatchos)
      System.Text.Encoding (>= 4.3) - restriction: && (< monoandroid) (< monotouch) (< net46) (>= netstandard1.3) (< xamarinios) (< xamarinmac) (< xamarintvos) (< xamarinwatchos)
      System.Threading (>= 4.3) - restriction: && (< monoandroid) (< monotouch) (< net46) (>= netstandard1.3) (< xamarinios) (< xamarinmac) (< xamarintvos) (< xamarinwatchos)
      System.Xml.ReaderWriter (>= 4.3) - restriction: && (< monoandroid) (< monotouch) (< net46) (>= netstandard1.3) (< xamarinios) (< xamarinmac) (< xamarintvos) (< xamarinwatchos)
    System.Xml.XPath (4.3) - restriction: >= netcoreapp1.0
      System.Collections (>= 4.3) - restriction: && (< monoandroid) (< monotouch) (< net46) (>= netstandard1.3) (< xamarinios) (< xamarinmac) (< xamarintvos) (< xamarinwatchos)
      System.Diagnostics.Debug (>= 4.3) - restriction: && (< monoandroid) (< monotouch) (< net46) (>= netstandard1.3) (< xamarinios) (< xamarinmac) (< xamarintvos) (< xamarinwatchos)
      System.Globalization (>= 4.3) - restriction: && (< monoandroid) (< monotouch) (< net46) (>= netstandard1.3) (< xamarinios) (< xamarinmac) (< xamarintvos) (< xamarinwatchos)
      System.IO (>= 4.3) - restriction: && (< monoandroid) (< monotouch) (< net46) (>= netstandard1.3) (< xamarinios) (< xamarinmac) (< xamarintvos) (< xamarinwatchos)
      System.Resources.ResourceManager (>= 4.3) - restriction: && (< monoandroid) (< monotouch) (< net46) (>= netstandard1.3) (< xamarinios) (< xamarinmac) (< xamarintvos) (< xamarinwatchos)
      System.Runtime (>= 4.3) - restriction: && (< monoandroid) (< monotouch) (< net46) (>= netstandard1.3) (< xamarinios) (< xamarinmac) (< xamarintvos) (< xamarinwatchos)
      System.Runtime.Extensions (>= 4.3) - restriction: && (< monoandroid) (< monotouch) (< net46) (>= netstandard1.3) (< xamarinios) (< xamarinmac) (< xamarintvos) (< xamarinwatchos)
      System.Threading (>= 4.3) - restriction: && (< monoandroid) (< monotouch) (< net46) (>= netstandard1.3) (< xamarinios) (< xamarinmac) (< xamarintvos) (< xamarinwatchos)
      System.Xml.ReaderWriter (>= 4.3) - restriction: && (< monoandroid) (< monotouch) (< net46) (>= netstandard1.3) (< xamarinios) (< xamarinmac) (< xamarintvos) (< xamarinwatchos)
    System.Xml.XPath.XmlDocument (4.3) - restriction: >= netcoreapp1.0
      System.Collections (>= 4.3) - restriction: && (< monoandroid) (< monotouch) (< net46) (>= netstandard1.3) (< xamarinios) (< xamarinmac) (< xamarintvos) (< xamarinwatchos)
      System.Globalization (>= 4.3) - restriction: && (< monoandroid) (< monotouch) (< net46) (>= netstandard1.3) (< xamarinios) (< xamarinmac) (< xamarintvos) (< xamarinwatchos)
      System.IO (>= 4.3) - restriction: && (< monoandroid) (< monotouch) (< net46) (>= netstandard1.3) (< xamarinios) (< xamarinmac) (< xamarintvos) (< xamarinwatchos)
      System.Resources.ResourceManager (>= 4.3) - restriction: && (< monoandroid) (< monotouch) (< net46) (>= netstandard1.3) (< xamarinios) (< xamarinmac) (< xamarintvos) (< xamarinwatchos)
      System.Runtime (>= 4.3) - restriction: && (< monoandroid) (< monotouch) (< net46) (>= netstandard1.3) (< xamarinios) (< xamarinmac) (< xamarintvos) (< xamarinwatchos)
      System.Runtime.Extensions (>= 4.3) - restriction: && (< monoandroid) (< monotouch) (< net46) (>= netstandard1.3) (< xamarinios) (< xamarinmac) (< xamarintvos) (< xamarinwatchos)
      System.Threading (>= 4.3) - restriction: && (< monoandroid) (< monotouch) (< net46) (>= netstandard1.3) (< xamarinios) (< xamarinmac) (< xamarintvos) (< xamarinwatchos)
      System.Xml.ReaderWriter (>= 4.3) - restriction: && (< monoandroid) (< monotouch) (< net46) (>= netstandard1.3) (< xamarinios) (< xamarinmac) (< xamarintvos) (< xamarinwatchos)
      System.Xml.XmlDocument (>= 4.3) - restriction: || (&& (< monoandroid) (< monotouch) (>= netstandard1.3) (< xamarinios) (< xamarinmac) (< xamarintvos) (< xamarinwatchos)) (>= net46)
      System.Xml.XPath (>= 4.3) - restriction: || (&& (< monoandroid) (< monotouch) (>= netstandard1.3) (< xamarinios) (< xamarinmac) (< xamarintvos) (< xamarinwatchos)) (>= net46)
    Unofficial.Microsoft.mshtml (7.0.3300)
    Xpand.Collections (1.0.1)
    Xpand.Patcher (1.0.1)
  remote: "C:\Program Files (x86)\DevExpress 18.2\Components\System\Components\Packages"
    DevExpress.Charts (18.2.11) - restriction: >= net452
      DevExpress.Charts.Core (18.2.11) - restriction: || (>= net452) (>= netstandard2.0)
      DevExpress.Data (18.2.11) - restriction: || (>= net452) (>= netstandard2.0)
      DevExpress.Printing.Core (18.2.11) - restriction: || (>= net452) (>= netstandard2.0)
    DevExpress.Charts.Core (18.2.11) - restriction: >= net452
      DevExpress.Data (18.2.11) - restriction: || (>= net452) (>= netstandard2.0)
    DevExpress.CodeParser (18.2.11) - restriction: >= net452
      DevExpress.Data (18.2.11) - restriction: || (>= net452) (>= netstandard2.0)
    DevExpress.Dashboard.Core (18.2.11) - restriction: >= net452
      DevExpress.Charts (18.2.11) - restriction: || (>= net452) (>= netstandard2.0)
      DevExpress.Charts.Core (18.2.11) - restriction: || (>= net452) (>= netstandard2.0)
      DevExpress.Data (18.2.11) - restriction: || (>= net452) (>= netstandard2.0)
      DevExpress.DataAccess (18.2.11) - restriction: || (>= net452) (>= netstandard2.0)
      DevExpress.Gauges.Core (18.2.11) - restriction: || (>= net452) (>= netstandard2.0)
      DevExpress.Map.Core (18.2.11) - restriction: || (>= net452) (>= netstandard2.0)
      DevExpress.Office.Core (18.2.11) - restriction: || (>= net452) (>= netstandard2.0)
      DevExpress.PivotGrid.Core (18.2.11) - restriction: || (>= net452) (>= netstandard2.0)
      DevExpress.Printing.Core (18.2.11) - restriction: || (>= net452) (>= netstandard2.0)
      DevExpress.Reporting.Core (18.2.11) - restriction: || (>= net452) (>= netstandard2.0)
      DevExpress.RichEdit.Core (18.2.11) - restriction: || (>= net452) (>= netstandard2.0)
      DevExpress.Sparkline.Core (18.2.11) - restriction: || (>= net452) (>= netstandard2.0)
      DevExpress.TreeMap.Core (18.2.11) - restriction: || (>= net452) (>= netstandard2.0)
      DevExpress.Utils (18.2.11) - restriction: >= net452
      DevExpress.Win.Gauges (18.2.11) - restriction: >= net452
      DevExpress.Win.Map (18.2.11) - restriction: >= net452
      DevExpress.Win.TreeMap (18.2.11) - restriction: >= net452
      DevExpress.Xpo (18.2.11) - restriction: || (>= net452) (>= netstandard2.0)
    DevExpress.DataAccess (18.2.11) - restriction: >= net452
      DevExpress.CodeParser (18.2.11) - restriction: || (>= net452) (>= netstandard2.0)
      DevExpress.Data (18.2.11) - restriction: || (>= net452) (>= netstandard2.0)
      DevExpress.Office.Core (18.2.11) - restriction: >= net452
      DevExpress.Printing.Core (18.2.11) - restriction: || (>= net452) (>= netstandard2.0)
      DevExpress.RichEdit.Core (18.2.11) - restriction: >= net452
      DevExpress.Xpo (18.2.11) - restriction: || (>= net452) (>= netstandard2.0)
    DevExpress.DataAccess.UI (18.2.11) - restriction: >= net452
      DevExpress.CodeParser (18.2.11) - restriction: >= net452
      DevExpress.Data (18.2.11) - restriction: >= net452
      DevExpress.DataAccess (18.2.11) - restriction: >= net452
      DevExpress.Diagram.Core (18.2.11) - restriction: >= net452
      DevExpress.Printing.Core (18.2.11) - restriction: >= net452
      DevExpress.RichEdit.Core (18.2.11) - restriction: >= net452
      DevExpress.Utils (18.2.11) - restriction: >= net452
      DevExpress.Utils.UI (18.2.11) - restriction: >= net452
      DevExpress.Win (18.2.11) - restriction: >= net452
      DevExpress.Win.Diagram (18.2.11) - restriction: >= net452
      DevExpress.Win.RichEdit (18.2.11) - restriction: >= net452
      DevExpress.Xpo (18.2.11) - restriction: >= net452
    DevExpress.Diagram.Core (18.2.11) - restriction: >= net452
      DevExpress.Data (18.2.11) - restriction: >= net452
    DevExpress.ExpressApp (18.2.11) - restriction: >= net452
      DevExpress.Data (18.2.11) - restriction: >= net452
      DevExpress.Images (18.2.11) - restriction: >= net452
      DevExpress.Printing.Core (18.2.11) - restriction: >= net452
      DevExpress.Utils (18.2.11) - restriction: >= net452
    DevExpress.ExpressApp.AuditTrail (18.2.11) - restriction: >= net452
      DevExpress.Data (18.2.11) - restriction: >= net452
      DevExpress.ExpressApp (18.2.11) - restriction: >= net452
      DevExpress.ExpressApp.Xpo (18.2.11) - restriction: >= net452
      DevExpress.Persistent.BaseImpl (18.2.11) - restriction: >= net452
      DevExpress.Xpo (18.2.11) - restriction: >= net452
    DevExpress.ExpressApp.Chart (18.2.11) - restriction: >= net452
      DevExpress.Charts (18.2.11) - restriction: >= net452
      DevExpress.Data (18.2.11) - restriction: >= net452
      DevExpress.ExpressApp (18.2.11) - restriction: >= net452
      DevExpress.Persistent.Base (18.2.11) - restriction: >= net452
    DevExpress.ExpressApp.Chart.Web (18.2.11) - restriction: >= net452
      DevExpress.Charts (18.2.11) - restriction: >= net452
      DevExpress.Data (18.2.11) - restriction: >= net452
      DevExpress.ExpressApp (18.2.11) - restriction: >= net452
      DevExpress.ExpressApp.Chart (18.2.11) - restriction: >= net452
      DevExpress.ExpressApp.Web (18.2.11) - restriction: >= net452
      DevExpress.Persistent.Base (18.2.11) - restriction: >= net452
      DevExpress.Web (18.2.11) - restriction: >= net452
      DevExpress.Web.Visualization (18.2.11) - restriction: >= net452
    DevExpress.ExpressApp.Chart.Win (18.2.11) - restriction: >= net452
      DevExpress.Charts (18.2.11) - restriction: >= net452
      DevExpress.Data (18.2.11) - restriction: >= net452
      DevExpress.ExpressApp (18.2.11) - restriction: >= net452
      DevExpress.ExpressApp.Chart (18.2.11) - restriction: >= net452
      DevExpress.ExpressApp.Win (18.2.11) - restriction: >= net452
      DevExpress.Persistent.Base (18.2.11) - restriction: >= net452
      DevExpress.Printing.Core (18.2.11) - restriction: >= net452
      DevExpress.Utils (18.2.11) - restriction: >= net452
      DevExpress.Win (18.2.11) - restriction: >= net452
      DevExpress.Win.Charts (18.2.11) - restriction: >= net452
    DevExpress.ExpressApp.CloneObject (18.2.11) - restriction: >= net452
      DevExpress.Data (18.2.11) - restriction: >= net452
      DevExpress.ExpressApp (18.2.11) - restriction: >= net452
      DevExpress.Persistent.Base (18.2.11) - restriction: >= net452
    DevExpress.ExpressApp.ConditionalAppearance (18.2.11) - restriction: >= net452
      DevExpress.Data (18.2.11) - restriction: >= net452
      DevExpress.ExpressApp (18.2.11) - restriction: >= net452
      DevExpress.Persistent.Base (18.2.11) - restriction: >= net452
    DevExpress.ExpressApp.Core.All (18.2.11)
      DevExpress.ExpressApp.AuditTrail (18.2.11) - restriction: >= net452
      DevExpress.ExpressApp.Chart (18.2.11) - restriction: >= net452
      DevExpress.ExpressApp.CloneObject (18.2.11) - restriction: >= net452
      DevExpress.ExpressApp.ConditionalAppearance (18.2.11) - restriction: >= net452
      DevExpress.ExpressApp.Dashboards (18.2.11) - restriction: >= net452
      DevExpress.ExpressApp.Images (18.2.11) - restriction: >= net452
      DevExpress.ExpressApp.Kpi (18.2.11) - restriction: >= net452
      DevExpress.ExpressApp.Notifications (18.2.11) - restriction: >= net452
      DevExpress.ExpressApp.Objects (18.2.11) - restriction: >= net452
      DevExpress.ExpressApp.PivotChart (18.2.11) - restriction: >= net452
      DevExpress.ExpressApp.PivotGrid (18.2.11) - restriction: >= net452
      DevExpress.ExpressApp.ReportsV2 (18.2.11) - restriction: >= net452
      DevExpress.ExpressApp.Scheduler (18.2.11) - restriction: >= net452
      DevExpress.ExpressApp.ScriptRecorder (18.2.11) - restriction: >= net452
      DevExpress.ExpressApp.Security (18.2.11) - restriction: >= net452
      DevExpress.ExpressApp.StateMachine (18.2.11) - restriction: >= net452
      DevExpress.ExpressApp.TreeListEditors (18.2.11) - restriction: >= net452
      DevExpress.ExpressApp.Validation (18.2.11) - restriction: >= net452
      DevExpress.ExpressApp.ViewVariantsModule (18.2.11) - restriction: >= net452
      DevExpress.ExpressApp.Workflow (18.2.11) - restriction: >= net452
      DevExpress.Persistent.Base (18.2.11) - restriction: >= net452
    DevExpress.ExpressApp.Dashboards (18.2.11) - restriction: >= net452
      DevExpress.Dashboard.Core (18.2.11) - restriction: >= net452
      DevExpress.Data (18.2.11) - restriction: >= net452
      DevExpress.DataAccess (18.2.11) - restriction: >= net452
      DevExpress.ExpressApp (18.2.11) - restriction: >= net452
      DevExpress.Persistent.Base (18.2.11) - restriction: >= net452
      DevExpress.Utils (18.2.11) - restriction: >= net452
    DevExpress.ExpressApp.Dashboards.Web (18.2.11) - restriction: >= net452
      DevExpress.Dashboard.Core (18.2.11) - restriction: >= net452
      DevExpress.Data (18.2.11) - restriction: >= net452
      DevExpress.DataAccess (18.2.11) - restriction: >= net452
      DevExpress.ExpressApp (18.2.11) - restriction: >= net452
      DevExpress.ExpressApp.Dashboards (18.2.11) - restriction: >= net452
      DevExpress.ExpressApp.Web (18.2.11) - restriction: >= net452
      DevExpress.Persistent.Base (18.2.11) - restriction: >= net452
      DevExpress.Web (18.2.11) - restriction: >= net452
      DevExpress.Web.Dashboard (18.2.11) - restriction: >= net452
      DevExpress.Web.Dashboard.Common (18.2.11) - restriction: >= net452
    DevExpress.ExpressApp.Dashboards.Win (18.2.11) - restriction: >= net452
      DevExpress.Dashboard.Core (18.2.11) - restriction: >= net452
      DevExpress.Data (18.2.11) - restriction: >= net452
      DevExpress.DataAccess (18.2.11) - restriction: >= net452
      DevExpress.DataAccess.UI (18.2.11) - restriction: >= net452
      DevExpress.ExpressApp (18.2.11) - restriction: >= net452
      DevExpress.ExpressApp.Dashboards (18.2.11) - restriction: >= net452
      DevExpress.ExpressApp.Win (18.2.11) - restriction: >= net452
      DevExpress.Persistent.Base (18.2.11) - restriction: >= net452
      DevExpress.Utils (18.2.11) - restriction: >= net452
      DevExpress.Win (18.2.11) - restriction: >= net452
      DevExpress.Win.Dashboard (18.2.11) - restriction: >= net452
    DevExpress.ExpressApp.FileAttachment.Web (18.2.11) - restriction: >= net452
      DevExpress.Data (18.2.11) - restriction: >= net452
      DevExpress.ExpressApp (18.2.11) - restriction: >= net452
      DevExpress.ExpressApp.Web (18.2.11) - restriction: >= net452
      DevExpress.Persistent.Base (18.2.11) - restriction: >= net452
      DevExpress.Web (18.2.11) - restriction: >= net452
    DevExpress.ExpressApp.FileAttachment.Win (18.2.11) - restriction: >= net452
      DevExpress.Data (18.2.11) - restriction: >= net452
      DevExpress.ExpressApp (18.2.11) - restriction: >= net452
      DevExpress.ExpressApp.Win (18.2.11) - restriction: >= net452
      DevExpress.Persistent.Base (18.2.11) - restriction: >= net452
      DevExpress.Utils (18.2.11) - restriction: >= net452
      DevExpress.Win (18.2.11) - restriction: >= net452
    DevExpress.ExpressApp.HtmlPropertyEditor.Web (18.2.11) - restriction: >= net452
      DevExpress.Data (18.2.11) - restriction: >= net452
      DevExpress.ExpressApp (18.2.11) - restriction: >= net452
      DevExpress.ExpressApp.Web (18.2.11) - restriction: >= net452
      DevExpress.Web (18.2.11) - restriction: >= net452
    DevExpress.ExpressApp.HtmlPropertyEditor.Win (18.2.11) - restriction: >= net452
      DevExpress.Data (18.2.11) - restriction: >= net452
      DevExpress.ExpressApp (18.2.11) - restriction: >= net452
      DevExpress.ExpressApp.Win (18.2.11) - restriction: >= net452
      DevExpress.Utils (18.2.11) - restriction: >= net452
      DevExpress.Win (18.2.11) - restriction: >= net452
    DevExpress.ExpressApp.Images (18.2.11) - restriction: >= net452
    DevExpress.ExpressApp.Kpi (18.2.11) - restriction: >= net452
      DevExpress.Data (18.2.11) - restriction: >= net452
      DevExpress.ExpressApp (18.2.11) - restriction: >= net452
      DevExpress.ExpressApp.Validation (18.2.11) - restriction: >= net452
      DevExpress.Persistent.Base (18.2.11) - restriction: >= net452
      DevExpress.Utils (18.2.11) - restriction: >= net452
    DevExpress.ExpressApp.Maps.Web (18.2.11) - restriction: >= net452
      DevExpress.Data (18.2.11) - restriction: >= net452
      DevExpress.ExpressApp (18.2.11) - restriction: >= net452
      DevExpress.ExpressApp.Web (18.2.11) - restriction: >= net452
      DevExpress.Persistent.Base (18.2.11) - restriction: >= net452
      DevExpress.Web (18.2.11) - restriction: >= net452
    DevExpress.ExpressApp.Notifications (18.2.11) - restriction: >= net452
      DevExpress.Data (18.2.11) - restriction: >= net452
      DevExpress.ExpressApp (18.2.11) - restriction: >= net452
      DevExpress.Persistent.Base (18.2.11) - restriction: >= net452
    DevExpress.ExpressApp.Notifications.Web (18.2.11) - restriction: >= net452
      DevExpress.Data (18.2.11) - restriction: >= net452
      DevExpress.ExpressApp (18.2.11) - restriction: >= net452
      DevExpress.ExpressApp.Notifications (18.2.11) - restriction: >= net452
      DevExpress.ExpressApp.Web (18.2.11) - restriction: >= net452
      DevExpress.Web (18.2.11) - restriction: >= net452
    DevExpress.ExpressApp.Notifications.Win (18.2.11) - restriction: >= net452
      DevExpress.Data (18.2.11) - restriction: >= net452
      DevExpress.ExpressApp (18.2.11) - restriction: >= net452
      DevExpress.ExpressApp.Notifications (18.2.11) - restriction: >= net452
      DevExpress.ExpressApp.Win (18.2.11) - restriction: >= net452
      DevExpress.Utils (18.2.11) - restriction: >= net452
      DevExpress.Win (18.2.11) - restriction: >= net452
    DevExpress.ExpressApp.Objects (18.2.11) - restriction: >= net452
      DevExpress.Data (18.2.11) - restriction: >= net452
      DevExpress.ExpressApp (18.2.11) - restriction: >= net452
    DevExpress.ExpressApp.Office.Win (18.2.11) - restriction: >= net452
      DevExpress.Data (18.2.11) - restriction: >= net452
      DevExpress.ExpressApp (18.2.11) - restriction: >= net452
      DevExpress.ExpressApp.Win (18.2.11) - restriction: >= net452
      DevExpress.Office.Core (18.2.11) - restriction: >= net452
      DevExpress.Persistent.Base (18.2.11) - restriction: >= net452
      DevExpress.Printing.Core (18.2.11) - restriction: >= net452
      DevExpress.RichEdit.Core (18.2.11) - restriction: >= net452
      DevExpress.Utils (18.2.11) - restriction: >= net452
      DevExpress.Win (18.2.11) - restriction: >= net452
      DevExpress.Win.RichEdit (18.2.11) - restriction: >= net452
    DevExpress.ExpressApp.PivotChart (18.2.11) - restriction: >= net452
      DevExpress.Charts (18.2.11) - restriction: >= net452
      DevExpress.Data (18.2.11) - restriction: >= net452
      DevExpress.ExpressApp (18.2.11) - restriction: >= net452
      DevExpress.Persistent.Base (18.2.11) - restriction: >= net452
      DevExpress.PivotGrid.Core (18.2.11) - restriction: >= net452
    DevExpress.ExpressApp.PivotChart.Web (18.2.11) - restriction: >= net452
      DevExpress.Charts (18.2.11) - restriction: >= net452
      DevExpress.Data (18.2.11) - restriction: >= net452
      DevExpress.ExpressApp (18.2.11) - restriction: >= net452
      DevExpress.ExpressApp.PivotChart (18.2.11) - restriction: >= net452
      DevExpress.ExpressApp.Web (18.2.11) - restriction: >= net452
      DevExpress.Persistent.Base (18.2.11) - restriction: >= net452
      DevExpress.PivotGrid.Core (18.2.11) - restriction: >= net452
      DevExpress.Printing.Core (18.2.11) - restriction: >= net452
      DevExpress.Web (18.2.11) - restriction: >= net452
      DevExpress.Web.Visualization (18.2.11) - restriction: >= net452
    DevExpress.ExpressApp.PivotChart.Win (18.2.11) - restriction: >= net452
      DevExpress.Charts (18.2.11) - restriction: >= net452
      DevExpress.Data (18.2.11) - restriction: >= net452
      DevExpress.ExpressApp (18.2.11) - restriction: >= net452
      DevExpress.ExpressApp.PivotChart (18.2.11) - restriction: >= net452
      DevExpress.ExpressApp.Win (18.2.11) - restriction: >= net452
      DevExpress.Persistent.Base (18.2.11) - restriction: >= net452
      DevExpress.PivotGrid.Core (18.2.11) - restriction: >= net452
      DevExpress.Printing.Core (18.2.11) - restriction: >= net452
      DevExpress.Win (18.2.11) - restriction: >= net452
      DevExpress.Win.Charts (18.2.11) - restriction: >= net452
    DevExpress.ExpressApp.PivotGrid (18.2.11) - restriction: >= net452
      DevExpress.Data (18.2.11) - restriction: >= net452
      DevExpress.ExpressApp (18.2.11) - restriction: >= net452
      DevExpress.PivotGrid.Core (18.2.11) - restriction: >= net452
    DevExpress.ExpressApp.PivotGrid.Web (18.2.11) - restriction: >= net452
      DevExpress.Charts (18.2.11) - restriction: >= net452
      DevExpress.Data (18.2.11) - restriction: >= net452
      DevExpress.ExpressApp (18.2.11) - restriction: >= net452
      DevExpress.ExpressApp.PivotGrid (18.2.11) - restriction: >= net452
      DevExpress.ExpressApp.Web (18.2.11) - restriction: >= net452
      DevExpress.PivotGrid.Core (18.2.11) - restriction: >= net452
      DevExpress.Web (18.2.11) - restriction: >= net452
      DevExpress.Web.Visualization (18.2.11) - restriction: >= net452
    DevExpress.ExpressApp.PivotGrid.Win (18.2.11) - restriction: >= net452
      DevExpress.Charts (18.2.11) - restriction: >= net452
      DevExpress.Data (18.2.11) - restriction: >= net452
      DevExpress.ExpressApp (18.2.11) - restriction: >= net452
      DevExpress.ExpressApp.PivotGrid (18.2.11) - restriction: >= net452
      DevExpress.ExpressApp.Win (18.2.11) - restriction: >= net452
      DevExpress.PivotGrid.Core (18.2.11) - restriction: >= net452
      DevExpress.Utils (18.2.11) - restriction: >= net452
      DevExpress.Win (18.2.11) - restriction: >= net452
      DevExpress.Win.Charts (18.2.11) - restriction: >= net452
    DevExpress.ExpressApp.ReportsV2 (18.2.11) - restriction: >= net452
      DevExpress.Data (18.2.11) - restriction: >= net452
      DevExpress.ExpressApp (18.2.11) - restriction: >= net452
      DevExpress.Persistent.Base (18.2.11) - restriction: >= net452
      DevExpress.Printing.Core (18.2.11) - restriction: >= net452
      DevExpress.Reporting.Core (18.2.11) - restriction: >= net452
      DevExpress.Utils (18.2.11) - restriction: >= net452
    DevExpress.ExpressApp.ReportsV2.Web (18.2.11) - restriction: >= net452
      DevExpress.Data (18.2.11) - restriction: >= net452
      DevExpress.ExpressApp (18.2.11) - restriction: >= net452
      DevExpress.ExpressApp.ReportsV2 (18.2.11) - restriction: >= net452
      DevExpress.ExpressApp.Web (18.2.11) - restriction: >= net452
      DevExpress.Persistent.Base (18.2.11) - restriction: >= net452
      DevExpress.Printing.Core (18.2.11) - restriction: >= net452
      DevExpress.Reporting.Core (18.2.11) - restriction: >= net452
      DevExpress.Web (18.2.11) - restriction: >= net452
      DevExpress.Web.Reporting (18.2.11) - restriction: >= net452
      DevExpress.Web.Reporting.Common (18.2.11) - restriction: >= net452
    DevExpress.ExpressApp.ReportsV2.Win (18.2.11) - restriction: >= net452
      DevExpress.Data (18.2.11) - restriction: >= net452
      DevExpress.DataAccess (18.2.11) - restriction: >= net452
      DevExpress.DataAccess.UI (18.2.11) - restriction: >= net452
      DevExpress.ExpressApp (18.2.11) - restriction: >= net452
      DevExpress.ExpressApp.ReportsV2 (18.2.11) - restriction: >= net452
      DevExpress.ExpressApp.Win (18.2.11) - restriction: >= net452
      DevExpress.Persistent.Base (18.2.11) - restriction: >= net452
      DevExpress.Printing.Core (18.2.11) - restriction: >= net452
      DevExpress.Reporting.Core (18.2.11) - restriction: >= net452
      DevExpress.Utils (18.2.11) - restriction: >= net452
      DevExpress.Utils.UI (18.2.11) - restriction: >= net452
      DevExpress.Win (18.2.11) - restriction: >= net452
      DevExpress.Win.Reporting (18.2.11) - restriction: >= net452
    DevExpress.ExpressApp.Scheduler (18.2.11) - restriction: >= net452
      DevExpress.Data (18.2.11) - restriction: >= net452
      DevExpress.ExpressApp (18.2.11) - restriction: >= net452
      DevExpress.Persistent.Base (18.2.11) - restriction: >= net452
      DevExpress.Scheduler.Core (18.2.11) - restriction: >= net452
    DevExpress.ExpressApp.Scheduler.Web (18.2.11) - restriction: >= net452
      DevExpress.Data (18.2.11) - restriction: >= net452
      DevExpress.ExpressApp (18.2.11) - restriction: >= net452
      DevExpress.ExpressApp.Scheduler (18.2.11) - restriction: >= net452
      DevExpress.ExpressApp.Web (18.2.11) - restriction: >= net452
      DevExpress.Persistent.Base (18.2.11) - restriction: >= net452
      DevExpress.Scheduler.Core (18.2.11) - restriction: >= net452
      DevExpress.Web (18.2.11) - restriction: >= net452
      DevExpress.Web.Scheduler (18.2.11) - restriction: >= net452
    DevExpress.ExpressApp.Scheduler.Win (18.2.11) - restriction: >= net452
      DevExpress.Data (18.2.11) - restriction: >= net452
      DevExpress.ExpressApp (18.2.11) - restriction: >= net452
      DevExpress.ExpressApp.Scheduler (18.2.11) - restriction: >= net452
      DevExpress.ExpressApp.Win (18.2.11) - restriction: >= net452
      DevExpress.Persistent.Base (18.2.11) - restriction: >= net452
      DevExpress.Scheduler.Core (18.2.11) - restriction: >= net452
      DevExpress.Utils (18.2.11) - restriction: >= net452
      DevExpress.Win (18.2.11) - restriction: >= net452
      DevExpress.Win.Scheduler (18.2.11) - restriction: >= net452
    DevExpress.ExpressApp.ScriptRecorder (18.2.11) - restriction: >= net452
      DevExpress.ExpressApp (18.2.11) - restriction: >= net452
    DevExpress.ExpressApp.ScriptRecorder.Web (18.2.11) - restriction: >= net452
      DevExpress.Data (18.2.11) - restriction: >= net452
      DevExpress.ExpressApp (18.2.11) - restriction: >= net452
      DevExpress.ExpressApp.ScriptRecorder (18.2.11) - restriction: >= net452
      DevExpress.ExpressApp.Web (18.2.11) - restriction: >= net452
    DevExpress.ExpressApp.ScriptRecorder.Win (18.2.11) - restriction: >= net452
      DevExpress.Data (18.2.11) - restriction: >= net452
      DevExpress.ExpressApp (18.2.11) - restriction: >= net452
      DevExpress.ExpressApp.ScriptRecorder (18.2.11) - restriction: >= net452
      DevExpress.ExpressApp.Win (18.2.11) - restriction: >= net452
      DevExpress.Utils (18.2.11) - restriction: >= net452
      DevExpress.Win (18.2.11) - restriction: >= net452
    DevExpress.ExpressApp.Security (18.2.11) - restriction: >= net452
      DevExpress.Data (18.2.11) - restriction: >= net452
      DevExpress.ExpressApp (18.2.11) - restriction: >= net452
      DevExpress.Persistent.Base (18.2.11) - restriction: >= net452
    DevExpress.ExpressApp.Security.Xpo (18.2.11)
      DevExpress.Data (18.2.11) - restriction: >= net452
      DevExpress.ExpressApp (18.2.11) - restriction: >= net452
      DevExpress.ExpressApp.Security (18.2.11) - restriction: >= net452
      DevExpress.ExpressApp.Xpo (18.2.11) - restriction: >= net452
      DevExpress.Persistent.Base (18.2.11) - restriction: >= net452
      DevExpress.Xpo (18.2.11) - restriction: >= net452
    DevExpress.ExpressApp.StateMachine (18.2.11) - restriction: >= net452
      DevExpress.Data (18.2.11) - restriction: >= net452
      DevExpress.ExpressApp (18.2.11) - restriction: >= net452
      DevExpress.ExpressApp.ConditionalAppearance (18.2.11) - restriction: >= net452
      DevExpress.ExpressApp.Validation (18.2.11) - restriction: >= net452
      DevExpress.Persistent.Base (18.2.11) - restriction: >= net452
      DevExpress.Utils (18.2.11) - restriction: >= net452
    DevExpress.ExpressApp.TreeListEditors (18.2.11) - restriction: >= net452
      DevExpress.Data (18.2.11) - restriction: >= net452
      DevExpress.ExpressApp (18.2.11) - restriction: >= net452
      DevExpress.Persistent.Base (18.2.11) - restriction: >= net452
    DevExpress.ExpressApp.TreeListEditors.Web (18.2.11) - restriction: >= net452
      DevExpress.Data (18.2.11) - restriction: >= net452
      DevExpress.ExpressApp (18.2.11) - restriction: >= net452
      DevExpress.ExpressApp.TreeListEditors (18.2.11) - restriction: >= net452
      DevExpress.ExpressApp.Web (18.2.11) - restriction: >= net452
      DevExpress.Persistent.Base (18.2.11) - restriction: >= net452
      DevExpress.Web (18.2.11) - restriction: >= net452
    DevExpress.ExpressApp.TreeListEditors.Win (18.2.11) - restriction: >= net452
      DevExpress.Data (18.2.11) - restriction: >= net452
      DevExpress.ExpressApp (18.2.11) - restriction: >= net452
      DevExpress.ExpressApp.TreeListEditors (18.2.11) - restriction: >= net452
      DevExpress.ExpressApp.Win (18.2.11) - restriction: >= net452
      DevExpress.Persistent.Base (18.2.11) - restriction: >= net452
      DevExpress.Utils (18.2.11) - restriction: >= net452
      DevExpress.Win (18.2.11) - restriction: >= net452
    DevExpress.ExpressApp.Validation (18.2.11) - restriction: >= net452
      DevExpress.Data (18.2.11) - restriction: >= net452
      DevExpress.ExpressApp (18.2.11) - restriction: >= net452
      DevExpress.Persistent.Base (18.2.11) - restriction: >= net452
    DevExpress.ExpressApp.Validation.Web (18.2.11) - restriction: >= net452
      DevExpress.Data (18.2.11) - restriction: >= net452
      DevExpress.ExpressApp (18.2.11) - restriction: >= net452
      DevExpress.ExpressApp.Validation (18.2.11) - restriction: >= net452
      DevExpress.ExpressApp.Web (18.2.11) - restriction: >= net452
      DevExpress.Persistent.Base (18.2.11) - restriction: >= net452
      DevExpress.Web (18.2.11) - restriction: >= net452
    DevExpress.ExpressApp.Validation.Win (18.2.11) - restriction: >= net452
      DevExpress.Data (18.2.11) - restriction: >= net452
      DevExpress.ExpressApp (18.2.11) - restriction: >= net452
      DevExpress.ExpressApp.Validation (18.2.11) - restriction: >= net452
      DevExpress.ExpressApp.Win (18.2.11) - restriction: >= net452
      DevExpress.Persistent.Base (18.2.11) - restriction: >= net452
      DevExpress.Win (18.2.11) - restriction: >= net452
    DevExpress.ExpressApp.ViewVariantsModule (18.2.11) - restriction: >= net452
      DevExpress.Data (18.2.11) - restriction: >= net452
      DevExpress.ExpressApp (18.2.11) - restriction: >= net452
    DevExpress.ExpressApp.Web (18.2.11) - restriction: >= net452
      DevExpress.Data (18.2.11) - restriction: >= net452
      DevExpress.ExpressApp (18.2.11) - restriction: >= net452
      DevExpress.Persistent.Base (18.2.11) - restriction: >= net452
      DevExpress.Printing.Core (18.2.11) - restriction: >= net452
      DevExpress.Utils (18.2.11) - restriction: >= net452
      DevExpress.Web (18.2.11) - restriction: >= net452
      DevExpress.Web.Themes (18.2.11) - restriction: >= net452
    DevExpress.ExpressApp.Web.All (18.2.11)
      DevExpress.ExpressApp.Chart.Web (18.2.11) - restriction: >= net452
      DevExpress.ExpressApp.Core.All (18.2.11) - restriction: >= net452
      DevExpress.ExpressApp.Dashboards.Web (18.2.11) - restriction: >= net452
      DevExpress.ExpressApp.FileAttachment.Web (18.2.11) - restriction: >= net452
      DevExpress.ExpressApp.HtmlPropertyEditor.Web (18.2.11) - restriction: >= net452
      DevExpress.ExpressApp.Maps.Web (18.2.11) - restriction: >= net452
      DevExpress.ExpressApp.Notifications.Web (18.2.11) - restriction: >= net452
      DevExpress.ExpressApp.PivotChart.Web (18.2.11) - restriction: >= net452
      DevExpress.ExpressApp.PivotGrid.Web (18.2.11) - restriction: >= net452
      DevExpress.ExpressApp.ReportsV2.Web (18.2.11) - restriction: >= net452
      DevExpress.ExpressApp.Scheduler.Web (18.2.11) - restriction: >= net452
      DevExpress.ExpressApp.ScriptRecorder.Web (18.2.11) - restriction: >= net452
      DevExpress.ExpressApp.TreeListEditors.Web (18.2.11) - restriction: >= net452
      DevExpress.ExpressApp.Validation.Web (18.2.11) - restriction: >= net452
      DevExpress.ExpressApp.Web (18.2.11) - restriction: >= net452
    DevExpress.ExpressApp.Win (18.2.11) - restriction: >= net452
      DevExpress.Data (18.2.11) - restriction: >= net452
      DevExpress.ExpressApp (18.2.11) - restriction: >= net452
      DevExpress.Office.Core (18.2.11) - restriction: >= net452
      DevExpress.Persistent.Base (18.2.11) - restriction: >= net452
      DevExpress.Printing.Core (18.2.11) - restriction: >= net452
      DevExpress.RichEdit.Core (18.2.11) - restriction: >= net452
      DevExpress.Utils (18.2.11) - restriction: >= net452
      DevExpress.Win (18.2.11) - restriction: >= net452
      DevExpress.Win.BonusSkins (18.2.11) - restriction: >= net452
      DevExpress.Win.RichEdit (18.2.11) - restriction: >= net452
    DevExpress.ExpressApp.Win.All (18.2.11)
      DevExpress.ExpressApp.Chart.Win (18.2.11) - restriction: >= net452
      DevExpress.ExpressApp.Core.All (18.2.11) - restriction: >= net452
      DevExpress.ExpressApp.Dashboards.Win (18.2.11) - restriction: >= net452
      DevExpress.ExpressApp.FileAttachment.Win (18.2.11) - restriction: >= net452
      DevExpress.ExpressApp.HtmlPropertyEditor.Win (18.2.11) - restriction: >= net452
      DevExpress.ExpressApp.Notifications.Win (18.2.11) - restriction: >= net452
      DevExpress.ExpressApp.Office.Win (18.2.11) - restriction: >= net452
      DevExpress.ExpressApp.PivotChart.Win (18.2.11) - restriction: >= net452
      DevExpress.ExpressApp.PivotGrid.Win (18.2.11) - restriction: >= net452
      DevExpress.ExpressApp.ReportsV2.Win (18.2.11) - restriction: >= net452
      DevExpress.ExpressApp.Scheduler.Win (18.2.11) - restriction: >= net452
      DevExpress.ExpressApp.ScriptRecorder.Win (18.2.11) - restriction: >= net452
      DevExpress.ExpressApp.TreeListEditors.Win (18.2.11) - restriction: >= net452
      DevExpress.ExpressApp.Validation.Win (18.2.11) - restriction: >= net452
      DevExpress.ExpressApp.Win (18.2.11) - restriction: >= net452
      DevExpress.ExpressApp.Workflow.Win (18.2.11) - restriction: >= net452
    DevExpress.ExpressApp.Workflow (18.2.11) - restriction: >= net452
      DevExpress.Data (18.2.11) - restriction: >= net452
      DevExpress.ExpressApp (18.2.11) - restriction: >= net452
      DevExpress.ExpressApp.ConditionalAppearance (18.2.11) - restriction: >= net452
      DevExpress.ExpressApp.Security (18.2.11) - restriction: >= net452
      DevExpress.Persistent.Base (18.2.11) - restriction: >= net452
      DevExpress.Utils (18.2.11) - restriction: >= net452
    DevExpress.ExpressApp.Workflow.Win (18.2.11) - restriction: >= net452
      DevExpress.Data (18.2.11) - restriction: >= net452
      DevExpress.ExpressApp (18.2.11) - restriction: >= net452
      DevExpress.ExpressApp.Win (18.2.11) - restriction: >= net452
      DevExpress.ExpressApp.Workflow (18.2.11) - restriction: >= net452
      DevExpress.Persistent.Base (18.2.11) - restriction: >= net452
      DevExpress.Utils (18.2.11) - restriction: >= net452
    DevExpress.ExpressApp.Xpo (18.2.11) - restriction: >= net452
      DevExpress.Data (18.2.11) - restriction: >= net452
      DevExpress.ExpressApp (18.2.11) - restriction: >= net452
      DevExpress.Xpo (18.2.11) - restriction: >= net452
    DevExpress.Gauges.Core (18.2.11) - restriction: >= net452
      DevExpress.Data (18.2.11) - restriction: || (>= net452) (>= netstandard2.0)
      DevExpress.Printing.Core (18.2.11) - restriction: >= net452
    DevExpress.Images (18.2.11) - restriction: >= net452
      DevExpress.Data (18.2.11) - restriction: >= net452
    DevExpress.Map.Core (18.2.11) - restriction: >= net452
      DevExpress.Data (18.2.11) - restriction: || (>= net452) (>= netstandard2.0)
    DevExpress.Office.Core (18.2.11) - restriction: >= net452
      DevExpress.Data (18.2.11) - restriction: || (>= net452) (>= netstandard2.0)
      DevExpress.Printing.Core (18.2.11) - restriction: || (>= net452) (>= netstandard2.0)
    DevExpress.Pdf.Core (18.2.11) - restriction: >= net452
      DevExpress.Data (18.2.11) - restriction: || (>= net452) (>= netstandard2.0)
    DevExpress.Persistent.Base (18.2.11) - restriction: >= net452
      DevExpress.Data (18.2.11) - restriction: >= net452
      DevExpress.ExpressApp (18.2.11) - restriction: >= net452
      DevExpress.Printing.Core (18.2.11) - restriction: >= net452
      DevExpress.Reporting.Core (18.2.11) - restriction: >= net452
      DevExpress.Utils (18.2.11) - restriction: >= net452
    DevExpress.Persistent.BaseImpl (18.2.11) - restriction: >= net452
      DevExpress.Data (18.2.11) - restriction: >= net452
      DevExpress.ExpressApp (18.2.11) - restriction: >= net452
      DevExpress.ExpressApp.Objects (18.2.11) - restriction: >= net452
      DevExpress.ExpressApp.Xpo (18.2.11) - restriction: >= net452
      DevExpress.Persistent.Base (18.2.11) - restriction: >= net452
      DevExpress.Reporting.Core (18.2.11) - restriction: >= net452
      DevExpress.Scheduler.Core (18.2.11) - restriction: >= net452
      DevExpress.Xpo (18.2.11) - restriction: >= net452
    DevExpress.PivotGrid.Core (18.2.11) - restriction: >= net452
      DevExpress.Data (18.2.11) - restriction: || (>= net452) (>= netstandard2.0)
      DevExpress.Printing.Core (18.2.11) - restriction: || (>= net452) (>= netstandard2.0)
    DevExpress.Printing.Core (18.2.11) - restriction: >= net452
      DevExpress.Data (18.2.11) - restriction: || (>= net452) (>= netstandard2.0)
      DevExpress.Pdf.Core (18.2.11) - restriction: || (>= net452) (>= netstandard2.0)
    DevExpress.Reporting.Core (18.2.11) - restriction: >= net452
      DevExpress.Charts (18.2.11) - restriction: || (>= net452) (>= netstandard2.0)
      DevExpress.Charts.Core (18.2.11) - restriction: || (>= net452) (>= netstandard2.0)
      DevExpress.CodeParser (18.2.11) - restriction: >= net452
      DevExpress.Data (18.2.11) - restriction: || (>= net452) (>= netstandard2.0)
      DevExpress.DataAccess (18.2.11) - restriction: || (>= net452) (>= netstandard2.0)
      DevExpress.Gauges.Core (18.2.11) - restriction: || (>= net452) (>= netstandard2.0)
      DevExpress.Office.Core (18.2.11) - restriction: || (>= net452) (>= netstandard2.0)
      DevExpress.PivotGrid.Core (18.2.11) - restriction: || (>= net452) (>= netstandard2.0)
      DevExpress.Printing.Core (18.2.11) - restriction: || (>= net452) (>= netstandard2.0)
      DevExpress.RichEdit.Core (18.2.11) - restriction: || (>= net452) (>= netstandard2.0)
      DevExpress.RichEdit.Export (18.2.11) - restriction: || (>= net452) (>= netstandard2.0)
      DevExpress.Sparkline.Core (18.2.11) - restriction: || (>= net452) (>= netstandard2.0)
      DevExpress.Xpo (18.2.11) - restriction: || (>= net452) (>= netstandard2.0)
    DevExpress.RichEdit.Core (18.2.11) - restriction: >= net452
      DevExpress.Data (18.2.11) - restriction: || (>= net452) (>= netstandard2.0)
      DevExpress.Images (18.2.11) - restriction: >= net452
      DevExpress.Office.Core (18.2.11) - restriction: || (>= net452) (>= netstandard2.0)
      DevExpress.Pdf.Core (18.2.11) - restriction: >= net452
      DevExpress.Printing.Core (18.2.11) - restriction: || (>= net452) (>= netstandard2.0)
    DevExpress.RichEdit.Export (18.2.11) - restriction: >= net452
      DevExpress.Data (18.2.11) - restriction: || (>= net452) (>= netstandard2.0)
      DevExpress.Office.Core (18.2.11) - restriction: || (>= net452) (>= netstandard2.0)
      DevExpress.Printing.Core (18.2.11) - restriction: || (>= net452) (>= netstandard2.0)
      DevExpress.RichEdit.Core (18.2.11) - restriction: || (>= net452) (>= netstandard2.0)
    DevExpress.Scheduler.Core (18.2.11) - restriction: >= net452
      DevExpress.Data (18.2.11) - restriction: || (>= net452) (>= netstandard2.0)
      DevExpress.Images (18.2.11) - restriction: >= net452
      DevExpress.Printing.Core (18.2.11) - restriction: >= net452
    DevExpress.Sparkline.Core (18.2.11) - restriction: >= net452
      DevExpress.Data (18.2.11) - restriction: || (>= net452) (>= netstandard2.0)
    DevExpress.SpellChecker.Core (18.2.11) - restriction: >= net452
      DevExpress.Data (18.2.11) - restriction: >= net452
    DevExpress.TreeMap.Core (18.2.11) - restriction: >= net452
      DevExpress.Data (18.2.11) - restriction: || (>= net452) (>= netstandard2.0)
    DevExpress.Utils (18.2.11) - restriction: >= net452
      DevExpress.Data (18.2.11) - restriction: >= net452
      DevExpress.Printing.Core (18.2.11) - restriction: >= net452
    DevExpress.Utils.UI (18.2.11) - restriction: >= net452
      DevExpress.Data (18.2.11) - restriction: >= net452
      DevExpress.Printing.Core (18.2.11) - restriction: >= net452
      DevExpress.Utils (18.2.11) - restriction: >= net452
      DevExpress.Win (18.2.11) - restriction: >= net452
      DevExpress.Win.RichEdit (18.2.11) - restriction: >= net452
    DevExpress.Web (18.2.11) - restriction: >= net452
      DevExpress.Data (18.2.11) - restriction: >= net452
      DevExpress.Office.Core (18.2.11) - restriction: >= net452
      DevExpress.PivotGrid.Core (18.2.11) - restriction: >= net452
      DevExpress.Printing.Core (18.2.11) - restriction: >= net452
      DevExpress.RichEdit.Core (18.2.11) - restriction: >= net452
      DevExpress.RichEdit.Export (18.2.11) - restriction: >= net452
      DevExpress.SpellChecker.Core (18.2.11) - restriction: >= net452
    DevExpress.Web.Dashboard (18.2.11) - restriction: >= net452
      DevExpress.Dashboard.Core (18.2.11) - restriction: >= net452
      DevExpress.Data (18.2.11) - restriction: >= net452
      DevExpress.DataAccess (18.2.11) - restriction: >= net452
      DevExpress.Office.Core (18.2.11) - restriction: >= net452
      DevExpress.Web (18.2.11) - restriction: >= net452
      DevExpress.Web.Dashboard.Common (18.2.11) - restriction: >= net452
    DevExpress.Web.Dashboard.Common (18.2.11) - restriction: >= net452
      DevExpress.Charts.Core (18.2.11) - restriction: >= net452
      DevExpress.Dashboard.Core (18.2.11) - restriction: || (>= net452) (>= netstandard2.0)
      DevExpress.Data (18.2.11) - restriction: || (>= net452) (>= netstandard2.0)
      DevExpress.DataAccess (18.2.11) - restriction: || (>= net452) (>= netstandard2.0)
      DevExpress.Pdf.Core (18.2.11) - restriction: >= net452
      DevExpress.PivotGrid.Core (18.2.11) - restriction: || (>= net452) (>= netstandard2.0)
      DevExpress.Printing.Core (18.2.11) - restriction: || (>= net452) (>= netstandard2.0)
      DevExpress.Reporting.Core (18.2.11) - restriction: || (>= net452) (>= netstandard2.0)
      DevExpress.RichEdit.Core (18.2.11) - restriction: >= net452
      DevExpress.Xpo (18.2.11) - restriction: >= net452
    DevExpress.Web.Reporting (18.2.11) - restriction: >= net452
      DevExpress.Data (18.2.11) - restriction: >= net452
      DevExpress.DataAccess (18.2.11) - restriction: >= net452
      DevExpress.Printing.Core (18.2.11) - restriction: >= net452
      DevExpress.Reporting.Core (18.2.11) - restriction: >= net452
      DevExpress.Utils (18.2.11) - restriction: >= net452
      DevExpress.Web (18.2.11) - restriction: >= net452
      DevExpress.Web.Reporting.Common (18.2.11) - restriction: >= net452
    DevExpress.Web.Reporting.Common (18.2.11) - restriction: >= net452
      DevExpress.Charts (18.2.11) - restriction: || (>= net452) (>= netstandard2.0)
      DevExpress.Charts.Core (18.2.11) - restriction: || (>= net452) (>= netstandard2.0)
      DevExpress.Data (18.2.11) - restriction: || (>= net452) (>= netstandard2.0)
      DevExpress.DataAccess (18.2.11) - restriction: || (>= net452) (>= netstandard2.0)
      DevExpress.Gauges.Core (18.2.11) - restriction: || (>= net452) (>= netstandard2.0)
      DevExpress.PivotGrid.Core (18.2.11) - restriction: || (>= net452) (>= netstandard2.0)
      DevExpress.Printing.Core (18.2.11) - restriction: || (>= net452) (>= netstandard2.0)
      DevExpress.Reporting.Core (18.2.11) - restriction: || (>= net452) (>= netstandard2.0)
      DevExpress.Sparkline.Core (18.2.11) - restriction: || (>= net452) (>= netstandard2.0)
    DevExpress.Web.Scheduler (18.2.11) - restriction: >= net452
      DevExpress.Data (18.2.11) - restriction: >= net452
      DevExpress.Scheduler.Core (18.2.11) - restriction: >= net452
      DevExpress.Web (18.2.11) - restriction: >= net452
    DevExpress.Web.Themes (18.2.11) - restriction: >= net452
      DevExpress.Web (18.2.11) - restriction: >= net452
    DevExpress.Web.Visualization (18.2.11) - restriction: >= net452
      DevExpress.Charts (18.2.11) - restriction: >= net452
      DevExpress.Charts.Core (18.2.11) - restriction: >= net452
      DevExpress.Data (18.2.11) - restriction: >= net452
      DevExpress.Gauges.Core (18.2.11) - restriction: >= net452
      DevExpress.Printing.Core (18.2.11) - restriction: >= net452
      DevExpress.Web (18.2.11) - restriction: >= net452
    DevExpress.Win (18.2.11) - restriction: >= net452
      DevExpress.Data (18.2.11) - restriction: >= net452
      DevExpress.PivotGrid.Core (18.2.11) - restriction: >= net452
      DevExpress.Printing.Core (18.2.11) - restriction: >= net452
      DevExpress.RichEdit.Core (18.2.11) - restriction: >= net452
      DevExpress.RichEdit.Export (18.2.11) - restriction: >= net452
      DevExpress.Sparkline.Core (18.2.11) - restriction: >= net452
      DevExpress.Utils (18.2.11) - restriction: >= net452
    DevExpress.Win.BonusSkins (18.2.11) - restriction: >= net452
      DevExpress.Utils (18.2.11) - restriction: >= net452
    DevExpress.Win.Charts (18.2.11) - restriction: >= net452
      DevExpress.Charts (18.2.11) - restriction: >= net452
      DevExpress.Charts.Core (18.2.11) - restriction: >= net452
      DevExpress.Data (18.2.11) - restriction: >= net452
      DevExpress.Printing.Core (18.2.11) - restriction: >= net452
      DevExpress.Utils (18.2.11) - restriction: >= net452
      DevExpress.Utils.UI (18.2.11) - restriction: >= net452
      DevExpress.Win (18.2.11) - restriction: >= net452
    DevExpress.Win.Dashboard (18.2.11) - restriction: >= net452
      DevExpress.Charts (18.2.11) - restriction: >= net452
      DevExpress.Charts.Core (18.2.11) - restriction: >= net452
      DevExpress.Dashboard.Core (18.2.11) - restriction: >= net452
      DevExpress.Data (18.2.11) - restriction: >= net452
      DevExpress.DataAccess (18.2.11) - restriction: >= net452
      DevExpress.DataAccess.UI (18.2.11) - restriction: >= net452
      DevExpress.Gauges.Core (18.2.11) - restriction: >= net452
      DevExpress.Map.Core (18.2.11) - restriction: >= net452
      DevExpress.Office.Core (18.2.11) - restriction: >= net452
      DevExpress.PivotGrid.Core (18.2.11) - restriction: >= net452
      DevExpress.Printing.Core (18.2.11) - restriction: >= net452
      DevExpress.Reporting.Core (18.2.11) - restriction: >= net452
      DevExpress.RichEdit.Core (18.2.11) - restriction: >= net452
      DevExpress.Sparkline.Core (18.2.11) - restriction: >= net452
      DevExpress.TreeMap.Core (18.2.11) - restriction: >= net452
      DevExpress.Utils (18.2.11) - restriction: >= net452
      DevExpress.Utils.UI (18.2.11) - restriction: >= net452
      DevExpress.Win (18.2.11) - restriction: >= net452
      DevExpress.Win.Charts (18.2.11) - restriction: >= net452
      DevExpress.Win.Gauges (18.2.11) - restriction: >= net452
      DevExpress.Win.Map (18.2.11) - restriction: >= net452
      DevExpress.Win.RichEdit (18.2.11) - restriction: >= net452
      DevExpress.Win.TreeMap (18.2.11) - restriction: >= net452
      DevExpress.Xpo (18.2.11) - restriction: >= net452
    DevExpress.Win.Diagram (18.2.11) - restriction: >= net452
      DevExpress.Data (18.2.11) - restriction: >= net452
      DevExpress.Diagram.Core (18.2.11) - restriction: >= net452
      DevExpress.Printing.Core (18.2.11) - restriction: >= net452
      DevExpress.Utils (18.2.11) - restriction: >= net452
      DevExpress.Win (18.2.11) - restriction: >= net452
    DevExpress.Win.Gauges (18.2.11) - restriction: >= net452
      DevExpress.Data (18.2.11) - restriction: >= net452
      DevExpress.Gauges.Core (18.2.11) - restriction: >= net452
      DevExpress.Printing.Core (18.2.11) - restriction: >= net452
      DevExpress.Utils (18.2.11) - restriction: >= net452
      DevExpress.Win (18.2.11) - restriction: >= net452
    DevExpress.Win.Map (18.2.11) - restriction: >= net452
      DevExpress.Data (18.2.11) - restriction: >= net452
      DevExpress.Map.Core (18.2.11) - restriction: >= net452
      DevExpress.Printing.Core (18.2.11) - restriction: >= net452
      DevExpress.Utils (18.2.11) - restriction: >= net452
      DevExpress.Win (18.2.11) - restriction: >= net452
    DevExpress.Win.Reporting (18.2.11) - restriction: >= net452
      DevExpress.Charts (18.2.11) - restriction: >= net452
      DevExpress.CodeParser (18.2.11) - restriction: >= net452
      DevExpress.Data (18.2.11) - restriction: >= net452
      DevExpress.DataAccess (18.2.11) - restriction: >= net452
      DevExpress.DataAccess.UI (18.2.11) - restriction: >= net452
      DevExpress.Gauges.Core (18.2.11) - restriction: >= net452
      DevExpress.Office.Core (18.2.11) - restriction: >= net452
      DevExpress.PivotGrid.Core (18.2.11) - restriction: >= net452
      DevExpress.Printing.Core (18.2.11) - restriction: >= net452
      DevExpress.Reporting.Core (18.2.11) - restriction: >= net452
      DevExpress.RichEdit.Core (18.2.11) - restriction: >= net452
      DevExpress.Sparkline.Core (18.2.11) - restriction: >= net452
      DevExpress.Utils (18.2.11) - restriction: >= net452
      DevExpress.Utils.UI (18.2.11) - restriction: >= net452
      DevExpress.Win (18.2.11) - restriction: >= net452
      DevExpress.Win.Charts (18.2.11) - restriction: >= net452
      DevExpress.Win.RichEdit (18.2.11) - restriction: >= net452
    DevExpress.Win.RichEdit (18.2.11) - restriction: >= net452
      DevExpress.Data (18.2.11) - restriction: >= net452
      DevExpress.Images (18.2.11) - restriction: >= net452
      DevExpress.Office.Core (18.2.11) - restriction: >= net452
      DevExpress.Pdf.Core (18.2.11) - restriction: >= net452
      DevExpress.Printing.Core (18.2.11) - restriction: >= net452
      DevExpress.RichEdit.Core (18.2.11) - restriction: >= net452
      DevExpress.Utils (18.2.11) - restriction: >= net452
      DevExpress.Win (18.2.11) - restriction: >= net452
    DevExpress.Win.Scheduler (18.2.11) - restriction: >= net452
      DevExpress.Data (18.2.11) - restriction: >= net452
      DevExpress.Printing.Core (18.2.11) - restriction: >= net452
      DevExpress.Scheduler.Core (18.2.11) - restriction: >= net452
      DevExpress.SpellChecker.Core (18.2.11) - restriction: >= net452
      DevExpress.Utils (18.2.11) - restriction: >= net452
      DevExpress.Win (18.2.11) - restriction: >= net452
      DevExpress.Win.SpellChecker (18.2.11) - restriction: >= net452
    DevExpress.Win.SpellChecker (18.2.11) - restriction: >= net452
      DevExpress.Data (18.2.11) - restriction: >= net452
      DevExpress.SpellChecker.Core (18.2.11) - restriction: >= net452
      DevExpress.Utils (18.2.11) - restriction: >= net452
      DevExpress.Win (18.2.11) - restriction: >= net452
    DevExpress.Win.TreeMap (18.2.11) - restriction: >= net452
      DevExpress.Data (18.2.11) - restriction: >= net452
      DevExpress.Printing.Core (18.2.11) - restriction: >= net452
      DevExpress.TreeMap.Core (18.2.11) - restriction: >= net452
      DevExpress.Utils (18.2.11) - restriction: >= net452
      DevExpress.Win (18.2.11) - restriction: >= net452
  remote: https://xpandnugetserver.azurewebsites.net/nuget
    DevExpress.EasyTest (18.2.11)
    DevExpress.ExpressApp.EasyTest.WebAdapter (18.2.11)
    DevExpress.ExpressApp.EasyTest.WinAdapter (18.2.11)
    Xpand.Extensions (0.0.12.1)
      Fasterflect.Xpand (>= 2.0.7)
      JetBrains.Annotations (>= 2019.1.3)
      System.CodeDom (>= 4.6)
      System.Reflection.Emit (>= 4.6)
    Xpand.Extensions.Reactive (0.0.5.1)
      Fasterflect.Xpand (>= 2.0.7)
      JetBrains.Annotations (>= 2019.1.3)
      System.CodeDom (>= 4.6)
      System.Reactive (>= 4.2)
      System.Reflection.Emit (>= 4.6)
      Xpand.Extensions (>= 0.0.12.1)
    Xpand.Extensions.XAF (0.0.11.1)
      Fasterflect.Xpand (>= 2.0.7)
      JetBrains.Annotations (>= 2019.1.3)
      System.Reflection.Emit (>= 4.6)
      Xpand.Extensions (>= 0.0.12.1)
      Xpand.Patcher (>= 1.0.1)
      Xpand.VersionConverter (>= 1.1.1)
    Xpand.XAF.Core.All (0.0.8.2)
      Xpand.XAF.Modules.AutoCommit (>= 1.0.21.1)
      Xpand.XAF.Modules.CloneMemberValue (>= 1.2.69.1)
      Xpand.XAF.Modules.CloneModelView (>= 1.0.19.1)
      Xpand.XAF.Modules.HideToolBar (>= 1.0.20.1)
      Xpand.XAF.Modules.MasterDetail (>= 1.0.20.1)
      Xpand.XAF.Modules.ModelMapper (>= 1.1.63.1)
      Xpand.XAF.Modules.ModelViewInheritance (>= 1.1.59.1)
      Xpand.XAF.Modules.ProgressBarViewItem (>= 1.0.20.1)
      Xpand.XAF.Modules.Reactive (>= 1.2.72.1)
      Xpand.XAF.Modules.Reactive.Logger (>= 0.0.25.1)
      Xpand.XAF.Modules.Reactive.Logger.Hub (>= 0.0.24.1)
      Xpand.XAF.Modules.RefreshView (>= 0.0.23.1)
      Xpand.XAF.Modules.SuppressConfirmation (>= 1.0.20.1)
      Xpand.XAF.Modules.ViewEditMode (>= 1.2.69.1)
    Xpand.XAF.Modules.AutoCommit (1.0.21.1)
      Fasterflect.Xpand (>= 2.0.7)
      JetBrains.Annotations (>= 2019.1.3)
      System.Reactive (>= 4.2)
      Xpand.Extensions (>= 0.0.12.1)
      Xpand.Extensions.Reactive (>= 0.0.5.1)
      Xpand.Extensions.XAF (>= 0.0.11.1)
      Xpand.VersionConverter (>= 1.1.1)
      Xpand.XAF.Modules.Reactive (>= 1.2.72.1)
    Xpand.XAF.Modules.CloneMemberValue (1.2.69.1)
      Fasterflect.Xpand (>= 2.0.7)
      JetBrains.Annotations (>= 2019.1.3)
      System.Reactive (>= 4.2)
      Xpand.Extensions.Reactive (>= 0.0.5.1)
      Xpand.VersionConverter (>= 1.1.1)
      Xpand.XAF.Modules.Reactive (>= 1.2.72.1)
    Xpand.XAF.Modules.CloneModelView (1.0.19.1)
      Fasterflect.Xpand (>= 2.0.7)
      JetBrains.Annotations (>= 2019.1.3)
      System.ValueTuple (>= 4.5)
      Xpand.Extensions.XAF (>= 0.0.11.1)
      Xpand.Patcher (>= 1.0.1)
      Xpand.VersionConverter (>= 1.1.1)
    Xpand.XAF.Modules.GridListEditor (0.0.23.1)
      Fasterflect.Xpand (>= 2.0.7)
      JetBrains.Annotations (>= 2019.1.3)
      System.Reactive (>= 4.2)
      Xpand.Extensions.Reactive (>= 0.0.5.1)
      Xpand.VersionConverter (>= 1.1.1)
      Xpand.XAF.Modules.Reactive (>= 1.2.72.1)
    Xpand.XAF.Modules.HideToolBar (1.0.20.1)
      Fasterflect.Xpand (>= 2.0.7)
      JetBrains.Annotations (>= 2019.1.3)
      System.Reactive (>= 4.2)
      Xpand.Extensions.Reactive (>= 0.0.5.1)
      Xpand.Extensions.XAF (>= 0.0.11.1)
      Xpand.VersionConverter (>= 1.1.1)
      Xpand.XAF.Modules.Reactive (>= 1.2.72.1)
    Xpand.XAF.Modules.MasterDetail (1.0.20.1)
      Fasterflect.Xpand (>= 2.0.7)
      JetBrains.Annotations (>= 2019.1.3)
      System.Reactive (>= 4.2)
      Xpand.Extensions.Reactive (>= 0.0.5.1)
      Xpand.Extensions.XAF (>= 0.0.11.1)
      Xpand.Patcher (>= 1.0.1)
      Xpand.VersionConverter (>= 1.1.1)
      Xpand.XAF.Modules.Reactive (>= 1.2.72.1)
    Xpand.XAF.Modules.ModelMapper (1.1.63.1)
      Enums.NET (>= 3.0)
      Fasterflect.Xpand (>= 2.0.7)
      JetBrains.Annotations (>= 2019.1.3)
      Mono.Cecil (>= 0.11.1)
      System.CodeDom (>= 4.6)
      System.Interactive (>= 4.0)
      System.Reactive (>= 4.2)
      Xpand.Collections (>= 1.0.1)
      Xpand.Extensions (>= 0.0.12.1)
      Xpand.Extensions.Reactive (>= 0.0.5.1)
      Xpand.Extensions.XAF (>= 0.0.11.1)
      Xpand.VersionConverter (>= 1.1.1)
      Xpand.XAF.Modules.Reactive (>= 1.2.72.1)
    Xpand.XAF.Modules.ModelViewInheritance (1.1.59.1)
      Fasterflect.Xpand (>= 2.0.7)
      JetBrains.Annotations (>= 2019.1.3)
      System.ValueTuple (>= 4.5)
      Xpand.Extensions (>= 0.0.12.1)
      Xpand.Extensions.XAF (>= 0.0.11.1)
      Xpand.VersionConverter (>= 1.1.1)
    Xpand.XAF.Modules.OneView (0.0.23.1)
      Fasterflect.Xpand (>= 2.0.7)
      JetBrains.Annotations (>= 2019.1.3)
      System.Reactive (>= 4.2)
      Xpand.Extensions.Reactive (>= 0.0.5.1)
      Xpand.Extensions.XAF (>= 0.0.11.1)
      Xpand.VersionConverter (>= 1.1.1)
      Xpand.XAF.Modules.Reactive (>= 1.2.72.1)
      Xpand.XAF.Modules.Reactive.Win (>= 0.0.23.1)
    Xpand.XAF.Modules.ProgressBarViewItem (1.0.20.1)
      Fasterflect.Xpand (>= 2.0.7)
      JetBrains.Annotations (>= 2019.1.3)
      System.Reactive (>= 4.2)
      Xpand.Extensions (>= 0.0.12.1)
      Xpand.Extensions.Reactive (>= 0.0.5.1)
      Xpand.Extensions.XAF (>= 0.0.11.1)
      Xpand.VersionConverter (>= 1.1.1)
      Xpand.XAF.Modules.Reactive (>= 1.2.72.1)
    Xpand.XAF.Modules.Reactive (1.2.72.1)
      Fasterflect.Xpand (>= 2.0.7)
      JetBrains.Annotations (>= 2019.1.3)
      System.Interactive (>= 4.0)
      System.Reactive (>= 4.2)
      Xpand.Extensions (>= 0.0.12.1)
      Xpand.Extensions.Reactive (>= 0.0.5.1)
      Xpand.Extensions.XAF (>= 0.0.11.1)
      Xpand.Patcher (>= 1.0.1)
      Xpand.VersionConverter (>= 1.1.1)
    Xpand.XAF.Modules.Reactive.Logger (0.0.25.1)
      Fasterflect.Xpand (>= 2.0.7)
      JetBrains.Annotations (>= 2019.1.3)
      System.Reactive (>= 4.2)
      Xpand.Extensions (>= 0.0.12.1)
      Xpand.Extensions.Reactive (>= 0.0.5.1)
      Xpand.Extensions.XAF (>= 0.0.11.1)
      Xpand.Patcher (>= 1.0.1)
      Xpand.VersionConverter (>= 1.1.1)
      Xpand.XAF.Modules.Reactive (>= 1.2.72.1)
    Xpand.XAF.Modules.Reactive.Logger.Hub (0.0.24.1)
      Fasterflect.Xpand (>= 2.0.7)
      JetBrains.Annotations (>= 2019.1.3)
      MagicOnion (>= 2.6.3)
      System.Interactive.Async (>= 4.0)
      System.Reactive (>= 4.2)
      Xpand.Extensions.Reactive (>= 0.0.5.1)
      Xpand.VersionConverter (>= 1.1.1)
      Xpand.XAF.Modules.Reactive (>= 1.2.72.1)
      Xpand.XAF.Modules.Reactive.Logger (>= 0.0.25.1)
    Xpand.XAF.Modules.Reactive.Win (0.0.23.1)
      Fasterflect.Xpand (>= 2.0.7)
      JetBrains.Annotations (>= 2019.1.3)
      System.Interactive (>= 4.0)
      System.Reactive (>= 4.2)
      Xpand.Patcher (>= 1.0.1)
      Xpand.VersionConverter (>= 1.1.1)
      Xpand.XAF.Modules.Reactive (>= 1.2.72.1)
    Xpand.XAF.Modules.RefreshView (0.0.23.1)
      Fasterflect.Xpand (>= 2.0.7)
      JetBrains.Annotations (>= 2019.1.3)
      System.Reactive (>= 4.2)
      Xpand.Extensions.Reactive (>= 0.0.5.1)
      Xpand.VersionConverter (>= 1.1.1)
      Xpand.XAF.Modules.Reactive (>= 1.2.72.1)
    Xpand.XAF.Modules.SuppressConfirmation (1.0.20.1)
      Fasterflect.Xpand (>= 2.0.7)
      JetBrains.Annotations (>= 2019.1.3)
      System.Reactive (>= 4.2)
      Xpand.Extensions.Reactive (>= 0.0.5.1)
      Xpand.VersionConverter (>= 1.1.1)
      Xpand.XAF.Modules.Reactive (>= 1.2.72.1)
    Xpand.XAF.Modules.ViewEditMode (1.2.69.1)
      Fasterflect.Xpand (>= 2.0.7)
      JetBrains.Annotations (>= 2019.1.3)
      System.Reactive (>= 4.2)
      Xpand.Extensions.Reactive (>= 0.0.5.1)
      Xpand.VersionConverter (>= 1.1.1)
      Xpand.XAF.Modules.Reactive (>= 1.2.72.1)
    Xpand.XAF.Web.All (0.0.8.2)
      Xpand.XAF.Core.All (>= 0.0.8.2)
    Xpand.XAF.Win.All (0.0.8.2)
      Xpand.XAF.Core.All (>= 0.0.8.2)
      Xpand.XAF.Modules.GridListEditor (>= 0.0.23.1)
      Xpand.XAF.Modules.OneView (>= 0.0.23.1)
      Xpand.XAF.Modules.Reactive.Win (>= 0.0.23.1)
  remote: ..\..\..\bin\Nupkg
    Xpand.VersionConverter (1.1.1)
