STRATEGY: MAX
RESTRICTION: || (== net461) (== net462) (== net48)
NUGET
  remote: https://api.nuget.org/v3/index.json
    akarnokd.reactive_extensions (0.0.27-alpha)
      System.Reactive (>= 4.1.6) - restriction: || (&& (== net461) (>= netstandard2.0)) (&& (== net462) (>= netstandard2.0)) (== net48)
    Castle.Core (4.4)
    DevExpress.Data (18.2.10)
    DevExpress.Xpo (18.2.10)
      DevExpress.Data (18.2.10)
    Enums.NET (3.0)
    Fasterflect.Xpand (2.0.7)
      System.Reflection.Emit.Lightweight (>= 4.6) - restriction: || (&& (== net461) (>= netstandard2.0)) (&& (== net462) (>= netstandard2.0)) (== net48)
    Grpc (2.25)
      Grpc.Core (>= 2.25)
    Grpc.Core (2.25)
      Grpc.Core.Api (>= 2.25)
      System.Memory (>= 4.5.3)
    Grpc.Core.Api (2.25)
      System.Memory (>= 4.5.3)
    Humanizer.Core (2.7.9)
      NETStandard.Library (>= 1.6.1) - restriction: || (== net461) (== net462) (&& (== net48) (< netstandard2.0))
    MagicOnion (2.6.3)
      Grpc (>= 2.23) - restriction: || (&& (== net461) (>= netstandard2.0)) (&& (== net462) (>= netstandard2.0)) (== net48)
      MessagePack (>= 1.7.3.7) - restriction: || (&& (== net461) (>= netstandard2.0)) (&& (== net462) (>= netstandard2.0)) (== net48)
      System.Buffers (>= 4.5) - restriction: || (&& (== net461) (>= netstandard2.0)) (&& (== net462) (>= netstandard2.0)) (== net48)
      System.Collections.Immutable (>= 1.5) - restriction: || (&& (== net461) (>= netstandard2.0)) (&& (== net462) (>= netstandard2.0)) (== net48)
      System.Runtime.CompilerServices.Unsafe (>= 4.5.2) - restriction: || (&& (== net461) (>= netstandard2.0)) (&& (== net462) (>= netstandard2.0)) (== net48)
      System.Threading.Tasks.Extensions (>= 4.5.3) - restriction: || (&& (== net461) (>= netstandard2.0)) (&& (== net462) (>= netstandard2.0)) (== net48)
      System.Threading.Tasks.Parallel (>= 4.3) - restriction: || (&& (== net461) (>= netstandard2.0)) (&& (== net462) (>= netstandard2.0)) (== net48)
    MessagePack (1.8.74)
      System.Reflection.Emit (>= 4.3)
      System.Reflection.Emit.Lightweight (>= 4.3)
      System.Runtime.Serialization.Primitives (>= 4.3)
      System.Threading.Tasks.Extensions (>= 4.5.2)
      System.ValueTuple (>= 4.5)
    Microsoft.Bcl.AsyncInterfaces (1.0)
      System.Threading.Tasks.Extensions (>= 4.5.2)
    Microsoft.NETCore.Platforms (3.0)
    Microsoft.NETCore.Targets (3.0)
    Mono.Cecil (0.11.1)
    Moq (4.13.1)
      Castle.Core (>= 4.4)
      System.Threading.Tasks.Extensions (>= 4.5.1)
    NETStandard.Library (2.0.3) - restriction: || (== net461) (== net462) (&& (== net48) (< netstandard2.0))
      Microsoft.NETCore.Platforms (>= 1.1)
    Newtonsoft.Json (12.0.3)
    NUnit (3.12)
    NUnit3TestAdapter (3.15.1)
    Ryder (0.8)
    Shouldly (3.0.2)
    System.Buffers (4.5)
    System.CodeDom (4.6)
    System.Collections (4.3)
    System.Collections.Concurrent (4.3)
    System.Collections.Immutable (1.6)
      System.Memory (>= 4.5.3)
    System.ComponentModel.Annotations (4.6)
    System.Data.Common (4.3)
    System.Diagnostics.Debug (4.3)
    System.Diagnostics.Tracing (4.3)
    System.Drawing.Common (4.6)
    System.Globalization (4.3)
    System.Interactive (4.0)
    System.Interactive.Async (4.0)
      System.Linq.Async (>= 4.0)
    System.IO (4.3)
    System.Linq.Async (4.0)
      Microsoft.Bcl.AsyncInterfaces (>= 1.0)
    System.Memory (4.5.3)
      System.Buffers (>= 4.4)
      System.Numerics.Vectors (>= 4.4)
      System.Runtime.CompilerServices.Unsafe (>= 4.5.2)
    System.Numerics.Vectors (4.5)
    System.Reactive (4.2)
      System.Threading.Tasks.Extensions (>= 4.5.3)
      System.ValueTuple (>= 4.5)
    System.Reflection (4.3)
    System.Reflection.Emit (4.6)
    System.Reflection.Emit.ILGeneration (4.6)
    System.Reflection.Emit.Lightweight (4.6)
    System.Reflection.Primitives (4.3)
    System.Resources.ResourceManager (4.3)
    System.Runtime (4.3.1)
    System.Runtime.CompilerServices.Unsafe (4.6)
    System.Runtime.Extensions (4.3.1)
    System.Runtime.InteropServices.WindowsRuntime (4.3)
    System.Runtime.Serialization.Primitives (4.3)
    System.Text.Encoding (4.3)
    System.Threading (4.3)
    System.Threading.Tasks (4.3)
    System.Threading.Tasks.Extensions (4.5.3)
      System.Runtime.CompilerServices.Unsafe (>= 4.5.2)
    System.Threading.Tasks.Parallel (4.3)
    System.ValueTuple (4.5)
    Unofficial.Microsoft.mshtml (7.0.3300)
    Xpand.Collections (1.0.1)
    Xpand.Patcher (1.0.1)
  remote: "C:\Program Files (x86)\DevExpress 18.2\Components\System\Components\Packages"
    DevExpress.Charts (18.2.10)
      DevExpress.Charts.Core (18.2.10)
      DevExpress.Data (18.2.10)
      DevExpress.Printing.Core (18.2.10)
    DevExpress.Charts.Core (18.2.10)
      DevExpress.Data (18.2.10)
    DevExpress.CodeParser (18.2.10)
      DevExpress.Data (18.2.10)
    DevExpress.Dashboard.Core (18.2.10)
      DevExpress.Charts (18.2.10)
      DevExpress.Charts.Core (18.2.10)
      DevExpress.Data (18.2.10)
      DevExpress.DataAccess (18.2.10)
      DevExpress.Gauges.Core (18.2.10)
      DevExpress.Map.Core (18.2.10)
      DevExpress.Office.Core (18.2.10)
      DevExpress.PivotGrid.Core (18.2.10)
      DevExpress.Printing.Core (18.2.10)
      DevExpress.Reporting.Core (18.2.10)
      DevExpress.RichEdit.Core (18.2.10)
      DevExpress.Sparkline.Core (18.2.10)
      DevExpress.TreeMap.Core (18.2.10)
      DevExpress.Utils (18.2.10)
      DevExpress.Win.Gauges (18.2.10)
      DevExpress.Win.Map (18.2.10)
      DevExpress.Win.TreeMap (18.2.10)
      DevExpress.Xpo (18.2.10)
    DevExpress.DataAccess (18.2.10)
      DevExpress.CodeParser (18.2.10)
      DevExpress.Data (18.2.10)
      DevExpress.Office.Core (18.2.10)
      DevExpress.Printing.Core (18.2.10)
      DevExpress.RichEdit.Core (18.2.10)
      DevExpress.Xpo (18.2.10)
    DevExpress.DataAccess.UI (18.2.10)
      DevExpress.CodeParser (18.2.10)
      DevExpress.Data (18.2.10)
      DevExpress.DataAccess (18.2.10)
      DevExpress.Diagram.Core (18.2.10)
      DevExpress.Printing.Core (18.2.10)
      DevExpress.RichEdit.Core (18.2.10)
      DevExpress.Utils (18.2.10)
      DevExpress.Utils.UI (18.2.10)
      DevExpress.Win (18.2.10)
      DevExpress.Win.Diagram (18.2.10)
      DevExpress.Win.RichEdit (18.2.10)
      DevExpress.Xpo (18.2.10)
    DevExpress.Diagram.Core (18.2.10)
      DevExpress.Data (18.2.10)
    DevExpress.ExpressApp (18.2.10)
      DevExpress.Data (18.2.10)
      DevExpress.Images (18.2.10)
      DevExpress.Printing.Core (18.2.10)
      DevExpress.Utils (18.2.10)
    DevExpress.ExpressApp.AuditTrail (18.2.10)
      DevExpress.Data (18.2.10)
      DevExpress.ExpressApp (18.2.10)
      DevExpress.ExpressApp.Xpo (18.2.10)
      DevExpress.Persistent.BaseImpl (18.2.10)
      DevExpress.Xpo (18.2.10)
    DevExpress.ExpressApp.Chart (18.2.10)
      DevExpress.Charts (18.2.10)
      DevExpress.Data (18.2.10)
      DevExpress.ExpressApp (18.2.10)
      DevExpress.Persistent.Base (18.2.10)
    DevExpress.ExpressApp.Chart.Web (18.2.10)
      DevExpress.Charts (18.2.10)
      DevExpress.Data (18.2.10)
      DevExpress.ExpressApp (18.2.10)
      DevExpress.ExpressApp.Chart (18.2.10)
      DevExpress.ExpressApp.Web (18.2.10)
      DevExpress.Persistent.Base (18.2.10)
      DevExpress.Web (18.2.10)
      DevExpress.Web.Visualization (18.2.10)
    DevExpress.ExpressApp.Chart.Win (18.2.10)
      DevExpress.Charts (18.2.10)
      DevExpress.Data (18.2.10)
      DevExpress.ExpressApp (18.2.10)
      DevExpress.ExpressApp.Chart (18.2.10)
      DevExpress.ExpressApp.Win (18.2.10)
      DevExpress.Persistent.Base (18.2.10)
      DevExpress.Printing.Core (18.2.10)
      DevExpress.Utils (18.2.10)
      DevExpress.Win (18.2.10)
      DevExpress.Win.Charts (18.2.10)
    DevExpress.ExpressApp.CloneObject (18.2.10)
      DevExpress.Data (18.2.10)
      DevExpress.ExpressApp (18.2.10)
      DevExpress.Persistent.Base (18.2.10)
    DevExpress.ExpressApp.ConditionalAppearance (18.2.10)
      DevExpress.Data (18.2.10)
      DevExpress.ExpressApp (18.2.10)
      DevExpress.Persistent.Base (18.2.10)
    DevExpress.ExpressApp.Core.All (18.2.10)
      DevExpress.ExpressApp.AuditTrail (18.2.10)
      DevExpress.ExpressApp.Chart (18.2.10)
      DevExpress.ExpressApp.CloneObject (18.2.10)
      DevExpress.ExpressApp.ConditionalAppearance (18.2.10)
      DevExpress.ExpressApp.Dashboards (18.2.10)
      DevExpress.ExpressApp.Images (18.2.10)
      DevExpress.ExpressApp.Kpi (18.2.10)
      DevExpress.ExpressApp.Notifications (18.2.10)
      DevExpress.ExpressApp.Objects (18.2.10)
      DevExpress.ExpressApp.PivotChart (18.2.10)
      DevExpress.ExpressApp.PivotGrid (18.2.10)
      DevExpress.ExpressApp.ReportsV2 (18.2.10)
      DevExpress.ExpressApp.Scheduler (18.2.10)
      DevExpress.ExpressApp.ScriptRecorder (18.2.10)
      DevExpress.ExpressApp.Security (18.2.10)
      DevExpress.ExpressApp.StateMachine (18.2.10)
      DevExpress.ExpressApp.TreeListEditors (18.2.10)
      DevExpress.ExpressApp.Validation (18.2.10)
      DevExpress.ExpressApp.ViewVariantsModule (18.2.10)
      DevExpress.ExpressApp.Workflow (18.2.10)
      DevExpress.Persistent.Base (18.2.10)
    DevExpress.ExpressApp.Dashboards (18.2.10)
      DevExpress.Dashboard.Core (18.2.10)
      DevExpress.Data (18.2.10)
      DevExpress.DataAccess (18.2.10)
      DevExpress.ExpressApp (18.2.10)
      DevExpress.Persistent.Base (18.2.10)
      DevExpress.Utils (18.2.10)
    DevExpress.ExpressApp.Dashboards.Web (18.2.10)
      DevExpress.Dashboard.Core (18.2.10)
      DevExpress.Data (18.2.10)
      DevExpress.DataAccess (18.2.10)
      DevExpress.ExpressApp (18.2.10)
      DevExpress.ExpressApp.Dashboards (18.2.10)
      DevExpress.ExpressApp.Web (18.2.10)
      DevExpress.Persistent.Base (18.2.10)
      DevExpress.Web (18.2.10)
      DevExpress.Web.Dashboard (18.2.10)
      DevExpress.Web.Dashboard.Common (18.2.10)
    DevExpress.ExpressApp.Dashboards.Win (18.2.10)
      DevExpress.Dashboard.Core (18.2.10)
      DevExpress.Data (18.2.10)
      DevExpress.DataAccess (18.2.10)
      DevExpress.DataAccess.UI (18.2.10)
      DevExpress.ExpressApp (18.2.10)
      DevExpress.ExpressApp.Dashboards (18.2.10)
      DevExpress.ExpressApp.Win (18.2.10)
      DevExpress.Persistent.Base (18.2.10)
      DevExpress.Utils (18.2.10)
      DevExpress.Win (18.2.10)
      DevExpress.Win.Dashboard (18.2.10)
    DevExpress.ExpressApp.FileAttachment.Web (18.2.10)
      DevExpress.Data (18.2.10)
      DevExpress.ExpressApp (18.2.10)
      DevExpress.ExpressApp.Web (18.2.10)
      DevExpress.Persistent.Base (18.2.10)
      DevExpress.Web (18.2.10)
    DevExpress.ExpressApp.FileAttachment.Win (18.2.10)
      DevExpress.Data (18.2.10)
      DevExpress.ExpressApp (18.2.10)
      DevExpress.ExpressApp.Win (18.2.10)
      DevExpress.Persistent.Base (18.2.10)
      DevExpress.Utils (18.2.10)
      DevExpress.Win (18.2.10)
    DevExpress.ExpressApp.HtmlPropertyEditor.Web (18.2.10)
      DevExpress.Data (18.2.10)
      DevExpress.ExpressApp (18.2.10)
      DevExpress.ExpressApp.Web (18.2.10)
      DevExpress.Web (18.2.10)
    DevExpress.ExpressApp.HtmlPropertyEditor.Win (18.2.10)
      DevExpress.Data (18.2.10)
      DevExpress.ExpressApp (18.2.10)
      DevExpress.ExpressApp.Win (18.2.10)
      DevExpress.Utils (18.2.10)
      DevExpress.Win (18.2.10)
    DevExpress.ExpressApp.Images (18.2.10)
    DevExpress.ExpressApp.Kpi (18.2.10)
      DevExpress.Data (18.2.10)
      DevExpress.ExpressApp (18.2.10)
      DevExpress.ExpressApp.Validation (18.2.10)
      DevExpress.Persistent.Base (18.2.10)
      DevExpress.Utils (18.2.10)
    DevExpress.ExpressApp.Maps.Web (18.2.10)
      DevExpress.Data (18.2.10)
      DevExpress.ExpressApp (18.2.10)
      DevExpress.ExpressApp.Web (18.2.10)
      DevExpress.Persistent.Base (18.2.10)
      DevExpress.Web (18.2.10)
    DevExpress.ExpressApp.Notifications (18.2.10)
      DevExpress.Data (18.2.10)
      DevExpress.ExpressApp (18.2.10)
      DevExpress.Persistent.Base (18.2.10)
    DevExpress.ExpressApp.Notifications.Web (18.2.10)
      DevExpress.Data (18.2.10)
      DevExpress.ExpressApp (18.2.10)
      DevExpress.ExpressApp.Notifications (18.2.10)
      DevExpress.ExpressApp.Web (18.2.10)
      DevExpress.Web (18.2.10)
    DevExpress.ExpressApp.Notifications.Win (18.2.10)
      DevExpress.Data (18.2.10)
      DevExpress.ExpressApp (18.2.10)
      DevExpress.ExpressApp.Notifications (18.2.10)
      DevExpress.ExpressApp.Win (18.2.10)
      DevExpress.Utils (18.2.10)
      DevExpress.Win (18.2.10)
    DevExpress.ExpressApp.Office.Win (18.2.10)
      DevExpress.Data (18.2.10)
      DevExpress.ExpressApp (18.2.10)
      DevExpress.ExpressApp.Win (18.2.10)
      DevExpress.Office.Core (18.2.10)
      DevExpress.Persistent.Base (18.2.10)
      DevExpress.Printing.Core (18.2.10)
      DevExpress.RichEdit.Core (18.2.10)
      DevExpress.Utils (18.2.10)
      DevExpress.Win (18.2.10)
      DevExpress.Win.RichEdit (18.2.10)
    DevExpress.ExpressApp.PivotChart (18.2.10)
      DevExpress.Charts (18.2.10)
      DevExpress.Data (18.2.10)
      DevExpress.ExpressApp (18.2.10)
      DevExpress.Persistent.Base (18.2.10)
      DevExpress.PivotGrid.Core (18.2.10)
    DevExpress.ExpressApp.PivotChart.Web (18.2.10)
      DevExpress.Charts (18.2.10)
      DevExpress.Data (18.2.10)
      DevExpress.ExpressApp (18.2.10)
      DevExpress.ExpressApp.PivotChart (18.2.10)
      DevExpress.ExpressApp.Web (18.2.10)
      DevExpress.Persistent.Base (18.2.10)
      DevExpress.PivotGrid.Core (18.2.10)
      DevExpress.Printing.Core (18.2.10)
      DevExpress.Web (18.2.10)
      DevExpress.Web.Visualization (18.2.10)
    DevExpress.ExpressApp.PivotChart.Win (18.2.10)
      DevExpress.Charts (18.2.10)
      DevExpress.Data (18.2.10)
      DevExpress.ExpressApp (18.2.10)
      DevExpress.ExpressApp.PivotChart (18.2.10)
      DevExpress.ExpressApp.Win (18.2.10)
      DevExpress.Persistent.Base (18.2.10)
      DevExpress.PivotGrid.Core (18.2.10)
      DevExpress.Printing.Core (18.2.10)
      DevExpress.Win (18.2.10)
      DevExpress.Win.Charts (18.2.10)
    DevExpress.ExpressApp.PivotGrid (18.2.10)
      DevExpress.Data (18.2.10)
      DevExpress.ExpressApp (18.2.10)
      DevExpress.PivotGrid.Core (18.2.10)
    DevExpress.ExpressApp.PivotGrid.Web (18.2.10)
      DevExpress.Charts (18.2.10)
      DevExpress.Data (18.2.10)
      DevExpress.ExpressApp (18.2.10)
      DevExpress.ExpressApp.PivotGrid (18.2.10)
      DevExpress.ExpressApp.Web (18.2.10)
      DevExpress.PivotGrid.Core (18.2.10)
      DevExpress.Web (18.2.10)
      DevExpress.Web.Visualization (18.2.10)
    DevExpress.ExpressApp.PivotGrid.Win (18.2.10)
      DevExpress.Charts (18.2.10)
      DevExpress.Data (18.2.10)
      DevExpress.ExpressApp (18.2.10)
      DevExpress.ExpressApp.PivotGrid (18.2.10)
      DevExpress.ExpressApp.Win (18.2.10)
      DevExpress.PivotGrid.Core (18.2.10)
      DevExpress.Utils (18.2.10)
      DevExpress.Win (18.2.10)
      DevExpress.Win.Charts (18.2.10)
    DevExpress.ExpressApp.ReportsV2 (18.2.10)
      DevExpress.Data (18.2.10)
      DevExpress.ExpressApp (18.2.10)
      DevExpress.Persistent.Base (18.2.10)
      DevExpress.Printing.Core (18.2.10)
      DevExpress.Reporting.Core (18.2.10)
      DevExpress.Utils (18.2.10)
    DevExpress.ExpressApp.ReportsV2.Web (18.2.10)
      DevExpress.Data (18.2.10)
      DevExpress.ExpressApp (18.2.10)
      DevExpress.ExpressApp.ReportsV2 (18.2.10)
      DevExpress.ExpressApp.Web (18.2.10)
      DevExpress.Persistent.Base (18.2.10)
      DevExpress.Printing.Core (18.2.10)
      DevExpress.Reporting.Core (18.2.10)
      DevExpress.Web (18.2.10)
      DevExpress.Web.Reporting (18.2.10)
      DevExpress.Web.Reporting.Common (18.2.10)
    DevExpress.ExpressApp.ReportsV2.Win (18.2.10)
      DevExpress.Data (18.2.10)
      DevExpress.DataAccess (18.2.10)
      DevExpress.DataAccess.UI (18.2.10)
      DevExpress.ExpressApp (18.2.10)
      DevExpress.ExpressApp.ReportsV2 (18.2.10)
      DevExpress.ExpressApp.Win (18.2.10)
      DevExpress.Persistent.Base (18.2.10)
      DevExpress.Printing.Core (18.2.10)
      DevExpress.Reporting.Core (18.2.10)
      DevExpress.Utils (18.2.10)
      DevExpress.Utils.UI (18.2.10)
      DevExpress.Win (18.2.10)
      DevExpress.Win.Reporting (18.2.10)
    DevExpress.ExpressApp.Scheduler (18.2.10)
      DevExpress.Data (18.2.10)
      DevExpress.ExpressApp (18.2.10)
      DevExpress.Persistent.Base (18.2.10)
      DevExpress.Scheduler.Core (18.2.10)
    DevExpress.ExpressApp.Scheduler.Web (18.2.10)
      DevExpress.Data (18.2.10)
      DevExpress.ExpressApp (18.2.10)
      DevExpress.ExpressApp.Scheduler (18.2.10)
      DevExpress.ExpressApp.Web (18.2.10)
      DevExpress.Persistent.Base (18.2.10)
      DevExpress.Scheduler.Core (18.2.10)
      DevExpress.Web (18.2.10)
      DevExpress.Web.Scheduler (18.2.10)
    DevExpress.ExpressApp.Scheduler.Win (18.2.10)
      DevExpress.Data (18.2.10)
      DevExpress.ExpressApp (18.2.10)
      DevExpress.ExpressApp.Scheduler (18.2.10)
      DevExpress.ExpressApp.Win (18.2.10)
      DevExpress.Persistent.Base (18.2.10)
      DevExpress.Scheduler.Core (18.2.10)
      DevExpress.Utils (18.2.10)
      DevExpress.Win (18.2.10)
      DevExpress.Win.Scheduler (18.2.10)
    DevExpress.ExpressApp.ScriptRecorder (18.2.10)
      DevExpress.ExpressApp (18.2.10)
    DevExpress.ExpressApp.ScriptRecorder.Web (18.2.10)
      DevExpress.Data (18.2.10)
      DevExpress.ExpressApp (18.2.10)
      DevExpress.ExpressApp.ScriptRecorder (18.2.10)
      DevExpress.ExpressApp.Web (18.2.10)
    DevExpress.ExpressApp.ScriptRecorder.Win (18.2.10)
      DevExpress.Data (18.2.10)
      DevExpress.ExpressApp (18.2.10)
      DevExpress.ExpressApp.ScriptRecorder (18.2.10)
      DevExpress.ExpressApp.Win (18.2.10)
      DevExpress.Utils (18.2.10)
      DevExpress.Win (18.2.10)
    DevExpress.ExpressApp.Security (18.2.10)
      DevExpress.Data (18.2.10)
      DevExpress.ExpressApp (18.2.10)
      DevExpress.Persistent.Base (18.2.10)
    DevExpress.ExpressApp.Security.Xpo (18.2.10)
      DevExpress.Data (18.2.10)
      DevExpress.ExpressApp (18.2.10)
      DevExpress.ExpressApp.Security (18.2.10)
      DevExpress.ExpressApp.Xpo (18.2.10)
      DevExpress.Persistent.Base (18.2.10)
      DevExpress.Xpo (18.2.10)
    DevExpress.ExpressApp.StateMachine (18.2.10)
      DevExpress.Data (18.2.10)
      DevExpress.ExpressApp (18.2.10)
      DevExpress.ExpressApp.ConditionalAppearance (18.2.10)
      DevExpress.ExpressApp.Validation (18.2.10)
      DevExpress.Persistent.Base (18.2.10)
      DevExpress.Utils (18.2.10)
    DevExpress.ExpressApp.TreeListEditors (18.2.10)
      DevExpress.Data (18.2.10)
      DevExpress.ExpressApp (18.2.10)
      DevExpress.Persistent.Base (18.2.10)
    DevExpress.ExpressApp.TreeListEditors.Web (18.2.10)
      DevExpress.Data (18.2.10)
      DevExpress.ExpressApp (18.2.10)
      DevExpress.ExpressApp.TreeListEditors (18.2.10)
      DevExpress.ExpressApp.Web (18.2.10)
      DevExpress.Persistent.Base (18.2.10)
      DevExpress.Web (18.2.10)
    DevExpress.ExpressApp.TreeListEditors.Win (18.2.10)
      DevExpress.Data (18.2.10)
      DevExpress.ExpressApp (18.2.10)
      DevExpress.ExpressApp.TreeListEditors (18.2.10)
      DevExpress.ExpressApp.Win (18.2.10)
      DevExpress.Persistent.Base (18.2.10)
      DevExpress.Utils (18.2.10)
      DevExpress.Win (18.2.10)
    DevExpress.ExpressApp.Validation (18.2.10)
      DevExpress.Data (18.2.10)
      DevExpress.ExpressApp (18.2.10)
      DevExpress.Persistent.Base (18.2.10)
    DevExpress.ExpressApp.Validation.Web (18.2.10)
      DevExpress.Data (18.2.10)
      DevExpress.ExpressApp (18.2.10)
      DevExpress.ExpressApp.Validation (18.2.10)
      DevExpress.ExpressApp.Web (18.2.10)
      DevExpress.Persistent.Base (18.2.10)
      DevExpress.Web (18.2.10)
    DevExpress.ExpressApp.Validation.Win (18.2.10)
      DevExpress.Data (18.2.10)
      DevExpress.ExpressApp (18.2.10)
      DevExpress.ExpressApp.Validation (18.2.10)
      DevExpress.ExpressApp.Win (18.2.10)
      DevExpress.Persistent.Base (18.2.10)
      DevExpress.Win (18.2.10)
    DevExpress.ExpressApp.ViewVariantsModule (18.2.10)
      DevExpress.Data (18.2.10)
      DevExpress.ExpressApp (18.2.10)
    DevExpress.ExpressApp.Web (18.2.10)
      DevExpress.Data (18.2.10)
      DevExpress.ExpressApp (18.2.10)
      DevExpress.Persistent.Base (18.2.10)
      DevExpress.Printing.Core (18.2.10)
      DevExpress.Utils (18.2.10)
      DevExpress.Web (18.2.10)
      DevExpress.Web.Themes (18.2.10)
    DevExpress.ExpressApp.Web.All (18.2.10)
      DevExpress.ExpressApp.Chart.Web (18.2.10)
      DevExpress.ExpressApp.Core.All (18.2.10)
      DevExpress.ExpressApp.Dashboards.Web (18.2.10)
      DevExpress.ExpressApp.FileAttachment.Web (18.2.10)
      DevExpress.ExpressApp.HtmlPropertyEditor.Web (18.2.10)
      DevExpress.ExpressApp.Maps.Web (18.2.10)
      DevExpress.ExpressApp.Notifications.Web (18.2.10)
      DevExpress.ExpressApp.PivotChart.Web (18.2.10)
      DevExpress.ExpressApp.PivotGrid.Web (18.2.10)
      DevExpress.ExpressApp.ReportsV2.Web (18.2.10)
      DevExpress.ExpressApp.Scheduler.Web (18.2.10)
      DevExpress.ExpressApp.ScriptRecorder.Web (18.2.10)
      DevExpress.ExpressApp.TreeListEditors.Web (18.2.10)
      DevExpress.ExpressApp.Validation.Web (18.2.10)
      DevExpress.ExpressApp.Web (18.2.10)
    DevExpress.ExpressApp.Win (18.2.10)
      DevExpress.Data (18.2.10)
      DevExpress.ExpressApp (18.2.10)
      DevExpress.Office.Core (18.2.10)
      DevExpress.Persistent.Base (18.2.10)
      DevExpress.Printing.Core (18.2.10)
      DevExpress.RichEdit.Core (18.2.10)
      DevExpress.Utils (18.2.10)
      DevExpress.Win (18.2.10)
      DevExpress.Win.BonusSkins (18.2.10)
      DevExpress.Win.RichEdit (18.2.10)
    DevExpress.ExpressApp.Win.All (18.2.10)
      DevExpress.ExpressApp.Chart.Win (18.2.10)
      DevExpress.ExpressApp.Core.All (18.2.10)
      DevExpress.ExpressApp.Dashboards.Win (18.2.10)
      DevExpress.ExpressApp.FileAttachment.Win (18.2.10)
      DevExpress.ExpressApp.HtmlPropertyEditor.Win (18.2.10)
      DevExpress.ExpressApp.Notifications.Win (18.2.10)
      DevExpress.ExpressApp.Office.Win (18.2.10)
      DevExpress.ExpressApp.PivotChart.Win (18.2.10)
      DevExpress.ExpressApp.PivotGrid.Win (18.2.10)
      DevExpress.ExpressApp.ReportsV2.Win (18.2.10)
      DevExpress.ExpressApp.Scheduler.Win (18.2.10)
      DevExpress.ExpressApp.ScriptRecorder.Win (18.2.10)
      DevExpress.ExpressApp.TreeListEditors.Win (18.2.10)
      DevExpress.ExpressApp.Validation.Win (18.2.10)
      DevExpress.ExpressApp.Win (18.2.10)
      DevExpress.ExpressApp.Workflow.Win (18.2.10)
    DevExpress.ExpressApp.Workflow (18.2.10)
      DevExpress.Data (18.2.10)
      DevExpress.ExpressApp (18.2.10)
      DevExpress.ExpressApp.ConditionalAppearance (18.2.10)
      DevExpress.ExpressApp.Security (18.2.10)
      DevExpress.Persistent.Base (18.2.10)
      DevExpress.Utils (18.2.10)
    DevExpress.ExpressApp.Workflow.Win (18.2.10)
      DevExpress.Data (18.2.10)
      DevExpress.ExpressApp (18.2.10)
      DevExpress.ExpressApp.Win (18.2.10)
      DevExpress.ExpressApp.Workflow (18.2.10)
      DevExpress.Persistent.Base (18.2.10)
      DevExpress.Utils (18.2.10)
    DevExpress.ExpressApp.Xpo (18.2.10)
      DevExpress.Data (18.2.10)
      DevExpress.ExpressApp (18.2.10)
      DevExpress.Xpo (18.2.10)
    DevExpress.Gauges.Core (18.2.10)
      DevExpress.Data (18.2.10)
      DevExpress.Printing.Core (18.2.10)
    DevExpress.Images (18.2.10)
      DevExpress.Data (18.2.10)
    DevExpress.Map.Core (18.2.10)
      DevExpress.Data (18.2.10)
    DevExpress.Office.Core (18.2.10)
      DevExpress.Data (18.2.10)
      DevExpress.Printing.Core (18.2.10)
    DevExpress.Pdf.Core (18.2.10)
      DevExpress.Data (18.2.10)
    DevExpress.Persistent.Base (18.2.10)
      DevExpress.Data (18.2.10)
      DevExpress.ExpressApp (18.2.10)
      DevExpress.Printing.Core (18.2.10)
      DevExpress.Reporting.Core (18.2.10)
      DevExpress.Utils (18.2.10)
    DevExpress.Persistent.BaseImpl (18.2.10)
      DevExpress.Data (18.2.10)
      DevExpress.ExpressApp (18.2.10)
      DevExpress.ExpressApp.Objects (18.2.10)
      DevExpress.ExpressApp.Xpo (18.2.10)
      DevExpress.Persistent.Base (18.2.10)
      DevExpress.Reporting.Core (18.2.10)
      DevExpress.Scheduler.Core (18.2.10)
      DevExpress.Xpo (18.2.10)
    DevExpress.PivotGrid.Core (18.2.10)
      DevExpress.Data (18.2.10)
      DevExpress.Printing.Core (18.2.10)
    DevExpress.Printing.Core (18.2.10)
      DevExpress.Data (18.2.10)
      DevExpress.Pdf.Core (18.2.10)
    DevExpress.Reporting.Core (18.2.10)
      DevExpress.Charts (18.2.10)
      DevExpress.Charts.Core (18.2.10)
      DevExpress.CodeParser (18.2.10)
      DevExpress.Data (18.2.10)
      DevExpress.DataAccess (18.2.10)
      DevExpress.Gauges.Core (18.2.10)
      DevExpress.Office.Core (18.2.10)
      DevExpress.PivotGrid.Core (18.2.10)
      DevExpress.Printing.Core (18.2.10)
      DevExpress.RichEdit.Core (18.2.10)
      DevExpress.RichEdit.Export (18.2.10)
      DevExpress.Sparkline.Core (18.2.10)
      DevExpress.Xpo (18.2.10)
    DevExpress.RichEdit.Core (18.2.10)
      DevExpress.Data (18.2.10)
      DevExpress.Images (18.2.10)
      DevExpress.Office.Core (18.2.10)
      DevExpress.Pdf.Core (18.2.10)
      DevExpress.Printing.Core (18.2.10)
    DevExpress.RichEdit.Export (18.2.10)
      DevExpress.Data (18.2.10)
      DevExpress.Office.Core (18.2.10)
      DevExpress.Printing.Core (18.2.10)
      DevExpress.RichEdit.Core (18.2.10)
    DevExpress.Scheduler.Core (18.2.10)
      DevExpress.Data (18.2.10)
      DevExpress.Images (18.2.10)
      DevExpress.Printing.Core (18.2.10)
    DevExpress.Sparkline.Core (18.2.10)
      DevExpress.Data (18.2.10)
    DevExpress.SpellChecker.Core (18.2.10)
      DevExpress.Data (18.2.10)
    DevExpress.TreeMap.Core (18.2.10)
      DevExpress.Data (18.2.10)
    DevExpress.Utils (18.2.10)
      DevExpress.Data (18.2.10)
      DevExpress.Printing.Core (18.2.10)
    DevExpress.Utils.UI (18.2.10)
      DevExpress.Data (18.2.10)
      DevExpress.Printing.Core (18.2.10)
      DevExpress.Utils (18.2.10)
      DevExpress.Win (18.2.10)
      DevExpress.Win.RichEdit (18.2.10)
    DevExpress.Web (18.2.10)
      DevExpress.Data (18.2.10)
      DevExpress.Office.Core (18.2.10)
      DevExpress.PivotGrid.Core (18.2.10)
      DevExpress.Printing.Core (18.2.10)
      DevExpress.RichEdit.Core (18.2.10)
      DevExpress.RichEdit.Export (18.2.10)
      DevExpress.SpellChecker.Core (18.2.10)
    DevExpress.Web.Dashboard (18.2.10)
      DevExpress.Dashboard.Core (18.2.10)
      DevExpress.Data (18.2.10)
      DevExpress.DataAccess (18.2.10)
      DevExpress.Office.Core (18.2.10)
      DevExpress.Web (18.2.10)
      DevExpress.Web.Dashboard.Common (18.2.10)
    DevExpress.Web.Dashboard.Common (18.2.10)
      DevExpress.Charts.Core (18.2.10)
      DevExpress.Dashboard.Core (18.2.10)
      DevExpress.Data (18.2.10)
      DevExpress.DataAccess (18.2.10)
      DevExpress.Pdf.Core (18.2.10)
      DevExpress.PivotGrid.Core (18.2.10)
      DevExpress.Printing.Core (18.2.10)
      DevExpress.Reporting.Core (18.2.10)
      DevExpress.RichEdit.Core (18.2.10)
      DevExpress.Xpo (18.2.10)
    DevExpress.Web.Reporting (18.2.10)
      DevExpress.Data (18.2.10)
      DevExpress.DataAccess (18.2.10)
      DevExpress.Printing.Core (18.2.10)
      DevExpress.Reporting.Core (18.2.10)
      DevExpress.Utils (18.2.10)
      DevExpress.Web (18.2.10)
      DevExpress.Web.Reporting.Common (18.2.10)
    DevExpress.Web.Reporting.Common (18.2.10)
      DevExpress.Charts (18.2.10)
      DevExpress.Charts.Core (18.2.10)
      DevExpress.Data (18.2.10)
      DevExpress.DataAccess (18.2.10)
      DevExpress.Gauges.Core (18.2.10)
      DevExpress.PivotGrid.Core (18.2.10)
      DevExpress.Printing.Core (18.2.10)
      DevExpress.Reporting.Core (18.2.10)
      DevExpress.Sparkline.Core (18.2.10)
    DevExpress.Web.Scheduler (18.2.10)
      DevExpress.Data (18.2.10)
      DevExpress.Scheduler.Core (18.2.10)
      DevExpress.Web (18.2.10)
    DevExpress.Web.Themes (18.2.10)
      DevExpress.Web (18.2.10)
    DevExpress.Web.Visualization (18.2.10)
      DevExpress.Charts (18.2.10)
      DevExpress.Charts.Core (18.2.10)
      DevExpress.Data (18.2.10)
      DevExpress.Gauges.Core (18.2.10)
      DevExpress.Printing.Core (18.2.10)
      DevExpress.Web (18.2.10)
    DevExpress.Win (18.2.10)
      DevExpress.Data (18.2.10)
      DevExpress.PivotGrid.Core (18.2.10)
      DevExpress.Printing.Core (18.2.10)
      DevExpress.RichEdit.Core (18.2.10)
      DevExpress.RichEdit.Export (18.2.10)
      DevExpress.Sparkline.Core (18.2.10)
      DevExpress.Utils (18.2.10)
    DevExpress.Win.BonusSkins (18.2.10)
      DevExpress.Utils (18.2.10)
    DevExpress.Win.Charts (18.2.10)
      DevExpress.Charts (18.2.10)
      DevExpress.Charts.Core (18.2.10)
      DevExpress.Data (18.2.10)
      DevExpress.Printing.Core (18.2.10)
      DevExpress.Utils (18.2.10)
      DevExpress.Utils.UI (18.2.10)
      DevExpress.Win (18.2.10)
    DevExpress.Win.Dashboard (18.2.10)
      DevExpress.Charts (18.2.10)
      DevExpress.Charts.Core (18.2.10)
      DevExpress.Dashboard.Core (18.2.10)
      DevExpress.Data (18.2.10)
      DevExpress.DataAccess (18.2.10)
      DevExpress.DataAccess.UI (18.2.10)
      DevExpress.Gauges.Core (18.2.10)
      DevExpress.Map.Core (18.2.10)
      DevExpress.Office.Core (18.2.10)
      DevExpress.PivotGrid.Core (18.2.10)
      DevExpress.Printing.Core (18.2.10)
      DevExpress.Reporting.Core (18.2.10)
      DevExpress.RichEdit.Core (18.2.10)
      DevExpress.Sparkline.Core (18.2.10)
      DevExpress.TreeMap.Core (18.2.10)
      DevExpress.Utils (18.2.10)
      DevExpress.Utils.UI (18.2.10)
      DevExpress.Win (18.2.10)
      DevExpress.Win.Charts (18.2.10)
      DevExpress.Win.Gauges (18.2.10)
      DevExpress.Win.Map (18.2.10)
      DevExpress.Win.RichEdit (18.2.10)
      DevExpress.Win.TreeMap (18.2.10)
      DevExpress.Xpo (18.2.10)
    DevExpress.Win.Diagram (18.2.10)
      DevExpress.Data (18.2.10)
      DevExpress.Diagram.Core (18.2.10)
      DevExpress.Printing.Core (18.2.10)
      DevExpress.Utils (18.2.10)
      DevExpress.Win (18.2.10)
    DevExpress.Win.Gauges (18.2.10)
      DevExpress.Data (18.2.10)
      DevExpress.Gauges.Core (18.2.10)
      DevExpress.Printing.Core (18.2.10)
      DevExpress.Utils (18.2.10)
      DevExpress.Win (18.2.10)
    DevExpress.Win.Map (18.2.10)
      DevExpress.Data (18.2.10)
      DevExpress.Map.Core (18.2.10)
      DevExpress.Printing.Core (18.2.10)
      DevExpress.Utils (18.2.10)
      DevExpress.Win (18.2.10)
    DevExpress.Win.Reporting (18.2.10)
      DevExpress.Charts (18.2.10)
      DevExpress.CodeParser (18.2.10)
      DevExpress.Data (18.2.10)
      DevExpress.DataAccess (18.2.10)
      DevExpress.DataAccess.UI (18.2.10)
      DevExpress.Gauges.Core (18.2.10)
      DevExpress.Office.Core (18.2.10)
      DevExpress.PivotGrid.Core (18.2.10)
      DevExpress.Printing.Core (18.2.10)
      DevExpress.Reporting.Core (18.2.10)
      DevExpress.RichEdit.Core (18.2.10)
      DevExpress.Sparkline.Core (18.2.10)
      DevExpress.Utils (18.2.10)
      DevExpress.Utils.UI (18.2.10)
      DevExpress.Win (18.2.10)
      DevExpress.Win.Charts (18.2.10)
      DevExpress.Win.RichEdit (18.2.10)
    DevExpress.Win.RichEdit (18.2.10)
      DevExpress.Data (18.2.10)
      DevExpress.Images (18.2.10)
      DevExpress.Office.Core (18.2.10)
      DevExpress.Pdf.Core (18.2.10)
      DevExpress.Printing.Core (18.2.10)
      DevExpress.RichEdit.Core (18.2.10)
      DevExpress.Utils (18.2.10)
      DevExpress.Win (18.2.10)
    DevExpress.Win.Scheduler (18.2.10)
      DevExpress.Data (18.2.10)
      DevExpress.Printing.Core (18.2.10)
      DevExpress.Scheduler.Core (18.2.10)
      DevExpress.SpellChecker.Core (18.2.10)
      DevExpress.Utils (18.2.10)
      DevExpress.Win (18.2.10)
      DevExpress.Win.SpellChecker (18.2.10)
    DevExpress.Win.SpellChecker (18.2.10)
      DevExpress.Data (18.2.10)
      DevExpress.SpellChecker.Core (18.2.10)
      DevExpress.Utils (18.2.10)
      DevExpress.Win (18.2.10)
    DevExpress.Win.TreeMap (18.2.10)
      DevExpress.Data (18.2.10)
      DevExpress.Printing.Core (18.2.10)
      DevExpress.TreeMap.Core (18.2.10)
      DevExpress.Utils (18.2.10)
      DevExpress.Win (18.2.10)
  remote: https://xpandnugetserver.azurewebsites.net/nuget
    DevExpress.EasyTest (18.2.10)
    DevExpress.ExpressApp.EasyTest.WebAdapter (18.2.10)
    DevExpress.ExpressApp.EasyTest.WinAdapter (18.2.10)
    DevExpress.ExpressApp.Objects (18.2.10)
  remote: ..\..\..\bin\Nupkg
    Xpand.Extensions (0.0.9)
      Fasterflect.Xpand (>= 2.0.7)
      System.CodeDom (>= 4.6)
      System.Reflection.Emit (>= 4.6)
      System.Reflection.Emit.ILGeneration (>= 4.6)
      System.Reflection.Emit.Lightweight (>= 4.6)
    Xpand.Extensions.Reactive (0.0.2)
      Fasterflect.Xpand (>= 2.0.7)
      Microsoft.NETCore.Platforms (>= 3.0)
      Microsoft.NETCore.Targets (>= 3.0)
      System.CodeDom (>= 4.6)
      System.Reactive (>= 4.2)
      System.Reflection.Emit (>= 4.6)
      System.Reflection.Emit.ILGeneration (>= 4.6)
      System.Reflection.Emit.Lightweight (>= 4.6)
      System.Runtime (>= 4.3.1)
      System.Runtime.CompilerServices.Unsafe (>= 4.6)
      System.Runtime.InteropServices.WindowsRuntime (>= 4.3)
      System.Threading.Tasks.Extensions (>= 4.5.3)
      System.ValueTuple (>= 4.5)
      Xpand.Extensions (>= 0.0.9)
    Xpand.Extensions.XAF (0.0.8)
      Fasterflect.Xpand (>= 2.0.7)
      System.Reflection.Emit (>= 4.6)
      System.Reflection.Emit.ILGeneration (>= 4.6)
      System.Reflection.Emit.Lightweight (>= 4.6)
      Xpand.Extensions (>= 0.0.9)
      Xpand.Patcher (>= 1.0.1)
      Xpand.VersionConverter (>= 1.1)
    Xpand.VersionConverter (1.1.0)
    Xpand.XAF.Core.All (0.0.5.2)
      Xpand.XAF.Modules.AutoCommit (>= 1.0.18)
      Xpand.XAF.Modules.CloneMemberValue (>= 1.2.66)
      Xpand.XAF.Modules.CloneModelView (>= 1.0.16)
      Xpand.XAF.Modules.HideToolBar (>= 1.0.17)
      Xpand.XAF.Modules.MasterDetail (>= 1.0.17)
      Xpand.XAF.Modules.ModelMapper (>= 1.1.60)
      Xpand.XAF.Modules.ModelViewInheritance (>= 1.1.56)
      Xpand.XAF.Modules.ProgressBarViewItem (>= 1.0.17)
      Xpand.XAF.Modules.Reactive (>= 1.2.69)
      Xpand.XAF.Modules.Reactive.Logger (>= 0.0.22)
      Xpand.XAF.Modules.Reactive.Logger.Hub (>= 0.0.21)
      Xpand.XAF.Modules.RefreshView (>= 0.0.20)
      Xpand.XAF.Modules.SuppressConfirmation (>= 1.0.17)
      Xpand.XAF.Modules.ViewEditMode (>= 1.2.66)
    Xpand.XAF.Modules.AutoCommit (1.0.18)
      Fasterflect.Xpand (>= 2.0.7)
      Microsoft.NETCore.Platforms (>= 3.0)
      Microsoft.NETCore.Targets (>= 3.0)
      System.Reactive (>= 4.2)
      System.Reflection.Emit.ILGeneration (>= 4.6)
      System.Reflection.Emit.Lightweight (>= 4.6)
      System.Runtime (>= 4.3.1)
      System.Runtime.CompilerServices.Unsafe (>= 4.6)
      System.Runtime.InteropServices.WindowsRuntime (>= 4.3)
      System.Threading.Tasks.Extensions (>= 4.5.3)
      System.ValueTuple (>= 4.5)
      Xpand.Extensions (>= 0.0.9)
      Xpand.Extensions.Reactive (>= 0.0.2)
      Xpand.Extensions.XAF (>= 0.0.8)
      Xpand.VersionConverter (>= 1.1)
      Xpand.XAF.Modules.Reactive (>= 1.2.69)
    Xpand.XAF.Modules.CloneMemberValue (1.2.66)
      Fasterflect.Xpand (>= 2.0.7)
      Microsoft.NETCore.Platforms (>= 3.0)
      Microsoft.NETCore.Targets (>= 3.0)
      System.Reactive (>= 4.2)
      System.Reflection.Emit.ILGeneration (>= 4.6)
      System.Reflection.Emit.Lightweight (>= 4.6)
      System.Runtime (>= 4.3.1)
      System.Runtime.CompilerServices.Unsafe (>= 4.6)
      System.Runtime.InteropServices.WindowsRuntime (>= 4.3)
      System.Threading.Tasks.Extensions (>= 4.5.3)
      System.ValueTuple (>= 4.5)
      Xpand.Extensions.Reactive (>= 0.0.2)
      Xpand.VersionConverter (>= 1.1)
      Xpand.XAF.Modules.Reactive (>= 1.2.69)
    Xpand.XAF.Modules.CloneModelView (1.0.16)
      Fasterflect.Xpand (>= 2.0.7)
      System.Reflection.Emit.ILGeneration (>= 4.6)
      System.Reflection.Emit.Lightweight (>= 4.6)
      System.ValueTuple (>= 4.5)
      Xpand.Extensions.XAF (>= 0.0.8)
      Xpand.Patcher (>= 1.0.1)
      Xpand.VersionConverter (>= 1.1)
    Xpand.XAF.Modules.GridListEditor (0.0.20)
      Fasterflect.Xpand (>= 2.0.7)
      Microsoft.NETCore.Platforms (>= 3.0)
      Microsoft.NETCore.Targets (>= 3.0)
      System.Reactive (>= 4.2)
      System.Reflection.Emit.ILGeneration (>= 4.6)
      System.Reflection.Emit.Lightweight (>= 4.6)
      System.Runtime (>= 4.3.1)
      System.Runtime.CompilerServices.Unsafe (>= 4.6)
      System.Runtime.InteropServices.WindowsRuntime (>= 4.3)
      System.Threading.Tasks.Extensions (>= 4.5.3)
      System.ValueTuple (>= 4.5)
      Xpand.Extensions.Reactive (>= 0.0.2)
      Xpand.VersionConverter (>= 1.1)
      Xpand.XAF.Modules.Reactive (>= 1.2.69)
    Xpand.XAF.Modules.HideToolBar (1.0.17)
      Fasterflect.Xpand (>= 2.0.7)
      Microsoft.NETCore.Platforms (>= 3.0)
      Microsoft.NETCore.Targets (>= 3.0)
      System.Reactive (>= 4.2)
      System.Reflection.Emit.ILGeneration (>= 4.6)
      System.Reflection.Emit.Lightweight (>= 4.6)
      System.Runtime (>= 4.3.1)
      System.Runtime.CompilerServices.Unsafe (>= 4.6)
      System.Runtime.InteropServices.WindowsRuntime (>= 4.3)
      System.Threading.Tasks.Extensions (>= 4.5.3)
      System.ValueTuple (>= 4.5)
      Xpand.Extensions.Reactive (>= 0.0.2)
      Xpand.Extensions.XAF (>= 0.0.8)
      Xpand.VersionConverter (>= 1.1)
      Xpand.XAF.Modules.Reactive (>= 1.2.69)
    Xpand.XAF.Modules.MasterDetail (1.0.17)
      Fasterflect.Xpand (>= 2.0.7)
      Microsoft.NETCore.Platforms (>= 3.0)
      Microsoft.NETCore.Targets (>= 3.0)
      System.Reactive (>= 4.2)
      System.Reflection.Emit.ILGeneration (>= 4.6)
      System.Reflection.Emit.Lightweight (>= 4.6)
      System.Runtime (>= 4.3.1)
      System.Runtime.CompilerServices.Unsafe (>= 4.6)
      System.Runtime.InteropServices.WindowsRuntime (>= 4.3)
      System.Threading.Tasks.Extensions (>= 4.5.3)
      System.ValueTuple (>= 4.5)
      Xpand.Extensions.Reactive (>= 0.0.2)
      Xpand.Extensions.XAF (>= 0.0.8)
      Xpand.Patcher (>= 1.0.1)
      Xpand.VersionConverter (>= 1.1)
      Xpand.XAF.Modules.Reactive (>= 1.2.69)
    Xpand.XAF.Modules.ModelMapper (1.1.60)
      Enums.NET (>= 3.0)
      Fasterflect.Xpand (>= 2.0.7)
      Microsoft.NETCore.Platforms (>= 3.0)
      Microsoft.NETCore.Targets (>= 3.0)
      Mono.Cecil (>= 0.11.1)
      System.CodeDom (>= 4.6)
      System.ComponentModel.Annotations (>= 4.6)
      System.Interactive (>= 4.0)
      System.Reactive (>= 4.2)
      System.Reflection.Emit.ILGeneration (>= 4.6)
      System.Reflection.Emit.Lightweight (>= 4.6)
      System.Runtime (>= 4.3.1)
      System.Runtime.CompilerServices.Unsafe (>= 4.6)
      System.Runtime.InteropServices.WindowsRuntime (>= 4.3)
      System.Threading.Tasks.Extensions (>= 4.5.3)
      System.ValueTuple (>= 4.5)
      Xpand.Collections (>= 1.0.1)
      Xpand.Extensions (>= 0.0.9)
      Xpand.Extensions.Reactive (>= 0.0.2)
      Xpand.Extensions.XAF (>= 0.0.8)
      Xpand.VersionConverter (>= 1.1)
      Xpand.XAF.Modules.Reactive (>= 1.2.69)
    Xpand.XAF.Modules.ModelViewInheritance (1.1.56)
      Fasterflect.Xpand (>= 2.0.7)
      System.Reflection.Emit.ILGeneration (>= 4.6)
      System.Reflection.Emit.Lightweight (>= 4.6)
      System.ValueTuple (>= 4.5)
      Xpand.Extensions (>= 0.0.9)
      Xpand.Extensions.XAF (>= 0.0.8)
      Xpand.VersionConverter (>= 1.1)
    Xpand.XAF.Modules.OneView (0.0.20)
      Fasterflect.Xpand (>= 2.0.7)
      Microsoft.NETCore.Platforms (>= 3.0)
      Microsoft.NETCore.Targets (>= 3.0)
      System.Reactive (>= 4.2)
      System.Reflection.Emit.ILGeneration (>= 4.6)
      System.Reflection.Emit.Lightweight (>= 4.6)
      System.Runtime (>= 4.3.1)
      System.Runtime.CompilerServices.Unsafe (>= 4.6)
      System.Runtime.InteropServices.WindowsRuntime (>= 4.3)
      System.Threading.Tasks.Extensions (>= 4.5.3)
      System.ValueTuple (>= 4.5)
      Xpand.Extensions.Reactive (>= 0.0.2)
      Xpand.Extensions.XAF (>= 0.0.8)
      Xpand.VersionConverter (>= 1.1)
      Xpand.XAF.Modules.Reactive (>= 1.2.69)
      Xpand.XAF.Modules.Reactive.Win (>= 0.0.20)
    Xpand.XAF.Modules.ProgressBarViewItem (1.0.17)
      Fasterflect.Xpand (>= 2.0.7)
      Microsoft.NETCore.Platforms (>= 3.0)
      Microsoft.NETCore.Targets (>= 3.0)
      System.Reactive (>= 4.2)
      System.Reflection.Emit.ILGeneration (>= 4.6)
      System.Reflection.Emit.Lightweight (>= 4.6)
      System.Runtime (>= 4.3.1)
      System.Runtime.CompilerServices.Unsafe (>= 4.6)
      System.Runtime.InteropServices.WindowsRuntime (>= 4.3)
      System.Threading.Tasks.Extensions (>= 4.5.3)
      System.ValueTuple (>= 4.5)
      Xpand.Extensions (>= 0.0.9)
      Xpand.Extensions.Reactive (>= 0.0.2)
      Xpand.Extensions.XAF (>= 0.0.8)
      Xpand.VersionConverter (>= 1.1)
      Xpand.XAF.Modules.Reactive (>= 1.2.69)
    Xpand.XAF.Modules.Reactive (1.2.69)
      Fasterflect.Xpand (>= 2.0.7)
      Microsoft.NETCore.Platforms (>= 3.0)
      Microsoft.NETCore.Targets (>= 3.0)
      System.Interactive (>= 4.0)
      System.Reactive (>= 4.2)
      System.Reflection.Emit.ILGeneration (>= 4.6)
      System.Reflection.Emit.Lightweight (>= 4.6)
      System.Runtime (>= 4.3.1)
      System.Runtime.CompilerServices.Unsafe (>= 4.6)
      System.Runtime.InteropServices.WindowsRuntime (>= 4.3)
      System.Threading.Tasks.Extensions (>= 4.5.3)
      System.ValueTuple (>= 4.5)
      Xpand.Extensions (>= 0.0.9)
      Xpand.Extensions.Reactive (>= 0.0.2)
      Xpand.Extensions.XAF (>= 0.0.8)
      Xpand.Patcher (>= 1.0.1)
      Xpand.VersionConverter (>= 1.1)
    Xpand.XAF.Modules.Reactive.Logger (0.0.22)
      Fasterflect.Xpand (>= 2.0.7)
      Microsoft.NETCore.Platforms (>= 3.0)
      Microsoft.NETCore.Targets (>= 3.0)
      System.Reactive (>= 4.2)
      System.Reflection.Emit.ILGeneration (>= 4.6)
      System.Reflection.Emit.Lightweight (>= 4.6)
      System.Runtime (>= 4.3.1)
      System.Runtime.CompilerServices.Unsafe (>= 4.6)
      System.Runtime.InteropServices.WindowsRuntime (>= 4.3)
      System.Threading.Tasks.Extensions (>= 4.5.3)
      System.ValueTuple (>= 4.5)
      Xpand.Extensions (>= 0.0.9)
      Xpand.Extensions.Reactive (>= 0.0.2)
      Xpand.Extensions.XAF (>= 0.0.8)
      Xpand.Patcher (>= 1.0.1)
      Xpand.VersionConverter (>= 1.1)
      Xpand.XAF.Modules.Reactive (>= 1.2.69)
    Xpand.XAF.Modules.Reactive.Logger.Hub (0.0.21)
      Fasterflect.Xpand (>= 2.0.7)
      Grpc (>= 2.25)
      Grpc.Core (>= 2.25)
      Grpc.Core.Api (>= 2.25)
      MagicOnion (>= 2.6.3)
      MessagePack (>= 1.8.74)
      Microsoft.Bcl.AsyncInterfaces (>= 1.0)
      Microsoft.NETCore.Platforms (>= 3.0)
      Microsoft.NETCore.Targets (>= 3.0)
      System.Buffers (>= 4.5)
      System.Collections (>= 4.3)
      System.Collections.Concurrent (>= 4.3)
      System.Collections.Immutable (>= 1.6)
      System.Diagnostics.Debug (>= 4.3)
      System.Diagnostics.Tracing (>= 4.3)
      System.Globalization (>= 4.3)
      System.Interactive.Async (>= 4.0)
      System.IO (>= 4.3)
      System.Linq.Async (>= 4.0)
      System.Memory (>= 4.5.3)
      System.Numerics.Vectors (>= 4.5)
      System.Reactive (>= 4.2)
      System.Reflection (>= 4.3)
      System.Reflection.Emit (>= 4.6)
      System.Reflection.Emit.ILGeneration (>= 4.6)
      System.Reflection.Emit.Lightweight (>= 4.6)
      System.Reflection.Primitives (>= 4.3)
      System.Resources.ResourceManager (>= 4.3)
      System.Runtime (>= 4.3.1)
      System.Runtime.CompilerServices.Unsafe (>= 4.6)
      System.Runtime.Extensions (>= 4.3.1)
      System.Runtime.InteropServices.WindowsRuntime (>= 4.3)
      System.Runtime.Serialization.Primitives (>= 4.3)
      System.Text.Encoding (>= 4.3)
      System.Threading (>= 4.3)
      System.Threading.Tasks (>= 4.3)
      System.Threading.Tasks.Extensions (>= 4.5.3)
      System.Threading.Tasks.Parallel (>= 4.3)
      System.ValueTuple (>= 4.5)
      Xpand.Extensions.Reactive (>= 0.0.2)
      Xpand.VersionConverter (>= 1.1)
      Xpand.XAF.Modules.Reactive (>= 1.2.69)
      Xpand.XAF.Modules.Reactive.Logger (>= 0.0.22)
    Xpand.XAF.Modules.Reactive.Win (0.0.20)
      Fasterflect.Xpand (>= 2.0.7)
      Microsoft.NETCore.Platforms (>= 3.0)
      Microsoft.NETCore.Targets (>= 3.0)
      System.Interactive (>= 4.0)
      System.Reactive (>= 4.2)
      System.Reflection.Emit.ILGeneration (>= 4.6)
      System.Reflection.Emit.Lightweight (>= 4.6)
      System.Runtime (>= 4.3.1)
      System.Runtime.CompilerServices.Unsafe (>= 4.6)
      System.Runtime.InteropServices.WindowsRuntime (>= 4.3)
      System.Threading.Tasks.Extensions (>= 4.5.3)
      System.ValueTuple (>= 4.5)
      Xpand.Patcher (>= 1.0.1)
      Xpand.VersionConverter (>= 1.1)
      Xpand.XAF.Modules.Reactive (>= 1.2.69)
    Xpand.XAF.Modules.RefreshView (0.0.20)
      Fasterflect.Xpand (>= 2.0.7)
      Microsoft.NETCore.Platforms (>= 3.0)
      Microsoft.NETCore.Targets (>= 3.0)
      System.Reactive (>= 4.2)
      System.Reflection.Emit.ILGeneration (>= 4.6)
      System.Reflection.Emit.Lightweight (>= 4.6)
      System.Runtime (>= 4.3.1)
      System.Runtime.CompilerServices.Unsafe (>= 4.6)
      System.Runtime.InteropServices.WindowsRuntime (>= 4.3)
      System.Threading.Tasks.Extensions (>= 4.5.3)
      System.ValueTuple (>= 4.5)
      Xpand.Extensions.Reactive (>= 0.0.2)
      Xpand.VersionConverter (>= 1.1)
      Xpand.XAF.Modules.Reactive (>= 1.2.69)
    Xpand.XAF.Modules.SuppressConfirmation (1.0.17)
      Fasterflect.Xpand (>= 2.0.7)
      Microsoft.NETCore.Platforms (>= 3.0)
      Microsoft.NETCore.Targets (>= 3.0)
      System.Reactive (>= 4.2)
      System.Reflection.Emit.ILGeneration (>= 4.6)
      System.Reflection.Emit.Lightweight (>= 4.6)
      System.Runtime (>= 4.3.1)
      System.Runtime.CompilerServices.Unsafe (>= 4.6)
      System.Runtime.InteropServices.WindowsRuntime (>= 4.3)
      System.Threading.Tasks.Extensions (>= 4.5.3)
      System.ValueTuple (>= 4.5)
      Xpand.Extensions.Reactive (>= 0.0.2)
      Xpand.VersionConverter (>= 1.1)
      Xpand.XAF.Modules.Reactive (>= 1.2.69)
    Xpand.XAF.Modules.ViewEditMode (1.2.66)
      Fasterflect.Xpand (>= 2.0.7)
      Microsoft.NETCore.Platforms (>= 3.0)
      Microsoft.NETCore.Targets (>= 3.0)
      System.Reactive (>= 4.2)
      System.Reflection.Emit.ILGeneration (>= 4.6)
      System.Reflection.Emit.Lightweight (>= 4.6)
      System.Runtime (>= 4.3.1)
      System.Runtime.CompilerServices.Unsafe (>= 4.6)
      System.Runtime.InteropServices.WindowsRuntime (>= 4.3)
      System.Threading.Tasks.Extensions (>= 4.5.3)
      System.ValueTuple (>= 4.5)
      Xpand.Extensions.Reactive (>= 0.0.2)
      Xpand.VersionConverter (>= 1.1)
      Xpand.XAF.Modules.Reactive (>= 1.2.69)
    Xpand.XAF.Web.All (0.0.5.2)
      Xpand.XAF.Core.All (>= 0.0.5.2)
    Xpand.XAF.Win.All (0.0.5.2)
      Xpand.XAF.Core.All (>= 0.0.5.2)
      Xpand.XAF.Modules.GridListEditor (>= 0.0.20)
      Xpand.XAF.Modules.OneView (>= 0.0.20)
      Xpand.XAF.Modules.Reactive.Win (>= 0.0.20)
