STORAGE: NONE
STRATEGY: MAX
RESTRICTION: || (== net461) (== netstandard2.0)
NUGET
  remote: https://api.nuget.org/v3/index.json
    akarnokd.reactive_extensions (0.0.27-alpha)
      System.Reactive (>= 4.1.6) - restriction: || (&& (== net461) (>= netstandard2.0)) (== netstandard2.0)
    Castle.Core (4.4)
      NETStandard.Library (>= 1.6.1) - restriction: || (&& (== net461) (< net35)) (== netstandard2.0)
      System.Collections.Specialized (>= 4.3) - restriction: || (&& (== net461) (< net35)) (== netstandard2.0)
      System.ComponentModel (>= 4.3) - restriction: || (&& (== net461) (< net35)) (== netstandard2.0)
      System.ComponentModel.TypeConverter (>= 4.3) - restriction: || (&& (== net461) (< net35)) (== netstandard2.0)
      System.Diagnostics.TraceSource (>= 4.3) - restriction: || (&& (== net461) (< net35)) (== netstandard2.0)
      System.Dynamic.Runtime (>= 4.3) - restriction: || (&& (== net461) (< net35)) (== netstandard2.0)
      System.Reflection (>= 4.3) - restriction: || (&& (== net461) (< net35)) (== netstandard2.0)
      System.Reflection.Emit (>= 4.3) - restriction: || (&& (== net461) (< net35)) (== netstandard2.0)
      System.Reflection.TypeExtensions (>= 4.3) - restriction: || (&& (== net461) (< net35)) (== netstandard2.0)
      System.Xml.XmlDocument (>= 4.3) - restriction: || (&& (== net461) (< net35)) (== netstandard2.0)
    DevExpress.Data (18.2.10) - restriction: || (== net461) (&& (== netstandard2.0) (>= net452))
    DevExpress.Xpo (18.2.10) - restriction: || (== net461) (&& (== netstandard2.0) (>= net452))
      DevExpress.Data (18.2.10)
    Enums.NET (3.0)
      System.ComponentModel.Annotations (>= 4.6) - restriction: || (&& (== net461) (< net45)) (&& (== net461) (>= netstandard2.1)) (== netstandard2.0)
      System.Runtime.CompilerServices.Unsafe (>= 4.6) - restriction: || (&& (== net461) (< net45)) (&& (== net461) (< netstandard1.1)) (&& (== net461) (>= netstandard2.1)) (== netstandard2.0)
    Fasterflect.Xpand (2.0.7)
      System.Reflection.Emit.Lightweight (>= 4.6) - restriction: || (&& (== net461) (>= netstandard2.0)) (== netstandard2.0)
    Grpc (2.25) - restriction: || (&& (== net461) (>= netstandard2.0)) (== netstandard2.0)
      Grpc.Core (>= 2.25)
    Grpc.Core (2.25) - restriction: || (&& (== net461) (>= netstandard2.0)) (== netstandard2.0)
      Grpc.Core.Api (>= 2.25)
      System.Memory (>= 4.5.3)
    Grpc.Core.Api (2.25) - restriction: || (&& (== net461) (>= netstandard2.0)) (== netstandard2.0)
      System.Memory (>= 4.5.3)
    Humanizer.Core (2.7.9)
      NETStandard.Library (>= 1.6.1) - restriction: == net461
    MagicOnion (2.6.3)
      Grpc (>= 2.23) - restriction: || (&& (== net461) (>= netstandard2.0)) (== netstandard2.0)
      MessagePack (>= 1.7.3.7) - restriction: || (&& (== net461) (>= netstandard2.0)) (== netstandard2.0)
      System.Buffers (>= 4.5) - restriction: || (&& (== net461) (>= netstandard2.0)) (== netstandard2.0)
      System.Collections.Immutable (>= 1.5) - restriction: || (&& (== net461) (>= netstandard2.0)) (== netstandard2.0)
      System.Runtime.CompilerServices.Unsafe (>= 4.5.2) - restriction: || (&& (== net461) (>= netstandard2.0)) (== netstandard2.0)
      System.Threading.Tasks.Extensions (>= 4.5.3) - restriction: || (&& (== net461) (>= netstandard2.0)) (== netstandard2.0)
      System.Threading.Tasks.Parallel (>= 4.3) - restriction: || (&& (== net461) (>= netstandard2.0)) (== netstandard2.0)
    MessagePack (1.7.3.7)
      System.Reflection.Emit (>= 4.3) - restriction: || (&& (== net461) (< net45) (>= netstandard1.6)) (&& (== net461) (< net45) (>= netstandard2.0)) (== netstandard2.0)
      System.Reflection.Emit.Lightweight (>= 4.3) - restriction: || (&& (== net461) (< net45) (>= netstandard1.6)) (&& (== net461) (< net45) (>= netstandard2.0)) (== netstandard2.0)
      System.Runtime.Serialization.Primitives (>= 4.3) - restriction: || (&& (== net461) (< net45) (>= netstandard1.6)) (&& (== net461) (< net45) (>= netstandard2.0)) (== netstandard2.0)
      System.Threading.Tasks.Extensions (>= 4.3)
      System.ValueTuple (>= 4.3)
    Microsoft.Bcl.AsyncInterfaces (1.0)
      System.Threading.Tasks.Extensions (>= 4.5.2)
    Microsoft.CSharp (4.6) - restriction: || (&& (== net461) (< net40)) (== netstandard2.0)
    Microsoft.NETCore.Platforms (3.0) - restriction: || (&& (== net461) (< net45)) (&& (== net461) (>= netcoreapp2.2)) (== netstandard2.0)
    Microsoft.NETCore.Targets (3.0) - restriction: || (&& (== net461) (< net45)) (&& (== net461) (>= netcoreapp2.2)) (== netstandard2.0)
    Mono.Cecil (0.11.1)
    Moq (4.13.1)
      Castle.Core (>= 4.4)
      System.Threading.Tasks.Extensions (>= 4.5.1)
    NETStandard.Library (2.0.3)
      Microsoft.NETCore.Platforms (>= 1.1)
    Newtonsoft.Json (12.0.3)
    NUnit (3.12)
      NETStandard.Library (>= 2.0) - restriction: || (&& (== net461) (< net35) (>= netstandard2.0)) (== netstandard2.0)
    NUnit3TestAdapter (3.15.1)
    runtime.native.System (4.3.1) - restriction: || (&& (== net461) (< net45)) (&& (== net461) (>= netcoreapp2.2)) (== netstandard2.0)
      Microsoft.NETCore.Platforms (>= 1.1.1)
      Microsoft.NETCore.Targets (>= 1.1.3)
    Ryder (0.8)
      System.Collections (>= 4.3) - restriction: || (&& (== net461) (< net45)) (&& (== net461) (>= netcoreapp2.2)) (== netstandard2.0)
      System.Reflection.Emit.Lightweight (>= 4.3) - restriction: || (&& (== net461) (< net45)) (&& (== net461) (>= netcoreapp2.2)) (== netstandard2.0)
      System.Reflection.Extensions (>= 4.3) - restriction: || (&& (== net461) (< net45)) (&& (== net461) (>= netcoreapp2.2)) (== netstandard2.0)
      System.Reflection.TypeExtensions (>= 4.3) - restriction: || (&& (== net461) (< net45)) (&& (== net461) (>= netcoreapp2.2)) (== netstandard2.0)
      System.Runtime.Extensions (>= 4.3) - restriction: || (&& (== net461) (< net45)) (&& (== net461) (>= netcoreapp2.2)) (== netstandard2.0)
      System.Runtime.InteropServices (>= 4.3) - restriction: || (&& (== net461) (< net45)) (&& (== net461) (>= netcoreapp2.2)) (== netstandard2.0)
      System.Runtime.InteropServices.RuntimeInformation (>= 4.3) - restriction: || (&& (== net461) (< net45)) (&& (== net461) (>= netcoreapp2.2)) (== netstandard2.0)
    Shouldly (3.0.2)
      Microsoft.CSharp (>= 4.3) - restriction: || (&& (== net461) (< net40)) (== netstandard2.0)
      System.Dynamic.Runtime (>= 4.3) - restriction: || (&& (== net461) (< net40)) (== netstandard2.0)
      System.Reflection.TypeExtensions (>= 4.3) - restriction: || (&& (== net461) (< net40)) (== netstandard2.0)
    System.Buffers (4.5) - restriction: || (&& (== net461) (>= netstandard2.0)) (== netstandard2.0)
    System.CodeDom (4.6)
    System.Collections (4.3) - restriction: || (&& (== net461) (< net45)) (&& (== net461) (>= netcoreapp2.2)) (== netstandard2.0)
      Microsoft.NETCore.Platforms (>= 1.1) - restriction: || (&& (== net461) (< net45)) (== netstandard2.0)
      Microsoft.NETCore.Targets (>= 1.1) - restriction: || (&& (== net461) (< net45)) (== netstandard2.0)
      System.Runtime (>= 4.3) - restriction: || (&& (== net461) (< net45)) (== netstandard2.0)
    System.Collections.Concurrent (4.3) - restriction: || (&& (== net461) (< net45) (>= netstandard2.0)) (== netstandard2.0)
      System.Collections (>= 4.3) - restriction: || (&& (== net461) (< net45)) (== netstandard2.0)
      System.Diagnostics.Debug (>= 4.3) - restriction: || (&& (== net461) (< net45)) (== netstandard2.0)
      System.Diagnostics.Tracing (>= 4.3) - restriction: || (&& (== net461) (< net45)) (== netstandard2.0)
      System.Globalization (>= 4.3) - restriction: || (&& (== net461) (< net45)) (== netstandard2.0)
      System.Reflection (>= 4.3) - restriction: || (&& (== net461) (< net45)) (== netstandard2.0)
      System.Resources.ResourceManager (>= 4.3) - restriction: || (&& (== net461) (< net45)) (== netstandard2.0)
      System.Runtime (>= 4.3) - restriction: || (&& (== net461) (< net45)) (== netstandard2.0)
      System.Runtime.Extensions (>= 4.3) - restriction: || (&& (== net461) (< net45)) (== netstandard2.0)
      System.Threading (>= 4.3) - restriction: || (&& (== net461) (< net45)) (== netstandard2.0)
      System.Threading.Tasks (>= 4.3) - restriction: || (&& (== net461) (< net45)) (== netstandard2.0)
    System.Collections.Immutable (1.6) - restriction: || (&& (== net461) (>= netstandard2.0)) (== netstandard2.0)
      System.Memory (>= 4.5.3)
    System.Collections.NonGeneric (4.3) - restriction: || (&& (== net461) (< net35)) (== netstandard2.0)
      System.Diagnostics.Debug (>= 4.3) - restriction: || (&& (== net461) (< net46)) (== netstandard2.0)
      System.Globalization (>= 4.3) - restriction: || (&& (== net461) (< net46)) (== netstandard2.0)
      System.Resources.ResourceManager (>= 4.3) - restriction: || (&& (== net461) (< net46)) (== netstandard2.0)
      System.Runtime (>= 4.3) - restriction: || (&& (== net461) (< net46)) (== netstandard2.0)
      System.Runtime.Extensions (>= 4.3) - restriction: || (&& (== net461) (< net46)) (== netstandard2.0)
      System.Threading (>= 4.3) - restriction: || (&& (== net461) (< net46)) (== netstandard2.0)
    System.Collections.Specialized (4.3) - restriction: || (&& (== net461) (< net35)) (== netstandard2.0)
      System.Collections.NonGeneric (>= 4.3) - restriction: || (&& (== net461) (< net46)) (== netstandard2.0)
      System.Globalization (>= 4.3) - restriction: || (&& (== net461) (< net46)) (== netstandard2.0)
      System.Globalization.Extensions (>= 4.3) - restriction: || (&& (== net461) (< net46)) (== netstandard2.0)
      System.Resources.ResourceManager (>= 4.3) - restriction: || (&& (== net461) (< net46)) (== netstandard2.0)
      System.Runtime (>= 4.3) - restriction: || (&& (== net461) (< net46)) (== netstandard2.0)
      System.Runtime.Extensions (>= 4.3) - restriction: || (&& (== net461) (< net46)) (== netstandard2.0)
      System.Threading (>= 4.3) - restriction: || (&& (== net461) (< net46)) (== netstandard2.0)
    System.ComponentModel (4.3) - restriction: || (&& (== net461) (< net35)) (== netstandard2.0)
      System.Runtime (>= 4.3) - restriction: || (&& (== net461) (< net45)) (== netstandard2.0)
    System.ComponentModel.Annotations (4.6) - restriction: || (&& (== net461) (< net45)) (&& (== net461) (>= netstandard2.1)) (== netstandard2.0)
    System.ComponentModel.Primitives (4.3) - restriction: || (&& (== net461) (< net35)) (&& (== net461) (< netstandard1.0) (>= win8)) (&& (== net461) (>= wp8)) (&& (== net461) (>= wpa81)) (== netstandard2.0)
      System.ComponentModel (>= 4.3) - restriction: || (&& (== net461) (< net45)) (== netstandard2.0)
      System.Resources.ResourceManager (>= 4.3) - restriction: || (&& (== net461) (< net45)) (== netstandard2.0)
      System.Runtime (>= 4.3) - restriction: || (&& (== net461) (< net45)) (== netstandard2.0)
    System.ComponentModel.TypeConverter (4.3) - restriction: || (&& (== net461) (< net35)) (== netstandard2.0)
      System.Collections (>= 4.3) - restriction: || (&& (== net461) (< net45)) (== netstandard2.0)
      System.Collections.NonGeneric (>= 4.3) - restriction: || (&& (== net461) (< net45) (>= netstandard1.5)) (&& (== net461) (>= net462)) (== netstandard2.0)
      System.Collections.Specialized (>= 4.3) - restriction: || (&& (== net461) (< net45) (>= netstandard1.5)) (== netstandard2.0)
      System.ComponentModel (>= 4.3) - restriction: || (&& (== net461) (< net45)) (== netstandard2.0)
      System.ComponentModel.Primitives (>= 4.3)
      System.Globalization (>= 4.3) - restriction: || (&& (== net461) (< net45)) (== netstandard2.0)
      System.Linq (>= 4.3) - restriction: || (&& (== net461) (< net45) (>= netstandard1.5)) (== netstandard2.0)
      System.Reflection (>= 4.3) - restriction: || (&& (== net461) (< net45)) (== netstandard2.0)
      System.Reflection.Extensions (>= 4.3) - restriction: || (&& (== net461) (< net45)) (== netstandard2.0)
      System.Reflection.Primitives (>= 4.3) - restriction: || (&& (== net461) (< net45)) (== netstandard2.0)
      System.Reflection.TypeExtensions (>= 4.3) - restriction: || (&& (== net461) (< net45) (>= netstandard1.5)) (== netstandard2.0)
      System.Resources.ResourceManager (>= 4.3) - restriction: || (&& (== net461) (< net45)) (== netstandard2.0)
      System.Runtime (>= 4.3) - restriction: || (&& (== net461) (< net45)) (== netstandard2.0)
      System.Runtime.Extensions (>= 4.3) - restriction: || (&& (== net461) (< net45)) (== netstandard2.0)
      System.Threading (>= 4.3) - restriction: || (&& (== net461) (< net45)) (== netstandard2.0)
    System.Data.Common (4.3)
      System.Collections (>= 4.3) - restriction: || (&& (== net461) (< net451)) (== netstandard2.0)
      System.Globalization (>= 4.3) - restriction: || (&& (== net461) (< net451)) (== netstandard2.0)
      System.IO (>= 4.3) - restriction: || (&& (== net461) (< net451)) (== netstandard2.0)
      System.Resources.ResourceManager (>= 4.3) - restriction: || (&& (== net461) (< net451)) (== netstandard2.0)
      System.Runtime (>= 4.3) - restriction: || (&& (== net461) (< net451)) (== netstandard2.0)
      System.Runtime.Extensions (>= 4.3) - restriction: || (&& (== net461) (< net451)) (== netstandard2.0)
      System.Text.RegularExpressions (>= 4.3) - restriction: || (&& (== net461) (< net451)) (== netstandard2.0)
      System.Threading.Tasks (>= 4.3) - restriction: || (&& (== net461) (< net451)) (== netstandard2.0)
    System.Diagnostics.Debug (4.3) - restriction: || (&& (== net461) (< net45) (>= netstandard2.0)) (== netstandard2.0)
      Microsoft.NETCore.Platforms (>= 1.1) - restriction: || (&& (== net461) (< net45)) (== netstandard2.0)
      Microsoft.NETCore.Targets (>= 1.1) - restriction: || (&& (== net461) (< net45)) (== netstandard2.0)
      System.Runtime (>= 4.3) - restriction: || (&& (== net461) (< net45)) (== netstandard2.0)
    System.Diagnostics.TraceSource (4.3) - restriction: || (&& (== net461) (< net35)) (== netstandard2.0)
      Microsoft.NETCore.Platforms (>= 1.1) - restriction: || (&& (== net461) (< net46)) (== netstandard2.0)
      runtime.native.System (>= 4.3) - restriction: || (&& (== net461) (< net46)) (== netstandard2.0)
      System.Collections (>= 4.3) - restriction: || (&& (== net461) (< net46)) (== netstandard2.0)
      System.Diagnostics.Debug (>= 4.3) - restriction: || (&& (== net461) (< net46)) (== netstandard2.0)
      System.Globalization (>= 4.3) - restriction: || (&& (== net461) (< net46)) (== netstandard2.0)
      System.Resources.ResourceManager (>= 4.3) - restriction: || (&& (== net461) (< net46)) (== netstandard2.0)
      System.Runtime (>= 4.3) - restriction: || (&& (== net461) (< net46)) (== netstandard2.0)
      System.Runtime.Extensions (>= 4.3) - restriction: || (&& (== net461) (< net46)) (== netstandard2.0)
      System.Threading (>= 4.3) - restriction: || (&& (== net461) (< net46)) (== netstandard2.0)
    System.Diagnostics.Tracing (4.3) - restriction: || (&& (== net461) (< net45) (>= netstandard2.0)) (== netstandard2.0)
      Microsoft.NETCore.Platforms (>= 1.1) - restriction: || (&& (== net461) (< net45)) (== netstandard2.0)
      Microsoft.NETCore.Targets (>= 1.1) - restriction: || (&& (== net461) (< net45)) (== netstandard2.0)
      System.Runtime (>= 4.3) - restriction: || (&& (== net461) (< net45)) (== netstandard2.0)
    System.Drawing.Common (4.6)
    System.Dynamic.Runtime (4.3) - restriction: || (&& (== net461) (< net40)) (== netstandard2.0)
      System.Collections (>= 4.3) - restriction: || (&& (== net461) (< net45)) (== netstandard2.0)
      System.Diagnostics.Debug (>= 4.3) - restriction: || (&& (== net461) (< net45)) (== netstandard2.0)
      System.Linq (>= 4.3) - restriction: || (&& (== net461) (< net45)) (== netstandard2.0)
      System.Linq.Expressions (>= 4.3) - restriction: || (&& (== net461) (< net45)) (== netstandard2.0)
      System.ObjectModel (>= 4.3) - restriction: || (&& (== net461) (< net45)) (== netstandard2.0)
      System.Reflection (>= 4.3) - restriction: || (&& (== net461) (< net45)) (== netstandard2.0)
      System.Reflection.Emit (>= 4.3) - restriction: || (&& (== net461) (< net45)) (== netstandard2.0)
      System.Reflection.Emit.ILGeneration (>= 4.3) - restriction: || (&& (== net461) (< net45)) (== netstandard2.0)
      System.Reflection.Primitives (>= 4.3) - restriction: || (&& (== net461) (< net45)) (== netstandard2.0)
      System.Reflection.TypeExtensions (>= 4.3) - restriction: || (&& (== net461) (< net45)) (== netstandard2.0)
      System.Resources.ResourceManager (>= 4.3) - restriction: || (&& (== net461) (< net45)) (== netstandard2.0)
      System.Runtime (>= 4.3) - restriction: || (&& (== net461) (< net45)) (== netstandard2.0)
      System.Runtime.Extensions (>= 4.3) - restriction: || (&& (== net461) (< net45)) (== netstandard2.0)
      System.Threading (>= 4.3) - restriction: || (&& (== net461) (< net45)) (== netstandard2.0)
    System.Globalization (4.3) - restriction: || (&& (== net461) (< net451)) (== netstandard2.0)
      Microsoft.NETCore.Platforms (>= 1.1) - restriction: || (&& (== net461) (< net45)) (== netstandard2.0)
      Microsoft.NETCore.Targets (>= 1.1) - restriction: || (&& (== net461) (< net45)) (== netstandard2.0)
      System.Runtime (>= 4.3) - restriction: || (&& (== net461) (< net45)) (== netstandard2.0)
    System.Globalization.Extensions (4.3) - restriction: || (&& (== net461) (< net35)) (== netstandard2.0)
      Microsoft.NETCore.Platforms (>= 1.1) - restriction: || (&& (== net461) (< net46)) (== netstandard2.0)
      System.Globalization (>= 4.3) - restriction: || (&& (== net461) (< net46)) (== netstandard2.0)
      System.Resources.ResourceManager (>= 4.3) - restriction: || (&& (== net461) (< net46)) (== netstandard2.0)
      System.Runtime (>= 4.3) - restriction: || (&& (== net461) (< net46)) (== netstandard2.0)
      System.Runtime.Extensions (>= 4.3) - restriction: || (&& (== net461) (< net46)) (== netstandard2.0)
      System.Runtime.InteropServices (>= 4.3) - restriction: || (&& (== net461) (< net46)) (== netstandard2.0)
    System.Interactive (4.0)
    System.Interactive.Async (4.0)
      System.Linq.Async (>= 4.0)
    System.IO (4.3) - restriction: || (&& (== net461) (< net451)) (== netstandard2.0)
      Microsoft.NETCore.Platforms (>= 1.1) - restriction: || (&& (== net461) (< net45)) (== netstandard2.0)
      Microsoft.NETCore.Targets (>= 1.1) - restriction: || (&& (== net461) (< net45)) (== netstandard2.0)
      System.Runtime (>= 4.3) - restriction: || (&& (== net461) (< net45)) (== netstandard2.0)
      System.Text.Encoding (>= 4.3) - restriction: || (&& (== net461) (< net45)) (== netstandard2.0)
      System.Threading.Tasks (>= 4.3) - restriction: || (&& (== net461) (< net45)) (== netstandard2.0)
    System.IO.FileSystem (4.3) - restriction: || (&& (== net461) (< net35)) (== netstandard2.0)
      Microsoft.NETCore.Platforms (>= 1.1) - restriction: || (&& (== net461) (< net46)) (== netstandard2.0)
      Microsoft.NETCore.Targets (>= 1.1) - restriction: || (&& (== net461) (< net46)) (== netstandard2.0)
      System.IO (>= 4.3) - restriction: || (&& (== net461) (< net46)) (== netstandard2.0)
      System.IO.FileSystem.Primitives (>= 4.3)
      System.Runtime (>= 4.3) - restriction: || (&& (== net461) (< net46)) (== netstandard2.0)
      System.Runtime.Handles (>= 4.3) - restriction: || (&& (== net461) (< net46)) (== netstandard2.0)
      System.Text.Encoding (>= 4.3) - restriction: || (&& (== net461) (< net46)) (== netstandard2.0)
      System.Threading.Tasks (>= 4.3) - restriction: || (&& (== net461) (< net46)) (== netstandard2.0)
    System.IO.FileSystem.Primitives (4.3) - restriction: || (&& (== net461) (< net35)) (== netstandard2.0)
      System.Runtime (>= 4.3) - restriction: || (&& (== net461) (< net46)) (== netstandard2.0)
    System.Linq (4.3) - restriction: || (&& (== net461) (< net40)) (== netstandard2.0)
      System.Collections (>= 4.3) - restriction: || (&& (== net461) (< net45)) (== netstandard2.0)
      System.Diagnostics.Debug (>= 4.3) - restriction: || (&& (== net461) (< net45) (>= netstandard1.6)) (== netstandard2.0)
      System.Resources.ResourceManager (>= 4.3) - restriction: || (&& (== net461) (< net45) (>= netstandard1.6)) (== netstandard2.0)
      System.Runtime (>= 4.3) - restriction: || (&& (== net461) (< net45)) (== netstandard2.0)
      System.Runtime.Extensions (>= 4.3) - restriction: || (&& (== net461) (< net45) (>= netstandard1.6)) (== netstandard2.0)
    System.Linq.Async (4.0)
      Microsoft.Bcl.AsyncInterfaces (>= 1.0)
    System.Linq.Expressions (4.3) - restriction: || (&& (== net461) (< net40)) (== netstandard2.0)
      System.Collections (>= 4.3) - restriction: || (&& (== net461) (< net45) (>= netstandard1.6)) (== netstandard2.0)
      System.Diagnostics.Debug (>= 4.3) - restriction: || (&& (== net461) (< net45) (>= netstandard1.6)) (== netstandard2.0)
      System.Globalization (>= 4.3) - restriction: || (&& (== net461) (< net45) (>= netstandard1.6)) (== netstandard2.0)
      System.IO (>= 4.3) - restriction: || (&& (== net461) (< net45) (>= netstandard1.6)) (== netstandard2.0)
      System.Linq (>= 4.3) - restriction: || (&& (== net461) (< net45) (>= netstandard1.6)) (== netstandard2.0)
      System.ObjectModel (>= 4.3) - restriction: || (&& (== net461) (< net45) (>= netstandard1.6)) (== netstandard2.0)
      System.Reflection (>= 4.3) - restriction: || (&& (== net461) (< net45)) (== netstandard2.0)
      System.Reflection.Emit (>= 4.3) - restriction: || (&& (== net461) (< net45) (>= netstandard1.6)) (== netstandard2.0)
      System.Reflection.Emit.ILGeneration (>= 4.3) - restriction: || (&& (== net461) (< net45) (>= netstandard1.6)) (== netstandard2.0)
      System.Reflection.Emit.Lightweight (>= 4.3) - restriction: || (&& (== net461) (< net45) (>= netstandard1.6)) (== netstandard2.0)
      System.Reflection.Extensions (>= 4.3) - restriction: || (&& (== net461) (< net45) (>= netstandard1.6)) (== netstandard2.0)
      System.Reflection.Primitives (>= 4.3) - restriction: || (&& (== net461) (< net45) (>= netstandard1.6)) (== netstandard2.0)
      System.Reflection.TypeExtensions (>= 4.3) - restriction: || (&& (== net461) (< net45) (>= netstandard1.6)) (== netstandard2.0)
      System.Resources.ResourceManager (>= 4.3) - restriction: || (&& (== net461) (< net45) (>= netstandard1.6)) (== netstandard2.0)
      System.Runtime (>= 4.3) - restriction: || (&& (== net461) (< net45)) (== netstandard2.0)
      System.Runtime.Extensions (>= 4.3) - restriction: || (&& (== net461) (< net45) (>= netstandard1.6)) (== netstandard2.0)
      System.Threading (>= 4.3) - restriction: || (&& (== net461) (< net45) (>= netstandard1.6)) (== netstandard2.0)
    System.Memory (4.5.3) - restriction: || (&& (== net461) (>= netstandard2.0)) (== netstandard2.0)
      System.Buffers (>= 4.4)
      System.Numerics.Vectors (>= 4.4)
      System.Runtime.CompilerServices.Unsafe (>= 4.5.2)
    System.Numerics.Vectors (4.5) - restriction: || (&& (== net461) (>= netstandard2.0)) (== netstandard2.0)
    System.ObjectModel (4.3) - restriction: || (&& (== net461) (< net40)) (== netstandard2.0)
      System.Collections (>= 4.3) - restriction: || (&& (== net461) (< net45)) (== netstandard2.0)
      System.Diagnostics.Debug (>= 4.3) - restriction: || (&& (== net461) (< net45)) (== netstandard2.0)
      System.Resources.ResourceManager (>= 4.3) - restriction: || (&& (== net461) (< net45)) (== netstandard2.0)
      System.Runtime (>= 4.3) - restriction: || (&& (== net461) (< net45)) (== netstandard2.0)
      System.Threading (>= 4.3) - restriction: || (&& (== net461) (< net45)) (== netstandard2.0)
    System.Reactive (4.2)
      System.Runtime.InteropServices.WindowsRuntime (>= 4.3) - restriction: || (&& (== net461) (< net46) (>= netstandard2.0)) (== netstandard2.0)
      System.Threading.Tasks.Extensions (>= 4.5.3)
      System.ValueTuple (>= 4.5) - restriction: || (== net461) (&& (== netstandard2.0) (>= net46)) (&& (== netstandard2.0) (>= uap10.0))
    System.Reflection (4.3) - restriction: || (&& (== net461) (< net35)) (== netstandard2.0)
      Microsoft.NETCore.Platforms (>= 1.1) - restriction: || (&& (== net461) (< net45)) (== netstandard2.0)
      Microsoft.NETCore.Targets (>= 1.1) - restriction: || (&& (== net461) (< net45)) (== netstandard2.0)
      System.IO (>= 4.3) - restriction: || (&& (== net461) (< net45)) (== netstandard2.0)
      System.Reflection.Primitives (>= 4.3) - restriction: || (&& (== net461) (< net45)) (== netstandard2.0)
      System.Runtime (>= 4.3) - restriction: || (&& (== net461) (< net45)) (== netstandard2.0)
    System.Reflection.Emit (4.6) - restriction: || (&& (== net461) (< net45) (>= netstandard1.6)) (&& (== net461) (< net45) (>= netstandard2.0)) (== netstandard2.0)
      System.Reflection.Emit.ILGeneration (>= 4.6) - restriction: || (&& (== net461) (< net45)) (&& (== net461) (< netstandard1.1)) (&& (== net461) (>= uap10.1)) (&& (== net461) (>= wpa81)) (== netstandard2.0)
    System.Reflection.Emit.ILGeneration (4.6) - restriction: || (&& (== net461) (< net45) (>= netstandard2.0)) (&& (== net461) (>= netstandard2.0) (< portable-net45+wp8)) (&& (== net461) (>= netstandard2.0) (>= uap10.1)) (&& (== net461) (>= netstandard2.0) (>= wpa81)) (== netstandard2.0)
    System.Reflection.Emit.Lightweight (4.6) - restriction: || (&& (== net461) (>= netstandard2.0)) (== netstandard2.0)
      System.Reflection.Emit.ILGeneration (>= 4.6) - restriction: || (&& (== net461) (< net45)) (&& (== net461) (< portable-net45+wp8)) (&& (== net461) (>= uap10.1)) (&& (== net461) (>= wpa81)) (== netstandard2.0)
    System.Reflection.Extensions (4.3) - restriction: || (&& (== net461) (< net45)) (&& (== net461) (>= netcoreapp2.2)) (== netstandard2.0)
      Microsoft.NETCore.Platforms (>= 1.1) - restriction: || (&& (== net461) (< net45)) (== netstandard2.0)
      Microsoft.NETCore.Targets (>= 1.1) - restriction: || (&& (== net461) (< net45)) (== netstandard2.0)
      System.Reflection (>= 4.3) - restriction: || (&& (== net461) (< net45)) (== netstandard2.0)
      System.Runtime (>= 4.3) - restriction: || (&& (== net461) (< net45)) (== netstandard2.0)
    System.Reflection.Primitives (4.3) - restriction: || (&& (== net461) (< net45)) (&& (== net461) (>= netcoreapp1.1)) (&& (== net461) (>= netcoreapp2.2)) (== netstandard2.0)
      Microsoft.NETCore.Platforms (>= 1.1) - restriction: || (&& (== net461) (< net45)) (== netstandard2.0)
      Microsoft.NETCore.Targets (>= 1.1) - restriction: || (&& (== net461) (< net45)) (== netstandard2.0)
      System.Runtime (>= 4.3) - restriction: || (&& (== net461) (< net45)) (== netstandard2.0)
    System.Reflection.TypeExtensions (4.6) - restriction: || (&& (== net461) (< net45)) (&& (== net461) (>= netcoreapp2.2)) (== netstandard2.0)
    System.Resources.ResourceManager (4.3) - restriction: || (&& (== net461) (< net451)) (== netstandard2.0)
      Microsoft.NETCore.Platforms (>= 1.1) - restriction: || (&& (== net461) (< net45)) (== netstandard2.0)
      Microsoft.NETCore.Targets (>= 1.1) - restriction: || (&& (== net461) (< net45)) (== netstandard2.0)
      System.Globalization (>= 4.3) - restriction: || (&& (== net461) (< net45)) (== netstandard2.0)
      System.Reflection (>= 4.3) - restriction: || (&& (== net461) (< net45)) (== netstandard2.0)
      System.Runtime (>= 4.3) - restriction: || (&& (== net461) (< net45)) (== netstandard2.0)
    System.Runtime (4.3.1) - restriction: || (&& (== net461) (< net45)) (&& (== net461) (>= netcoreapp2.2)) (== netstandard2.0)
      Microsoft.NETCore.Platforms (>= 1.1.1) - restriction: || (&& (== net461) (< net45)) (== netstandard2.0)
      Microsoft.NETCore.Targets (>= 1.1.3) - restriction: || (&& (== net461) (< net45)) (== netstandard2.0)
    System.Runtime.CompilerServices.Unsafe (4.6) - restriction: || (&& (== net461) (< net45)) (&& (== net461) (< netstandard1.1)) (&& (== net461) (>= netstandard2.1)) (== netstandard2.0)
    System.Runtime.Extensions (4.3.1) - restriction: || (&& (== net461) (< net45)) (&& (== net461) (>= netcoreapp2.2)) (== netstandard2.0)
      Microsoft.NETCore.Platforms (>= 1.1.1) - restriction: || (&& (== net461) (< net45)) (== netstandard2.0)
      Microsoft.NETCore.Targets (>= 1.1.3) - restriction: || (&& (== net461) (< net45)) (== netstandard2.0)
      System.Runtime (>= 4.3.1) - restriction: || (&& (== net461) (< net45)) (== netstandard2.0)
    System.Runtime.Handles (4.3) - restriction: || (&& (== net461) (< net45)) (&& (== net461) (>= netcoreapp1.1)) (&& (== net461) (>= netcoreapp2.2)) (== netstandard2.0)
      Microsoft.NETCore.Platforms (>= 1.1) - restriction: || (&& (== net461) (< net46)) (== netstandard2.0)
      Microsoft.NETCore.Targets (>= 1.1) - restriction: || (&& (== net461) (< net46)) (== netstandard2.0)
      System.Runtime (>= 4.3) - restriction: || (&& (== net461) (< net46)) (== netstandard2.0)
    System.Runtime.InteropServices (4.3) - restriction: || (&& (== net461) (< net45)) (&& (== net461) (>= netcoreapp2.2)) (== netstandard2.0)
      Microsoft.NETCore.Platforms (>= 1.1) - restriction: || (&& (== net461) (< net45)) (&& (== net461) (>= netcoreapp1.1)) (== netstandard2.0)
      Microsoft.NETCore.Targets (>= 1.1) - restriction: || (&& (== net461) (< net45)) (&& (== net461) (>= netcoreapp1.1)) (== netstandard2.0)
      System.Reflection (>= 4.3) - restriction: || (&& (== net461) (< net45)) (&& (== net461) (>= netcoreapp1.1)) (== netstandard2.0)
      System.Reflection.Primitives (>= 4.3) - restriction: || (&& (== net461) (< net45)) (&& (== net461) (>= netcoreapp1.1)) (== netstandard2.0)
      System.Runtime (>= 4.3) - restriction: || (&& (== net461) (< net45)) (&& (== net461) (>= net462)) (&& (== net461) (>= netcoreapp1.1)) (== netstandard2.0)
      System.Runtime.Handles (>= 4.3) - restriction: || (&& (== net461) (< net45)) (&& (== net461) (>= netcoreapp1.1)) (== netstandard2.0)
    System.Runtime.InteropServices.RuntimeInformation (4.3) - restriction: || (&& (== net461) (< net45)) (&& (== net461) (>= netcoreapp2.2)) (== netstandard2.0)
      runtime.native.System (>= 4.3) - restriction: || (&& (== net461) (< net45)) (== netstandard2.0)
      System.Reflection (>= 4.3) - restriction: || (&& (== net461) (< net45)) (== netstandard2.0)
      System.Reflection.Extensions (>= 4.3) - restriction: || (&& (== net461) (< net45)) (== netstandard2.0)
      System.Resources.ResourceManager (>= 4.3) - restriction: || (&& (== net461) (< net45)) (== netstandard2.0)
      System.Runtime (>= 4.3) - restriction: || (&& (== net461) (< net45)) (== netstandard2.0)
      System.Runtime.InteropServices (>= 4.3) - restriction: || (&& (== net461) (< net45)) (== netstandard2.0)
      System.Threading (>= 4.3) - restriction: || (&& (== net461) (< net45)) (== netstandard2.0)
    System.Runtime.InteropServices.WindowsRuntime (4.3) - restriction: || (&& (== net461) (< net46) (>= netstandard2.0)) (== netstandard2.0)
      System.Runtime (>= 4.3) - restriction: || (&& (== net461) (< net45)) (== netstandard2.0)
    System.Runtime.Serialization.Primitives (4.3) - restriction: || (&& (== net461) (< net45) (>= netstandard1.6)) (&& (== net461) (< net45) (>= netstandard2.0)) (== netstandard2.0)
      System.Resources.ResourceManager (>= 4.3) - restriction: || (&& (== net461) (< net45)) (== netstandard2.0)
      System.Runtime (>= 4.3) - restriction: || (&& (== net461) (< net45)) (== netstandard2.0)
    System.Text.Encoding (4.3) - restriction: || (&& (== net461) (< net45)) (== netstandard2.0)
      Microsoft.NETCore.Platforms (>= 1.1) - restriction: || (&& (== net461) (< net45)) (== netstandard2.0)
      Microsoft.NETCore.Targets (>= 1.1) - restriction: || (&& (== net461) (< net45)) (== netstandard2.0)
      System.Runtime (>= 4.3) - restriction: || (&& (== net461) (< net45)) (== netstandard2.0)
    System.Text.Encoding.Extensions (4.3) - restriction: || (&& (== net461) (< net35)) (== netstandard2.0)
      Microsoft.NETCore.Platforms (>= 1.1) - restriction: || (&& (== net461) (< net45)) (== netstandard2.0)
      Microsoft.NETCore.Targets (>= 1.1) - restriction: || (&& (== net461) (< net45)) (== netstandard2.0)
      System.Runtime (>= 4.3) - restriction: || (&& (== net461) (< net45)) (== netstandard2.0)
      System.Text.Encoding (>= 4.3) - restriction: || (&& (== net461) (< net45)) (== netstandard2.0)
    System.Text.RegularExpressions (4.3.1) - restriction: || (&& (== net461) (< net451)) (== netstandard2.0)
      System.Collections (>= 4.3) - restriction: || (&& (== net461) (< net45) (>= netstandard1.6)) (== netstandard2.0)
      System.Globalization (>= 4.3) - restriction: || (&& (== net461) (< net45) (>= netstandard1.6)) (== netstandard2.0)
      System.Resources.ResourceManager (>= 4.3) - restriction: || (&& (== net461) (< net45) (>= netstandard1.6)) (== netstandard2.0)
      System.Runtime (>= 4.3.1) - restriction: || (&& (== net461) (< net45)) (&& (== net461) (>= netcoreapp1.1)) (== netstandard2.0)
      System.Runtime.Extensions (>= 4.3.1) - restriction: || (&& (== net461) (< net45) (>= netstandard1.6)) (== netstandard2.0)
      System.Threading (>= 4.3) - restriction: || (&& (== net461) (< net45) (>= netstandard1.6)) (== netstandard2.0)
    System.Threading (4.3) - restriction: || (&& (== net461) (< net45) (>= netstandard2.0)) (== netstandard2.0)
      System.Runtime (>= 4.3) - restriction: || (&& (== net461) (< net45)) (== netstandard2.0)
      System.Threading.Tasks (>= 4.3) - restriction: || (&& (== net461) (< net45)) (== netstandard2.0)
    System.Threading.Tasks (4.3) - restriction: || (&& (== net461) (< net451)) (== netstandard2.0)
      Microsoft.NETCore.Platforms (>= 1.1) - restriction: || (&& (== net461) (< net45)) (== netstandard2.0)
      Microsoft.NETCore.Targets (>= 1.1) - restriction: || (&& (== net461) (< net45)) (== netstandard2.0)
      System.Runtime (>= 4.3) - restriction: || (&& (== net461) (< net45)) (== netstandard2.0)
    System.Threading.Tasks.Extensions (4.5.3)
      System.Runtime.CompilerServices.Unsafe (>= 4.5.2)
    System.Threading.Tasks.Parallel (4.3) - restriction: || (&& (== net461) (>= netstandard2.0)) (== netstandard2.0)
      System.Collections.Concurrent (>= 4.3) - restriction: || (&& (== net461) (< net45)) (== netstandard2.0)
      System.Diagnostics.Debug (>= 4.3) - restriction: || (&& (== net461) (< net45)) (== netstandard2.0)
      System.Diagnostics.Tracing (>= 4.3) - restriction: || (&& (== net461) (< net45)) (== netstandard2.0)
      System.Resources.ResourceManager (>= 4.3) - restriction: || (&& (== net461) (< net45)) (== netstandard2.0)
      System.Runtime (>= 4.3) - restriction: || (&& (== net461) (< net45)) (== netstandard2.0)
      System.Runtime.Extensions (>= 4.3) - restriction: || (&& (== net461) (< net45)) (== netstandard2.0)
      System.Threading (>= 4.3) - restriction: || (&& (== net461) (< net45)) (== netstandard2.0)
      System.Threading.Tasks (>= 4.3) - restriction: || (&& (== net461) (< net45)) (== netstandard2.0)
    System.ValueTuple (4.5)
    System.Xml.ReaderWriter (4.3.1) - restriction: || (&& (== net461) (< net35)) (== netstandard2.0)
      System.Collections (>= 4.3) - restriction: || (&& (== net461) (< net45)) (== netstandard2.0)
      System.Diagnostics.Debug (>= 4.3) - restriction: || (&& (== net461) (< net45)) (== netstandard2.0)
      System.Globalization (>= 4.3) - restriction: || (&& (== net461) (< net45)) (== netstandard2.0)
      System.IO (>= 4.3) - restriction: || (&& (== net461) (< net45)) (== netstandard2.0)
      System.IO.FileSystem (>= 4.3) - restriction: || (&& (== net461) (< net45)) (== netstandard2.0)
      System.IO.FileSystem.Primitives (>= 4.3) - restriction: || (&& (== net461) (< net45)) (== netstandard2.0)
      System.Resources.ResourceManager (>= 4.3) - restriction: || (&& (== net461) (< net45)) (== netstandard2.0)
      System.Runtime (>= 4.3) - restriction: || (&& (== net461) (< net45)) (== netstandard2.0)
      System.Runtime.Extensions (>= 4.3) - restriction: || (&& (== net461) (< net45)) (== netstandard2.0)
      System.Runtime.InteropServices (>= 4.3) - restriction: || (&& (== net461) (< net45)) (== netstandard2.0)
      System.Text.Encoding (>= 4.3) - restriction: || (&& (== net461) (< net45)) (== netstandard2.0)
      System.Text.Encoding.Extensions (>= 4.3) - restriction: || (&& (== net461) (< net45)) (== netstandard2.0)
      System.Text.RegularExpressions (>= 4.3) - restriction: || (&& (== net461) (< net45)) (== netstandard2.0)
      System.Threading.Tasks (>= 4.3) - restriction: || (&& (== net461) (< net45)) (== netstandard2.0)
      System.Threading.Tasks.Extensions (>= 4.3) - restriction: || (&& (== net461) (< net45)) (== netstandard2.0)
    System.Xml.XmlDocument (4.3) - restriction: || (&& (== net461) (< net35)) (== netstandard2.0)
      System.Collections (>= 4.3) - restriction: || (&& (== net461) (< net46)) (== netstandard2.0)
      System.Diagnostics.Debug (>= 4.3) - restriction: || (&& (== net461) (< net46)) (== netstandard2.0)
      System.Globalization (>= 4.3) - restriction: || (&& (== net461) (< net46)) (== netstandard2.0)
      System.IO (>= 4.3) - restriction: || (&& (== net461) (< net46)) (== netstandard2.0)
      System.Resources.ResourceManager (>= 4.3) - restriction: || (&& (== net461) (< net46)) (== netstandard2.0)
      System.Runtime (>= 4.3) - restriction: || (&& (== net461) (< net46)) (== netstandard2.0)
      System.Runtime.Extensions (>= 4.3) - restriction: || (&& (== net461) (< net46)) (== netstandard2.0)
      System.Text.Encoding (>= 4.3) - restriction: || (&& (== net461) (< net46)) (== netstandard2.0)
      System.Threading (>= 4.3) - restriction: || (&& (== net461) (< net46)) (== netstandard2.0)
      System.Xml.ReaderWriter (>= 4.3) - restriction: || (&& (== net461) (< net46)) (== netstandard2.0)
    Unofficial.Microsoft.mshtml (7.0.3300)
    Xpand.Collections (1.0.1)
    Xpand.Patcher (1.0.1)
  remote: "C:\Program Files (x86)\DevExpress 18.2\Components\System\Components\Packages"
    DevExpress.Charts (18.2.10) - restriction: || (== net461) (&& (== netstandard2.0) (>= net452))
      DevExpress.Charts.Core (18.2.10)
      DevExpress.Data (18.2.10)
      DevExpress.Printing.Core (18.2.10)
    DevExpress.Charts.Core (18.2.10) - restriction: || (== net461) (&& (== netstandard2.0) (>= net452))
      DevExpress.Data (18.2.10)
    DevExpress.CodeParser (18.2.10) - restriction: || (== net461) (&& (== netstandard2.0) (>= net452))
      DevExpress.Data (18.2.10)
    DevExpress.Dashboard.Core (18.2.10) - restriction: || (== net461) (&& (== netstandard2.0) (>= net452))
      DevExpress.Charts (18.2.10)
      DevExpress.Charts.Core (18.2.10)
      DevExpress.Data (18.2.10)
      DevExpress.DataAccess (18.2.10)
      DevExpress.Gauges.Core (18.2.10)
      DevExpress.Map.Core (18.2.10)
      DevExpress.Office.Core (18.2.10)
      DevExpress.PivotGrid.Core (18.2.10)
      DevExpress.Printing.Core (18.2.10)
      DevExpress.Reporting.Core (18.2.10)
      DevExpress.RichEdit.Core (18.2.10)
      DevExpress.Sparkline.Core (18.2.10)
      DevExpress.TreeMap.Core (18.2.10)
      DevExpress.Utils (18.2.10) - restriction: || (== net461) (&& (== netstandard2.0) (>= net452))
      DevExpress.Win.Gauges (18.2.10) - restriction: || (== net461) (&& (== netstandard2.0) (>= net452))
      DevExpress.Win.Map (18.2.10) - restriction: || (== net461) (&& (== netstandard2.0) (>= net452))
      DevExpress.Win.TreeMap (18.2.10) - restriction: || (== net461) (&& (== netstandard2.0) (>= net452))
      DevExpress.Xpo (18.2.10)
    DevExpress.DataAccess (18.2.10) - restriction: || (== net461) (&& (== netstandard2.0) (>= net452))
      DevExpress.CodeParser (18.2.10)
      DevExpress.Data (18.2.10)
      DevExpress.Office.Core (18.2.10) - restriction: || (== net461) (&& (== netstandard2.0) (>= net452))
      DevExpress.Printing.Core (18.2.10)
      DevExpress.RichEdit.Core (18.2.10) - restriction: || (== net461) (&& (== netstandard2.0) (>= net452))
      DevExpress.Xpo (18.2.10)
    DevExpress.DataAccess.UI (18.2.10) - restriction: || (== net461) (&& (== netstandard2.0) (>= net452))
      DevExpress.CodeParser (18.2.10) - restriction: || (== net461) (&& (== netstandard2.0) (>= net452))
      DevExpress.Data (18.2.10) - restriction: || (== net461) (&& (== netstandard2.0) (>= net452))
      DevExpress.DataAccess (18.2.10) - restriction: || (== net461) (&& (== netstandard2.0) (>= net452))
      DevExpress.Diagram.Core (18.2.10) - restriction: || (== net461) (&& (== netstandard2.0) (>= net452))
      DevExpress.Printing.Core (18.2.10) - restriction: || (== net461) (&& (== netstandard2.0) (>= net452))
      DevExpress.RichEdit.Core (18.2.10) - restriction: || (== net461) (&& (== netstandard2.0) (>= net452))
      DevExpress.Utils (18.2.10) - restriction: || (== net461) (&& (== netstandard2.0) (>= net452))
      DevExpress.Utils.UI (18.2.10) - restriction: || (== net461) (&& (== netstandard2.0) (>= net452))
      DevExpress.Win (18.2.10) - restriction: || (== net461) (&& (== netstandard2.0) (>= net452))
      DevExpress.Win.Diagram (18.2.10) - restriction: || (== net461) (&& (== netstandard2.0) (>= net452))
      DevExpress.Win.RichEdit (18.2.10) - restriction: || (== net461) (&& (== netstandard2.0) (>= net452))
      DevExpress.Xpo (18.2.10) - restriction: || (== net461) (&& (== netstandard2.0) (>= net452))
    DevExpress.Diagram.Core (18.2.10) - restriction: || (== net461) (&& (== netstandard2.0) (>= net452))
      DevExpress.Data (18.2.10) - restriction: || (== net461) (&& (== netstandard2.0) (>= net452))
    DevExpress.ExpressApp (18.2.10) - restriction: || (== net461) (&& (== netstandard2.0) (>= net452))
      DevExpress.Data (18.2.10) - restriction: || (== net461) (&& (== netstandard2.0) (>= net452))
      DevExpress.Images (18.2.10) - restriction: || (== net461) (&& (== netstandard2.0) (>= net452))
      DevExpress.Printing.Core (18.2.10) - restriction: || (== net461) (&& (== netstandard2.0) (>= net452))
      DevExpress.Utils (18.2.10) - restriction: || (== net461) (&& (== netstandard2.0) (>= net452))
    DevExpress.ExpressApp.AuditTrail (18.2.10) - restriction: || (== net461) (&& (== netstandard2.0) (>= net452))
      DevExpress.Data (18.2.10) - restriction: || (== net461) (&& (== netstandard2.0) (>= net452))
      DevExpress.ExpressApp (18.2.10) - restriction: || (== net461) (&& (== netstandard2.0) (>= net452))
      DevExpress.ExpressApp.Xpo (18.2.10) - restriction: || (== net461) (&& (== netstandard2.0) (>= net452))
      DevExpress.Persistent.BaseImpl (18.2.10) - restriction: || (== net461) (&& (== netstandard2.0) (>= net452))
      DevExpress.Xpo (18.2.10) - restriction: || (== net461) (&& (== netstandard2.0) (>= net452))
    DevExpress.ExpressApp.Chart (18.2.10) - restriction: || (== net461) (&& (== netstandard2.0) (>= net452))
      DevExpress.Charts (18.2.10) - restriction: || (== net461) (&& (== netstandard2.0) (>= net452))
      DevExpress.Data (18.2.10) - restriction: || (== net461) (&& (== netstandard2.0) (>= net452))
      DevExpress.ExpressApp (18.2.10) - restriction: || (== net461) (&& (== netstandard2.0) (>= net452))
      DevExpress.Persistent.Base (18.2.10) - restriction: || (== net461) (&& (== netstandard2.0) (>= net452))
    DevExpress.ExpressApp.Chart.Web (18.2.10) - restriction: || (== net461) (&& (== netstandard2.0) (>= net452))
      DevExpress.Charts (18.2.10) - restriction: || (== net461) (&& (== netstandard2.0) (>= net452))
      DevExpress.Data (18.2.10) - restriction: || (== net461) (&& (== netstandard2.0) (>= net452))
      DevExpress.ExpressApp (18.2.10) - restriction: || (== net461) (&& (== netstandard2.0) (>= net452))
      DevExpress.ExpressApp.Chart (18.2.10) - restriction: || (== net461) (&& (== netstandard2.0) (>= net452))
      DevExpress.ExpressApp.Web (18.2.10) - restriction: || (== net461) (&& (== netstandard2.0) (>= net452))
      DevExpress.Persistent.Base (18.2.10) - restriction: || (== net461) (&& (== netstandard2.0) (>= net452))
      DevExpress.Web (18.2.10) - restriction: || (== net461) (&& (== netstandard2.0) (>= net452))
      DevExpress.Web.Visualization (18.2.10) - restriction: || (== net461) (&& (== netstandard2.0) (>= net452))
    DevExpress.ExpressApp.Chart.Win (18.2.10) - restriction: || (== net461) (&& (== netstandard2.0) (>= net452))
      DevExpress.Charts (18.2.10) - restriction: || (== net461) (&& (== netstandard2.0) (>= net452))
      DevExpress.Data (18.2.10) - restriction: || (== net461) (&& (== netstandard2.0) (>= net452))
      DevExpress.ExpressApp (18.2.10) - restriction: || (== net461) (&& (== netstandard2.0) (>= net452))
      DevExpress.ExpressApp.Chart (18.2.10) - restriction: || (== net461) (&& (== netstandard2.0) (>= net452))
      DevExpress.ExpressApp.Win (18.2.10) - restriction: || (== net461) (&& (== netstandard2.0) (>= net452))
      DevExpress.Persistent.Base (18.2.10) - restriction: || (== net461) (&& (== netstandard2.0) (>= net452))
      DevExpress.Printing.Core (18.2.10) - restriction: || (== net461) (&& (== netstandard2.0) (>= net452))
      DevExpress.Utils (18.2.10) - restriction: || (== net461) (&& (== netstandard2.0) (>= net452))
      DevExpress.Win (18.2.10) - restriction: || (== net461) (&& (== netstandard2.0) (>= net452))
      DevExpress.Win.Charts (18.2.10) - restriction: || (== net461) (&& (== netstandard2.0) (>= net452))
    DevExpress.ExpressApp.CloneObject (18.2.10) - restriction: || (== net461) (&& (== netstandard2.0) (>= net452))
      DevExpress.Data (18.2.10) - restriction: || (== net461) (&& (== netstandard2.0) (>= net452))
      DevExpress.ExpressApp (18.2.10) - restriction: || (== net461) (&& (== netstandard2.0) (>= net452))
      DevExpress.Persistent.Base (18.2.10) - restriction: || (== net461) (&& (== netstandard2.0) (>= net452))
    DevExpress.ExpressApp.ConditionalAppearance (18.2.10) - restriction: || (== net461) (&& (== netstandard2.0) (>= net452))
      DevExpress.Data (18.2.10) - restriction: || (== net461) (&& (== netstandard2.0) (>= net452))
      DevExpress.ExpressApp (18.2.10) - restriction: || (== net461) (&& (== netstandard2.0) (>= net452))
      DevExpress.Persistent.Base (18.2.10) - restriction: || (== net461) (&& (== netstandard2.0) (>= net452))
    DevExpress.ExpressApp.Core.All (18.2.10)
      DevExpress.ExpressApp.AuditTrail (18.2.10) - restriction: || (== net461) (&& (== netstandard2.0) (>= net452))
      DevExpress.ExpressApp.Chart (18.2.10) - restriction: || (== net461) (&& (== netstandard2.0) (>= net452))
      DevExpress.ExpressApp.CloneObject (18.2.10) - restriction: || (== net461) (&& (== netstandard2.0) (>= net452))
      DevExpress.ExpressApp.ConditionalAppearance (18.2.10) - restriction: || (== net461) (&& (== netstandard2.0) (>= net452))
      DevExpress.ExpressApp.Dashboards (18.2.10) - restriction: || (== net461) (&& (== netstandard2.0) (>= net452))
      DevExpress.ExpressApp.Images (18.2.10) - restriction: || (== net461) (&& (== netstandard2.0) (>= net452))
      DevExpress.ExpressApp.Kpi (18.2.10) - restriction: || (== net461) (&& (== netstandard2.0) (>= net452))
      DevExpress.ExpressApp.Notifications (18.2.10) - restriction: || (== net461) (&& (== netstandard2.0) (>= net452))
      DevExpress.ExpressApp.Objects (18.2.10) - restriction: || (== net461) (&& (== netstandard2.0) (>= net452))
      DevExpress.ExpressApp.PivotChart (18.2.10) - restriction: || (== net461) (&& (== netstandard2.0) (>= net452))
      DevExpress.ExpressApp.PivotGrid (18.2.10) - restriction: || (== net461) (&& (== netstandard2.0) (>= net452))
      DevExpress.ExpressApp.ReportsV2 (18.2.10) - restriction: || (== net461) (&& (== netstandard2.0) (>= net452))
      DevExpress.ExpressApp.Scheduler (18.2.10) - restriction: || (== net461) (&& (== netstandard2.0) (>= net452))
      DevExpress.ExpressApp.ScriptRecorder (18.2.10) - restriction: || (== net461) (&& (== netstandard2.0) (>= net452))
      DevExpress.ExpressApp.Security (18.2.10) - restriction: || (== net461) (&& (== netstandard2.0) (>= net452))
      DevExpress.ExpressApp.StateMachine (18.2.10) - restriction: || (== net461) (&& (== netstandard2.0) (>= net452))
      DevExpress.ExpressApp.TreeListEditors (18.2.10) - restriction: || (== net461) (&& (== netstandard2.0) (>= net452))
      DevExpress.ExpressApp.Validation (18.2.10) - restriction: || (== net461) (&& (== netstandard2.0) (>= net452))
      DevExpress.ExpressApp.ViewVariantsModule (18.2.10) - restriction: || (== net461) (&& (== netstandard2.0) (>= net452))
      DevExpress.ExpressApp.Workflow (18.2.10) - restriction: || (== net461) (&& (== netstandard2.0) (>= net452))
      DevExpress.Persistent.Base (18.2.10) - restriction: || (== net461) (&& (== netstandard2.0) (>= net452))
    DevExpress.ExpressApp.Dashboards (18.2.10) - restriction: || (== net461) (&& (== netstandard2.0) (>= net452))
      DevExpress.Dashboard.Core (18.2.10) - restriction: || (== net461) (&& (== netstandard2.0) (>= net452))
      DevExpress.Data (18.2.10) - restriction: || (== net461) (&& (== netstandard2.0) (>= net452))
      DevExpress.DataAccess (18.2.10) - restriction: || (== net461) (&& (== netstandard2.0) (>= net452))
      DevExpress.ExpressApp (18.2.10) - restriction: || (== net461) (&& (== netstandard2.0) (>= net452))
      DevExpress.Persistent.Base (18.2.10) - restriction: || (== net461) (&& (== netstandard2.0) (>= net452))
      DevExpress.Utils (18.2.10) - restriction: || (== net461) (&& (== netstandard2.0) (>= net452))
    DevExpress.ExpressApp.Dashboards.Web (18.2.10) - restriction: || (== net461) (&& (== netstandard2.0) (>= net452))
      DevExpress.Dashboard.Core (18.2.10) - restriction: || (== net461) (&& (== netstandard2.0) (>= net452))
      DevExpress.Data (18.2.10) - restriction: || (== net461) (&& (== netstandard2.0) (>= net452))
      DevExpress.DataAccess (18.2.10) - restriction: || (== net461) (&& (== netstandard2.0) (>= net452))
      DevExpress.ExpressApp (18.2.10) - restriction: || (== net461) (&& (== netstandard2.0) (>= net452))
      DevExpress.ExpressApp.Dashboards (18.2.10) - restriction: || (== net461) (&& (== netstandard2.0) (>= net452))
      DevExpress.ExpressApp.Web (18.2.10) - restriction: || (== net461) (&& (== netstandard2.0) (>= net452))
      DevExpress.Persistent.Base (18.2.10) - restriction: || (== net461) (&& (== netstandard2.0) (>= net452))
      DevExpress.Web (18.2.10) - restriction: || (== net461) (&& (== netstandard2.0) (>= net452))
      DevExpress.Web.Dashboard (18.2.10) - restriction: || (== net461) (&& (== netstandard2.0) (>= net452))
      DevExpress.Web.Dashboard.Common (18.2.10) - restriction: || (== net461) (&& (== netstandard2.0) (>= net452))
    DevExpress.ExpressApp.Dashboards.Win (18.2.10) - restriction: || (== net461) (&& (== netstandard2.0) (>= net452))
      DevExpress.Dashboard.Core (18.2.10) - restriction: || (== net461) (&& (== netstandard2.0) (>= net452))
      DevExpress.Data (18.2.10) - restriction: || (== net461) (&& (== netstandard2.0) (>= net452))
      DevExpress.DataAccess (18.2.10) - restriction: || (== net461) (&& (== netstandard2.0) (>= net452))
      DevExpress.DataAccess.UI (18.2.10) - restriction: || (== net461) (&& (== netstandard2.0) (>= net452))
      DevExpress.ExpressApp (18.2.10) - restriction: || (== net461) (&& (== netstandard2.0) (>= net452))
      DevExpress.ExpressApp.Dashboards (18.2.10) - restriction: || (== net461) (&& (== netstandard2.0) (>= net452))
      DevExpress.ExpressApp.Win (18.2.10) - restriction: || (== net461) (&& (== netstandard2.0) (>= net452))
      DevExpress.Persistent.Base (18.2.10) - restriction: || (== net461) (&& (== netstandard2.0) (>= net452))
      DevExpress.Utils (18.2.10) - restriction: || (== net461) (&& (== netstandard2.0) (>= net452))
      DevExpress.Win (18.2.10) - restriction: || (== net461) (&& (== netstandard2.0) (>= net452))
      DevExpress.Win.Dashboard (18.2.10) - restriction: || (== net461) (&& (== netstandard2.0) (>= net452))
    DevExpress.ExpressApp.FileAttachment.Web (18.2.10) - restriction: || (== net461) (&& (== netstandard2.0) (>= net452))
      DevExpress.Data (18.2.10) - restriction: || (== net461) (&& (== netstandard2.0) (>= net452))
      DevExpress.ExpressApp (18.2.10) - restriction: || (== net461) (&& (== netstandard2.0) (>= net452))
      DevExpress.ExpressApp.Web (18.2.10) - restriction: || (== net461) (&& (== netstandard2.0) (>= net452))
      DevExpress.Persistent.Base (18.2.10) - restriction: || (== net461) (&& (== netstandard2.0) (>= net452))
      DevExpress.Web (18.2.10) - restriction: || (== net461) (&& (== netstandard2.0) (>= net452))
    DevExpress.ExpressApp.FileAttachment.Win (18.2.10) - restriction: || (== net461) (&& (== netstandard2.0) (>= net452))
      DevExpress.Data (18.2.10) - restriction: || (== net461) (&& (== netstandard2.0) (>= net452))
      DevExpress.ExpressApp (18.2.10) - restriction: || (== net461) (&& (== netstandard2.0) (>= net452))
      DevExpress.ExpressApp.Win (18.2.10) - restriction: || (== net461) (&& (== netstandard2.0) (>= net452))
      DevExpress.Persistent.Base (18.2.10) - restriction: || (== net461) (&& (== netstandard2.0) (>= net452))
      DevExpress.Utils (18.2.10) - restriction: || (== net461) (&& (== netstandard2.0) (>= net452))
      DevExpress.Win (18.2.10) - restriction: || (== net461) (&& (== netstandard2.0) (>= net452))
    DevExpress.ExpressApp.HtmlPropertyEditor.Web (18.2.10) - restriction: || (== net461) (&& (== netstandard2.0) (>= net452))
      DevExpress.Data (18.2.10) - restriction: || (== net461) (&& (== netstandard2.0) (>= net452))
      DevExpress.ExpressApp (18.2.10) - restriction: || (== net461) (&& (== netstandard2.0) (>= net452))
      DevExpress.ExpressApp.Web (18.2.10) - restriction: || (== net461) (&& (== netstandard2.0) (>= net452))
      DevExpress.Web (18.2.10) - restriction: || (== net461) (&& (== netstandard2.0) (>= net452))
    DevExpress.ExpressApp.HtmlPropertyEditor.Win (18.2.10) - restriction: || (== net461) (&& (== netstandard2.0) (>= net452))
      DevExpress.Data (18.2.10) - restriction: || (== net461) (&& (== netstandard2.0) (>= net452))
      DevExpress.ExpressApp (18.2.10) - restriction: || (== net461) (&& (== netstandard2.0) (>= net452))
      DevExpress.ExpressApp.Win (18.2.10) - restriction: || (== net461) (&& (== netstandard2.0) (>= net452))
      DevExpress.Utils (18.2.10) - restriction: || (== net461) (&& (== netstandard2.0) (>= net452))
      DevExpress.Win (18.2.10) - restriction: || (== net461) (&& (== netstandard2.0) (>= net452))
    DevExpress.ExpressApp.Images (18.2.10) - restriction: || (== net461) (&& (== netstandard2.0) (>= net452))
    DevExpress.ExpressApp.Kpi (18.2.10) - restriction: || (== net461) (&& (== netstandard2.0) (>= net452))
      DevExpress.Data (18.2.10) - restriction: || (== net461) (&& (== netstandard2.0) (>= net452))
      DevExpress.ExpressApp (18.2.10) - restriction: || (== net461) (&& (== netstandard2.0) (>= net452))
      DevExpress.ExpressApp.Validation (18.2.10) - restriction: || (== net461) (&& (== netstandard2.0) (>= net452))
      DevExpress.Persistent.Base (18.2.10) - restriction: || (== net461) (&& (== netstandard2.0) (>= net452))
      DevExpress.Utils (18.2.10) - restriction: || (== net461) (&& (== netstandard2.0) (>= net452))
    DevExpress.ExpressApp.Maps.Web (18.2.10) - restriction: || (== net461) (&& (== netstandard2.0) (>= net452))
      DevExpress.Data (18.2.10) - restriction: || (== net461) (&& (== netstandard2.0) (>= net452))
      DevExpress.ExpressApp (18.2.10) - restriction: || (== net461) (&& (== netstandard2.0) (>= net452))
      DevExpress.ExpressApp.Web (18.2.10) - restriction: || (== net461) (&& (== netstandard2.0) (>= net452))
      DevExpress.Persistent.Base (18.2.10) - restriction: || (== net461) (&& (== netstandard2.0) (>= net452))
      DevExpress.Web (18.2.10) - restriction: || (== net461) (&& (== netstandard2.0) (>= net452))
    DevExpress.ExpressApp.Notifications (18.2.10) - restriction: || (== net461) (&& (== netstandard2.0) (>= net452))
      DevExpress.Data (18.2.10) - restriction: || (== net461) (&& (== netstandard2.0) (>= net452))
      DevExpress.ExpressApp (18.2.10) - restriction: || (== net461) (&& (== netstandard2.0) (>= net452))
      DevExpress.Persistent.Base (18.2.10) - restriction: || (== net461) (&& (== netstandard2.0) (>= net452))
    DevExpress.ExpressApp.Notifications.Web (18.2.10) - restriction: || (== net461) (&& (== netstandard2.0) (>= net452))
      DevExpress.Data (18.2.10) - restriction: || (== net461) (&& (== netstandard2.0) (>= net452))
      DevExpress.ExpressApp (18.2.10) - restriction: || (== net461) (&& (== netstandard2.0) (>= net452))
      DevExpress.ExpressApp.Notifications (18.2.10) - restriction: || (== net461) (&& (== netstandard2.0) (>= net452))
      DevExpress.ExpressApp.Web (18.2.10) - restriction: || (== net461) (&& (== netstandard2.0) (>= net452))
      DevExpress.Web (18.2.10) - restriction: || (== net461) (&& (== netstandard2.0) (>= net452))
    DevExpress.ExpressApp.Notifications.Win (18.2.10) - restriction: || (== net461) (&& (== netstandard2.0) (>= net452))
      DevExpress.Data (18.2.10) - restriction: || (== net461) (&& (== netstandard2.0) (>= net452))
      DevExpress.ExpressApp (18.2.10) - restriction: || (== net461) (&& (== netstandard2.0) (>= net452))
      DevExpress.ExpressApp.Notifications (18.2.10) - restriction: || (== net461) (&& (== netstandard2.0) (>= net452))
      DevExpress.ExpressApp.Win (18.2.10) - restriction: || (== net461) (&& (== netstandard2.0) (>= net452))
      DevExpress.Utils (18.2.10) - restriction: || (== net461) (&& (== netstandard2.0) (>= net452))
      DevExpress.Win (18.2.10) - restriction: || (== net461) (&& (== netstandard2.0) (>= net452))
    DevExpress.ExpressApp.Objects (18.2.10) - restriction: || (== net461) (&& (== netstandard2.0) (>= net452))
      DevExpress.Data (18.2.10) - restriction: || (== net461) (&& (== netstandard2.0) (>= net452))
      DevExpress.ExpressApp (18.2.10) - restriction: || (== net461) (&& (== netstandard2.0) (>= net452))
    DevExpress.ExpressApp.Office.Win (18.2.10) - restriction: || (== net461) (&& (== netstandard2.0) (>= net452))
      DevExpress.Data (18.2.10) - restriction: || (== net461) (&& (== netstandard2.0) (>= net452))
      DevExpress.ExpressApp (18.2.10) - restriction: || (== net461) (&& (== netstandard2.0) (>= net452))
      DevExpress.ExpressApp.Win (18.2.10) - restriction: || (== net461) (&& (== netstandard2.0) (>= net452))
      DevExpress.Office.Core (18.2.10) - restriction: || (== net461) (&& (== netstandard2.0) (>= net452))
      DevExpress.Persistent.Base (18.2.10) - restriction: || (== net461) (&& (== netstandard2.0) (>= net452))
      DevExpress.Printing.Core (18.2.10) - restriction: || (== net461) (&& (== netstandard2.0) (>= net452))
      DevExpress.RichEdit.Core (18.2.10) - restriction: || (== net461) (&& (== netstandard2.0) (>= net452))
      DevExpress.Utils (18.2.10) - restriction: || (== net461) (&& (== netstandard2.0) (>= net452))
      DevExpress.Win (18.2.10) - restriction: || (== net461) (&& (== netstandard2.0) (>= net452))
      DevExpress.Win.RichEdit (18.2.10) - restriction: || (== net461) (&& (== netstandard2.0) (>= net452))
    DevExpress.ExpressApp.PivotChart (18.2.10) - restriction: || (== net461) (&& (== netstandard2.0) (>= net452))
      DevExpress.Charts (18.2.10) - restriction: || (== net461) (&& (== netstandard2.0) (>= net452))
      DevExpress.Data (18.2.10) - restriction: || (== net461) (&& (== netstandard2.0) (>= net452))
      DevExpress.ExpressApp (18.2.10) - restriction: || (== net461) (&& (== netstandard2.0) (>= net452))
      DevExpress.Persistent.Base (18.2.10) - restriction: || (== net461) (&& (== netstandard2.0) (>= net452))
      DevExpress.PivotGrid.Core (18.2.10) - restriction: || (== net461) (&& (== netstandard2.0) (>= net452))
    DevExpress.ExpressApp.PivotChart.Web (18.2.10) - restriction: || (== net461) (&& (== netstandard2.0) (>= net452))
      DevExpress.Charts (18.2.10) - restriction: || (== net461) (&& (== netstandard2.0) (>= net452))
      DevExpress.Data (18.2.10) - restriction: || (== net461) (&& (== netstandard2.0) (>= net452))
      DevExpress.ExpressApp (18.2.10) - restriction: || (== net461) (&& (== netstandard2.0) (>= net452))
      DevExpress.ExpressApp.PivotChart (18.2.10) - restriction: || (== net461) (&& (== netstandard2.0) (>= net452))
      DevExpress.ExpressApp.Web (18.2.10) - restriction: || (== net461) (&& (== netstandard2.0) (>= net452))
      DevExpress.Persistent.Base (18.2.10) - restriction: || (== net461) (&& (== netstandard2.0) (>= net452))
      DevExpress.PivotGrid.Core (18.2.10) - restriction: || (== net461) (&& (== netstandard2.0) (>= net452))
      DevExpress.Printing.Core (18.2.10) - restriction: || (== net461) (&& (== netstandard2.0) (>= net452))
      DevExpress.Web (18.2.10) - restriction: || (== net461) (&& (== netstandard2.0) (>= net452))
      DevExpress.Web.Visualization (18.2.10) - restriction: || (== net461) (&& (== netstandard2.0) (>= net452))
    DevExpress.ExpressApp.PivotChart.Win (18.2.10) - restriction: || (== net461) (&& (== netstandard2.0) (>= net452))
      DevExpress.Charts (18.2.10) - restriction: || (== net461) (&& (== netstandard2.0) (>= net452))
      DevExpress.Data (18.2.10) - restriction: || (== net461) (&& (== netstandard2.0) (>= net452))
      DevExpress.ExpressApp (18.2.10) - restriction: || (== net461) (&& (== netstandard2.0) (>= net452))
      DevExpress.ExpressApp.PivotChart (18.2.10) - restriction: || (== net461) (&& (== netstandard2.0) (>= net452))
      DevExpress.ExpressApp.Win (18.2.10) - restriction: || (== net461) (&& (== netstandard2.0) (>= net452))
      DevExpress.Persistent.Base (18.2.10) - restriction: || (== net461) (&& (== netstandard2.0) (>= net452))
      DevExpress.PivotGrid.Core (18.2.10) - restriction: || (== net461) (&& (== netstandard2.0) (>= net452))
      DevExpress.Printing.Core (18.2.10) - restriction: || (== net461) (&& (== netstandard2.0) (>= net452))
      DevExpress.Win (18.2.10) - restriction: || (== net461) (&& (== netstandard2.0) (>= net452))
      DevExpress.Win.Charts (18.2.10) - restriction: || (== net461) (&& (== netstandard2.0) (>= net452))
    DevExpress.ExpressApp.PivotGrid (18.2.10) - restriction: || (== net461) (&& (== netstandard2.0) (>= net452))
      DevExpress.Data (18.2.10) - restriction: || (== net461) (&& (== netstandard2.0) (>= net452))
      DevExpress.ExpressApp (18.2.10) - restriction: || (== net461) (&& (== netstandard2.0) (>= net452))
      DevExpress.PivotGrid.Core (18.2.10) - restriction: || (== net461) (&& (== netstandard2.0) (>= net452))
    DevExpress.ExpressApp.PivotGrid.Web (18.2.10) - restriction: || (== net461) (&& (== netstandard2.0) (>= net452))
      DevExpress.Charts (18.2.10) - restriction: || (== net461) (&& (== netstandard2.0) (>= net452))
      DevExpress.Data (18.2.10) - restriction: || (== net461) (&& (== netstandard2.0) (>= net452))
      DevExpress.ExpressApp (18.2.10) - restriction: || (== net461) (&& (== netstandard2.0) (>= net452))
      DevExpress.ExpressApp.PivotGrid (18.2.10) - restriction: || (== net461) (&& (== netstandard2.0) (>= net452))
      DevExpress.ExpressApp.Web (18.2.10) - restriction: || (== net461) (&& (== netstandard2.0) (>= net452))
      DevExpress.PivotGrid.Core (18.2.10) - restriction: || (== net461) (&& (== netstandard2.0) (>= net452))
      DevExpress.Web (18.2.10) - restriction: || (== net461) (&& (== netstandard2.0) (>= net452))
      DevExpress.Web.Visualization (18.2.10) - restriction: || (== net461) (&& (== netstandard2.0) (>= net452))
    DevExpress.ExpressApp.PivotGrid.Win (18.2.10) - restriction: || (== net461) (&& (== netstandard2.0) (>= net452))
      DevExpress.Charts (18.2.10) - restriction: || (== net461) (&& (== netstandard2.0) (>= net452))
      DevExpress.Data (18.2.10) - restriction: || (== net461) (&& (== netstandard2.0) (>= net452))
      DevExpress.ExpressApp (18.2.10) - restriction: || (== net461) (&& (== netstandard2.0) (>= net452))
      DevExpress.ExpressApp.PivotGrid (18.2.10) - restriction: || (== net461) (&& (== netstandard2.0) (>= net452))
      DevExpress.ExpressApp.Win (18.2.10) - restriction: || (== net461) (&& (== netstandard2.0) (>= net452))
      DevExpress.PivotGrid.Core (18.2.10) - restriction: || (== net461) (&& (== netstandard2.0) (>= net452))
      DevExpress.Utils (18.2.10) - restriction: || (== net461) (&& (== netstandard2.0) (>= net452))
      DevExpress.Win (18.2.10) - restriction: || (== net461) (&& (== netstandard2.0) (>= net452))
      DevExpress.Win.Charts (18.2.10) - restriction: || (== net461) (&& (== netstandard2.0) (>= net452))
    DevExpress.ExpressApp.ReportsV2 (18.2.10) - restriction: || (== net461) (&& (== netstandard2.0) (>= net452))
      DevExpress.Data (18.2.10) - restriction: || (== net461) (&& (== netstandard2.0) (>= net452))
      DevExpress.ExpressApp (18.2.10) - restriction: || (== net461) (&& (== netstandard2.0) (>= net452))
      DevExpress.Persistent.Base (18.2.10) - restriction: || (== net461) (&& (== netstandard2.0) (>= net452))
      DevExpress.Printing.Core (18.2.10) - restriction: || (== net461) (&& (== netstandard2.0) (>= net452))
      DevExpress.Reporting.Core (18.2.10) - restriction: || (== net461) (&& (== netstandard2.0) (>= net452))
      DevExpress.Utils (18.2.10) - restriction: || (== net461) (&& (== netstandard2.0) (>= net452))
    DevExpress.ExpressApp.ReportsV2.Web (18.2.10) - restriction: || (== net461) (&& (== netstandard2.0) (>= net452))
      DevExpress.Data (18.2.10) - restriction: || (== net461) (&& (== netstandard2.0) (>= net452))
      DevExpress.ExpressApp (18.2.10) - restriction: || (== net461) (&& (== netstandard2.0) (>= net452))
      DevExpress.ExpressApp.ReportsV2 (18.2.10) - restriction: || (== net461) (&& (== netstandard2.0) (>= net452))
      DevExpress.ExpressApp.Web (18.2.10) - restriction: || (== net461) (&& (== netstandard2.0) (>= net452))
      DevExpress.Persistent.Base (18.2.10) - restriction: || (== net461) (&& (== netstandard2.0) (>= net452))
      DevExpress.Printing.Core (18.2.10) - restriction: || (== net461) (&& (== netstandard2.0) (>= net452))
      DevExpress.Reporting.Core (18.2.10) - restriction: || (== net461) (&& (== netstandard2.0) (>= net452))
      DevExpress.Web (18.2.10) - restriction: || (== net461) (&& (== netstandard2.0) (>= net452))
      DevExpress.Web.Reporting (18.2.10) - restriction: || (== net461) (&& (== netstandard2.0) (>= net452))
      DevExpress.Web.Reporting.Common (18.2.10) - restriction: || (== net461) (&& (== netstandard2.0) (>= net452))
    DevExpress.ExpressApp.ReportsV2.Win (18.2.10) - restriction: || (== net461) (&& (== netstandard2.0) (>= net452))
      DevExpress.Data (18.2.10) - restriction: || (== net461) (&& (== netstandard2.0) (>= net452))
      DevExpress.DataAccess (18.2.10) - restriction: || (== net461) (&& (== netstandard2.0) (>= net452))
      DevExpress.DataAccess.UI (18.2.10) - restriction: || (== net461) (&& (== netstandard2.0) (>= net452))
      DevExpress.ExpressApp (18.2.10) - restriction: || (== net461) (&& (== netstandard2.0) (>= net452))
      DevExpress.ExpressApp.ReportsV2 (18.2.10) - restriction: || (== net461) (&& (== netstandard2.0) (>= net452))
      DevExpress.ExpressApp.Win (18.2.10) - restriction: || (== net461) (&& (== netstandard2.0) (>= net452))
      DevExpress.Persistent.Base (18.2.10) - restriction: || (== net461) (&& (== netstandard2.0) (>= net452))
      DevExpress.Printing.Core (18.2.10) - restriction: || (== net461) (&& (== netstandard2.0) (>= net452))
      DevExpress.Reporting.Core (18.2.10) - restriction: || (== net461) (&& (== netstandard2.0) (>= net452))
      DevExpress.Utils (18.2.10) - restriction: || (== net461) (&& (== netstandard2.0) (>= net452))
      DevExpress.Utils.UI (18.2.10) - restriction: || (== net461) (&& (== netstandard2.0) (>= net452))
      DevExpress.Win (18.2.10) - restriction: || (== net461) (&& (== netstandard2.0) (>= net452))
      DevExpress.Win.Reporting (18.2.10) - restriction: || (== net461) (&& (== netstandard2.0) (>= net452))
    DevExpress.ExpressApp.Scheduler (18.2.10) - restriction: || (== net461) (&& (== netstandard2.0) (>= net452))
      DevExpress.Data (18.2.10) - restriction: || (== net461) (&& (== netstandard2.0) (>= net452))
      DevExpress.ExpressApp (18.2.10) - restriction: || (== net461) (&& (== netstandard2.0) (>= net452))
      DevExpress.Persistent.Base (18.2.10) - restriction: || (== net461) (&& (== netstandard2.0) (>= net452))
      DevExpress.Scheduler.Core (18.2.10) - restriction: || (== net461) (&& (== netstandard2.0) (>= net452))
    DevExpress.ExpressApp.Scheduler.Web (18.2.10) - restriction: || (== net461) (&& (== netstandard2.0) (>= net452))
      DevExpress.Data (18.2.10) - restriction: || (== net461) (&& (== netstandard2.0) (>= net452))
      DevExpress.ExpressApp (18.2.10) - restriction: || (== net461) (&& (== netstandard2.0) (>= net452))
      DevExpress.ExpressApp.Scheduler (18.2.10) - restriction: || (== net461) (&& (== netstandard2.0) (>= net452))
      DevExpress.ExpressApp.Web (18.2.10) - restriction: || (== net461) (&& (== netstandard2.0) (>= net452))
      DevExpress.Persistent.Base (18.2.10) - restriction: || (== net461) (&& (== netstandard2.0) (>= net452))
      DevExpress.Scheduler.Core (18.2.10) - restriction: || (== net461) (&& (== netstandard2.0) (>= net452))
      DevExpress.Web (18.2.10) - restriction: || (== net461) (&& (== netstandard2.0) (>= net452))
      DevExpress.Web.Scheduler (18.2.10) - restriction: || (== net461) (&& (== netstandard2.0) (>= net452))
    DevExpress.ExpressApp.Scheduler.Win (18.2.10) - restriction: || (== net461) (&& (== netstandard2.0) (>= net452))
      DevExpress.Data (18.2.10) - restriction: || (== net461) (&& (== netstandard2.0) (>= net452))
      DevExpress.ExpressApp (18.2.10) - restriction: || (== net461) (&& (== netstandard2.0) (>= net452))
      DevExpress.ExpressApp.Scheduler (18.2.10) - restriction: || (== net461) (&& (== netstandard2.0) (>= net452))
      DevExpress.ExpressApp.Win (18.2.10) - restriction: || (== net461) (&& (== netstandard2.0) (>= net452))
      DevExpress.Persistent.Base (18.2.10) - restriction: || (== net461) (&& (== netstandard2.0) (>= net452))
      DevExpress.Scheduler.Core (18.2.10) - restriction: || (== net461) (&& (== netstandard2.0) (>= net452))
      DevExpress.Utils (18.2.10) - restriction: || (== net461) (&& (== netstandard2.0) (>= net452))
      DevExpress.Win (18.2.10) - restriction: || (== net461) (&& (== netstandard2.0) (>= net452))
      DevExpress.Win.Scheduler (18.2.10) - restriction: || (== net461) (&& (== netstandard2.0) (>= net452))
    DevExpress.ExpressApp.ScriptRecorder (18.2.10) - restriction: || (== net461) (&& (== netstandard2.0) (>= net452))
      DevExpress.ExpressApp (18.2.10) - restriction: || (== net461) (&& (== netstandard2.0) (>= net452))
    DevExpress.ExpressApp.ScriptRecorder.Web (18.2.10) - restriction: || (== net461) (&& (== netstandard2.0) (>= net452))
      DevExpress.Data (18.2.10) - restriction: || (== net461) (&& (== netstandard2.0) (>= net452))
      DevExpress.ExpressApp (18.2.10) - restriction: || (== net461) (&& (== netstandard2.0) (>= net452))
      DevExpress.ExpressApp.ScriptRecorder (18.2.10) - restriction: || (== net461) (&& (== netstandard2.0) (>= net452))
      DevExpress.ExpressApp.Web (18.2.10) - restriction: || (== net461) (&& (== netstandard2.0) (>= net452))
    DevExpress.ExpressApp.ScriptRecorder.Win (18.2.10) - restriction: || (== net461) (&& (== netstandard2.0) (>= net452))
      DevExpress.Data (18.2.10) - restriction: || (== net461) (&& (== netstandard2.0) (>= net452))
      DevExpress.ExpressApp (18.2.10) - restriction: || (== net461) (&& (== netstandard2.0) (>= net452))
      DevExpress.ExpressApp.ScriptRecorder (18.2.10) - restriction: || (== net461) (&& (== netstandard2.0) (>= net452))
      DevExpress.ExpressApp.Win (18.2.10) - restriction: || (== net461) (&& (== netstandard2.0) (>= net452))
      DevExpress.Utils (18.2.10) - restriction: || (== net461) (&& (== netstandard2.0) (>= net452))
      DevExpress.Win (18.2.10) - restriction: || (== net461) (&& (== netstandard2.0) (>= net452))
    DevExpress.ExpressApp.Security (18.2.10) - restriction: || (== net461) (&& (== netstandard2.0) (>= net452))
      DevExpress.Data (18.2.10) - restriction: || (== net461) (&& (== netstandard2.0) (>= net452))
      DevExpress.ExpressApp (18.2.10) - restriction: || (== net461) (&& (== netstandard2.0) (>= net452))
      DevExpress.Persistent.Base (18.2.10) - restriction: || (== net461) (&& (== netstandard2.0) (>= net452))
    DevExpress.ExpressApp.Security.Xpo (18.2.10)
      DevExpress.Data (18.2.10) - restriction: || (== net461) (&& (== netstandard2.0) (>= net452))
      DevExpress.ExpressApp (18.2.10) - restriction: || (== net461) (&& (== netstandard2.0) (>= net452))
      DevExpress.ExpressApp.Security (18.2.10) - restriction: || (== net461) (&& (== netstandard2.0) (>= net452))
      DevExpress.ExpressApp.Xpo (18.2.10) - restriction: || (== net461) (&& (== netstandard2.0) (>= net452))
      DevExpress.Persistent.Base (18.2.10) - restriction: || (== net461) (&& (== netstandard2.0) (>= net452))
      DevExpress.Xpo (18.2.10) - restriction: || (== net461) (&& (== netstandard2.0) (>= net452))
    DevExpress.ExpressApp.StateMachine (18.2.10) - restriction: || (== net461) (&& (== netstandard2.0) (>= net452))
      DevExpress.Data (18.2.10) - restriction: || (== net461) (&& (== netstandard2.0) (>= net452))
      DevExpress.ExpressApp (18.2.10) - restriction: || (== net461) (&& (== netstandard2.0) (>= net452))
      DevExpress.ExpressApp.ConditionalAppearance (18.2.10) - restriction: || (== net461) (&& (== netstandard2.0) (>= net452))
      DevExpress.ExpressApp.Validation (18.2.10) - restriction: || (== net461) (&& (== netstandard2.0) (>= net452))
      DevExpress.Persistent.Base (18.2.10) - restriction: || (== net461) (&& (== netstandard2.0) (>= net452))
      DevExpress.Utils (18.2.10) - restriction: || (== net461) (&& (== netstandard2.0) (>= net452))
    DevExpress.ExpressApp.TreeListEditors (18.2.10) - restriction: || (== net461) (&& (== netstandard2.0) (>= net452))
      DevExpress.Data (18.2.10) - restriction: || (== net461) (&& (== netstandard2.0) (>= net452))
      DevExpress.ExpressApp (18.2.10) - restriction: || (== net461) (&& (== netstandard2.0) (>= net452))
      DevExpress.Persistent.Base (18.2.10) - restriction: || (== net461) (&& (== netstandard2.0) (>= net452))
    DevExpress.ExpressApp.TreeListEditors.Web (18.2.10) - restriction: || (== net461) (&& (== netstandard2.0) (>= net452))
      DevExpress.Data (18.2.10) - restriction: || (== net461) (&& (== netstandard2.0) (>= net452))
      DevExpress.ExpressApp (18.2.10) - restriction: || (== net461) (&& (== netstandard2.0) (>= net452))
      DevExpress.ExpressApp.TreeListEditors (18.2.10) - restriction: || (== net461) (&& (== netstandard2.0) (>= net452))
      DevExpress.ExpressApp.Web (18.2.10) - restriction: || (== net461) (&& (== netstandard2.0) (>= net452))
      DevExpress.Persistent.Base (18.2.10) - restriction: || (== net461) (&& (== netstandard2.0) (>= net452))
      DevExpress.Web (18.2.10) - restriction: || (== net461) (&& (== netstandard2.0) (>= net452))
    DevExpress.ExpressApp.TreeListEditors.Win (18.2.10) - restriction: || (== net461) (&& (== netstandard2.0) (>= net452))
      DevExpress.Data (18.2.10) - restriction: || (== net461) (&& (== netstandard2.0) (>= net452))
      DevExpress.ExpressApp (18.2.10) - restriction: || (== net461) (&& (== netstandard2.0) (>= net452))
      DevExpress.ExpressApp.TreeListEditors (18.2.10) - restriction: || (== net461) (&& (== netstandard2.0) (>= net452))
      DevExpress.ExpressApp.Win (18.2.10) - restriction: || (== net461) (&& (== netstandard2.0) (>= net452))
      DevExpress.Persistent.Base (18.2.10) - restriction: || (== net461) (&& (== netstandard2.0) (>= net452))
      DevExpress.Utils (18.2.10) - restriction: || (== net461) (&& (== netstandard2.0) (>= net452))
      DevExpress.Win (18.2.10) - restriction: || (== net461) (&& (== netstandard2.0) (>= net452))
    DevExpress.ExpressApp.Validation (18.2.10) - restriction: || (== net461) (&& (== netstandard2.0) (>= net452))
      DevExpress.Data (18.2.10) - restriction: || (== net461) (&& (== netstandard2.0) (>= net452))
      DevExpress.ExpressApp (18.2.10) - restriction: || (== net461) (&& (== netstandard2.0) (>= net452))
      DevExpress.Persistent.Base (18.2.10) - restriction: || (== net461) (&& (== netstandard2.0) (>= net452))
    DevExpress.ExpressApp.Validation.Web (18.2.10) - restriction: || (== net461) (&& (== netstandard2.0) (>= net452))
      DevExpress.Data (18.2.10) - restriction: || (== net461) (&& (== netstandard2.0) (>= net452))
      DevExpress.ExpressApp (18.2.10) - restriction: || (== net461) (&& (== netstandard2.0) (>= net452))
      DevExpress.ExpressApp.Validation (18.2.10) - restriction: || (== net461) (&& (== netstandard2.0) (>= net452))
      DevExpress.ExpressApp.Web (18.2.10) - restriction: || (== net461) (&& (== netstandard2.0) (>= net452))
      DevExpress.Persistent.Base (18.2.10) - restriction: || (== net461) (&& (== netstandard2.0) (>= net452))
      DevExpress.Web (18.2.10) - restriction: || (== net461) (&& (== netstandard2.0) (>= net452))
    DevExpress.ExpressApp.Validation.Win (18.2.10) - restriction: || (== net461) (&& (== netstandard2.0) (>= net452))
      DevExpress.Data (18.2.10) - restriction: || (== net461) (&& (== netstandard2.0) (>= net452))
      DevExpress.ExpressApp (18.2.10) - restriction: || (== net461) (&& (== netstandard2.0) (>= net452))
      DevExpress.ExpressApp.Validation (18.2.10) - restriction: || (== net461) (&& (== netstandard2.0) (>= net452))
      DevExpress.ExpressApp.Win (18.2.10) - restriction: || (== net461) (&& (== netstandard2.0) (>= net452))
      DevExpress.Persistent.Base (18.2.10) - restriction: || (== net461) (&& (== netstandard2.0) (>= net452))
      DevExpress.Win (18.2.10) - restriction: || (== net461) (&& (== netstandard2.0) (>= net452))
    DevExpress.ExpressApp.ViewVariantsModule (18.2.10) - restriction: || (== net461) (&& (== netstandard2.0) (>= net452))
      DevExpress.Data (18.2.10) - restriction: || (== net461) (&& (== netstandard2.0) (>= net452))
      DevExpress.ExpressApp (18.2.10) - restriction: || (== net461) (&& (== netstandard2.0) (>= net452))
    DevExpress.ExpressApp.Web (18.2.10) - restriction: || (== net461) (&& (== netstandard2.0) (>= net452))
      DevExpress.Data (18.2.10) - restriction: || (== net461) (&& (== netstandard2.0) (>= net452))
      DevExpress.ExpressApp (18.2.10) - restriction: || (== net461) (&& (== netstandard2.0) (>= net452))
      DevExpress.Persistent.Base (18.2.10) - restriction: || (== net461) (&& (== netstandard2.0) (>= net452))
      DevExpress.Printing.Core (18.2.10) - restriction: || (== net461) (&& (== netstandard2.0) (>= net452))
      DevExpress.Utils (18.2.10) - restriction: || (== net461) (&& (== netstandard2.0) (>= net452))
      DevExpress.Web (18.2.10) - restriction: || (== net461) (&& (== netstandard2.0) (>= net452))
      DevExpress.Web.Themes (18.2.10) - restriction: || (== net461) (&& (== netstandard2.0) (>= net452))
    DevExpress.ExpressApp.Web.All (18.2.10)
      DevExpress.ExpressApp.Chart.Web (18.2.10) - restriction: || (== net461) (&& (== netstandard2.0) (>= net452))
      DevExpress.ExpressApp.Core.All (18.2.10) - restriction: || (== net461) (&& (== netstandard2.0) (>= net452))
      DevExpress.ExpressApp.Dashboards.Web (18.2.10) - restriction: || (== net461) (&& (== netstandard2.0) (>= net452))
      DevExpress.ExpressApp.FileAttachment.Web (18.2.10) - restriction: || (== net461) (&& (== netstandard2.0) (>= net452))
      DevExpress.ExpressApp.HtmlPropertyEditor.Web (18.2.10) - restriction: || (== net461) (&& (== netstandard2.0) (>= net452))
      DevExpress.ExpressApp.Maps.Web (18.2.10) - restriction: || (== net461) (&& (== netstandard2.0) (>= net452))
      DevExpress.ExpressApp.Notifications.Web (18.2.10) - restriction: || (== net461) (&& (== netstandard2.0) (>= net452))
      DevExpress.ExpressApp.PivotChart.Web (18.2.10) - restriction: || (== net461) (&& (== netstandard2.0) (>= net452))
      DevExpress.ExpressApp.PivotGrid.Web (18.2.10) - restriction: || (== net461) (&& (== netstandard2.0) (>= net452))
      DevExpress.ExpressApp.ReportsV2.Web (18.2.10) - restriction: || (== net461) (&& (== netstandard2.0) (>= net452))
      DevExpress.ExpressApp.Scheduler.Web (18.2.10) - restriction: || (== net461) (&& (== netstandard2.0) (>= net452))
      DevExpress.ExpressApp.ScriptRecorder.Web (18.2.10) - restriction: || (== net461) (&& (== netstandard2.0) (>= net452))
      DevExpress.ExpressApp.TreeListEditors.Web (18.2.10) - restriction: || (== net461) (&& (== netstandard2.0) (>= net452))
      DevExpress.ExpressApp.Validation.Web (18.2.10) - restriction: || (== net461) (&& (== netstandard2.0) (>= net452))
      DevExpress.ExpressApp.Web (18.2.10) - restriction: || (== net461) (&& (== netstandard2.0) (>= net452))
    DevExpress.ExpressApp.Win (18.2.10) - restriction: || (== net461) (&& (== netstandard2.0) (>= net452))
      DevExpress.Data (18.2.10) - restriction: || (== net461) (&& (== netstandard2.0) (>= net452))
      DevExpress.ExpressApp (18.2.10) - restriction: || (== net461) (&& (== netstandard2.0) (>= net452))
      DevExpress.Office.Core (18.2.10) - restriction: || (== net461) (&& (== netstandard2.0) (>= net452))
      DevExpress.Persistent.Base (18.2.10) - restriction: || (== net461) (&& (== netstandard2.0) (>= net452))
      DevExpress.Printing.Core (18.2.10) - restriction: || (== net461) (&& (== netstandard2.0) (>= net452))
      DevExpress.RichEdit.Core (18.2.10) - restriction: || (== net461) (&& (== netstandard2.0) (>= net452))
      DevExpress.Utils (18.2.10) - restriction: || (== net461) (&& (== netstandard2.0) (>= net452))
      DevExpress.Win (18.2.10) - restriction: || (== net461) (&& (== netstandard2.0) (>= net452))
      DevExpress.Win.BonusSkins (18.2.10) - restriction: || (== net461) (&& (== netstandard2.0) (>= net452))
      DevExpress.Win.RichEdit (18.2.10) - restriction: || (== net461) (&& (== netstandard2.0) (>= net452))
    DevExpress.ExpressApp.Win.All (18.2.10)
      DevExpress.ExpressApp.Chart.Win (18.2.10) - restriction: || (== net461) (&& (== netstandard2.0) (>= net452))
      DevExpress.ExpressApp.Core.All (18.2.10) - restriction: || (== net461) (&& (== netstandard2.0) (>= net452))
      DevExpress.ExpressApp.Dashboards.Win (18.2.10) - restriction: || (== net461) (&& (== netstandard2.0) (>= net452))
      DevExpress.ExpressApp.FileAttachment.Win (18.2.10) - restriction: || (== net461) (&& (== netstandard2.0) (>= net452))
      DevExpress.ExpressApp.HtmlPropertyEditor.Win (18.2.10) - restriction: || (== net461) (&& (== netstandard2.0) (>= net452))
      DevExpress.ExpressApp.Notifications.Win (18.2.10) - restriction: || (== net461) (&& (== netstandard2.0) (>= net452))
      DevExpress.ExpressApp.Office.Win (18.2.10) - restriction: || (== net461) (&& (== netstandard2.0) (>= net452))
      DevExpress.ExpressApp.PivotChart.Win (18.2.10) - restriction: || (== net461) (&& (== netstandard2.0) (>= net452))
      DevExpress.ExpressApp.PivotGrid.Win (18.2.10) - restriction: || (== net461) (&& (== netstandard2.0) (>= net452))
      DevExpress.ExpressApp.ReportsV2.Win (18.2.10) - restriction: || (== net461) (&& (== netstandard2.0) (>= net452))
      DevExpress.ExpressApp.Scheduler.Win (18.2.10) - restriction: || (== net461) (&& (== netstandard2.0) (>= net452))
      DevExpress.ExpressApp.ScriptRecorder.Win (18.2.10) - restriction: || (== net461) (&& (== netstandard2.0) (>= net452))
      DevExpress.ExpressApp.TreeListEditors.Win (18.2.10) - restriction: || (== net461) (&& (== netstandard2.0) (>= net452))
      DevExpress.ExpressApp.Validation.Win (18.2.10) - restriction: || (== net461) (&& (== netstandard2.0) (>= net452))
      DevExpress.ExpressApp.Win (18.2.10) - restriction: || (== net461) (&& (== netstandard2.0) (>= net452))
      DevExpress.ExpressApp.Workflow.Win (18.2.10) - restriction: || (== net461) (&& (== netstandard2.0) (>= net452))
    DevExpress.ExpressApp.Workflow (18.2.10) - restriction: || (== net461) (&& (== netstandard2.0) (>= net452))
      DevExpress.Data (18.2.10) - restriction: || (== net461) (&& (== netstandard2.0) (>= net452))
      DevExpress.ExpressApp (18.2.10) - restriction: || (== net461) (&& (== netstandard2.0) (>= net452))
      DevExpress.ExpressApp.ConditionalAppearance (18.2.10) - restriction: || (== net461) (&& (== netstandard2.0) (>= net452))
      DevExpress.ExpressApp.Security (18.2.10) - restriction: || (== net461) (&& (== netstandard2.0) (>= net452))
      DevExpress.Persistent.Base (18.2.10) - restriction: || (== net461) (&& (== netstandard2.0) (>= net452))
      DevExpress.Utils (18.2.10) - restriction: || (== net461) (&& (== netstandard2.0) (>= net452))
    DevExpress.ExpressApp.Workflow.Win (18.2.10) - restriction: || (== net461) (&& (== netstandard2.0) (>= net452))
      DevExpress.Data (18.2.10) - restriction: || (== net461) (&& (== netstandard2.0) (>= net452))
      DevExpress.ExpressApp (18.2.10) - restriction: || (== net461) (&& (== netstandard2.0) (>= net452))
      DevExpress.ExpressApp.Win (18.2.10) - restriction: || (== net461) (&& (== netstandard2.0) (>= net452))
      DevExpress.ExpressApp.Workflow (18.2.10) - restriction: || (== net461) (&& (== netstandard2.0) (>= net452))
      DevExpress.Persistent.Base (18.2.10) - restriction: || (== net461) (&& (== netstandard2.0) (>= net452))
      DevExpress.Utils (18.2.10) - restriction: || (== net461) (&& (== netstandard2.0) (>= net452))
    DevExpress.ExpressApp.Xpo (18.2.10) - restriction: || (== net461) (&& (== netstandard2.0) (>= net452))
      DevExpress.Data (18.2.10) - restriction: || (== net461) (&& (== netstandard2.0) (>= net452))
      DevExpress.ExpressApp (18.2.10) - restriction: || (== net461) (&& (== netstandard2.0) (>= net452))
      DevExpress.Xpo (18.2.10) - restriction: || (== net461) (&& (== netstandard2.0) (>= net452))
    DevExpress.Gauges.Core (18.2.10) - restriction: || (== net461) (&& (== netstandard2.0) (>= net452))
      DevExpress.Data (18.2.10)
      DevExpress.Printing.Core (18.2.10) - restriction: || (== net461) (&& (== netstandard2.0) (>= net452))
    DevExpress.Images (18.2.10) - restriction: || (== net461) (&& (== netstandard2.0) (>= net452))
      DevExpress.Data (18.2.10) - restriction: || (== net461) (&& (== netstandard2.0) (>= net452))
    DevExpress.Map.Core (18.2.10) - restriction: || (== net461) (&& (== netstandard2.0) (>= net452))
      DevExpress.Data (18.2.10)
    DevExpress.Office.Core (18.2.10) - restriction: || (== net461) (&& (== netstandard2.0) (>= net452))
      DevExpress.Data (18.2.10)
      DevExpress.Printing.Core (18.2.10)
    DevExpress.Pdf.Core (18.2.10) - restriction: || (== net461) (&& (== netstandard2.0) (>= net452))
      DevExpress.Data (18.2.10)
    DevExpress.Persistent.Base (18.2.10) - restriction: || (== net461) (&& (== netstandard2.0) (>= net452))
      DevExpress.Data (18.2.10) - restriction: || (== net461) (&& (== netstandard2.0) (>= net452))
      DevExpress.ExpressApp (18.2.10) - restriction: || (== net461) (&& (== netstandard2.0) (>= net452))
      DevExpress.Printing.Core (18.2.10) - restriction: || (== net461) (&& (== netstandard2.0) (>= net452))
      DevExpress.Reporting.Core (18.2.10) - restriction: || (== net461) (&& (== netstandard2.0) (>= net452))
      DevExpress.Utils (18.2.10) - restriction: || (== net461) (&& (== netstandard2.0) (>= net452))
    DevExpress.Persistent.BaseImpl (18.2.10) - restriction: || (== net461) (&& (== netstandard2.0) (>= net452))
      DevExpress.Data (18.2.10) - restriction: || (== net461) (&& (== netstandard2.0) (>= net452))
      DevExpress.ExpressApp (18.2.10) - restriction: || (== net461) (&& (== netstandard2.0) (>= net452))
      DevExpress.ExpressApp.Objects (18.2.10) - restriction: || (== net461) (&& (== netstandard2.0) (>= net452))
      DevExpress.ExpressApp.Xpo (18.2.10) - restriction: || (== net461) (&& (== netstandard2.0) (>= net452))
      DevExpress.Persistent.Base (18.2.10) - restriction: || (== net461) (&& (== netstandard2.0) (>= net452))
      DevExpress.Reporting.Core (18.2.10) - restriction: || (== net461) (&& (== netstandard2.0) (>= net452))
      DevExpress.Scheduler.Core (18.2.10) - restriction: || (== net461) (&& (== netstandard2.0) (>= net452))
      DevExpress.Xpo (18.2.10) - restriction: || (== net461) (&& (== netstandard2.0) (>= net452))
    DevExpress.PivotGrid.Core (18.2.10) - restriction: || (== net461) (&& (== netstandard2.0) (>= net452))
      DevExpress.Data (18.2.10)
      DevExpress.Printing.Core (18.2.10)
    DevExpress.Printing.Core (18.2.10) - restriction: || (== net461) (&& (== netstandard2.0) (>= net452))
      DevExpress.Data (18.2.10)
      DevExpress.Pdf.Core (18.2.10)
    DevExpress.Reporting.Core (18.2.10) - restriction: || (== net461) (&& (== netstandard2.0) (>= net452))
      DevExpress.Charts (18.2.10)
      DevExpress.Charts.Core (18.2.10)
      DevExpress.CodeParser (18.2.10) - restriction: || (== net461) (&& (== netstandard2.0) (>= net452))
      DevExpress.Data (18.2.10)
      DevExpress.DataAccess (18.2.10)
      DevExpress.Gauges.Core (18.2.10)
      DevExpress.Office.Core (18.2.10)
      DevExpress.PivotGrid.Core (18.2.10)
      DevExpress.Printing.Core (18.2.10)
      DevExpress.RichEdit.Core (18.2.10)
      DevExpress.RichEdit.Export (18.2.10)
      DevExpress.Sparkline.Core (18.2.10)
      DevExpress.Xpo (18.2.10)
    DevExpress.RichEdit.Core (18.2.10) - restriction: || (== net461) (&& (== netstandard2.0) (>= net452))
      DevExpress.Data (18.2.10)
      DevExpress.Images (18.2.10) - restriction: || (== net461) (&& (== netstandard2.0) (>= net452))
      DevExpress.Office.Core (18.2.10)
      DevExpress.Pdf.Core (18.2.10) - restriction: || (== net461) (&& (== netstandard2.0) (>= net452))
      DevExpress.Printing.Core (18.2.10)
    DevExpress.RichEdit.Export (18.2.10) - restriction: || (== net461) (&& (== netstandard2.0) (>= net452))
      DevExpress.Data (18.2.10)
      DevExpress.Office.Core (18.2.10)
      DevExpress.Printing.Core (18.2.10)
      DevExpress.RichEdit.Core (18.2.10)
    DevExpress.Scheduler.Core (18.2.10) - restriction: || (== net461) (&& (== netstandard2.0) (>= net452))
      DevExpress.Data (18.2.10)
      DevExpress.Images (18.2.10) - restriction: || (== net461) (&& (== netstandard2.0) (>= net452))
      DevExpress.Printing.Core (18.2.10) - restriction: || (== net461) (&& (== netstandard2.0) (>= net452))
    DevExpress.Sparkline.Core (18.2.10) - restriction: || (== net461) (&& (== netstandard2.0) (>= net452))
      DevExpress.Data (18.2.10)
    DevExpress.SpellChecker.Core (18.2.10) - restriction: || (== net461) (&& (== netstandard2.0) (>= net452))
      DevExpress.Data (18.2.10) - restriction: || (== net461) (&& (== netstandard2.0) (>= net452))
    DevExpress.TreeMap.Core (18.2.10) - restriction: || (== net461) (&& (== netstandard2.0) (>= net452))
      DevExpress.Data (18.2.10)
    DevExpress.Utils (18.2.10) - restriction: || (== net461) (&& (== netstandard2.0) (>= net452))
      DevExpress.Data (18.2.10) - restriction: || (== net461) (&& (== netstandard2.0) (>= net452))
      DevExpress.Printing.Core (18.2.10) - restriction: || (== net461) (&& (== netstandard2.0) (>= net452))
    DevExpress.Utils.UI (18.2.10) - restriction: || (== net461) (&& (== netstandard2.0) (>= net452))
      DevExpress.Data (18.2.10) - restriction: || (== net461) (&& (== netstandard2.0) (>= net452))
      DevExpress.Printing.Core (18.2.10) - restriction: || (== net461) (&& (== netstandard2.0) (>= net452))
      DevExpress.Utils (18.2.10) - restriction: || (== net461) (&& (== netstandard2.0) (>= net452))
      DevExpress.Win (18.2.10) - restriction: || (== net461) (&& (== netstandard2.0) (>= net452))
      DevExpress.Win.RichEdit (18.2.10) - restriction: || (== net461) (&& (== netstandard2.0) (>= net452))
    DevExpress.Web (18.2.10) - restriction: || (== net461) (&& (== netstandard2.0) (>= net452))
      DevExpress.Data (18.2.10) - restriction: || (== net461) (&& (== netstandard2.0) (>= net452))
      DevExpress.Office.Core (18.2.10) - restriction: || (== net461) (&& (== netstandard2.0) (>= net452))
      DevExpress.PivotGrid.Core (18.2.10) - restriction: || (== net461) (&& (== netstandard2.0) (>= net452))
      DevExpress.Printing.Core (18.2.10) - restriction: || (== net461) (&& (== netstandard2.0) (>= net452))
      DevExpress.RichEdit.Core (18.2.10) - restriction: || (== net461) (&& (== netstandard2.0) (>= net452))
      DevExpress.RichEdit.Export (18.2.10) - restriction: || (== net461) (&& (== netstandard2.0) (>= net452))
      DevExpress.SpellChecker.Core (18.2.10) - restriction: || (== net461) (&& (== netstandard2.0) (>= net452))
    DevExpress.Web.Dashboard (18.2.10) - restriction: || (== net461) (&& (== netstandard2.0) (>= net452))
      DevExpress.Dashboard.Core (18.2.10) - restriction: || (== net461) (&& (== netstandard2.0) (>= net452))
      DevExpress.Data (18.2.10) - restriction: || (== net461) (&& (== netstandard2.0) (>= net452))
      DevExpress.DataAccess (18.2.10) - restriction: || (== net461) (&& (== netstandard2.0) (>= net452))
      DevExpress.Office.Core (18.2.10) - restriction: || (== net461) (&& (== netstandard2.0) (>= net452))
      DevExpress.Web (18.2.10) - restriction: || (== net461) (&& (== netstandard2.0) (>= net452))
      DevExpress.Web.Dashboard.Common (18.2.10) - restriction: || (== net461) (&& (== netstandard2.0) (>= net452))
    DevExpress.Web.Dashboard.Common (18.2.10) - restriction: || (== net461) (&& (== netstandard2.0) (>= net452))
      DevExpress.Charts.Core (18.2.10) - restriction: || (== net461) (&& (== netstandard2.0) (>= net452))
      DevExpress.Dashboard.Core (18.2.10)
      DevExpress.Data (18.2.10)
      DevExpress.DataAccess (18.2.10)
      DevExpress.Pdf.Core (18.2.10) - restriction: || (== net461) (&& (== netstandard2.0) (>= net452))
      DevExpress.PivotGrid.Core (18.2.10)
      DevExpress.Printing.Core (18.2.10)
      DevExpress.Reporting.Core (18.2.10)
      DevExpress.RichEdit.Core (18.2.10) - restriction: || (== net461) (&& (== netstandard2.0) (>= net452))
      DevExpress.Xpo (18.2.10) - restriction: || (== net461) (&& (== netstandard2.0) (>= net452))
    DevExpress.Web.Reporting (18.2.10) - restriction: || (== net461) (&& (== netstandard2.0) (>= net452))
      DevExpress.Data (18.2.10) - restriction: || (== net461) (&& (== netstandard2.0) (>= net452))
      DevExpress.DataAccess (18.2.10) - restriction: || (== net461) (&& (== netstandard2.0) (>= net452))
      DevExpress.Printing.Core (18.2.10) - restriction: || (== net461) (&& (== netstandard2.0) (>= net452))
      DevExpress.Reporting.Core (18.2.10) - restriction: || (== net461) (&& (== netstandard2.0) (>= net452))
      DevExpress.Utils (18.2.10) - restriction: || (== net461) (&& (== netstandard2.0) (>= net452))
      DevExpress.Web (18.2.10) - restriction: || (== net461) (&& (== netstandard2.0) (>= net452))
      DevExpress.Web.Reporting.Common (18.2.10) - restriction: || (== net461) (&& (== netstandard2.0) (>= net452))
    DevExpress.Web.Reporting.Common (18.2.10) - restriction: || (== net461) (&& (== netstandard2.0) (>= net452))
      DevExpress.Charts (18.2.10)
      DevExpress.Charts.Core (18.2.10)
      DevExpress.Data (18.2.10)
      DevExpress.DataAccess (18.2.10)
      DevExpress.Gauges.Core (18.2.10)
      DevExpress.PivotGrid.Core (18.2.10)
      DevExpress.Printing.Core (18.2.10)
      DevExpress.Reporting.Core (18.2.10)
      DevExpress.Sparkline.Core (18.2.10)
    DevExpress.Web.Scheduler (18.2.10) - restriction: || (== net461) (&& (== netstandard2.0) (>= net452))
      DevExpress.Data (18.2.10) - restriction: || (== net461) (&& (== netstandard2.0) (>= net452))
      DevExpress.Scheduler.Core (18.2.10) - restriction: || (== net461) (&& (== netstandard2.0) (>= net452))
      DevExpress.Web (18.2.10) - restriction: || (== net461) (&& (== netstandard2.0) (>= net452))
    DevExpress.Web.Themes (18.2.10) - restriction: || (== net461) (&& (== netstandard2.0) (>= net452))
      DevExpress.Web (18.2.10) - restriction: || (== net461) (&& (== netstandard2.0) (>= net452))
    DevExpress.Web.Visualization (18.2.10) - restriction: || (== net461) (&& (== netstandard2.0) (>= net452))
      DevExpress.Charts (18.2.10) - restriction: || (== net461) (&& (== netstandard2.0) (>= net452))
      DevExpress.Charts.Core (18.2.10) - restriction: || (== net461) (&& (== netstandard2.0) (>= net452))
      DevExpress.Data (18.2.10) - restriction: || (== net461) (&& (== netstandard2.0) (>= net452))
      DevExpress.Gauges.Core (18.2.10) - restriction: || (== net461) (&& (== netstandard2.0) (>= net452))
      DevExpress.Printing.Core (18.2.10) - restriction: || (== net461) (&& (== netstandard2.0) (>= net452))
      DevExpress.Web (18.2.10) - restriction: || (== net461) (&& (== netstandard2.0) (>= net452))
    DevExpress.Win (18.2.10) - restriction: || (== net461) (&& (== netstandard2.0) (>= net452))
      DevExpress.Data (18.2.10) - restriction: || (== net461) (&& (== netstandard2.0) (>= net452))
      DevExpress.PivotGrid.Core (18.2.10) - restriction: || (== net461) (&& (== netstandard2.0) (>= net452))
      DevExpress.Printing.Core (18.2.10) - restriction: || (== net461) (&& (== netstandard2.0) (>= net452))
      DevExpress.RichEdit.Core (18.2.10) - restriction: || (== net461) (&& (== netstandard2.0) (>= net452))
      DevExpress.RichEdit.Export (18.2.10) - restriction: || (== net461) (&& (== netstandard2.0) (>= net452))
      DevExpress.Sparkline.Core (18.2.10) - restriction: || (== net461) (&& (== netstandard2.0) (>= net452))
      DevExpress.Utils (18.2.10) - restriction: || (== net461) (&& (== netstandard2.0) (>= net452))
    DevExpress.Win.BonusSkins (18.2.10) - restriction: || (== net461) (&& (== netstandard2.0) (>= net452))
      DevExpress.Utils (18.2.10) - restriction: || (== net461) (&& (== netstandard2.0) (>= net452))
    DevExpress.Win.Charts (18.2.10) - restriction: || (== net461) (&& (== netstandard2.0) (>= net452))
      DevExpress.Charts (18.2.10) - restriction: || (== net461) (&& (== netstandard2.0) (>= net452))
      DevExpress.Charts.Core (18.2.10) - restriction: || (== net461) (&& (== netstandard2.0) (>= net452))
      DevExpress.Data (18.2.10) - restriction: || (== net461) (&& (== netstandard2.0) (>= net452))
      DevExpress.Printing.Core (18.2.10) - restriction: || (== net461) (&& (== netstandard2.0) (>= net452))
      DevExpress.Utils (18.2.10) - restriction: || (== net461) (&& (== netstandard2.0) (>= net452))
      DevExpress.Utils.UI (18.2.10) - restriction: || (== net461) (&& (== netstandard2.0) (>= net452))
      DevExpress.Win (18.2.10) - restriction: || (== net461) (&& (== netstandard2.0) (>= net452))
    DevExpress.Win.Dashboard (18.2.10) - restriction: || (== net461) (&& (== netstandard2.0) (>= net452))
      DevExpress.Charts (18.2.10) - restriction: || (== net461) (&& (== netstandard2.0) (>= net452))
      DevExpress.Charts.Core (18.2.10) - restriction: || (== net461) (&& (== netstandard2.0) (>= net452))
      DevExpress.Dashboard.Core (18.2.10) - restriction: || (== net461) (&& (== netstandard2.0) (>= net452))
      DevExpress.Data (18.2.10) - restriction: || (== net461) (&& (== netstandard2.0) (>= net452))
      DevExpress.DataAccess (18.2.10) - restriction: || (== net461) (&& (== netstandard2.0) (>= net452))
      DevExpress.DataAccess.UI (18.2.10) - restriction: || (== net461) (&& (== netstandard2.0) (>= net452))
      DevExpress.Gauges.Core (18.2.10) - restriction: || (== net461) (&& (== netstandard2.0) (>= net452))
      DevExpress.Map.Core (18.2.10) - restriction: || (== net461) (&& (== netstandard2.0) (>= net452))
      DevExpress.Office.Core (18.2.10) - restriction: || (== net461) (&& (== netstandard2.0) (>= net452))
      DevExpress.PivotGrid.Core (18.2.10) - restriction: || (== net461) (&& (== netstandard2.0) (>= net452))
      DevExpress.Printing.Core (18.2.10) - restriction: || (== net461) (&& (== netstandard2.0) (>= net452))
      DevExpress.Reporting.Core (18.2.10) - restriction: || (== net461) (&& (== netstandard2.0) (>= net452))
      DevExpress.RichEdit.Core (18.2.10) - restriction: || (== net461) (&& (== netstandard2.0) (>= net452))
      DevExpress.Sparkline.Core (18.2.10) - restriction: || (== net461) (&& (== netstandard2.0) (>= net452))
      DevExpress.TreeMap.Core (18.2.10) - restriction: || (== net461) (&& (== netstandard2.0) (>= net452))
      DevExpress.Utils (18.2.10) - restriction: || (== net461) (&& (== netstandard2.0) (>= net452))
      DevExpress.Utils.UI (18.2.10) - restriction: || (== net461) (&& (== netstandard2.0) (>= net452))
      DevExpress.Win (18.2.10) - restriction: || (== net461) (&& (== netstandard2.0) (>= net452))
      DevExpress.Win.Charts (18.2.10) - restriction: || (== net461) (&& (== netstandard2.0) (>= net452))
      DevExpress.Win.Gauges (18.2.10) - restriction: || (== net461) (&& (== netstandard2.0) (>= net452))
      DevExpress.Win.Map (18.2.10) - restriction: || (== net461) (&& (== netstandard2.0) (>= net452))
      DevExpress.Win.RichEdit (18.2.10) - restriction: || (== net461) (&& (== netstandard2.0) (>= net452))
      DevExpress.Win.TreeMap (18.2.10) - restriction: || (== net461) (&& (== netstandard2.0) (>= net452))
      DevExpress.Xpo (18.2.10) - restriction: || (== net461) (&& (== netstandard2.0) (>= net452))
    DevExpress.Win.Diagram (18.2.10) - restriction: || (== net461) (&& (== netstandard2.0) (>= net452))
      DevExpress.Data (18.2.10) - restriction: || (== net461) (&& (== netstandard2.0) (>= net452))
      DevExpress.Diagram.Core (18.2.10) - restriction: || (== net461) (&& (== netstandard2.0) (>= net452))
      DevExpress.Printing.Core (18.2.10) - restriction: || (== net461) (&& (== netstandard2.0) (>= net452))
      DevExpress.Utils (18.2.10) - restriction: || (== net461) (&& (== netstandard2.0) (>= net452))
      DevExpress.Win (18.2.10) - restriction: || (== net461) (&& (== netstandard2.0) (>= net452))
    DevExpress.Win.Gauges (18.2.10) - restriction: || (== net461) (&& (== netstandard2.0) (>= net452))
      DevExpress.Data (18.2.10) - restriction: || (== net461) (&& (== netstandard2.0) (>= net452))
      DevExpress.Gauges.Core (18.2.10) - restriction: || (== net461) (&& (== netstandard2.0) (>= net452))
      DevExpress.Printing.Core (18.2.10) - restriction: || (== net461) (&& (== netstandard2.0) (>= net452))
      DevExpress.Utils (18.2.10) - restriction: || (== net461) (&& (== netstandard2.0) (>= net452))
      DevExpress.Win (18.2.10) - restriction: || (== net461) (&& (== netstandard2.0) (>= net452))
    DevExpress.Win.Map (18.2.10) - restriction: || (== net461) (&& (== netstandard2.0) (>= net452))
      DevExpress.Data (18.2.10) - restriction: || (== net461) (&& (== netstandard2.0) (>= net452))
      DevExpress.Map.Core (18.2.10) - restriction: || (== net461) (&& (== netstandard2.0) (>= net452))
      DevExpress.Printing.Core (18.2.10) - restriction: || (== net461) (&& (== netstandard2.0) (>= net452))
      DevExpress.Utils (18.2.10) - restriction: || (== net461) (&& (== netstandard2.0) (>= net452))
      DevExpress.Win (18.2.10) - restriction: || (== net461) (&& (== netstandard2.0) (>= net452))
    DevExpress.Win.Reporting (18.2.10) - restriction: || (== net461) (&& (== netstandard2.0) (>= net452))
      DevExpress.Charts (18.2.10) - restriction: || (== net461) (&& (== netstandard2.0) (>= net452))
      DevExpress.CodeParser (18.2.10) - restriction: || (== net461) (&& (== netstandard2.0) (>= net452))
      DevExpress.Data (18.2.10) - restriction: || (== net461) (&& (== netstandard2.0) (>= net452))
      DevExpress.DataAccess (18.2.10) - restriction: || (== net461) (&& (== netstandard2.0) (>= net452))
      DevExpress.DataAccess.UI (18.2.10) - restriction: || (== net461) (&& (== netstandard2.0) (>= net452))
      DevExpress.Gauges.Core (18.2.10) - restriction: || (== net461) (&& (== netstandard2.0) (>= net452))
      DevExpress.Office.Core (18.2.10) - restriction: || (== net461) (&& (== netstandard2.0) (>= net452))
      DevExpress.PivotGrid.Core (18.2.10) - restriction: || (== net461) (&& (== netstandard2.0) (>= net452))
      DevExpress.Printing.Core (18.2.10) - restriction: || (== net461) (&& (== netstandard2.0) (>= net452))
      DevExpress.Reporting.Core (18.2.10) - restriction: || (== net461) (&& (== netstandard2.0) (>= net452))
      DevExpress.RichEdit.Core (18.2.10) - restriction: || (== net461) (&& (== netstandard2.0) (>= net452))
      DevExpress.Sparkline.Core (18.2.10) - restriction: || (== net461) (&& (== netstandard2.0) (>= net452))
      DevExpress.Utils (18.2.10) - restriction: || (== net461) (&& (== netstandard2.0) (>= net452))
      DevExpress.Utils.UI (18.2.10) - restriction: || (== net461) (&& (== netstandard2.0) (>= net452))
      DevExpress.Win (18.2.10) - restriction: || (== net461) (&& (== netstandard2.0) (>= net452))
      DevExpress.Win.Charts (18.2.10) - restriction: || (== net461) (&& (== netstandard2.0) (>= net452))
      DevExpress.Win.RichEdit (18.2.10) - restriction: || (== net461) (&& (== netstandard2.0) (>= net452))
    DevExpress.Win.RichEdit (18.2.10) - restriction: || (== net461) (&& (== netstandard2.0) (>= net452))
      DevExpress.Data (18.2.10) - restriction: || (== net461) (&& (== netstandard2.0) (>= net452))
      DevExpress.Images (18.2.10) - restriction: || (== net461) (&& (== netstandard2.0) (>= net452))
      DevExpress.Office.Core (18.2.10) - restriction: || (== net461) (&& (== netstandard2.0) (>= net452))
      DevExpress.Pdf.Core (18.2.10) - restriction: || (== net461) (&& (== netstandard2.0) (>= net452))
      DevExpress.Printing.Core (18.2.10) - restriction: || (== net461) (&& (== netstandard2.0) (>= net452))
      DevExpress.RichEdit.Core (18.2.10) - restriction: || (== net461) (&& (== netstandard2.0) (>= net452))
      DevExpress.Utils (18.2.10) - restriction: || (== net461) (&& (== netstandard2.0) (>= net452))
      DevExpress.Win (18.2.10) - restriction: || (== net461) (&& (== netstandard2.0) (>= net452))
    DevExpress.Win.Scheduler (18.2.10) - restriction: || (== net461) (&& (== netstandard2.0) (>= net452))
      DevExpress.Data (18.2.10) - restriction: || (== net461) (&& (== netstandard2.0) (>= net452))
      DevExpress.Printing.Core (18.2.10) - restriction: || (== net461) (&& (== netstandard2.0) (>= net452))
      DevExpress.Scheduler.Core (18.2.10) - restriction: || (== net461) (&& (== netstandard2.0) (>= net452))
      DevExpress.SpellChecker.Core (18.2.10) - restriction: || (== net461) (&& (== netstandard2.0) (>= net452))
      DevExpress.Utils (18.2.10) - restriction: || (== net461) (&& (== netstandard2.0) (>= net452))
      DevExpress.Win (18.2.10) - restriction: || (== net461) (&& (== netstandard2.0) (>= net452))
      DevExpress.Win.SpellChecker (18.2.10) - restriction: || (== net461) (&& (== netstandard2.0) (>= net452))
    DevExpress.Win.SpellChecker (18.2.10) - restriction: || (== net461) (&& (== netstandard2.0) (>= net452))
      DevExpress.Data (18.2.10) - restriction: || (== net461) (&& (== netstandard2.0) (>= net452))
      DevExpress.SpellChecker.Core (18.2.10) - restriction: || (== net461) (&& (== netstandard2.0) (>= net452))
      DevExpress.Utils (18.2.10) - restriction: || (== net461) (&& (== netstandard2.0) (>= net452))
      DevExpress.Win (18.2.10) - restriction: || (== net461) (&& (== netstandard2.0) (>= net452))
    DevExpress.Win.TreeMap (18.2.10) - restriction: || (== net461) (&& (== netstandard2.0) (>= net452))
      DevExpress.Data (18.2.10) - restriction: || (== net461) (&& (== netstandard2.0) (>= net452))
      DevExpress.Printing.Core (18.2.10) - restriction: || (== net461) (&& (== netstandard2.0) (>= net452))
      DevExpress.TreeMap.Core (18.2.10) - restriction: || (== net461) (&& (== netstandard2.0) (>= net452))
      DevExpress.Utils (18.2.10) - restriction: || (== net461) (&& (== netstandard2.0) (>= net452))
      DevExpress.Win (18.2.10) - restriction: || (== net461) (&& (== netstandard2.0) (>= net452))
  remote: https://xpandnugetserver.azurewebsites.net/nuget
    DevExpress.EasyTest (18.2.10)
    DevExpress.ExpressApp.EasyTest.WebAdapter (18.2.10)
    DevExpress.ExpressApp.EasyTest.WinAdapter (18.2.10)
