STORAGE: NONE
STRATEGY: MAX
NUGET
  remote: https://api.nuget.org/v3/index.json
    akarnokd.reactive_extensions (0.0.27-alpha)
      System.Reactive (>= 4.1.6) - restriction: >= netstandard2.0
    Castle.Core (4.4) - restriction: || (>= net45) (>= netstandard2.0)
      NETStandard.Library (>= 1.6.1) - restriction: || (&& (< net35) (>= netstandard1.3) (< netstandard1.5)) (&& (< net35) (>= netstandard1.5))
      System.Collections.Specialized (>= 4.3) - restriction: || (&& (< net35) (>= netstandard1.3) (< netstandard1.5)) (&& (< net35) (>= netstandard1.5))
      System.ComponentModel (>= 4.3) - restriction: || (&& (< net35) (>= netstandard1.3) (< netstandard1.5)) (&& (< net35) (>= netstandard1.5))
      System.ComponentModel.TypeConverter (>= 4.3) - restriction: || (&& (< net35) (>= netstandard1.3) (< netstandard1.5)) (&& (< net35) (>= netstandard1.5))
      System.Diagnostics.TraceSource (>= 4.3) - restriction: || (&& (< net35) (>= netstandard1.3) (< netstandard1.5)) (&& (< net35) (>= netstandard1.5))
      System.Dynamic.Runtime (>= 4.3) - restriction: || (&& (< net35) (>= netstandard1.3) (< netstandard1.5)) (&& (< net35) (>= netstandard1.5))
      System.Reflection (>= 4.3) - restriction: || (&& (< net35) (>= netstandard1.3) (< netstandard1.5)) (&& (< net35) (>= netstandard1.5))
      System.Reflection.Emit (>= 4.3) - restriction: || (&& (< net35) (>= netstandard1.3) (< netstandard1.5)) (&& (< net35) (>= netstandard1.5))
      System.Reflection.TypeExtensions (>= 4.3) - restriction: || (&& (< net35) (>= netstandard1.3) (< netstandard1.5)) (&& (< net35) (>= netstandard1.5))
      System.Xml.XmlDocument (>= 4.3) - restriction: || (&& (< net35) (>= netstandard1.3) (< netstandard1.5)) (&& (< net35) (>= netstandard1.5))
    DevExpress.Data (19.2.6) - restriction: || (>= net452) (>= netstandard2.0)
    DevExpress.Xpo (19.2.6) - restriction: || (>= net452) (>= netstandard2.0)
      DevExpress.Data (19.2.6) - restriction: || (>= net452) (>= netstandard2.0)
      Microsoft.Extensions.DependencyInjection (>= 2.0) - restriction: && (< net452) (>= netstandard2.0)
      NETStandard.Library (>= 2.0.3) - restriction: && (< net452) (>= netstandard2.0)
      System.Data.SqlClient (>= 4.5) - restriction: && (< net452) (>= netstandard2.0)
      System.ServiceModel.Primitives (>= 4.4) - restriction: && (< net452) (>= netstandard2.0)
    Enums.NET (3.0.3)
      NETStandard.Library (>= 1.6.1) - restriction: || (&& (< net45) (>= netstandard1.1) (< netstandard1.3)) (&& (< net45) (>= netstandard1.3) (< netstandard2.0)) (&& (>= netstandard1.0) (< netstandard1.1))
      System.ComponentModel.Annotations (>= 4.6) - restriction: || (&& (< net45) (>= netstandard1.1) (< netstandard1.3)) (&& (< net45) (>= netstandard1.3) (< netstandard2.0)) (&& (< net45) (>= netstandard2.0) (< netstandard2.1)) (&& (< netcoreapp3.0) (>= netstandard2.1))
      System.ComponentModel.Primitives (>= 4.3) - restriction: || (&& (< net45) (>= netstandard1.1) (< netstandard1.3)) (&& (< net45) (>= netstandard1.3) (< netstandard2.0)) (&& (>= netstandard1.0) (< netstandard1.1))
      System.Runtime.CompilerServices.Unsafe (>= 4.6) - restriction: || (&& (< net45) (>= netstandard1.1) (< netstandard1.3)) (&& (< net45) (>= netstandard1.3) (< netstandard2.0)) (&& (< net45) (>= netstandard2.0) (< netstandard2.1)) (&& (< netcoreapp3.0) (>= netstandard2.1)) (&& (>= netstandard1.0) (< netstandard1.1))
      System.Runtime.Serialization.Primitives (>= 4.3) - restriction: || (&& (< net45) (>= netstandard1.1) (< netstandard1.3)) (&& (< net45) (>= netstandard1.3) (< netstandard2.0)) (&& (>= netstandard1.0) (< netstandard1.1))
    Fasterflect.Xpand (2.0.7)
      System.Reflection.Emit.Lightweight (>= 4.6) - restriction: >= netstandard2.0
    Grpc (2.23)
      Grpc.Core (>= 2.23) - restriction: || (>= net45) (>= netstandard1.5)
    Grpc.Core (2.25)
      Grpc.Core.Api (>= 2.25) - restriction: || (>= net45) (>= netstandard1.5)
      NETStandard.Library (>= 1.6.1) - restriction: && (< net45) (>= netstandard1.5) (< netstandard2.0)
      System.Memory (>= 4.5.3) - restriction: || (>= net45) (>= netstandard1.5)
      System.Runtime.Loader (>= 4.0) - restriction: && (< net45) (>= netstandard1.5) (< netstandard2.0)
      System.Threading.Thread (>= 4.0) - restriction: && (< net45) (>= netstandard1.5) (< netstandard2.0)
      System.Threading.ThreadPool (>= 4.0.10) - restriction: && (< net45) (>= netstandard1.5) (< netstandard2.0)
    Grpc.Core.Api (2.25) - restriction: || (>= net45) (>= netstandard1.5)
      NETStandard.Library (>= 1.6.1) - restriction: && (< net45) (>= netstandard1.5) (< netstandard2.0)
      System.Memory (>= 4.5.3) - restriction: || (>= net45) (>= netstandard1.5)
    Humanizer.Core (2.7.9)
      NETStandard.Library (>= 1.6.1) - restriction: && (>= netstandard1.0) (< netstandard2.0)
    JetBrains.Annotations (2019.1.3)
      System.Runtime (>= 4.1) - restriction: && (< net10) (>= netstandard1.0) (< netstandard2.0)
    MagicOnion (2.6.3)
      Grpc (>= 2.23) - restriction: >= netstandard2.0
      MessagePack (>= 1.7.3.7) - restriction: >= netstandard2.0
      System.Buffers (>= 4.5) - restriction: >= netstandard2.0
      System.Collections.Immutable (>= 1.5) - restriction: >= netstandard2.0
      System.Runtime.CompilerServices.Unsafe (>= 4.5.2) - restriction: >= netstandard2.0
      System.Threading.Tasks.Extensions (>= 4.5.3) - restriction: >= netstandard2.0
      System.Threading.Tasks.Parallel (>= 4.3) - restriction: >= netstandard2.0
    MessagePack (1.7.3.7)
      System.Reflection.Emit (>= 4.3) - restriction: || (&& (< net45) (>= netstandard1.6) (< netstandard2.0)) (&& (< net45) (>= netstandard2.0))
      System.Reflection.Emit.Lightweight (>= 4.3) - restriction: || (&& (< net45) (>= netstandard1.6) (< netstandard2.0)) (&& (< net45) (>= netstandard2.0))
      System.Runtime.Serialization.Primitives (>= 4.3) - restriction: || (&& (< net45) (>= netstandard1.6) (< netstandard2.0)) (&& (< net45) (>= netstandard2.0))
      System.Threading.Tasks.Extensions (>= 4.3) - restriction: || (&& (>= net45) (< netstandard1.6)) (&& (< net45) (>= netstandard1.6) (< netstandard2.0)) (&& (< net45) (>= netstandard2.0)) (>= net47)
      System.ValueTuple (>= 4.3) - restriction: || (&& (>= net45) (< net47) (< netstandard1.6)) (&& (< net45) (>= netstandard1.6) (< netstandard2.0)) (&& (< net45) (>= netstandard2.0))
    Microsoft.Bcl.AsyncInterfaces (1.1) - restriction: || (>= net461) (&& (>= netstandard2.0) (< netstandard2.1))
      System.Threading.Tasks.Extensions (>= 4.5.2) - restriction: || (>= net461) (&& (< netcoreapp2.1) (>= netstandard2.0)) (>= netstandard2.1)
    Microsoft.CSharp (4.7) - restriction: || (&& (< net20) (>= netstandard1.0) (< netstandard1.3)) (&& (< net20) (>= netstandard1.3) (< netstandard2.0)) (&& (< net40) (>= netstandard1.3) (< netstandard2.0)) (&& (< net40) (>= netstandard2.0))
      NETStandard.Library (>= 1.6.1) - restriction: || (&& (< monoandroid) (< monotouch) (< net45) (>= netstandard1.3) (< netstandard2.0) (< win8) (< wpa81) (< xamarintvos) (< xamarinwatchos)) (&& (< monoandroid) (< net45) (>= netstandard1.0) (< netstandard1.3) (< win8) (< wp8) (< wpa81))
      System.Dynamic.Runtime (>= 4.3) - restriction: || (&& (< monoandroid) (< monotouch) (< net45) (>= netstandard1.3) (< netstandard2.0) (< win8) (< wpa81) (< xamarintvos) (< xamarinwatchos)) (&& (< monoandroid) (< net45) (>= netstandard1.0) (< netstandard1.3) (< win8) (< wp8) (< wpa81))
      System.Reflection.TypeExtensions (>= 4.7) - restriction: && (< monoandroid) (< monotouch) (< net45) (>= netstandard1.3) (< netstandard2.0) (< win8) (< wpa81) (< xamarintvos) (< xamarinwatchos)
    Microsoft.DotNet.InternalAbstractions (1.0) - restriction: >= netcoreapp2.1
      System.AppContext (>= 4.1) - restriction: && (< net451) (>= netstandard1.3)
      System.Collections (>= 4.0.11) - restriction: && (< net451) (>= netstandard1.3)
      System.IO (>= 4.1) - restriction: && (< net451) (>= netstandard1.3)
      System.IO.FileSystem (>= 4.0.1) - restriction: && (< net451) (>= netstandard1.3)
      System.Reflection.TypeExtensions (>= 4.1) - restriction: && (< net451) (>= netstandard1.3)
      System.Runtime.Extensions (>= 4.1) - restriction: && (< net451) (>= netstandard1.3)
      System.Runtime.InteropServices (>= 4.1) - restriction: && (< net451) (>= netstandard1.3)
      System.Runtime.InteropServices.RuntimeInformation (>= 4.0) - restriction: && (< net451) (>= netstandard1.3)
    Microsoft.Extensions.DependencyInjection (3.1.2)
      Microsoft.Bcl.AsyncInterfaces (>= 1.1) - restriction: || (>= net461) (&& (>= netstandard2.0) (< netstandard2.1))
      Microsoft.Extensions.DependencyInjection.Abstractions (>= 3.1.2) - restriction: || (>= net461) (>= netstandard2.0)
    Microsoft.Extensions.DependencyInjection.Abstractions (3.1.2) - restriction: || (>= net461) (>= netstandard2.0)
    Microsoft.NETCore.Platforms (3.1) - restriction: || (&& (< monoandroid) (< monotouch) (< net20) (>= netstandard1.5) (< netstandard2.0) (< win8) (< wpa81) (< xamarintvos) (< xamarinwatchos)) (&& (< monoandroid) (< monotouch) (< net45) (>= netstandard1.5) (< netstandard2.0) (< win8) (< wpa81) (< xamarintvos) (< xamarinwatchos)) (&& (< monoandroid) (< monotouch) (< net45) (>= netstandard1.5) (< win8) (< wpa81) (< xamarinios) (< xamarinmac) (< xamarintvos) (< xamarinwatchos)) (&& (< monoandroid) (< net20) (>= netstandard1.0) (< netstandard1.3) (< win8) (< wp8) (< wpa81)) (&& (< monoandroid) (< net20) (>= netstandard1.3) (< netstandard1.5) (< win8) (< wpa81)) (&& (< monoandroid) (< net20) (< netstandard1.3) (>= netstandard1.5) (< win8) (< wpa81)) (&& (< monoandroid) (< net35) (>= netstandard2.0) (< xamarinios) (< xamarinmac)) (&& (< monoandroid) (< net45) (>= netstandard1.2) (< netstandard1.3) (< win8) (< wpa81)) (&& (< monoandroid) (< net45) (>= netstandard1.3) (< netstandard1.5) (< win8) (< wpa81)) (&& (>= monotouch) (>= netcoreapp2.1)) (&& (< net35) (>= net45) (>= netstandard1.3) (< netstandard1.5)) (&& (< net35) (>= net45) (>= netstandard1.5)) (&& (>= net45) (< net452) (< netstandard1.3) (>= netstandard2.0)) (&& (< net45) (>= netstandard2.0)) (&& (< net452) (>= net46) (< netstandard1.4) (>= netstandard2.0)) (&& (< net452) (>= net461) (>= netstandard2.0)) (>= netcoreapp2.0) (&& (>= netcoreapp2.1) (< netcoreapp3.0)) (&& (>= netcoreapp2.1) (< netcoreapp3.1)) (&& (>= netcoreapp2.1) (>= xamarinios)) (&& (>= netcoreapp2.1) (>= xamarinmac)) (&& (>= netcoreapp2.1) (>= xamarintvos)) (&& (>= netcoreapp2.1) (>= xamarinwatchos)) (&& (< netcoreapp2.1) (>= netcoreapp3.0) (< netstandard2.1)) (&& (< netstandard1.0) (>= netstandard2.0) (< portable-net45+win8)) (&& (< netstandard1.0) (>= netstandard2.0) (>= win8)) (&& (< netstandard1.0) (>= netstandard2.0) (< win8)) (&& (< netstandard1.3) (>= netstandard2.0) (< win8) (>= wpa81)) (&& (< netstandard1.5) (>= netstandard2.0) (>= uap10.0)) (&& (>= netstandard2.0) (< portable-net45+win8+wpa81)) (&& (>= netstandard2.0) (>= uap10.1)) (&& (>= netstandard2.0) (>= wp8))
    Microsoft.NETCore.Targets (3.1) - restriction: || (&& (< monoandroid) (< monotouch) (< net20) (>= netstandard1.5) (< netstandard2.0) (< win8) (< wpa81) (< xamarintvos) (< xamarinwatchos)) (&& (< monoandroid) (< monotouch) (< net45) (>= netstandard1.5) (< netstandard2.0) (< win8) (< wpa81) (< xamarintvos) (< xamarinwatchos)) (&& (< monoandroid) (< monotouch) (< net45) (>= netstandard1.5) (< win8) (< wpa81) (< xamarinios) (< xamarinmac) (< xamarintvos) (< xamarinwatchos)) (&& (< monoandroid) (< net20) (>= netstandard1.0) (< netstandard1.3) (< win8) (< wp8) (< wpa81)) (&& (< monoandroid) (< net20) (>= netstandard1.3) (< netstandard1.5) (< win8) (< wpa81)) (&& (< monoandroid) (< net20) (< netstandard1.3) (>= netstandard1.5) (< win8) (< wpa81)) (&& (< monoandroid) (< net45) (>= netstandard1.2) (< netstandard1.3) (< win8) (< wpa81)) (&& (< monoandroid) (< net45) (< netstandard1.2) (>= netstandard2.0) (< win8)) (&& (< monoandroid) (< net45) (>= netstandard1.3) (< netstandard1.5) (< win8) (< wpa81)) (&& (< monoandroid) (< net45) (< netstandard1.3) (>= netstandard2.0) (< win8) (< wpa81)) (&& (< monoandroid) (< net45) (< netstandard1.5) (>= netstandard2.0) (< win8) (< wpa81)) (&& (< monoandroid) (< net45) (>= netstandard2.0) (< win8) (< wpa81) (< xamarinios) (< xamarinmac)) (>= netcoreapp2.1)
    Microsoft.Win32.Primitives (4.3) - restriction: >= netcoreapp2.1
      Microsoft.NETCore.Platforms (>= 1.1) - restriction: && (< monoandroid) (< monotouch) (< net46) (>= netstandard1.3) (< xamarinios) (< xamarinmac) (< xamarintvos) (< xamarinwatchos)
      Microsoft.NETCore.Targets (>= 1.1) - restriction: && (< monoandroid) (< monotouch) (< net46) (>= netstandard1.3) (< xamarinios) (< xamarinmac) (< xamarintvos) (< xamarinwatchos)
      System.Runtime (>= 4.3) - restriction: && (< monoandroid) (< monotouch) (< net46) (>= netstandard1.3) (< xamarinios) (< xamarinmac) (< xamarintvos) (< xamarinwatchos)
    Microsoft.Win32.Registry (4.7) - restriction: || (&& (< net451) (>= netstandard2.0) (< xamarinios) (< xamarinmac)) (&& (< net452) (>= netstandard2.0)) (>= netcoreapp2.0)
      System.Buffers (>= 4.5) - restriction: || (&& (>= monoandroid) (< netstandard2.0)) (>= monotouch) (&& (< net46) (< netcoreapp2.0) (>= netstandard2.0)) (>= xamarinios) (>= xamarinmac) (>= xamarintvos) (>= xamarinwatchos)
      System.Memory (>= 4.5.3) - restriction: || (&& (< net46) (< netcoreapp2.0) (>= netstandard2.0) (< xamarinios) (< xamarinmac)) (&& (>= netcoreapp2.0) (< netcoreapp2.1)) (>= uap10.1)
      System.Security.AccessControl (>= 4.7) - restriction: || (&& (>= monoandroid) (< netstandard2.0)) (>= monotouch) (&& (< net46) (>= netstandard2.0)) (>= net461) (>= netcoreapp2.0) (>= xamarinios) (>= xamarinmac) (>= xamarintvos) (>= xamarinwatchos)
      System.Security.Principal.Windows (>= 4.7) - restriction: || (&& (>= monoandroid) (< netstandard2.0)) (>= monotouch) (&& (< net46) (>= netstandard2.0)) (>= net461) (>= netcoreapp2.0) (>= xamarinios) (>= xamarinmac) (>= xamarintvos) (>= xamarinwatchos)
    Microsoft.Win32.SystemEvents (4.7) - restriction: >= netcoreapp2.0
      Microsoft.NETCore.Platforms (>= 3.1) - restriction: >= netcoreapp2.0
    Mono.Cecil (0.11.2)
    Moq (4.13.1)
      Castle.Core (>= 4.4) - restriction: || (>= net45) (>= netstandard2.0)
      System.Threading.Tasks.Extensions (>= 4.5.1) - restriction: || (>= net45) (>= netstandard2.0)
    NETStandard.Library (2.0.3) - restriction: || (&& (< monoandroid) (< monotouch) (< net45) (>= netstandard1.1) (< netstandard2.0) (< win8) (< wpa81) (< xamarintvos) (< xamarinwatchos)) (&& (< monoandroid) (< monotouch) (< net45) (>= netstandard1.3) (< netstandard2.0) (< win8) (< wpa81) (< xamarintvos) (< xamarinwatchos)) (&& (< monoandroid) (< monotouch) (< net45) (>= netstandard1.4) (< netstandard2.0) (< uap10.1) (< xamarintvos) (< xamarinwatchos)) (&& (< monoandroid) (< net45) (>= netstandard1.0) (< netstandard1.3) (< win8) (< wp8) (< wpa81)) (&& (< monoandroid) (< net45) (>= netstandard1.1) (< netstandard1.3) (< win8)) (&& (< monoandroid) (< net45) (>= netstandard1.3) (< netstandard1.4) (< win8)) (&& (< monoandroid) (< net45) (< netstandard1.3) (>= netstandard1.4)) (&& (< monoandroid) (< net45) (< netstandard1.3) (>= netstandard2.0) (< win8)) (&& (< monoandroid) (< net45) (< netstandard1.4) (>= netstandard2.0) (< win8)) (&& (< net20) (>= netstandard1.0) (< netstandard1.3)) (&& (< net20) (>= netstandard1.3) (< netstandard2.0)) (&& (< net35) (>= netstandard1.4) (< netstandard2.0)) (&& (< net35) (>= netstandard2.0)) (&& (< net40) (>= netstandard1.3) (< netstandard2.0)) (&& (< net45) (>= net461) (< netstandard2.0)) (&& (< net45) (>= netstandard1.5) (< netstandard2.0)) (&& (< net452) (>= netstandard2.0)) (&& (< net461) (>= netstandard1.1) (< netstandard2.0)) (&& (>= netstandard1.0) (< netstandard2.0)) (&& (< netstandard1.3) (>= netstandard2.1)) (&& (< netstandard1.4) (>= netstandard2.1)) (&& (< netstandard2.0) (>= netstandard2.1))
      Microsoft.NETCore.Platforms (>= 1.1) - restriction: || (&& (>= net45) (< netstandard1.3)) (&& (< net45) (>= netstandard1.1) (< netstandard1.2) (< win8)) (&& (< net45) (>= netstandard1.2) (< netstandard1.3) (< win8) (< wpa81)) (&& (< net45) (>= netstandard1.3) (< netstandard1.4) (< win8) (< wpa81)) (&& (< net45) (>= netstandard1.4) (< netstandard1.5) (< win8) (< wpa81)) (&& (< net45) (>= netstandard1.5) (< netstandard1.6) (< win8) (< wpa81)) (&& (< net45) (>= netstandard1.6) (< netstandard2.0) (< win8) (< wpa81)) (&& (< net45) (>= netstandard2.0)) (&& (>= net46) (< netstandard1.4)) (>= net461) (>= netcoreapp2.0) (&& (>= netstandard1.0) (< portable-net45+win8+wpa81)) (&& (< netstandard1.0) (>= portable-net45+win8) (< win8)) (&& (< netstandard1.0) (< portable-net45+win8) (>= portable-net45+win8+wpa81)) (&& (< netstandard1.0) (>= portable-net45+win8+wp8+wpa81) (< portable-net45+win8+wpa81)) (&& (< netstandard1.0) (>= win8)) (&& (< netstandard1.3) (< win8) (>= wpa81)) (&& (< netstandard1.5) (>= uap10.0)) (>= uap10.1) (>= wp8)
    Newtonsoft.Json (12.0.3)
      Microsoft.CSharp (>= 4.3) - restriction: || (&& (< net20) (>= netstandard1.0) (< netstandard1.3)) (&& (< net20) (>= netstandard1.3) (< netstandard2.0))
      NETStandard.Library (>= 1.6.1) - restriction: || (&& (< net20) (>= netstandard1.0) (< netstandard1.3)) (&& (< net20) (>= netstandard1.3) (< netstandard2.0))
      System.ComponentModel.TypeConverter (>= 4.3) - restriction: || (&& (< net20) (>= netstandard1.0) (< netstandard1.3)) (&& (< net20) (>= netstandard1.3) (< netstandard2.0))
      System.Runtime.Serialization.Formatters (>= 4.3) - restriction: && (< net20) (>= netstandard1.3) (< netstandard2.0)
      System.Runtime.Serialization.Primitives (>= 4.3) - restriction: || (&& (< net20) (>= netstandard1.0) (< netstandard1.3)) (&& (< net20) (>= netstandard1.3) (< netstandard2.0))
      System.Xml.XmlDocument (>= 4.3) - restriction: && (< net20) (>= netstandard1.3) (< netstandard2.0)
    NUnit (3.12)
      NETStandard.Library (>= 1.6.1) - restriction: && (< net35) (>= netstandard1.4) (< netstandard2.0)
      NETStandard.Library (>= 2.0) - restriction: && (< net35) (>= netstandard2.0)
      System.ComponentModel.TypeConverter (>= 4.3) - restriction: && (< net35) (>= netstandard1.4) (< netstandard2.0)
      System.Reflection.TypeExtensions (>= 4.4) - restriction: && (< net35) (>= netstandard1.4) (< netstandard2.0)
    NUnit3TestAdapter (3.16.1)
      Microsoft.DotNet.InternalAbstractions (>= 1.0) - restriction: >= netcoreapp2.1
      System.ComponentModel.EventBasedAsync (>= 4.3) - restriction: >= netcoreapp2.1
      System.ComponentModel.TypeConverter (>= 4.3) - restriction: >= netcoreapp2.1
      System.Diagnostics.Process (>= 4.3) - restriction: >= netcoreapp2.1
      System.Reflection (>= 4.3) - restriction: >= netcoreapp2.1
      System.Runtime.InteropServices.RuntimeInformation (>= 4.3) - restriction: >= netcoreapp2.1
      System.Threading.Thread (>= 4.3) - restriction: >= netcoreapp2.1
      System.Xml.XmlDocument (>= 4.3) - restriction: >= netcoreapp2.1
      System.Xml.XPath.XmlDocument (>= 4.3) - restriction: >= netcoreapp2.1
    Polly (7.2)
      NETStandard.Library (>= 1.6.1) - restriction: && (< net461) (>= netstandard1.1) (< netstandard2.0)
      System.ValueTuple (>= 4.5) - restriction: || (&& (>= net461) (< net472)) (&& (< net461) (>= netstandard1.1) (< netstandard2.0))
    runtime.native.System (4.3.1) - restriction: || (&& (< monoandroid) (< net35) (>= netstandard2.0) (< xamarinios) (< xamarinmac)) (&& (< net35) (>= net45) (>= netstandard1.3) (< netstandard1.5)) (&& (< net35) (>= net45) (>= netstandard1.5)) (>= netcoreapp2.1)
      Microsoft.NETCore.Platforms (>= 1.1.1)
      Microsoft.NETCore.Targets (>= 1.1.3)
    runtime.native.System.Data.SqlClient.sni (4.7) - restriction: || (&& (< net451) (>= netstandard2.0) (< xamarinios) (< xamarinmac)) (>= netcoreapp2.0)
      runtime.win-arm64.runtime.native.System.Data.SqlClient.sni (>= 4.4)
      runtime.win-x64.runtime.native.System.Data.SqlClient.sni (>= 4.4)
      runtime.win-x86.runtime.native.System.Data.SqlClient.sni (>= 4.4)
    runtime.win-arm64.runtime.native.System.Data.SqlClient.sni (4.4) - restriction: || (&& (< net451) (>= netstandard2.0) (< xamarinios) (< xamarinmac)) (>= netcoreapp2.0)
    runtime.win-x64.runtime.native.System.Data.SqlClient.sni (4.4) - restriction: || (&& (< net451) (>= netstandard2.0) (< xamarinios) (< xamarinmac)) (>= netcoreapp2.0)
    runtime.win-x86.runtime.native.System.Data.SqlClient.sni (4.4) - restriction: || (&& (< net451) (>= netstandard2.0) (< xamarinios) (< xamarinmac)) (>= netcoreapp2.0)
    Ryder (0.8)
      System.Collections (>= 4.3) - restriction: || (&& (< net45) (>= netstandard1.3) (< netstandard2.0)) (&& (< net45) (>= netstandard2.0)) (>= netcoreapp2.2)
      System.Reflection.Emit.Lightweight (>= 4.3) - restriction: || (&& (< net45) (>= netstandard1.3) (< netstandard2.0)) (&& (< net45) (>= netstandard2.0)) (>= netcoreapp2.2)
      System.Reflection.Extensions (>= 4.3) - restriction: || (&& (< net45) (>= netstandard1.3) (< netstandard2.0)) (&& (< net45) (>= netstandard2.0)) (>= netcoreapp2.2)
      System.Reflection.TypeExtensions (>= 4.3) - restriction: || (&& (< net45) (>= netstandard1.3) (< netstandard2.0)) (&& (< net45) (>= netstandard2.0)) (>= netcoreapp2.2)
      System.Runtime.Extensions (>= 4.3) - restriction: || (&& (< net45) (>= netstandard1.3) (< netstandard2.0)) (&& (< net45) (>= netstandard2.0)) (>= netcoreapp2.2)
      System.Runtime.InteropServices (>= 4.3) - restriction: || (&& (< net45) (>= netstandard1.3) (< netstandard2.0)) (&& (< net45) (>= netstandard2.0)) (>= netcoreapp2.2)
      System.Runtime.InteropServices.RuntimeInformation (>= 4.3) - restriction: || (&& (< net45) (>= netstandard1.3) (< netstandard2.0)) (&& (< net45) (>= netstandard2.0)) (>= netcoreapp2.2)
    Shouldly (3.0.2)
      Microsoft.CSharp (>= 4.3) - restriction: || (&& (< net40) (>= netstandard1.3) (< netstandard2.0)) (&& (< net40) (>= netstandard2.0))
      NETStandard.Library (>= 1.6.1) - restriction: && (< net40) (>= netstandard1.3) (< netstandard2.0)
      System.Dynamic.Runtime (>= 4.3) - restriction: || (&& (< net40) (>= netstandard1.3) (< netstandard2.0)) (&& (< net40) (>= netstandard2.0))
      System.Reflection.TypeExtensions (>= 4.3) - restriction: || (&& (< net40) (>= netstandard1.3) (< netstandard2.0)) (&& (< net40) (>= netstandard2.0))
    System.AppContext (4.3) - restriction: >= netcoreapp2.1
      System.Runtime (>= 4.3) - restriction: || (&& (< monoandroid) (< monotouch) (< net46) (>= netstandard1.6) (< xamarinios) (< xamarinmac) (< xamarintvos) (< xamarinwatchos)) (&& (< monoandroid) (< net46) (>= netstandard1.3) (< netstandard1.6))
    System.Buffers (4.5) - restriction: || (&& (>= monoandroid) (>= netstandard1.5)) (&& (< monoandroid) (< netstandard1.1) (>= netstandard1.5) (< win8)) (&& (< monoandroid) (>= netstandard1.5) (< win8) (< wpa81)) (>= monotouch) (>= net45) (&& (< netcoreapp2.0) (>= netcoreapp2.1) (< netstandard2.1)) (&& (< netstandard1.1) (>= netstandard1.5) (>= win8)) (&& (>= netstandard1.5) (>= wpa81)) (>= netstandard2.0) (>= xamarintvos) (>= xamarinwatchos)
    System.CodeDom (4.7)
    System.Collections (4.3) - restriction: || (&& (< monoandroid) (< monotouch) (< net20) (>= netstandard1.3) (< netstandard2.0) (< xamarintvos) (< xamarinwatchos)) (&& (< monoandroid) (< monotouch) (< net20) (>= netstandard1.4) (< netstandard2.0) (< xamarintvos) (< xamarinwatchos)) (&& (< monoandroid) (< monotouch) (< net20) (>= netstandard1.5) (< netstandard2.0) (< win8) (< wpa81) (< xamarintvos) (< xamarinwatchos)) (&& (< monoandroid) (< monotouch) (< net20) (>= netstandard1.6) (< netstandard2.0) (< win8) (< wpa81) (< xamarintvos) (< xamarinwatchos)) (&& (< monoandroid) (< monotouch) (< net40) (>= netstandard1.3) (< netstandard2.0) (< win8) (< wpa81) (< xamarintvos) (< xamarinwatchos)) (&& (< monoandroid) (< monotouch) (< net40) (>= netstandard1.6) (< netstandard2.0) (< win8) (< wpa81) (< xamarintvos) (< xamarinwatchos)) (&& (< monoandroid) (< monotouch) (< net45) (< netcoreapp1.1) (>= netstandard1.6) (< win81) (< wpa81) (< xamarinios) (< xamarinmac) (< xamarintvos) (< xamarinwatchos)) (&& (< monoandroid) (< monotouch) (< net451) (>= netstandard1.2) (< win81) (< wpa81) (< xamarinios) (< xamarinmac) (< xamarintvos) (< xamarinwatchos)) (&& (< monoandroid) (< net20) (>= netstandard1.0) (< netstandard1.3) (< win8) (< wp8) (< wpa81)) (&& (< monoandroid) (< net20) (>= netstandard1.3) (< netstandard1.5) (< win8) (< wpa81)) (&& (< monoandroid) (< net20) (< netstandard1.3) (>= netstandard1.5) (< win8) (< wpa81)) (&& (< monoandroid) (< net20) (< netstandard1.3) (>= netstandard1.6) (< win8) (< wpa81)) (&& (< monoandroid) (< net20) (>= netstandard1.5) (< netstandard1.6) (< win8) (< wpa81)) (&& (< monoandroid) (< net35) (>= netstandard2.0) (< xamarinios) (< xamarinmac)) (&& (< monoandroid) (< net40) (< netstandard1.3) (>= netstandard2.0) (< win8) (< wpa81)) (&& (< monoandroid) (< net40) (>= netstandard2.0) (< win8) (< wpa81) (< xamarinios) (< xamarinmac)) (&& (< net35) (>= net45) (>= netstandard1.3) (< netstandard1.5)) (&& (< net35) (>= net45) (>= netstandard1.5)) (&& (< net45) (>= netstandard1.3) (< netstandard2.0)) (&& (< net45) (>= netstandard2.0)) (>= netcoreapp2.1)
      Microsoft.NETCore.Platforms (>= 1.1) - restriction: || (&& (< monoandroid) (< monotouch) (< net45) (>= netstandard1.3) (< win8) (< wpa81) (< xamarinios) (< xamarinmac) (< xamarintvos) (< xamarinwatchos)) (&& (< monoandroid) (< net45) (>= netstandard1.0) (< netstandard1.3) (< win8) (< wp8) (< wpa81))
      Microsoft.NETCore.Targets (>= 1.1) - restriction: || (&& (< monoandroid) (< monotouch) (< net45) (>= netstandard1.3) (< win8) (< wpa81) (< xamarinios) (< xamarinmac) (< xamarintvos) (< xamarinwatchos)) (&& (< monoandroid) (< net45) (>= netstandard1.0) (< netstandard1.3) (< win8) (< wp8) (< wpa81))
      System.Runtime (>= 4.3) - restriction: || (&& (< monoandroid) (< monotouch) (< net45) (>= netstandard1.3) (< win8) (< wpa81) (< xamarinios) (< xamarinmac) (< xamarintvos) (< xamarinwatchos)) (&& (< monoandroid) (< net45) (>= netstandard1.0) (< netstandard1.3) (< win8) (< wp8) (< wpa81))
    System.Collections.Concurrent (4.3) - restriction: || (&& (< monoandroid) (< net45) (< netstandard1.3) (>= netstandard2.0) (< win8) (< wpa81)) (&& (< monoandroid) (< net45) (>= netstandard2.0) (< win8) (< wpa81) (< xamarinios) (< xamarinmac))
      System.Collections (>= 4.3) - restriction: && (< monoandroid) (< monotouch) (< net45) (>= netstandard1.3) (< win8) (< wpa81) (< xamarinios) (< xamarinmac) (< xamarintvos) (< xamarinwatchos)
      System.Diagnostics.Debug (>= 4.3) - restriction: && (< monoandroid) (< monotouch) (< net45) (>= netstandard1.3) (< win8) (< wpa81) (< xamarinios) (< xamarinmac) (< xamarintvos) (< xamarinwatchos)
      System.Diagnostics.Tracing (>= 4.3) - restriction: && (< monoandroid) (< monotouch) (< net45) (>= netstandard1.3) (< win8) (< wpa81) (< xamarinios) (< xamarinmac) (< xamarintvos) (< xamarinwatchos)
      System.Globalization (>= 4.3) - restriction: && (< monoandroid) (< monotouch) (< net45) (>= netstandard1.3) (< win8) (< wpa81) (< xamarinios) (< xamarinmac) (< xamarintvos) (< xamarinwatchos)
      System.Reflection (>= 4.3) - restriction: && (< monoandroid) (< monotouch) (< net45) (>= netstandard1.3) (< win8) (< wpa81) (< xamarinios) (< xamarinmac) (< xamarintvos) (< xamarinwatchos)
      System.Resources.ResourceManager (>= 4.3) - restriction: && (< monoandroid) (< monotouch) (< net45) (>= netstandard1.3) (< win8) (< wpa81) (< xamarinios) (< xamarinmac) (< xamarintvos) (< xamarinwatchos)
      System.Runtime (>= 4.3) - restriction: || (&& (< monoandroid) (< monotouch) (< net45) (>= netstandard1.3) (< win8) (< wpa81) (< xamarinios) (< xamarinmac) (< xamarintvos) (< xamarinwatchos)) (&& (< monoandroid) (< net45) (>= netstandard1.1) (< netstandard1.3) (< win8) (< wpa81))
      System.Runtime.Extensions (>= 4.3) - restriction: && (< monoandroid) (< monotouch) (< net45) (>= netstandard1.3) (< win8) (< wpa81) (< xamarinios) (< xamarinmac) (< xamarintvos) (< xamarinwatchos)
      System.Threading (>= 4.3) - restriction: && (< monoandroid) (< monotouch) (< net45) (>= netstandard1.3) (< win8) (< wpa81) (< xamarinios) (< xamarinmac) (< xamarintvos) (< xamarinwatchos)
      System.Threading.Tasks (>= 4.3) - restriction: || (&& (< monoandroid) (< monotouch) (< net45) (>= netstandard1.3) (< win8) (< wpa81) (< xamarinios) (< xamarinmac) (< xamarintvos) (< xamarinwatchos)) (&& (< monoandroid) (< net45) (>= netstandard1.1) (< netstandard1.3) (< win8) (< wpa81))
    System.Collections.Immutable (1.7)
      NETStandard.Library (>= 1.6.1) - restriction: || (&& (< monoandroid) (< monotouch) (< net45) (>= netstandard1.3) (< netstandard2.0) (< win8) (< wpa81) (< xamarintvos) (< xamarinwatchos)) (&& (< monoandroid) (< net45) (>= netstandard1.0) (< netstandard1.3) (< win8) (< wp8) (< wpa81))
      System.Memory (>= 4.5.3) - restriction: || (&& (< monoandroid) (< monotouch) (< net45) (>= netstandard1.3) (< netstandard2.0) (< win8) (< wpa81) (< xamarintvos) (< xamarinwatchos)) (&& (< net45) (< netcoreapp2.1) (>= netstandard2.0) (< xamarinios) (< xamarinmac)) (>= net46) (>= uap10.1)
    System.Collections.NonGeneric (4.3) - restriction: || (&& (< monoandroid) (< monotouch) (< net20) (>= netstandard1.5) (< netstandard2.0) (< win8) (< wpa81) (< xamarintvos) (< xamarinwatchos)) (&& (< monoandroid) (< net20) (< netstandard1.3) (>= netstandard1.5) (< win8) (< wpa81)) (&& (< monoandroid) (< net35) (>= netstandard2.0) (< xamarinios) (< xamarinmac)) (&& (< net20) (>= net462) (< netstandard1.3)) (&& (< net20) (>= net462) (< netstandard2.0)) (&& (< net35) (>= net45) (>= netstandard1.3) (< netstandard1.5)) (&& (< net35) (>= net45) (>= netstandard1.5))
      System.Diagnostics.Debug (>= 4.3) - restriction: && (< monoandroid) (< monotouch) (< net46) (>= netstandard1.3) (< xamarinios) (< xamarinmac) (< xamarintvos) (< xamarinwatchos)
      System.Globalization (>= 4.3) - restriction: && (< monoandroid) (< monotouch) (< net46) (>= netstandard1.3) (< xamarinios) (< xamarinmac) (< xamarintvos) (< xamarinwatchos)
      System.Resources.ResourceManager (>= 4.3) - restriction: && (< monoandroid) (< monotouch) (< net46) (>= netstandard1.3) (< xamarinios) (< xamarinmac) (< xamarintvos) (< xamarinwatchos)
      System.Runtime (>= 4.3) - restriction: && (< monoandroid) (< monotouch) (< net46) (>= netstandard1.3) (< xamarinios) (< xamarinmac) (< xamarintvos) (< xamarinwatchos)
      System.Runtime.Extensions (>= 4.3) - restriction: && (< monoandroid) (< monotouch) (< net46) (>= netstandard1.3) (< xamarinios) (< xamarinmac) (< xamarintvos) (< xamarinwatchos)
      System.Threading (>= 4.3) - restriction: && (< monoandroid) (< monotouch) (< net46) (>= netstandard1.3) (< xamarinios) (< xamarinmac) (< xamarintvos) (< xamarinwatchos)
    System.Collections.Specialized (4.3) - restriction: || (&& (< monoandroid) (< monotouch) (< net20) (>= netstandard1.5) (< netstandard2.0) (< win8) (< wpa81) (< xamarintvos) (< xamarinwatchos)) (&& (< monoandroid) (< net20) (< netstandard1.3) (>= netstandard1.5) (< win8) (< wpa81)) (&& (< net35) (>= net45) (>= netstandard1.3) (< netstandard1.5)) (&& (< net35) (>= net45) (>= netstandard1.5)) (&& (< net35) (>= netstandard2.0))
      System.Collections.NonGeneric (>= 4.3) - restriction: && (< monoandroid) (< monotouch) (< net46) (>= netstandard1.3) (< xamarinios) (< xamarinmac) (< xamarintvos) (< xamarinwatchos)
      System.Globalization (>= 4.3) - restriction: && (< monoandroid) (< monotouch) (< net46) (>= netstandard1.3) (< xamarinios) (< xamarinmac) (< xamarintvos) (< xamarinwatchos)
      System.Globalization.Extensions (>= 4.3) - restriction: && (< monoandroid) (< monotouch) (< net46) (>= netstandard1.3) (< xamarinios) (< xamarinmac) (< xamarintvos) (< xamarinwatchos)
      System.Resources.ResourceManager (>= 4.3) - restriction: && (< monoandroid) (< monotouch) (< net46) (>= netstandard1.3) (< xamarinios) (< xamarinmac) (< xamarintvos) (< xamarinwatchos)
      System.Runtime (>= 4.3) - restriction: && (< monoandroid) (< monotouch) (< net46) (>= netstandard1.3) (< xamarinios) (< xamarinmac) (< xamarintvos) (< xamarinwatchos)
      System.Runtime.Extensions (>= 4.3) - restriction: && (< monoandroid) (< monotouch) (< net46) (>= netstandard1.3) (< xamarinios) (< xamarinmac) (< xamarintvos) (< xamarinwatchos)
      System.Threading (>= 4.3) - restriction: && (< monoandroid) (< monotouch) (< net46) (>= netstandard1.3) (< xamarinios) (< xamarinmac) (< xamarintvos) (< xamarinwatchos)
    System.ComponentModel (4.3) - restriction: || (&& (< monoandroid) (< monotouch) (< net45) (>= netstandard1.3) (< netstandard2.0) (< win8) (< wpa81) (< xamarintvos) (< xamarinwatchos)) (&& (< monoandroid) (< monotouch) (< net45) (>= netstandard1.4) (< netstandard2.0) (< uap10.1) (< xamarintvos) (< xamarinwatchos)) (&& (< monoandroid) (< net45) (>= netstandard1.1) (< netstandard1.3) (< win8) (< wpa81)) (&& (< monoandroid) (< net45) (>= netstandard1.3) (< netstandard1.4) (< win8)) (&& (< monoandroid) (< net45) (< netstandard1.3) (>= netstandard1.4)) (&& (< monoandroid) (< net45) (< netstandard1.4) (>= netstandard2.0) (< win8)) (&& (< monoandroid) (>= netstandard1.0) (< netstandard1.1) (< win8) (< wp8)) (&& (< net35) (>= net45) (>= netstandard1.3) (< netstandard1.5)) (&& (< net35) (>= net45) (>= netstandard1.5)) (&& (< net35) (>= netstandard2.0)) (&& (< netstandard1.4) (>= netstandard2.1)) (&& (< netstandard2.0) (>= netstandard2.1)) (&& (>= uap10.0) (< uap10.1))
    System.ComponentModel.Annotations (4.7) - restriction: || (&& (< net45) (>= netstandard1.1) (< netstandard1.3)) (&& (< net45) (>= netstandard1.3) (< netstandard2.0)) (&& (< net45) (>= netstandard2.0) (< netstandard2.1)) (&& (< netcoreapp3.0) (>= netstandard2.1))
      NETStandard.Library (>= 1.6.1) - restriction: || (&& (< monoandroid) (< monotouch) (< net45) (>= netstandard1.4) (< netstandard2.0) (< uap10.1) (< xamarintvos) (< xamarinwatchos)) (&& (< monoandroid) (< net45) (>= netstandard1.1) (< netstandard1.3) (< win8)) (&& (< monoandroid) (< net45) (>= netstandard1.3) (< netstandard1.4) (< win8))
      System.ComponentModel (>= 4.3) - restriction: || (&& (< monoandroid) (< monotouch) (< net45) (>= netstandard1.4) (< netstandard2.0) (< uap10.1) (< xamarintvos) (< xamarinwatchos)) (&& (< monoandroid) (< net45) (>= netstandard1.3) (< netstandard1.4) (< win8))
    System.ComponentModel.EventBasedAsync (4.3) - restriction: >= netcoreapp2.1
      System.Resources.ResourceManager (>= 4.3) - restriction: && (< monoandroid) (< monotouch) (< net45) (>= netstandard1.3) (< win8) (< wpa81) (< xamarinios) (< xamarinmac) (< xamarintvos) (< xamarinwatchos)
      System.Runtime (>= 4.3) - restriction: || (&& (< monoandroid) (< monotouch) (< net45) (>= netstandard1.3) (< win8) (< wpa81) (< xamarinios) (< xamarinmac) (< xamarintvos) (< xamarinwatchos)) (&& (< monoandroid) (< net45) (>= netstandard1.0) (< netstandard1.3) (< win8) (< wp8) (< wpa81))
      System.Threading (>= 4.3) - restriction: && (< monoandroid) (< monotouch) (< net45) (>= netstandard1.3) (< win8) (< wpa81) (< xamarinios) (< xamarinmac) (< xamarintvos) (< xamarinwatchos)
      System.Threading.Tasks (>= 4.3) - restriction: && (< monoandroid) (< monotouch) (< net45) (>= netstandard1.3) (< win8) (< wpa81) (< xamarinios) (< xamarinmac) (< xamarintvos) (< xamarinwatchos)
    System.ComponentModel.Primitives (4.3) - restriction: || (&& (< monoandroid) (< monotouch) (< net20) (>= netstandard1.5) (< netstandard2.0) (< win8) (< xamarintvos) (< xamarinwatchos)) (&& (< monoandroid) (< net20) (>= netstandard1.0) (< netstandard1.3) (< win8)) (&& (< monoandroid) (< net20) (>= netstandard1.3) (< netstandard1.5) (< win8)) (&& (< monoandroid) (< net20) (< netstandard1.3) (>= netstandard1.5) (< win8)) (&& (< net20) (>= net45) (>= netstandard1.3) (< netstandard1.5)) (&& (< net20) (>= net45) (< netstandard1.3)) (&& (< net20) (>= net462) (< netstandard1.3)) (&& (< net20) (>= net462) (< netstandard2.0)) (&& (< net45) (>= netstandard1.1) (< netstandard1.3)) (&& (< net45) (>= netstandard1.3) (< netstandard2.0)) (&& (>= netstandard1.0) (< netstandard1.1)) (&& (< netstandard1.0) (>= netstandard1.3) (>= win8)) (&& (>= netstandard1.3) (< netstandard2.0) (>= wpa81)) (&& (< netstandard1.3) (>= wpa81)) (>= wp8)
      System.ComponentModel (>= 4.3) - restriction: && (< monoandroid) (< monotouch) (< net45) (>= netstandard1.0) (< win8) (< wp8) (< wpa81) (< xamarinios) (< xamarinmac) (< xamarintvos) (< xamarinwatchos)
      System.Resources.ResourceManager (>= 4.3) - restriction: && (< monoandroid) (< monotouch) (< net45) (>= netstandard1.0) (< win8) (< wp8) (< wpa81) (< xamarinios) (< xamarinmac) (< xamarintvos) (< xamarinwatchos)
      System.Runtime (>= 4.3) - restriction: && (< monoandroid) (< monotouch) (< net45) (>= netstandard1.0) (< win8) (< wp8) (< wpa81) (< xamarinios) (< xamarinmac) (< xamarintvos) (< xamarinwatchos)
    System.ComponentModel.TypeConverter (4.3) - restriction: || (&& (< net20) (>= netstandard1.0) (< netstandard1.3)) (&& (< net20) (>= netstandard1.3) (< netstandard2.0)) (&& (< net35) (>= net45) (>= netstandard1.3) (< netstandard1.5)) (&& (< net35) (>= net45) (>= netstandard1.5)) (&& (< net35) (>= netstandard1.4) (< netstandard2.0)) (&& (< net35) (>= netstandard2.0)) (>= netcoreapp2.1)
      System.Collections (>= 4.3) - restriction: || (&& (< monoandroid) (< monotouch) (< net45) (>= netstandard1.5) (< win8) (< wpa81) (< xamarinios) (< xamarinmac) (< xamarintvos) (< xamarinwatchos)) (&& (< monoandroid) (< net45) (>= netstandard1.0) (< netstandard1.5) (< win8) (< wp8) (< wpa81))
      System.Collections.NonGeneric (>= 4.3) - restriction: || (&& (< monoandroid) (< monotouch) (< net45) (>= netstandard1.5) (< win8) (< wpa81) (< xamarinios) (< xamarinmac) (< xamarintvos) (< xamarinwatchos)) (>= net462)
      System.Collections.Specialized (>= 4.3) - restriction: && (< monoandroid) (< monotouch) (< net45) (>= netstandard1.5) (< win8) (< wpa81) (< xamarinios) (< xamarinmac) (< xamarintvos) (< xamarinwatchos)
      System.ComponentModel (>= 4.3) - restriction: || (&& (< monoandroid) (< monotouch) (< net45) (>= netstandard1.5) (< win8) (< wpa81) (< xamarinios) (< xamarinmac) (< xamarintvos) (< xamarinwatchos)) (&& (< monoandroid) (< net45) (>= netstandard1.0) (< netstandard1.5) (< win8) (< wp8) (< wpa81))
      System.ComponentModel.Primitives (>= 4.3) - restriction: || (&& (< monoandroid) (< monotouch) (< net45) (>= netstandard1.5) (< win8) (< xamarinios) (< xamarinmac) (< xamarintvos) (< xamarinwatchos)) (&& (< monoandroid) (< net45) (>= netstandard1.0) (< netstandard1.5) (< win8)) (&& (>= net45) (< netstandard1.5)) (>= net462) (&& (< netstandard1.0) (>= win8)) (>= wp8) (>= wpa81)
      System.Globalization (>= 4.3) - restriction: || (&& (< monoandroid) (< monotouch) (< net45) (>= netstandard1.5) (< win8) (< wpa81) (< xamarinios) (< xamarinmac) (< xamarintvos) (< xamarinwatchos)) (&& (< monoandroid) (< net45) (>= netstandard1.0) (< netstandard1.5) (< win8) (< wp8) (< wpa81))
      System.Linq (>= 4.3) - restriction: && (< monoandroid) (< monotouch) (< net45) (>= netstandard1.5) (< win8) (< wpa81) (< xamarinios) (< xamarinmac) (< xamarintvos) (< xamarinwatchos)
      System.Reflection (>= 4.3) - restriction: || (&& (< monoandroid) (< monotouch) (< net45) (>= netstandard1.5) (< win8) (< wpa81) (< xamarinios) (< xamarinmac) (< xamarintvos) (< xamarinwatchos)) (&& (< monoandroid) (< net45) (>= netstandard1.0) (< netstandard1.5) (< win8) (< wp8) (< wpa81))
      System.Reflection.Extensions (>= 4.3) - restriction: || (&& (< monoandroid) (< monotouch) (< net45) (>= netstandard1.5) (< win8) (< wpa81) (< xamarinios) (< xamarinmac) (< xamarintvos) (< xamarinwatchos)) (&& (< monoandroid) (< net45) (>= netstandard1.0) (< netstandard1.5) (< win8) (< wp8) (< wpa81))
      System.Reflection.Primitives (>= 4.3) - restriction: || (&& (< monoandroid) (< monotouch) (< net45) (>= netstandard1.5) (< win8) (< wpa81) (< xamarinios) (< xamarinmac) (< xamarintvos) (< xamarinwatchos)) (&& (< monoandroid) (< net45) (>= netstandard1.0) (< netstandard1.5) (< win8) (< wp8) (< wpa81))
      System.Reflection.TypeExtensions (>= 4.3) - restriction: && (< monoandroid) (< monotouch) (< net45) (>= netstandard1.5) (< win8) (< wpa81) (< xamarinios) (< xamarinmac) (< xamarintvos) (< xamarinwatchos)
      System.Resources.ResourceManager (>= 4.3) - restriction: || (&& (< monoandroid) (< monotouch) (< net45) (>= netstandard1.5) (< win8) (< wpa81) (< xamarinios) (< xamarinmac) (< xamarintvos) (< xamarinwatchos)) (&& (< monoandroid) (< net45) (>= netstandard1.0) (< netstandard1.5) (< win8) (< wp8) (< wpa81))
      System.Runtime (>= 4.3) - restriction: || (&& (< monoandroid) (< monotouch) (< net45) (>= netstandard1.5) (< win8) (< wpa81) (< xamarinios) (< xamarinmac) (< xamarintvos) (< xamarinwatchos)) (&& (< monoandroid) (< net45) (>= netstandard1.0) (< netstandard1.5) (< win8) (< wp8) (< wpa81))
      System.Runtime.Extensions (>= 4.3) - restriction: || (&& (< monoandroid) (< monotouch) (< net45) (>= netstandard1.5) (< win8) (< wpa81) (< xamarinios) (< xamarinmac) (< xamarintvos) (< xamarinwatchos)) (&& (< monoandroid) (< net45) (>= netstandard1.0) (< netstandard1.5) (< win8) (< wp8) (< wpa81))
      System.Threading (>= 4.3) - restriction: || (&& (< monoandroid) (< monotouch) (< net45) (>= netstandard1.5) (< win8) (< wpa81) (< xamarinios) (< xamarinmac) (< xamarintvos) (< xamarinwatchos)) (&& (< monoandroid) (< net45) (>= netstandard1.0) (< netstandard1.5) (< win8) (< wp8) (< wpa81))
    System.Configuration.ConfigurationManager (4.7) - restriction: && (< net452) (>= netstandard2.0)
      System.Security.Cryptography.ProtectedData (>= 4.7) - restriction: && (< net461) (>= netstandard2.0) (< xamarinios) (< xamarinmac)
      System.Security.Permissions (>= 4.7) - restriction: || (>= monoandroid) (>= monotouch) (>= net461) (>= netstandard2.0) (>= xamarintvos) (>= xamarinwatchos)
    System.Data.Common (4.3)
      System.Collections (>= 4.3) - restriction: && (< monoandroid) (< monotouch) (< net451) (>= netstandard1.2) (< win81) (< wpa81) (< xamarinios) (< xamarinmac) (< xamarintvos) (< xamarinwatchos)
      System.Globalization (>= 4.3) - restriction: && (< monoandroid) (< monotouch) (< net451) (>= netstandard1.2) (< win81) (< wpa81) (< xamarinios) (< xamarinmac) (< xamarintvos) (< xamarinwatchos)
      System.IO (>= 4.3) - restriction: && (< monoandroid) (< monotouch) (< net451) (>= netstandard1.2) (< win81) (< wpa81) (< xamarinios) (< xamarinmac) (< xamarintvos) (< xamarinwatchos)
      System.Resources.ResourceManager (>= 4.3) - restriction: && (< monoandroid) (< monotouch) (< net451) (>= netstandard1.2) (< win81) (< wpa81) (< xamarinios) (< xamarinmac) (< xamarintvos) (< xamarinwatchos)
      System.Runtime (>= 4.3) - restriction: && (< monoandroid) (< monotouch) (< net451) (>= netstandard1.2) (< win81) (< wpa81) (< xamarinios) (< xamarinmac) (< xamarintvos) (< xamarinwatchos)
      System.Runtime.Extensions (>= 4.3) - restriction: && (< monoandroid) (< monotouch) (< net451) (>= netstandard1.2) (< win81) (< wpa81) (< xamarinios) (< xamarinmac) (< xamarintvos) (< xamarinwatchos)
      System.Text.RegularExpressions (>= 4.3) - restriction: && (< monoandroid) (< monotouch) (< net451) (>= netstandard1.2) (< win81) (< wpa81) (< xamarinios) (< xamarinmac) (< xamarintvos) (< xamarinwatchos)
      System.Threading.Tasks (>= 4.3) - restriction: && (< monoandroid) (< monotouch) (< net451) (>= netstandard1.2) (< win81) (< wpa81) (< xamarinios) (< xamarinmac) (< xamarintvos) (< xamarinwatchos)
    System.Data.SqlClient (4.8) - restriction: && (< net452) (>= netstandard2.0)
      Microsoft.Win32.Registry (>= 4.7) - restriction: || (&& (< net451) (>= netstandard2.0) (< xamarinios) (< xamarinmac)) (>= netcoreapp2.0)
      runtime.native.System.Data.SqlClient.sni (>= 4.7) - restriction: || (&& (< monoandroid) (< monotouch) (< net451) (>= netstandard1.3) (< netstandard2.0) (< win81) (< wpa81) (< xamarintvos) (< xamarinwatchos)) (&& (< net451) (>= netstandard2.0) (< xamarinios) (< xamarinmac)) (>= netcoreapp2.0)
      System.Buffers (>= 4.5) - restriction: && (< net451) (< netcoreapp2.0) (>= netstandard2.0) (< xamarinios) (< xamarinmac)
      System.Diagnostics.DiagnosticSource (>= 4.7) - restriction: || (&& (< monoandroid) (< monotouch) (< net451) (>= netstandard1.3) (< netstandard2.0) (< win81) (< wpa81) (< xamarintvos) (< xamarinwatchos)) (&& (< net451) (< netcoreapp2.0) (>= netstandard2.0) (< xamarinios) (< xamarinmac)) (&& (>= netcoreapp2.0) (< netcoreapp2.1)) (&& (>= netcoreapp2.1) (< netcoreapp3.1)) (>= uap10.1)
      System.Memory (>= 4.5.3) - restriction: || (&& (< net451) (< netcoreapp2.0) (>= netstandard2.0) (< xamarinios) (< xamarinmac)) (&& (>= netcoreapp2.0) (< netcoreapp2.1)) (>= uap10.1)
      System.Security.Principal.Windows (>= 4.7) - restriction: || (&& (< monoandroid) (< monotouch) (< net451) (>= netstandard1.3) (< netstandard2.0) (< win81) (< wpa81) (< xamarintvos) (< xamarinwatchos)) (&& (< net451) (>= netstandard2.0) (< xamarinios) (< xamarinmac)) (>= netcoreapp2.0)
      System.Text.Encoding.CodePages (>= 4.7) - restriction: || (&& (< monoandroid) (< monotouch) (< net451) (>= netstandard1.3) (< netstandard2.0) (< win81) (< wpa81) (< xamarintvos) (< xamarinwatchos)) (&& (< net451) (< netcoreapp2.0) (>= netstandard2.0) (< xamarinios) (< xamarinmac)) (&& (>= netcoreapp2.0) (< netcoreapp2.1)) (&& (>= netcoreapp2.1) (< netcoreapp3.1)) (>= uap10.1)
    System.Diagnostics.Debug (4.3) - restriction: || (&& (< monoandroid) (< monotouch) (< net20) (>= netstandard1.3) (< netstandard2.0) (< xamarintvos) (< xamarinwatchos)) (&& (< monoandroid) (< monotouch) (< net20) (>= netstandard1.6) (< netstandard2.0) (< win8) (< wpa81) (< xamarintvos) (< xamarinwatchos)) (&& (< monoandroid) (< monotouch) (< net40) (>= netstandard1.3) (< netstandard2.0) (< win8) (< wpa81) (< xamarintvos) (< xamarinwatchos)) (&& (< monoandroid) (< monotouch) (< net40) (>= netstandard1.6) (< netstandard2.0) (< win8) (< wpa81) (< xamarintvos) (< xamarinwatchos)) (&& (< monoandroid) (< monotouch) (< net45) (>= netstandard1.5) (< netstandard2.0) (< win8) (< wpa81) (< xamarintvos) (< xamarinwatchos)) (&& (< monoandroid) (< net20) (< netstandard1.3) (>= netstandard1.6) (< win8) (< wpa81)) (&& (< monoandroid) (< net35) (>= netstandard2.0) (< xamarinios) (< xamarinmac)) (&& (< monoandroid) (< net40) (< netstandard1.3) (>= netstandard2.0) (< win8) (< wpa81)) (&& (< monoandroid) (< net40) (>= netstandard2.0) (< win8) (< wpa81) (< xamarinios) (< xamarinmac)) (&& (< monoandroid) (< net45) (>= netstandard2.0) (< win8) (< wpa81) (< xamarinios) (< xamarinmac)) (&& (< net35) (>= net45) (>= netstandard1.3) (< netstandard1.5)) (&& (< net35) (>= net45) (>= netstandard1.5)) (>= netcoreapp2.1)
      Microsoft.NETCore.Platforms (>= 1.1) - restriction: || (&& (< monoandroid) (< monotouch) (< net45) (>= netstandard1.3) (< win8) (< wpa81) (< xamarinios) (< xamarinmac) (< xamarintvos) (< xamarinwatchos)) (&& (< monoandroid) (< net45) (>= netstandard1.0) (< netstandard1.3) (< win8) (< wp8) (< wpa81))
      Microsoft.NETCore.Targets (>= 1.1) - restriction: || (&& (< monoandroid) (< monotouch) (< net45) (>= netstandard1.3) (< win8) (< wpa81) (< xamarinios) (< xamarinmac) (< xamarintvos) (< xamarinwatchos)) (&& (< monoandroid) (< net45) (>= netstandard1.0) (< netstandard1.3) (< win8) (< wp8) (< wpa81))
      System.Runtime (>= 4.3) - restriction: || (&& (< monoandroid) (< monotouch) (< net45) (>= netstandard1.3) (< win8) (< wpa81) (< xamarinios) (< xamarinmac) (< xamarintvos) (< xamarinwatchos)) (&& (< monoandroid) (< net45) (>= netstandard1.0) (< netstandard1.3) (< win8) (< wp8) (< wpa81))
    System.Diagnostics.DiagnosticSource (4.7) - restriction: || (&& (< net451) (< netcoreapp2.0) (>= netstandard2.0) (< xamarinios) (< xamarinmac)) (&& (>= netcoreapp2.0) (< netcoreapp2.1)) (&& (>= netcoreapp2.1) (< netcoreapp3.1)) (&& (>= netstandard2.0) (>= uap10.1))
      System.Memory (>= 4.5.3) - restriction: || (&& (< monoandroid) (< monotouch) (< net45) (>= netstandard1.3) (< netstandard2.0) (< win8) (< wpa81) (< xamarintvos) (< xamarinwatchos)) (&& (>= net45) (< netstandard1.3)) (&& (< net45) (< netcoreapp2.1) (>= netstandard2.0) (< xamarinios) (< xamarinmac)) (>= net46) (>= uap10.1)
    System.Diagnostics.EventLog (4.7) - restriction: || (&& (>= monoandroid) (>= netstandard2.0)) (&& (>= monotouch) (>= netstandard2.0)) (&& (< net452) (>= netstandard2.0)) (&& (>= netstandard2.0) (>= uap10.1)) (&& (>= netstandard2.0) (>= xamarintvos)) (&& (>= netstandard2.0) (>= xamarinwatchos))
      Microsoft.NETCore.Platforms (>= 3.1) - restriction: >= netcoreapp2.0
      Microsoft.Win32.Registry (>= 4.7) - restriction: >= netcoreapp2.0
      System.Security.Principal.Windows (>= 4.7) - restriction: || (>= net461) (>= netstandard2.0)
    System.Diagnostics.Process (4.3) - restriction: >= netcoreapp2.1
      Microsoft.NETCore.Platforms (>= 1.1) - restriction: && (< monoandroid) (< monotouch) (< net46) (>= netstandard1.4) (< xamarinios) (< xamarinmac) (< xamarintvos) (< xamarinwatchos)
      Microsoft.Win32.Primitives (>= 4.3) - restriction: && (< monoandroid) (< monotouch) (< net46) (>= netstandard1.4) (< xamarinios) (< xamarinmac) (< xamarintvos) (< xamarinwatchos)
      Microsoft.Win32.Registry (>= 4.3) - restriction: && (< monoandroid) (< monotouch) (< net46) (>= netstandard1.4) (< xamarinios) (< xamarinmac) (< xamarintvos) (< xamarinwatchos)
      runtime.native.System (>= 4.3) - restriction: && (< monoandroid) (< monotouch) (< net46) (>= netstandard1.4) (< xamarinios) (< xamarinmac) (< xamarintvos) (< xamarinwatchos)
      System.Collections (>= 4.3) - restriction: && (< monoandroid) (< monotouch) (< net46) (>= netstandard1.4) (< xamarinios) (< xamarinmac) (< xamarintvos) (< xamarinwatchos)
      System.Diagnostics.Debug (>= 4.3) - restriction: && (< monoandroid) (< monotouch) (< net46) (>= netstandard1.4) (< xamarinios) (< xamarinmac) (< xamarintvos) (< xamarinwatchos)
      System.Globalization (>= 4.3) - restriction: && (< monoandroid) (< monotouch) (< net46) (>= netstandard1.4) (< xamarinios) (< xamarinmac) (< xamarintvos) (< xamarinwatchos)
      System.IO (>= 4.3) - restriction: || (&& (< monoandroid) (< monotouch) (< net46) (>= netstandard1.4) (< xamarinios) (< xamarinmac) (< xamarintvos) (< xamarinwatchos)) (&& (< monoandroid) (< net46) (>= netstandard1.3) (< netstandard1.4))
      System.IO.FileSystem (>= 4.3) - restriction: && (< monoandroid) (< monotouch) (< net46) (>= netstandard1.4) (< xamarinios) (< xamarinmac) (< xamarintvos) (< xamarinwatchos)
      System.IO.FileSystem.Primitives (>= 4.3) - restriction: && (< monoandroid) (< monotouch) (< net46) (>= netstandard1.4) (< xamarinios) (< xamarinmac) (< xamarintvos) (< xamarinwatchos)
      System.Resources.ResourceManager (>= 4.3) - restriction: && (< monoandroid) (< monotouch) (< net46) (>= netstandard1.4) (< xamarinios) (< xamarinmac) (< xamarintvos) (< xamarinwatchos)
      System.Runtime (>= 4.3) - restriction: || (&& (< monoandroid) (< monotouch) (< net46) (>= netstandard1.4) (< xamarinios) (< xamarinmac) (< xamarintvos) (< xamarinwatchos)) (&& (< monoandroid) (< net46) (>= netstandard1.3) (< netstandard1.4))
      System.Runtime.Extensions (>= 4.3) - restriction: && (< monoandroid) (< monotouch) (< net46) (>= netstandard1.4) (< xamarinios) (< xamarinmac) (< xamarintvos) (< xamarinwatchos)
      System.Runtime.Handles (>= 4.3) - restriction: || (&& (< monoandroid) (< monotouch) (< net46) (>= netstandard1.4) (< xamarinios) (< xamarinmac) (< xamarintvos) (< xamarinwatchos)) (&& (< monoandroid) (< net46) (>= netstandard1.3) (< netstandard1.4))
      System.Runtime.InteropServices (>= 4.3) - restriction: && (< monoandroid) (< monotouch) (< net46) (>= netstandard1.4) (< xamarinios) (< xamarinmac) (< xamarintvos) (< xamarinwatchos)
      System.Text.Encoding (>= 4.3) - restriction: || (&& (< monoandroid) (< monotouch) (< net46) (>= netstandard1.4) (< xamarinios) (< xamarinmac) (< xamarintvos) (< xamarinwatchos)) (&& (< monoandroid) (< net46) (>= netstandard1.3) (< netstandard1.4))
      System.Text.Encoding.Extensions (>= 4.3) - restriction: && (< monoandroid) (< monotouch) (< net46) (>= netstandard1.4) (< xamarinios) (< xamarinmac) (< xamarintvos) (< xamarinwatchos)
      System.Threading (>= 4.3) - restriction: && (< monoandroid) (< monotouch) (< net46) (>= netstandard1.4) (< xamarinios) (< xamarinmac) (< xamarintvos) (< xamarinwatchos)
      System.Threading.Tasks (>= 4.3) - restriction: && (< monoandroid) (< monotouch) (< net46) (>= netstandard1.4) (< xamarinios) (< xamarinmac) (< xamarintvos) (< xamarinwatchos)
      System.Threading.Thread (>= 4.3) - restriction: && (< monoandroid) (< monotouch) (< net46) (>= netstandard1.4) (< xamarinios) (< xamarinmac) (< xamarintvos) (< xamarinwatchos)
      System.Threading.ThreadPool (>= 4.3) - restriction: && (< monoandroid) (< monotouch) (< net46) (>= netstandard1.4) (< xamarinios) (< xamarinmac) (< xamarintvos) (< xamarinwatchos)
    System.Diagnostics.TraceSource (4.3) - restriction: || (&& (< net35) (>= net45) (>= netstandard1.3) (< netstandard1.5)) (&& (< net35) (>= net45) (>= netstandard1.5)) (&& (< net35) (>= netstandard2.0))
      Microsoft.NETCore.Platforms (>= 1.1) - restriction: && (< monoandroid) (< monotouch) (< net46) (>= netstandard1.3) (< xamarinios) (< xamarinmac) (< xamarintvos) (< xamarinwatchos)
      runtime.native.System (>= 4.3) - restriction: && (< monoandroid) (< monotouch) (< net46) (>= netstandard1.3) (< xamarinios) (< xamarinmac) (< xamarintvos) (< xamarinwatchos)
      System.Collections (>= 4.3) - restriction: && (< monoandroid) (< monotouch) (< net46) (>= netstandard1.3) (< xamarinios) (< xamarinmac) (< xamarintvos) (< xamarinwatchos)
      System.Diagnostics.Debug (>= 4.3) - restriction: && (< monoandroid) (< monotouch) (< net46) (>= netstandard1.3) (< xamarinios) (< xamarinmac) (< xamarintvos) (< xamarinwatchos)
      System.Globalization (>= 4.3) - restriction: && (< monoandroid) (< monotouch) (< net46) (>= netstandard1.3) (< xamarinios) (< xamarinmac) (< xamarintvos) (< xamarinwatchos)
      System.Resources.ResourceManager (>= 4.3) - restriction: && (< monoandroid) (< monotouch) (< net46) (>= netstandard1.3) (< xamarinios) (< xamarinmac) (< xamarintvos) (< xamarinwatchos)
      System.Runtime (>= 4.3) - restriction: && (< monoandroid) (< monotouch) (< net46) (>= netstandard1.3) (< xamarinios) (< xamarinmac) (< xamarintvos) (< xamarinwatchos)
      System.Runtime.Extensions (>= 4.3) - restriction: && (< monoandroid) (< monotouch) (< net46) (>= netstandard1.3) (< xamarinios) (< xamarinmac) (< xamarintvos) (< xamarinwatchos)
      System.Threading (>= 4.3) - restriction: && (< monoandroid) (< monotouch) (< net46) (>= netstandard1.3) (< xamarinios) (< xamarinmac) (< xamarintvos) (< xamarinwatchos)
    System.Diagnostics.Tracing (4.3) - restriction: && (< monoandroid) (< net45) (>= netstandard2.0) (< win8) (< wpa81) (< xamarinios) (< xamarinmac)
      Microsoft.NETCore.Platforms (>= 1.1) - restriction: || (&& (< monoandroid) (< monotouch) (< net45) (>= netstandard1.5) (< win8) (< wpa81) (< xamarinios) (< xamarinmac) (< xamarintvos) (< xamarinwatchos)) (&& (< monoandroid) (< net45) (>= netstandard1.1) (< netstandard1.2) (< win8)) (&& (< monoandroid) (< net45) (>= netstandard1.2) (< netstandard1.3) (< win8) (< wpa81)) (&& (< monoandroid) (< net45) (>= netstandard1.3) (< netstandard1.5) (< win8) (< wpa81))
      Microsoft.NETCore.Targets (>= 1.1) - restriction: || (&& (< monoandroid) (< monotouch) (< net45) (>= netstandard1.5) (< win8) (< wpa81) (< xamarinios) (< xamarinmac) (< xamarintvos) (< xamarinwatchos)) (&& (< monoandroid) (< net45) (>= netstandard1.1) (< netstandard1.2) (< win8)) (&& (< monoandroid) (< net45) (>= netstandard1.2) (< netstandard1.3) (< win8) (< wpa81)) (&& (< monoandroid) (< net45) (>= netstandard1.3) (< netstandard1.5) (< win8) (< wpa81))
      System.Runtime (>= 4.3) - restriction: || (&& (< monoandroid) (< monotouch) (< net45) (>= netstandard1.5) (< win8) (< wpa81) (< xamarinios) (< xamarinmac) (< xamarintvos) (< xamarinwatchos)) (&& (< monoandroid) (< net45) (>= netstandard1.1) (< netstandard1.2) (< win8)) (&& (< monoandroid) (< net45) (>= netstandard1.2) (< netstandard1.3) (< win8) (< wpa81)) (&& (< monoandroid) (< net45) (>= netstandard1.3) (< netstandard1.5) (< win8) (< wpa81))
    System.Drawing.Common (4.7)
      Microsoft.NETCore.Platforms (>= 3.1) - restriction: >= netcoreapp2.0
      Microsoft.Win32.SystemEvents (>= 4.7) - restriction: >= netcoreapp2.0
    System.Dynamic.Runtime (4.3) - restriction: || (&& (< monoandroid) (< monotouch) (< net20) (>= netstandard1.3) (< netstandard2.0) (< win8) (< wpa81) (< xamarintvos) (< xamarinwatchos)) (&& (< monoandroid) (< net20) (>= netstandard1.0) (< netstandard1.3) (< win8) (< wp8) (< wpa81)) (&& (< net35) (>= net45) (>= netstandard1.3) (< netstandard1.5)) (&& (< net35) (>= net45) (>= netstandard1.5)) (&& (< net35) (>= netstandard2.0)) (&& (< net40) (>= netstandard1.3) (< netstandard2.0)) (&& (< net40) (>= netstandard2.0)) (&& (>= uap10.0) (< uap10.1))
      System.Collections (>= 4.3) - restriction: && (< monoandroid) (< monotouch) (< net45) (>= netstandard1.3) (< win8) (< wpa81) (< xamarinios) (< xamarinmac) (< xamarintvos) (< xamarinwatchos)
      System.Diagnostics.Debug (>= 4.3) - restriction: && (< monoandroid) (< monotouch) (< net45) (>= netstandard1.3) (< win8) (< wpa81) (< xamarinios) (< xamarinmac) (< xamarintvos) (< xamarinwatchos)
      System.Linq (>= 4.3) - restriction: && (< monoandroid) (< monotouch) (< net45) (>= netstandard1.3) (< win8) (< wpa81) (< xamarinios) (< xamarinmac) (< xamarintvos) (< xamarinwatchos)
      System.Linq.Expressions (>= 4.3) - restriction: || (&& (< monoandroid) (< monotouch) (< net45) (>= netstandard1.3) (< win8) (< wpa81) (< xamarinios) (< xamarinmac) (< xamarintvos) (< xamarinwatchos)) (&& (< monoandroid) (< net45) (>= netstandard1.0) (< netstandard1.3) (< win8) (< wp8) (< wpa81))
      System.ObjectModel (>= 4.3) - restriction: || (&& (< monoandroid) (< monotouch) (< net45) (>= netstandard1.3) (< win8) (< wpa81) (< xamarinios) (< xamarinmac) (< xamarintvos) (< xamarinwatchos)) (&& (< monoandroid) (< net45) (>= netstandard1.0) (< netstandard1.3) (< win8) (< wp8) (< wpa81))
      System.Reflection (>= 4.3) - restriction: || (&& (< monoandroid) (< monotouch) (< net45) (>= netstandard1.3) (< win8) (< wpa81) (< xamarinios) (< xamarinmac) (< xamarintvos) (< xamarinwatchos)) (&& (< monoandroid) (< net45) (>= netstandard1.0) (< netstandard1.3) (< win8) (< wp8) (< wpa81))
      System.Reflection.Emit (>= 4.3) - restriction: && (< monoandroid) (< monotouch) (< net45) (>= netstandard1.3) (< win8) (< wpa81) (< xamarinios) (< xamarinmac) (< xamarintvos) (< xamarinwatchos)
      System.Reflection.Emit.ILGeneration (>= 4.3) - restriction: && (< monoandroid) (< monotouch) (< net45) (>= netstandard1.3) (< win8) (< wpa81) (< xamarinios) (< xamarinmac) (< xamarintvos) (< xamarinwatchos)
      System.Reflection.Primitives (>= 4.3) - restriction: && (< monoandroid) (< monotouch) (< net45) (>= netstandard1.3) (< win8) (< wpa81) (< xamarinios) (< xamarinmac) (< xamarintvos) (< xamarinwatchos)
      System.Reflection.TypeExtensions (>= 4.3) - restriction: && (< monoandroid) (< monotouch) (< net45) (>= netstandard1.3) (< win8) (< wpa81) (< xamarinios) (< xamarinmac) (< xamarintvos) (< xamarinwatchos)
      System.Resources.ResourceManager (>= 4.3) - restriction: && (< monoandroid) (< monotouch) (< net45) (>= netstandard1.3) (< win8) (< wpa81) (< xamarinios) (< xamarinmac) (< xamarintvos) (< xamarinwatchos)
      System.Runtime (>= 4.3) - restriction: || (&& (< monoandroid) (< monotouch) (< net45) (>= netstandard1.3) (< win8) (< wpa81) (< xamarinios) (< xamarinmac) (< xamarintvos) (< xamarinwatchos)) (&& (< monoandroid) (< net45) (>= netstandard1.0) (< netstandard1.3) (< win8) (< wp8) (< wpa81))
      System.Runtime.Extensions (>= 4.3) - restriction: && (< monoandroid) (< monotouch) (< net45) (>= netstandard1.3) (< win8) (< wpa81) (< xamarinios) (< xamarinmac) (< xamarintvos) (< xamarinwatchos)
      System.Threading (>= 4.3) - restriction: && (< monoandroid) (< monotouch) (< net45) (>= netstandard1.3) (< win8) (< wpa81) (< xamarinios) (< xamarinmac) (< xamarintvos) (< xamarinwatchos)
    System.Globalization (4.3) - restriction: || (&& (< monoandroid) (< monotouch) (< net20) (>= netstandard1.3) (< netstandard2.0) (< xamarintvos) (< xamarinwatchos)) (&& (< monoandroid) (< monotouch) (< net20) (>= netstandard1.5) (< netstandard2.0) (< win8) (< wpa81) (< xamarintvos) (< xamarinwatchos)) (&& (< monoandroid) (< monotouch) (< net40) (>= netstandard1.6) (< netstandard2.0) (< win8) (< wpa81) (< xamarintvos) (< xamarinwatchos)) (&& (< monoandroid) (< monotouch) (< net45) (< netcoreapp1.1) (>= netstandard1.6) (< win81) (< wpa81) (< xamarinios) (< xamarinmac) (< xamarintvos) (< xamarinwatchos)) (&& (< monoandroid) (< monotouch) (< net45) (>= netstandard1.5) (< netstandard2.0) (< win8) (< wpa81) (< xamarintvos) (< xamarinwatchos)) (&& (< monoandroid) (< monotouch) (< net451) (>= netstandard1.2) (< win81) (< wpa81) (< xamarinios) (< xamarinmac) (< xamarintvos) (< xamarinwatchos)) (&& (< monoandroid) (< net20) (>= netstandard1.0) (< netstandard1.3) (< win8) (< wp8) (< wpa81)) (&& (< monoandroid) (< net20) (>= netstandard1.3) (< netstandard1.5) (< win8) (< wpa81)) (&& (< monoandroid) (< net20) (< netstandard1.3) (>= netstandard1.5) (< win8) (< wpa81)) (&& (< monoandroid) (< net35) (>= netstandard2.0) (< xamarinios) (< xamarinmac)) (&& (< monoandroid) (< net40) (< netstandard1.3) (>= netstandard2.0) (< win8) (< wpa81)) (&& (< monoandroid) (< net40) (>= netstandard2.0) (< win8) (< wpa81) (< xamarinios) (< xamarinmac)) (&& (< monoandroid) (< net45) (< netstandard1.3) (>= netstandard2.0) (< win8) (< wpa81)) (&& (< monoandroid) (< net45) (>= netstandard2.0) (< win8) (< wpa81) (< xamarinios) (< xamarinmac)) (&& (< net35) (>= net45) (>= netstandard1.3) (< netstandard1.5)) (&& (< net35) (>= net45) (>= netstandard1.5)) (>= netcoreapp2.1)
      Microsoft.NETCore.Platforms (>= 1.1) - restriction: || (&& (< monoandroid) (< monotouch) (< net45) (>= netstandard1.3) (< win8) (< wpa81) (< xamarinios) (< xamarinmac) (< xamarintvos) (< xamarinwatchos)) (&& (< monoandroid) (< net45) (>= netstandard1.0) (< netstandard1.3) (< win8) (< wp8) (< wpa81))
      Microsoft.NETCore.Targets (>= 1.1) - restriction: || (&& (< monoandroid) (< monotouch) (< net45) (>= netstandard1.3) (< win8) (< wpa81) (< xamarinios) (< xamarinmac) (< xamarintvos) (< xamarinwatchos)) (&& (< monoandroid) (< net45) (>= netstandard1.0) (< netstandard1.3) (< win8) (< wp8) (< wpa81))
      System.Runtime (>= 4.3) - restriction: || (&& (< monoandroid) (< monotouch) (< net45) (>= netstandard1.3) (< win8) (< wpa81) (< xamarinios) (< xamarinmac) (< xamarintvos) (< xamarinwatchos)) (&& (< monoandroid) (< net45) (>= netstandard1.0) (< netstandard1.3) (< win8) (< wp8) (< wpa81))
    System.Globalization.Extensions (4.3) - restriction: || (&& (< monoandroid) (< net35) (>= netstandard2.0) (< xamarinios) (< xamarinmac)) (&& (< net35) (>= net45) (>= netstandard1.3) (< netstandard1.5)) (&& (< net35) (>= net45) (>= netstandard1.5))
      Microsoft.NETCore.Platforms (>= 1.1) - restriction: && (< monoandroid) (< monotouch) (< net46) (>= netstandard1.3) (< xamarinios) (< xamarinmac) (< xamarintvos) (< xamarinwatchos)
      System.Globalization (>= 4.3) - restriction: && (< monoandroid) (< monotouch) (< net46) (>= netstandard1.3) (< xamarinios) (< xamarinmac) (< xamarintvos) (< xamarinwatchos)
      System.Resources.ResourceManager (>= 4.3) - restriction: && (< monoandroid) (< monotouch) (< net46) (>= netstandard1.3) (< xamarinios) (< xamarinmac) (< xamarintvos) (< xamarinwatchos)
      System.Runtime (>= 4.3) - restriction: && (< monoandroid) (< monotouch) (< net46) (>= netstandard1.3) (< xamarinios) (< xamarinmac) (< xamarintvos) (< xamarinwatchos)
      System.Runtime.Extensions (>= 4.3) - restriction: && (< monoandroid) (< monotouch) (< net46) (>= netstandard1.3) (< xamarinios) (< xamarinmac) (< xamarintvos) (< xamarinwatchos)
      System.Runtime.InteropServices (>= 4.3) - restriction: && (< monoandroid) (< monotouch) (< net46) (>= netstandard1.3) (< xamarinios) (< xamarinmac) (< xamarintvos) (< xamarinwatchos)
    System.Interactive (4.0)
      NETStandard.Library (>= 1.6.1) - restriction: && (< net45) (>= netstandard1.0) (< netstandard2.0)
    System.Interactive.Async (4.0)
      System.Linq.Async (>= 4.0) - restriction: || (>= net461) (>= netstandard2.0)
    System.IO (4.3) - restriction: || (&& (< monoandroid) (< monotouch) (< net20) (>= netstandard1.3) (< netstandard2.0) (< xamarintvos) (< xamarinwatchos)) (&& (< monoandroid) (< monotouch) (< net40) (>= netstandard1.6) (< netstandard2.0) (< win8) (< wpa81) (< xamarintvos) (< xamarinwatchos)) (&& (< monoandroid) (< monotouch) (< net45) (>= netstandard1.5) (< netstandard2.0) (< xamarintvos) (< xamarinwatchos)) (&& (< monoandroid) (< monotouch) (< net45) (>= netstandard1.6) (< netstandard2.0) (< win8) (< wpa81) (< xamarintvos) (< xamarinwatchos)) (&& (< monoandroid) (< monotouch) (< net451) (>= netstandard1.2) (< win81) (< wpa81) (< xamarinios) (< xamarinmac) (< xamarintvos) (< xamarinwatchos)) (&& (< monoandroid) (< net40) (< netstandard1.3) (>= netstandard2.0) (< win8) (< wpa81)) (&& (< monoandroid) (< net40) (>= netstandard2.0) (< win8) (< wpa81) (< xamarinios) (< xamarinmac)) (>= netcoreapp2.1)
      Microsoft.NETCore.Platforms (>= 1.1) - restriction: || (&& (< monoandroid) (< monotouch) (< net45) (>= netstandard1.5) (< win8) (< wpa81) (< xamarinios) (< xamarinmac) (< xamarintvos) (< xamarinwatchos)) (&& (< monoandroid) (< net45) (>= netstandard1.0) (< netstandard1.3) (< win8) (< wp8) (< wpa81)) (&& (< monoandroid) (< net45) (>= netstandard1.3) (< netstandard1.5) (< win8) (< wpa81))
      Microsoft.NETCore.Targets (>= 1.1) - restriction: || (&& (< monoandroid) (< monotouch) (< net45) (>= netstandard1.5) (< win8) (< wpa81) (< xamarinios) (< xamarinmac) (< xamarintvos) (< xamarinwatchos)) (&& (< monoandroid) (< net45) (>= netstandard1.0) (< netstandard1.3) (< win8) (< wp8) (< wpa81)) (&& (< monoandroid) (< net45) (>= netstandard1.3) (< netstandard1.5) (< win8) (< wpa81))
      System.Runtime (>= 4.3) - restriction: || (&& (< monoandroid) (< monotouch) (< net45) (>= netstandard1.5) (< win8) (< wpa81) (< xamarinios) (< xamarinmac) (< xamarintvos) (< xamarinwatchos)) (&& (< monoandroid) (< net45) (>= netstandard1.0) (< netstandard1.3) (< win8) (< wp8) (< wpa81)) (&& (< monoandroid) (< net45) (>= netstandard1.3) (< netstandard1.5) (< win8) (< wpa81))
      System.Text.Encoding (>= 4.3) - restriction: || (&& (< monoandroid) (< monotouch) (< net45) (>= netstandard1.5) (< win8) (< wpa81) (< xamarinios) (< xamarinmac) (< xamarintvos) (< xamarinwatchos)) (&& (< monoandroid) (< net45) (>= netstandard1.0) (< netstandard1.3) (< win8) (< wp8) (< wpa81)) (&& (< monoandroid) (< net45) (>= netstandard1.3) (< netstandard1.5) (< win8) (< wpa81))
      System.Threading.Tasks (>= 4.3) - restriction: || (&& (< monoandroid) (< monotouch) (< net45) (>= netstandard1.5) (< win8) (< wpa81) (< xamarinios) (< xamarinmac) (< xamarintvos) (< xamarinwatchos)) (&& (< monoandroid) (< net45) (>= netstandard1.0) (< netstandard1.3) (< win8) (< wp8) (< wpa81)) (&& (< monoandroid) (< net45) (>= netstandard1.3) (< netstandard1.5) (< win8) (< wpa81))
    System.IO.FileSystem (4.3) - restriction: || (&& (< monoandroid) (< monotouch) (< net20) (>= netstandard1.3) (< netstandard2.0) (< win8) (< wpa81) (< xamarintvos) (< xamarinwatchos)) (>= netcoreapp2.1)
      Microsoft.NETCore.Platforms (>= 1.1) - restriction: && (< monoandroid) (< monotouch) (< net46) (>= netstandard1.3) (< xamarinios) (< xamarinmac) (< xamarintvos) (< xamarinwatchos)
      Microsoft.NETCore.Targets (>= 1.1) - restriction: && (< monoandroid) (< monotouch) (< net46) (>= netstandard1.3) (< xamarinios) (< xamarinmac) (< xamarintvos) (< xamarinwatchos)
      System.IO (>= 4.3) - restriction: && (< monoandroid) (< monotouch) (< net46) (>= netstandard1.3) (< xamarinios) (< xamarinmac) (< xamarintvos) (< xamarinwatchos)
      System.IO.FileSystem.Primitives (>= 4.3) - restriction: || (&& (< monoandroid) (< monotouch) (>= netstandard1.3) (< xamarinios) (< xamarinmac) (< xamarintvos) (< xamarinwatchos)) (>= net46)
      System.Runtime (>= 4.3) - restriction: && (< monoandroid) (< monotouch) (< net46) (>= netstandard1.3) (< xamarinios) (< xamarinmac) (< xamarintvos) (< xamarinwatchos)
      System.Runtime.Handles (>= 4.3) - restriction: && (< monoandroid) (< monotouch) (< net46) (>= netstandard1.3) (< xamarinios) (< xamarinmac) (< xamarintvos) (< xamarinwatchos)
      System.Text.Encoding (>= 4.3) - restriction: && (< monoandroid) (< monotouch) (< net46) (>= netstandard1.3) (< xamarinios) (< xamarinmac) (< xamarintvos) (< xamarinwatchos)
      System.Threading.Tasks (>= 4.3) - restriction: && (< monoandroid) (< monotouch) (< net46) (>= netstandard1.3) (< xamarinios) (< xamarinmac) (< xamarintvos) (< xamarinwatchos)
    System.IO.FileSystem.Primitives (4.3) - restriction: || (&& (< monoandroid) (< monotouch) (< net20) (>= netstandard1.3) (< netstandard2.0) (< win8) (< wpa81) (< xamarintvos) (< xamarinwatchos)) (>= netcoreapp2.1)
      System.Runtime (>= 4.3) - restriction: && (< monoandroid) (< monotouch) (< net46) (>= netstandard1.3) (< xamarinios) (< xamarinmac) (< xamarintvos) (< xamarinwatchos)
    System.Linq (4.3) - restriction: || (&& (< monoandroid) (< monotouch) (< net20) (>= netstandard1.5) (< netstandard2.0) (< win8) (< wpa81) (< xamarintvos) (< xamarinwatchos)) (&& (< monoandroid) (< monotouch) (< net40) (>= netstandard1.3) (< netstandard2.0) (< win8) (< wpa81) (< xamarintvos) (< xamarinwatchos)) (&& (< monoandroid) (< monotouch) (< net40) (>= netstandard1.6) (< netstandard2.0) (< win8) (< wpa81) (< xamarintvos) (< xamarinwatchos)) (&& (< monoandroid) (< net20) (< netstandard1.3) (>= netstandard1.5) (< win8) (< wpa81)) (&& (< monoandroid) (< net40) (< netstandard1.3) (>= netstandard2.0) (< win8) (< wpa81)) (&& (< monoandroid) (< net40) (>= netstandard2.0) (< win8) (< wpa81) (< xamarinios) (< xamarinmac))
      System.Collections (>= 4.3) - restriction: || (&& (< monoandroid) (< monotouch) (< net45) (>= netstandard1.6) (< xamarinios) (< xamarinmac) (< xamarintvos) (< xamarinwatchos)) (&& (< monoandroid) (< net45) (>= netstandard1.0) (< netstandard1.6) (< win8) (< wp8) (< wpa81))
      System.Diagnostics.Debug (>= 4.3) - restriction: && (< monoandroid) (< monotouch) (< net45) (>= netstandard1.6) (< xamarinios) (< xamarinmac) (< xamarintvos) (< xamarinwatchos)
      System.Resources.ResourceManager (>= 4.3) - restriction: && (< monoandroid) (< monotouch) (< net45) (>= netstandard1.6) (< xamarinios) (< xamarinmac) (< xamarintvos) (< xamarinwatchos)
      System.Runtime (>= 4.3) - restriction: || (&& (< monoandroid) (< monotouch) (< net45) (>= netstandard1.6) (< xamarinios) (< xamarinmac) (< xamarintvos) (< xamarinwatchos)) (&& (< monoandroid) (< net45) (>= netstandard1.0) (< netstandard1.6) (< win8) (< wp8) (< wpa81))
      System.Runtime.Extensions (>= 4.3) - restriction: && (< monoandroid) (< monotouch) (< net45) (>= netstandard1.6) (< xamarinios) (< xamarinmac) (< xamarintvos) (< xamarinwatchos)
    System.Linq.Async (4.0) - restriction: || (>= net461) (>= netstandard2.0)
      Microsoft.Bcl.AsyncInterfaces (>= 1.0) - restriction: || (>= net461) (&& (>= netstandard2.0) (< netstandard2.1))
    System.Linq.Expressions (4.3) - restriction: || (&& (< monoandroid) (< monotouch) (< net40) (>= netstandard1.3) (< netstandard2.0) (< win8) (< wpa81) (< xamarintvos) (< xamarinwatchos)) (&& (< monoandroid) (< net40) (< netstandard1.3) (>= netstandard2.0) (< win8) (< wpa81)) (&& (< monoandroid) (< net40) (>= netstandard2.0) (< win8) (< wpa81) (< xamarinios) (< xamarinmac))
      System.Collections (>= 4.3) - restriction: && (< monoandroid) (< monotouch) (< net45) (>= netstandard1.6) (< xamarinios) (< xamarinmac) (< xamarintvos) (< xamarinwatchos)
      System.Diagnostics.Debug (>= 4.3) - restriction: && (< monoandroid) (< monotouch) (< net45) (>= netstandard1.6) (< xamarinios) (< xamarinmac) (< xamarintvos) (< xamarinwatchos)
      System.Globalization (>= 4.3) - restriction: && (< monoandroid) (< monotouch) (< net45) (>= netstandard1.6) (< xamarinios) (< xamarinmac) (< xamarintvos) (< xamarinwatchos)
      System.IO (>= 4.3) - restriction: && (< monoandroid) (< monotouch) (< net45) (>= netstandard1.6) (< xamarinios) (< xamarinmac) (< xamarintvos) (< xamarinwatchos)
      System.Linq (>= 4.3) - restriction: && (< monoandroid) (< monotouch) (< net45) (>= netstandard1.6) (< xamarinios) (< xamarinmac) (< xamarintvos) (< xamarinwatchos)
      System.ObjectModel (>= 4.3) - restriction: && (< monoandroid) (< monotouch) (< net45) (>= netstandard1.6) (< xamarinios) (< xamarinmac) (< xamarintvos) (< xamarinwatchos)
      System.Reflection (>= 4.3) - restriction: || (&& (< monoandroid) (< monotouch) (< net45) (>= netstandard1.6) (< xamarinios) (< xamarinmac) (< xamarintvos) (< xamarinwatchos)) (&& (< monoandroid) (< net45) (>= netstandard1.0) (< netstandard1.3) (< win8) (< wp8) (< wpa81)) (&& (< monoandroid) (< net45) (>= netstandard1.3) (< netstandard1.6) (< win8) (< wpa81))
      System.Reflection.Emit (>= 4.3) - restriction: && (< monoandroid) (< monotouch) (< net45) (>= netstandard1.6) (< xamarinios) (< xamarinmac) (< xamarintvos) (< xamarinwatchos)
      System.Reflection.Emit.ILGeneration (>= 4.3) - restriction: && (< monoandroid) (< monotouch) (< net45) (>= netstandard1.6) (< xamarinios) (< xamarinmac) (< xamarintvos) (< xamarinwatchos)
      System.Reflection.Emit.Lightweight (>= 4.3) - restriction: && (< monoandroid) (< monotouch) (< net45) (>= netstandard1.6) (< xamarinios) (< xamarinmac) (< xamarintvos) (< xamarinwatchos)
      System.Reflection.Extensions (>= 4.3) - restriction: && (< monoandroid) (< monotouch) (< net45) (>= netstandard1.6) (< xamarinios) (< xamarinmac) (< xamarintvos) (< xamarinwatchos)
      System.Reflection.Primitives (>= 4.3) - restriction: && (< monoandroid) (< monotouch) (< net45) (>= netstandard1.6) (< xamarinios) (< xamarinmac) (< xamarintvos) (< xamarinwatchos)
      System.Reflection.TypeExtensions (>= 4.3) - restriction: && (< monoandroid) (< monotouch) (< net45) (>= netstandard1.6) (< xamarinios) (< xamarinmac) (< xamarintvos) (< xamarinwatchos)
      System.Resources.ResourceManager (>= 4.3) - restriction: && (< monoandroid) (< monotouch) (< net45) (>= netstandard1.6) (< xamarinios) (< xamarinmac) (< xamarintvos) (< xamarinwatchos)
      System.Runtime (>= 4.3) - restriction: || (&& (< monoandroid) (< monotouch) (< net45) (>= netstandard1.6) (< xamarinios) (< xamarinmac) (< xamarintvos) (< xamarinwatchos)) (&& (< monoandroid) (< net45) (>= netstandard1.0) (< netstandard1.3) (< win8) (< wp8) (< wpa81)) (&& (< monoandroid) (< net45) (>= netstandard1.3) (< netstandard1.6) (< win8) (< wpa81))
      System.Runtime.Extensions (>= 4.3) - restriction: && (< monoandroid) (< monotouch) (< net45) (>= netstandard1.6) (< xamarinios) (< xamarinmac) (< xamarintvos) (< xamarinwatchos)
      System.Threading (>= 4.3) - restriction: && (< monoandroid) (< monotouch) (< net45) (>= netstandard1.6) (< xamarinios) (< xamarinmac) (< xamarintvos) (< xamarinwatchos)
    System.Linq.Queryable (4.3) - restriction: && (>= uap10.0) (< uap10.1)
    System.Memory (4.5.3) - restriction: || (&& (< monoandroid) (< monotouch) (>= netstandard1.3) (< netstandard2.0) (< win8) (< wpa81) (< xamarintvos) (< xamarinwatchos)) (>= net45) (&& (< net451) (< netcoreapp2.0) (>= netstandard2.0) (< xamarinios) (< xamarinmac)) (&& (>= netcoreapp2.0) (< netcoreapp2.1)) (&& (< netcoreapp2.0) (>= netcoreapp2.1) (< netstandard2.1)) (&& (< netcoreapp2.0) (>= netstandard2.0) (< netstandard2.1) (< xamarinios) (< xamarinmac)) (&& (< netcoreapp2.1) (>= netstandard2.0) (< xamarinios) (< xamarinmac)) (>= netstandard1.5) (>= uap10.1)
      System.Buffers (>= 4.4) - restriction: || (&& (>= monoandroid) (< netstandard2.0)) (&& (< monoandroid) (< net45) (>= netstandard1.1) (< netstandard2.0) (< win8) (< wpa81)) (&& (< monoandroid) (< netstandard1.1) (>= portable-net45+win8+wpa81) (< win8)) (>= monotouch) (&& (>= net45) (< netstandard2.0)) (&& (< net45) (< netcoreapp2.0) (>= netstandard2.0)) (>= net461) (&& (< netstandard1.1) (>= win8)) (&& (< netstandard2.0) (< uap10.1) (>= wpa81)) (>= xamarinios) (>= xamarinmac) (>= xamarintvos) (>= xamarinwatchos)
      System.Diagnostics.Debug (>= 4.3) - restriction: && (< monoandroid) (< monotouch) (< net45) (>= netstandard1.1) (< netstandard2.0) (< win8) (< wpa81) (< xamarintvos) (< xamarinwatchos)
      System.Globalization (>= 4.3) - restriction: && (< monoandroid) (< monotouch) (< net45) (>= netstandard1.1) (< netstandard2.0) (< win8) (< wpa81) (< xamarintvos) (< xamarinwatchos)
      System.Numerics.Vectors (>= 4.4) - restriction: || (&& (< net45) (< netcoreapp2.0) (>= netstandard2.0) (< xamarinios) (< xamarinmac)) (>= net461)
      System.Reflection (>= 4.3) - restriction: && (< monoandroid) (< monotouch) (< net45) (>= netstandard1.1) (< netstandard2.0) (< win8) (< wpa81) (< xamarintvos) (< xamarinwatchos)
      System.Resources.ResourceManager (>= 4.3) - restriction: && (< monoandroid) (< monotouch) (< net45) (>= netstandard1.1) (< netstandard2.0) (< win8) (< wpa81) (< xamarintvos) (< xamarinwatchos)
      System.Runtime (>= 4.3) - restriction: && (< monoandroid) (< monotouch) (< net45) (>= netstandard1.1) (< netstandard2.0) (< win8) (< wpa81) (< xamarintvos) (< xamarinwatchos)
      System.Runtime.CompilerServices.Unsafe (>= 4.5.2) - restriction: || (&& (>= monoandroid) (< netstandard2.0)) (&& (< monoandroid) (< net45) (>= netstandard1.1) (< netstandard2.0) (< win8) (< wpa81)) (&& (< monoandroid) (< netstandard1.1) (>= portable-net45+win8+wpa81) (< win8)) (>= monotouch) (&& (>= net45) (< netstandard2.0)) (&& (< net45) (< netcoreapp2.0) (>= netstandard2.0)) (>= net461) (&& (>= netcoreapp2.0) (< netcoreapp2.1)) (&& (< netstandard1.1) (>= win8)) (&& (< netstandard2.0) (>= wpa81)) (>= uap10.1) (>= xamarinios) (>= xamarinmac) (>= xamarintvos) (>= xamarinwatchos)
      System.Runtime.Extensions (>= 4.3) - restriction: && (< monoandroid) (< monotouch) (< net45) (>= netstandard1.1) (< netstandard2.0) (< win8) (< wpa81) (< xamarintvos) (< xamarinwatchos)
      System.Runtime.InteropServices (>= 4.3) - restriction: && (< monoandroid) (< monotouch) (< net45) (>= netstandard1.1) (< netstandard2.0) (< win8) (< wpa81) (< xamarintvos) (< xamarinwatchos)
    System.Numerics.Vectors (4.5) - restriction: || (&& (< net45) (< netcoreapp2.0) (>= netstandard2.0) (< xamarinios) (< xamarinmac)) (>= net461)
    System.ObjectModel (4.3) - restriction: || (&& (< monoandroid) (< monotouch) (< net40) (>= netstandard1.3) (< netstandard2.0) (< win8) (< wpa81) (< xamarintvos) (< xamarinwatchos)) (&& (< monoandroid) (< monotouch) (< net40) (>= netstandard1.6) (< netstandard2.0) (< win8) (< wpa81) (< xamarintvos) (< xamarinwatchos)) (&& (< monoandroid) (< net40) (< netstandard1.3) (>= netstandard2.0) (< win8) (< wpa81)) (&& (< monoandroid) (< net40) (>= netstandard2.0) (< win8) (< wpa81) (< xamarinios) (< xamarinmac))
      System.Collections (>= 4.3) - restriction: && (< monoandroid) (< monotouch) (< net45) (>= netstandard1.3) (< win8) (< wpa81) (< xamarinios) (< xamarinmac) (< xamarintvos) (< xamarinwatchos)
      System.Diagnostics.Debug (>= 4.3) - restriction: && (< monoandroid) (< monotouch) (< net45) (>= netstandard1.3) (< win8) (< wpa81) (< xamarinios) (< xamarinmac) (< xamarintvos) (< xamarinwatchos)
      System.Resources.ResourceManager (>= 4.3) - restriction: && (< monoandroid) (< monotouch) (< net45) (>= netstandard1.3) (< win8) (< wpa81) (< xamarinios) (< xamarinmac) (< xamarintvos) (< xamarinwatchos)
      System.Runtime (>= 4.3) - restriction: || (&& (< monoandroid) (< monotouch) (< net45) (>= netstandard1.3) (< win8) (< wpa81) (< xamarinios) (< xamarinmac) (< xamarintvos) (< xamarinwatchos)) (&& (< monoandroid) (< net45) (>= netstandard1.0) (< netstandard1.3) (< win8) (< wp8) (< wpa81))
      System.Threading (>= 4.3) - restriction: && (< monoandroid) (< monotouch) (< net45) (>= netstandard1.3) (< win8) (< wpa81) (< xamarinios) (< xamarinmac) (< xamarintvos) (< xamarinwatchos)
    System.Private.ServiceModel (4.7) - restriction: || (&& (< net45) (>= netstandard2.0) (< xamarinios) (< xamarinmac)) (>= netcoreapp2.1)
      System.Reflection.DispatchProxy (>= 4.5) - restriction: >= netstandard2.0
      System.Security.Cryptography.Xml (>= 4.5) - restriction: >= netstandard2.0
      System.Security.Principal.Windows (>= 4.5) - restriction: >= netstandard2.0
    System.Reactive (4.3.2)
      System.ComponentModel (>= 4.0.1) - restriction: && (>= uap10.0) (< uap10.1)
      System.Dynamic.Runtime (>= 4.0.11) - restriction: && (>= uap10.0) (< uap10.1)
      System.Linq.Queryable (>= 4.0.1) - restriction: && (>= uap10.0) (< uap10.1)
      System.Runtime.InteropServices.WindowsRuntime (>= 4.3) - restriction: && (< net46) (< netcoreapp3.0) (>= netstandard2.0) (< uap10.0)
      System.Threading.Tasks.Extensions (>= 4.5.3) - restriction: || (>= net46) (&& (< netcoreapp3.0) (>= netstandard2.0)) (>= uap10.0)
      System.ValueTuple (>= 4.5) - restriction: || (>= net46) (&& (>= uap10.0) (< uap10.1))
    System.Reflection (4.3) - restriction: || (&& (< monoandroid) (< monotouch) (< net20) (>= netstandard1.4) (< netstandard2.0) (< xamarintvos) (< xamarinwatchos)) (&& (< monoandroid) (< monotouch) (< net20) (>= netstandard1.5) (< netstandard2.0) (< win8) (< wpa81) (< xamarintvos) (< xamarinwatchos)) (&& (< monoandroid) (< monotouch) (< net35) (>= netstandard1.5) (< netstandard2.0) (< xamarintvos) (< xamarinwatchos)) (&& (< monoandroid) (< monotouch) (< net45) (>= netstandard1.2) (< win8) (< wpa81) (< xamarinios) (< xamarinmac) (< xamarintvos) (< xamarinwatchos)) (&& (< monoandroid) (< monotouch) (< net45) (>= netstandard1.3) (< netstandard2.0) (< win8) (< wpa81) (< xamarintvos) (< xamarinwatchos)) (&& (< monoandroid) (< monotouch) (< net45) (>= netstandard1.5) (< netstandard2.0) (< win8) (< wpa81) (< xamarintvos) (< xamarinwatchos)) (&& (< monoandroid) (< monotouch) (< net45) (>= netstandard1.6) (< netstandard2.0) (< win8) (< wpa81) (< xamarintvos) (< xamarinwatchos)) (&& (< monoandroid) (< net20) (>= netstandard1.0) (< netstandard1.3) (< win8) (< wp8) (< wpa81)) (&& (< monoandroid) (< net20) (>= netstandard1.3) (< netstandard1.5) (< win8) (< wpa81)) (&& (< monoandroid) (< net20) (< netstandard1.3) (>= netstandard1.5) (< win8) (< wpa81)) (&& (< monoandroid) (< net35) (>= netstandard1.4) (< netstandard1.5) (< uap10.1)) (&& (< monoandroid) (< net45) (< netstandard1.3) (>= netstandard2.0) (< win8) (< wpa81)) (&& (< monoandroid) (< net45) (>= netstandard2.0) (< win8) (< wpa81) (< xamarinios) (< xamarinmac)) (&& (< net35) (>= net45) (>= netstandard1.3) (< netstandard1.5)) (&& (< net35) (>= net45) (>= netstandard1.5)) (&& (< net35) (>= netstandard2.0)) (>= netcoreapp2.1)
      Microsoft.NETCore.Platforms (>= 1.1) - restriction: || (&& (< monoandroid) (< monotouch) (< net45) (>= netstandard1.5) (< win8) (< wpa81) (< xamarinios) (< xamarinmac) (< xamarintvos) (< xamarinwatchos)) (&& (< monoandroid) (< net45) (>= netstandard1.0) (< netstandard1.3) (< win8) (< wp8) (< wpa81)) (&& (< monoandroid) (< net45) (>= netstandard1.3) (< netstandard1.5) (< win8) (< wpa81))
      Microsoft.NETCore.Targets (>= 1.1) - restriction: || (&& (< monoandroid) (< monotouch) (< net45) (>= netstandard1.5) (< win8) (< wpa81) (< xamarinios) (< xamarinmac) (< xamarintvos) (< xamarinwatchos)) (&& (< monoandroid) (< net45) (>= netstandard1.0) (< netstandard1.3) (< win8) (< wp8) (< wpa81)) (&& (< monoandroid) (< net45) (>= netstandard1.3) (< netstandard1.5) (< win8) (< wpa81))
      System.IO (>= 4.3) - restriction: || (&& (< monoandroid) (< monotouch) (< net45) (>= netstandard1.5) (< win8) (< wpa81) (< xamarinios) (< xamarinmac) (< xamarintvos) (< xamarinwatchos)) (&& (< monoandroid) (< net45) (>= netstandard1.0) (< netstandard1.3) (< win8) (< wp8) (< wpa81)) (&& (< monoandroid) (< net45) (>= netstandard1.3) (< netstandard1.5) (< win8) (< wpa81))
      System.Reflection.Primitives (>= 4.3) - restriction: || (&& (< monoandroid) (< monotouch) (< net45) (>= netstandard1.5) (< win8) (< wpa81) (< xamarinios) (< xamarinmac) (< xamarintvos) (< xamarinwatchos)) (&& (< monoandroid) (< net45) (>= netstandard1.0) (< netstandard1.3) (< win8) (< wp8) (< wpa81)) (&& (< monoandroid) (< net45) (>= netstandard1.3) (< netstandard1.5) (< win8) (< wpa81))
      System.Runtime (>= 4.3) - restriction: || (&& (< monoandroid) (< monotouch) (< net45) (>= netstandard1.5) (< win8) (< wpa81) (< xamarinios) (< xamarinmac) (< xamarintvos) (< xamarinwatchos)) (&& (< monoandroid) (< net45) (>= netstandard1.0) (< netstandard1.3) (< win8) (< wp8) (< wpa81)) (&& (< monoandroid) (< net45) (>= netstandard1.3) (< netstandard1.5) (< win8) (< wpa81))
    System.Reflection.DispatchProxy (4.7) - restriction: || (&& (< net45) (>= netstandard2.0) (< xamarinios) (< xamarinmac)) (>= netcoreapp2.1)
    System.Reflection.Emit (4.7) - restriction: || (&& (< monoandroid) (< monotouch) (< net40) (>= netstandard1.3) (< netstandard2.0) (< win8) (< wpa81) (< xamarintvos) (< xamarinwatchos)) (&& (< monoandroid) (< monotouch) (< net40) (>= netstandard1.6) (< netstandard2.0) (< win8) (< wpa81) (< xamarintvos) (< xamarinwatchos)) (&& (< monoandroid) (< net40) (< netstandard1.3) (>= netstandard2.0) (< win8) (< wpa81)) (&& (< monoandroid) (< net40) (>= netstandard2.0) (< win8) (< wpa81) (< xamarinios) (< xamarinmac)) (&& (< net35) (>= net45) (>= netstandard1.3) (< netstandard1.5)) (&& (< net35) (>= net45) (>= netstandard1.5)) (&& (< net35) (>= netstandard2.0)) (&& (< net45) (>= netstandard1.6) (< netstandard2.0)) (&& (< net45) (>= netstandard2.0))
      System.IO (>= 4.3) - restriction: && (< monoandroid) (< monotouch) (< net45) (>= netstandard1.1) (< netstandard2.0) (< win8) (< wpa81) (< xamarintvos) (< xamarinwatchos)
      System.Reflection (>= 4.3) - restriction: && (< monoandroid) (< monotouch) (< net45) (>= netstandard1.1) (< netstandard2.0) (< win8) (< wpa81) (< xamarintvos) (< xamarinwatchos)
      System.Reflection.Emit.ILGeneration (>= 4.7) - restriction: || (&& (< monoandroid) (< monotouch) (< net45) (>= netstandard1.1) (< netstandard2.0) (< win8) (< wpa81) (< xamarintvos) (< xamarinwatchos)) (&& (< monoandroid) (< netstandard1.1) (>= portable-net45+win8+wpa81) (< win8)) (&& (< net45) (< netcoreapp2.0) (>= netstandard2.0) (< netstandard2.1) (< xamarinios) (< xamarinmac)) (&& (< netstandard1.1) (>= win8)) (&& (< netstandard2.0) (>= wpa81)) (>= uap10.1)
      System.Reflection.Primitives (>= 4.3) - restriction: && (< monoandroid) (< monotouch) (< net45) (>= netstandard1.1) (< netstandard2.0) (< win8) (< wpa81) (< xamarintvos) (< xamarinwatchos)
      System.Resources.ResourceManager (>= 4.3) - restriction: && (< monoandroid) (< monotouch) (< net45) (>= netstandard1.1) (< netstandard2.0) (< win8) (< wpa81) (< xamarintvos) (< xamarinwatchos)
      System.Runtime (>= 4.3) - restriction: && (< monoandroid) (< monotouch) (< net45) (>= netstandard1.1) (< netstandard2.0) (< win8) (< wpa81) (< xamarintvos) (< xamarinwatchos)
      System.Runtime.InteropServices (>= 4.3) - restriction: && (< monoandroid) (< monotouch) (< net45) (>= netstandard1.1) (< netstandard2.0) (< win8) (< wpa81) (< xamarintvos) (< xamarinwatchos)
    System.Reflection.Emit.ILGeneration (4.7) - restriction: || (&& (< monoandroid) (< monotouch) (< net40) (>= netstandard1.3) (< netstandard2.0) (< win8) (< wpa81) (< xamarintvos) (< xamarinwatchos)) (&& (< monoandroid) (< monotouch) (< net40) (>= netstandard1.6) (< netstandard2.0) (< win8) (< wpa81) (< xamarintvos) (< xamarinwatchos)) (&& (< monoandroid) (< monotouch) (< net45) (>= netstandard1.6) (< netstandard2.0) (< win8) (< wpa81) (< xamarintvos) (< xamarinwatchos)) (&& (< monoandroid) (< net40) (< netstandard1.3) (>= netstandard2.0) (< win8) (< wpa81)) (&& (< monoandroid) (< net40) (>= netstandard2.0) (< win8) (< wpa81) (< xamarinios) (< xamarinmac)) (&& (< monoandroid) (< netstandard1.1) (>= netstandard1.6) (< win8)) (&& (< monoandroid) (< netstandard1.1) (>= netstandard2.0) (< win8)) (&& (< net45) (< netcoreapp2.0) (>= netstandard2.0) (< netstandard2.1) (< xamarinios) (< xamarinmac)) (&& (< netstandard1.1) (>= netstandard1.6) (>= win8)) (&& (< netstandard1.1) (>= netstandard2.0) (>= win8)) (&& (>= netstandard1.6) (< netstandard2.0) (>= wpa81)) (&& (>= netstandard1.6) (>= uap10.1)) (&& (>= netstandard2.0) (< portable-net45+wp8) (>= win8)) (&& (>= netstandard2.0) (< portable-net45+wp8) (< win8)) (&& (>= netstandard2.0) (>= uap10.1))
      System.Reflection (>= 4.3) - restriction: && (< monoandroid) (< monotouch) (< net45) (>= netstandard1.0) (< netstandard2.0) (< win8) (< wp8) (< wpa81) (< xamarintvos) (< xamarinwatchos)
      System.Reflection.Primitives (>= 4.3) - restriction: && (< monoandroid) (< monotouch) (< net45) (>= netstandard1.0) (< netstandard2.0) (< win8) (< wp8) (< wpa81) (< xamarintvos) (< xamarinwatchos)
      System.Resources.ResourceManager (>= 4.3) - restriction: && (< monoandroid) (< monotouch) (< net45) (>= netstandard1.0) (< netstandard2.0) (< win8) (< wp8) (< wpa81) (< xamarintvos) (< xamarinwatchos)
      System.Runtime (>= 4.3) - restriction: && (< monoandroid) (< monotouch) (< net45) (>= netstandard1.0) (< netstandard2.0) (< win8) (< wp8) (< wpa81) (< xamarintvos) (< xamarinwatchos)
    System.Reflection.Emit.Lightweight (4.7) - restriction: || (&& (< monoandroid) (< monotouch) (< net40) (>= netstandard1.6) (< win8) (< wpa81) (< xamarintvos) (< xamarinwatchos)) (&& (< net45) (>= netstandard1.3)) (&& (< net45) (>= netstandard1.6)) (>= netstandard2.0)
      System.Reflection.Emit.ILGeneration (>= 4.7) - restriction: || (&& (< monoandroid) (< monotouch) (< net45) (>= netstandard1.0) (< netstandard2.0) (< win8) (< wp8) (< wpa81) (< xamarintvos) (< xamarinwatchos)) (&& (< net45) (< netcoreapp2.0) (>= netstandard2.0) (< netstandard2.1) (< xamarinios) (< xamarinmac)) (&& (< netstandard2.0) (>= wpa81)) (&& (>= portable-net45+win8+wp8+wpa81) (< portable-net45+wp8) (< win8)) (&& (< portable-net45+wp8) (>= win8)) (>= uap10.1)
    System.Reflection.Extensions (4.3) - restriction: || (&& (< monoandroid) (< monotouch) (< net20) (>= netstandard1.5) (< netstandard2.0) (< win8) (< wpa81) (< xamarintvos) (< xamarinwatchos)) (&& (< monoandroid) (< monotouch) (< net40) (>= netstandard1.6) (< netstandard2.0) (< win8) (< wpa81) (< xamarintvos) (< xamarinwatchos)) (&& (< monoandroid) (< net20) (>= netstandard1.0) (< netstandard1.3) (< win8) (< wp8) (< wpa81)) (&& (< monoandroid) (< net20) (>= netstandard1.3) (< netstandard1.5) (< win8) (< wpa81)) (&& (< monoandroid) (< net20) (< netstandard1.3) (>= netstandard1.5) (< win8) (< wpa81)) (&& (< monoandroid) (< net40) (< netstandard1.3) (>= netstandard2.0) (< win8) (< wpa81)) (&& (< monoandroid) (< net40) (>= netstandard2.0) (< win8) (< wpa81) (< xamarinios) (< xamarinmac)) (&& (< net45) (>= netstandard1.3) (< netstandard2.0)) (&& (< net45) (>= netstandard2.0)) (>= netcoreapp2.1)
      Microsoft.NETCore.Platforms (>= 1.1) - restriction: && (< monoandroid) (< monotouch) (< net45) (>= netstandard1.0) (< win8) (< wp8) (< wpa81) (< xamarinios) (< xamarinmac) (< xamarintvos) (< xamarinwatchos)
      Microsoft.NETCore.Targets (>= 1.1) - restriction: && (< monoandroid) (< monotouch) (< net45) (>= netstandard1.0) (< win8) (< wp8) (< wpa81) (< xamarinios) (< xamarinmac) (< xamarintvos) (< xamarinwatchos)
      System.Reflection (>= 4.3) - restriction: && (< monoandroid) (< monotouch) (< net45) (>= netstandard1.0) (< win8) (< wp8) (< wpa81) (< xamarinios) (< xamarinmac) (< xamarintvos) (< xamarinwatchos)
      System.Runtime (>= 4.3) - restriction: && (< monoandroid) (< monotouch) (< net45) (>= netstandard1.0) (< win8) (< wp8) (< wpa81) (< xamarinios) (< xamarinmac) (< xamarintvos) (< xamarinwatchos)
    System.Reflection.Primitives (4.3) - restriction: || (&& (< monoandroid) (< monotouch) (< net20) (>= netstandard1.5) (< netstandard2.0) (< win8) (< wpa81) (< xamarintvos) (< xamarinwatchos)) (&& (< monoandroid) (< monotouch) (< net40) (>= netstandard1.6) (< netstandard2.0) (< win8) (< wpa81) (< xamarintvos) (< xamarinwatchos)) (&& (< monoandroid) (< monotouch) (< net45) (>= netstandard1.5) (< netstandard2.0) (< win8) (< wpa81) (< xamarintvos) (< xamarinwatchos)) (&& (< monoandroid) (< monotouch) (< net45) (>= netstandard1.6) (< netstandard2.0) (< win8) (< wpa81) (< xamarintvos) (< xamarinwatchos)) (&& (< monoandroid) (< net20) (>= netstandard1.0) (< netstandard1.3) (< win8) (< wp8) (< wpa81)) (&& (< monoandroid) (< net20) (>= netstandard1.3) (< netstandard1.5) (< win8) (< wpa81)) (&& (< monoandroid) (< net20) (< netstandard1.3) (>= netstandard1.5) (< win8) (< wpa81)) (&& (< monoandroid) (< net40) (< netstandard1.3) (>= netstandard2.0) (< win8) (< wpa81)) (&& (< monoandroid) (< net40) (>= netstandard2.0) (< win8) (< wpa81) (< xamarinios) (< xamarinmac)) (&& (< monoandroid) (< net45) (< netstandard1.2) (>= netstandard1.3) (< win8)) (&& (< monoandroid) (< net45) (< netstandard1.2) (>= netstandard2.0) (< win8)) (&& (< monoandroid) (< net45) (>= netstandard1.3) (< netstandard1.5) (< win8) (< wpa81)) (&& (< monoandroid) (< net45) (< netstandard1.3) (>= netstandard2.0) (< win8) (< wpa81)) (&& (< monoandroid) (< net45) (< netstandard1.5) (>= netstandard2.0) (< win8) (< wpa81)) (&& (< monoandroid) (< net45) (>= netstandard2.0) (< win8) (< wpa81) (< xamarinios) (< xamarinmac)) (&& (>= netcoreapp1.1) (>= netstandard2.0)) (&& (>= netcoreapp1.1) (< netstandard2.0)) (>= netcoreapp2.1)
      Microsoft.NETCore.Platforms (>= 1.1) - restriction: && (< monoandroid) (< monotouch) (< net45) (>= netstandard1.0) (< win8) (< wp8) (< wpa81) (< xamarinios) (< xamarinmac) (< xamarintvos) (< xamarinwatchos)
      Microsoft.NETCore.Targets (>= 1.1) - restriction: && (< monoandroid) (< monotouch) (< net45) (>= netstandard1.0) (< win8) (< wp8) (< wpa81) (< xamarinios) (< xamarinmac) (< xamarintvos) (< xamarinwatchos)
      System.Runtime (>= 4.3) - restriction: && (< monoandroid) (< monotouch) (< net45) (>= netstandard1.0) (< win8) (< wp8) (< wpa81) (< xamarinios) (< xamarinmac) (< xamarintvos) (< xamarinwatchos)
    System.Reflection.TypeExtensions (4.7) - restriction: || (&& (< monoandroid) (< monotouch) (< net20) (>= netstandard1.3) (< netstandard2.0) (< win8) (< wpa81) (< xamarintvos) (< xamarinwatchos)) (&& (< monoandroid) (< monotouch) (< net20) (>= netstandard1.5) (< netstandard2.0) (< win8) (< wpa81) (< xamarintvos) (< xamarinwatchos)) (&& (< monoandroid) (< monotouch) (< net40) (>= netstandard1.6) (< netstandard2.0) (< win8) (< wpa81) (< xamarintvos) (< xamarinwatchos)) (&& (< monoandroid) (< net20) (< netstandard1.3) (>= netstandard1.5) (< win8) (< wpa81)) (&& (< net35) (>= net45) (>= netstandard1.3) (< netstandard1.5)) (&& (< net35) (>= net45) (>= netstandard1.5)) (&& (< net35) (>= netstandard1.4) (< netstandard2.0)) (&& (< net35) (>= netstandard2.0)) (&& (< net40) (>= netstandard1.3) (< netstandard2.0)) (&& (< net40) (>= netstandard2.0)) (>= netcoreapp2.1)
      System.Reflection (>= 4.3) - restriction: || (&& (< monoandroid) (< monotouch) (< net46) (>= netstandard1.5) (< netstandard2.0) (< xamarintvos) (< xamarinwatchos)) (&& (< monoandroid) (< net46) (>= netstandard1.3) (< netstandard1.5) (< uap10.1))
      System.Resources.ResourceManager (>= 4.3) - restriction: || (&& (< monoandroid) (< monotouch) (< net46) (>= netstandard1.5) (< netstandard2.0) (< xamarintvos) (< xamarinwatchos)) (&& (< monoandroid) (< net46) (>= netstandard1.3) (< netstandard1.5) (< uap10.1))
      System.Runtime (>= 4.3) - restriction: || (&& (< monoandroid) (< monotouch) (< net46) (>= netstandard1.5) (< netstandard2.0) (< xamarintvos) (< xamarinwatchos)) (&& (< monoandroid) (< net46) (>= netstandard1.3) (< netstandard1.5) (< uap10.1))
    System.Resources.ResourceManager (4.3) - restriction: || (&& (< monoandroid) (< monotouch) (< net20) (>= netstandard1.3) (< netstandard2.0) (< xamarintvos) (< xamarinwatchos)) (&& (< monoandroid) (< monotouch) (< net20) (>= netstandard1.4) (< netstandard2.0) (< xamarintvos) (< xamarinwatchos)) (&& (< monoandroid) (< monotouch) (< net35) (>= netstandard1.5) (< netstandard2.0) (< xamarintvos) (< xamarinwatchos)) (&& (< monoandroid) (< monotouch) (< net40) (>= netstandard1.3) (< netstandard2.0) (< win8) (< wpa81) (< xamarintvos) (< xamarinwatchos)) (&& (< monoandroid) (< monotouch) (< net45) (< netcoreapp1.1) (>= netstandard1.6) (< win81) (< wpa81) (< xamarinios) (< xamarinmac) (< xamarintvos) (< xamarinwatchos)) (&& (< monoandroid) (< monotouch) (< net45) (>= netstandard1.3) (< netstandard2.0) (< win8) (< wpa81) (< xamarintvos) (< xamarinwatchos)) (&& (< monoandroid) (< monotouch) (< net45) (>= netstandard1.5) (< netstandard2.0) (< win8) (< wpa81) (< xamarintvos) (< xamarinwatchos)) (&& (< monoandroid) (< monotouch) (< net45) (>= netstandard1.6) (< netstandard2.0) (< win8) (< wpa81) (< xamarintvos) (< xamarinwatchos)) (&& (< monoandroid) (< monotouch) (< net451) (>= netstandard1.2) (< win81) (< wpa81) (< xamarinios) (< xamarinmac) (< xamarintvos) (< xamarinwatchos)) (&& (< monoandroid) (< net35) (>= netstandard1.4) (< netstandard1.5) (< uap10.1)) (&& (< monoandroid) (< net35) (>= netstandard2.0) (< xamarinios) (< xamarinmac)) (&& (< monoandroid) (< net40) (>= netstandard2.0) (< win8) (< wpa81) (< xamarinios) (< xamarinmac)) (&& (< monoandroid) (< net45) (>= netstandard1.1) (< netstandard1.3) (< win8) (< wpa81)) (&& (< monoandroid) (< net45) (>= netstandard2.0) (< win8) (< wpa81) (< xamarinios) (< xamarinmac)) (&& (< monoandroid) (>= netstandard1.0) (< netstandard1.1) (< win8) (< wp8)) (&& (< net35) (>= net45) (>= netstandard1.3) (< netstandard1.5)) (&& (< net35) (>= net45) (>= netstandard1.5)) (>= netcoreapp2.1)
      Microsoft.NETCore.Platforms (>= 1.1) - restriction: && (< monoandroid) (< monotouch) (< net45) (>= netstandard1.0) (< win8) (< wp8) (< wpa81) (< xamarinios) (< xamarinmac) (< xamarintvos) (< xamarinwatchos)
      Microsoft.NETCore.Targets (>= 1.1) - restriction: && (< monoandroid) (< monotouch) (< net45) (>= netstandard1.0) (< win8) (< wp8) (< wpa81) (< xamarinios) (< xamarinmac) (< xamarintvos) (< xamarinwatchos)
      System.Globalization (>= 4.3) - restriction: && (< monoandroid) (< monotouch) (< net45) (>= netstandard1.0) (< win8) (< wp8) (< wpa81) (< xamarinios) (< xamarinmac) (< xamarintvos) (< xamarinwatchos)
      System.Reflection (>= 4.3) - restriction: && (< monoandroid) (< monotouch) (< net45) (>= netstandard1.0) (< win8) (< wp8) (< wpa81) (< xamarinios) (< xamarinmac) (< xamarintvos) (< xamarinwatchos)
      System.Runtime (>= 4.3) - restriction: && (< monoandroid) (< monotouch) (< net45) (>= netstandard1.0) (< win8) (< wp8) (< wpa81) (< xamarinios) (< xamarinmac) (< xamarintvos) (< xamarinwatchos)
    System.Runtime (4.3.1) - restriction: || (&& (< monoandroid) (< monotouch) (< net20) (>= netstandard1.3) (< netstandard2.0) (< win8) (< wpa81) (< xamarintvos) (< xamarinwatchos)) (&& (< monoandroid) (< monotouch) (< net20) (>= netstandard1.4) (< netstandard2.0) (< xamarintvos) (< xamarinwatchos)) (&& (< monoandroid) (< monotouch) (< net35) (>= netstandard1.5) (< netstandard2.0) (< xamarintvos) (< xamarinwatchos)) (&& (< monoandroid) (< monotouch) (< net45) (>= netstandard1.5) (< netstandard2.0) (< win8) (< wpa81) (< xamarintvos) (< xamarinwatchos)) (&& (< monoandroid) (< monotouch) (< net45) (>= netstandard1.6) (< netstandard2.0) (< win8) (< wpa81) (< xamarintvos) (< xamarinwatchos)) (&& (< monoandroid) (< monotouch) (< net45) (>= netstandard1.6) (< win81) (< wpa81) (< xamarinios) (< xamarinmac) (< xamarintvos) (< xamarinwatchos)) (&& (< monoandroid) (< monotouch) (< net451) (>= netstandard1.2) (< win81) (< wpa81) (< xamarinios) (< xamarinmac) (< xamarintvos) (< xamarinwatchos)) (&& (< monoandroid) (< net20) (>= netstandard1.3) (< netstandard1.4)) (&& (< monoandroid) (< net35) (>= netstandard1.4) (< netstandard1.5) (< uap10.1)) (&& (< monoandroid) (< net35) (>= netstandard2.0) (< xamarinios) (< xamarinmac)) (&& (< monoandroid) (< net45) (>= netstandard1.2) (< netstandard1.3) (< win8) (< wpa81)) (&& (< monoandroid) (< net45) (>= netstandard1.3) (< netstandard1.5) (< win8) (< wpa81)) (&& (< monoandroid) (< net45) (>= netstandard1.3) (< netstandard1.6) (< win8) (< wpa81)) (&& (< monoandroid) (< net45) (< netstandard1.3) (>= netstandard1.6) (< win8) (< wpa81)) (&& (< monoandroid) (< net45) (< netstandard1.3) (>= netstandard2.0) (< win8) (< wpa81)) (&& (< monoandroid) (< net45) (< netstandard1.5) (>= netstandard2.0) (< win8) (< wpa81)) (&& (< monoandroid) (< net45) (>= netstandard2.0) (< win8) (< wpa81) (< xamarinios) (< xamarinmac)) (&& (< net10) (>= netstandard1.0) (< netstandard2.0)) (&& (< net35) (>= net45) (>= netstandard1.3) (< netstandard1.5)) (&& (< net35) (>= net45) (>= netstandard1.5)) (&& (< net45) (>= netstandard1.1) (< netstandard1.3) (< win8) (< wpa81)) (&& (< net45) (>= netstandard1.3) (< netstandard2.0) (< win8) (< wpa81)) (>= netcoreapp1.1) (&& (>= netstandard1.0) (< netstandard1.1) (< win8) (< wp8)) (&& (< netstandard2.0) (>= netstandard2.1))
      Microsoft.NETCore.Platforms (>= 1.1.1) - restriction: || (&& (< monoandroid) (< monotouch) (< net45) (>= netstandard1.5) (< win8) (< wpa81) (< xamarinios) (< xamarinmac) (< xamarintvos) (< xamarinwatchos)) (&& (< monoandroid) (< net45) (>= netstandard1.0) (< netstandard1.2) (< win8) (< wp8)) (&& (< monoandroid) (< net45) (>= netstandard1.2) (< netstandard1.3) (< win8) (< wpa81)) (&& (< monoandroid) (< net45) (>= netstandard1.3) (< netstandard1.5) (< win8) (< wpa81))
      Microsoft.NETCore.Targets (>= 1.1.3) - restriction: || (&& (< monoandroid) (< monotouch) (< net45) (>= netstandard1.5) (< win8) (< wpa81) (< xamarinios) (< xamarinmac) (< xamarintvos) (< xamarinwatchos)) (&& (< monoandroid) (< net45) (>= netstandard1.0) (< netstandard1.2) (< win8) (< wp8)) (&& (< monoandroid) (< net45) (>= netstandard1.2) (< netstandard1.3) (< win8) (< wpa81)) (&& (< monoandroid) (< net45) (>= netstandard1.3) (< netstandard1.5) (< win8) (< wpa81))
    System.Runtime.CompilerServices.Unsafe (4.7) - restriction: || (&& (>= monoandroid) (>= netstandard1.5)) (&& (< monoandroid) (>= netstandard1.5) (< win8)) (&& (< monoandroid) (>= netstandard2.0) (< win8)) (&& (>= net45) (>= netcoreapp2.0)) (&& (>= net45) (>= netstandard2.0)) (&& (>= net45) (>= uap10.1)) (&& (< net451) (>= net461) (>= netstandard2.0)) (&& (>= net461) (>= netcoreapp2.0)) (&& (>= net461) (>= netcoreapp2.1)) (&& (>= netcoreapp2.0) (< netcoreapp2.1)) (&& (>= netcoreapp2.0) (>= uap10.1)) (&& (< netcoreapp2.0) (>= netcoreapp2.1)) (&& (< netcoreapp2.0) (>= netstandard2.0)) (&& (>= netcoreapp2.1) (< netcoreapp3.1)) (&& (< netcoreapp2.1) (>= netstandard2.0) (< xamarinios) (< xamarinmac)) (&& (< netcoreapp3.0) (>= netstandard2.1)) (>= netstandard1.0) (&& (>= netstandard1.5) (>= uap10.1)) (&& (>= netstandard1.5) (>= win8)) (&& (>= netstandard1.5) (>= wpa81)) (&& (>= netstandard2.0) (>= uap10.1)) (&& (>= netstandard2.0) (>= win8)) (&& (>= netstandard2.0) (>= wp8))
      System.Runtime (>= 4.3) - restriction: && (< net45) (>= netstandard1.0) (< netstandard2.0) (< win8) (< wp8) (< wpa81)
    System.Runtime.Extensions (4.3.1) - restriction: || (&& (< monoandroid) (< monotouch) (< net20) (>= netstandard1.3) (< netstandard2.0) (< xamarintvos) (< xamarinwatchos)) (&& (< monoandroid) (< monotouch) (< net20) (>= netstandard1.5) (< netstandard2.0) (< win8) (< wpa81) (< xamarintvos) (< xamarinwatchos)) (&& (< monoandroid) (< monotouch) (< net20) (>= netstandard1.6) (< netstandard2.0) (< win8) (< wpa81) (< xamarintvos) (< xamarinwatchos)) (&& (< monoandroid) (< monotouch) (< net40) (>= netstandard1.3) (< netstandard2.0) (< win8) (< wpa81) (< xamarintvos) (< xamarinwatchos)) (&& (< monoandroid) (< monotouch) (< net40) (>= netstandard1.6) (< netstandard2.0) (< win8) (< wpa81) (< xamarintvos) (< xamarinwatchos)) (&& (< monoandroid) (< monotouch) (< net45) (< netcoreapp1.1) (>= netstandard1.6) (< win81) (< wpa81) (< xamarinios) (< xamarinmac) (< xamarintvos) (< xamarinwatchos)) (&& (< monoandroid) (< monotouch) (< net45) (>= netstandard1.5) (< netstandard2.0) (< win8) (< wpa81) (< xamarintvos) (< xamarinwatchos)) (&& (< monoandroid) (< monotouch) (< net451) (>= netstandard1.2) (< win81) (< wpa81) (< xamarinios) (< xamarinmac) (< xamarintvos) (< xamarinwatchos)) (&& (< monoandroid) (< net20) (>= netstandard1.0) (< netstandard1.3) (< win8) (< wp8) (< wpa81)) (&& (< monoandroid) (< net20) (>= netstandard1.3) (< netstandard1.5) (< win8) (< wpa81)) (&& (< monoandroid) (< net20) (< netstandard1.3) (>= netstandard1.5) (< win8) (< wpa81)) (&& (< monoandroid) (< net20) (< netstandard1.3) (>= netstandard1.6) (< win8) (< wpa81)) (&& (< monoandroid) (< net35) (>= netstandard2.0) (< xamarinios) (< xamarinmac)) (&& (< monoandroid) (< net40) (< netstandard1.3) (>= netstandard2.0) (< win8) (< wpa81)) (&& (< monoandroid) (< net40) (>= netstandard2.0) (< win8) (< wpa81) (< xamarinios) (< xamarinmac)) (&& (< net35) (>= net45) (>= netstandard1.3) (< netstandard1.5)) (&& (< net35) (>= net45) (>= netstandard1.5)) (&& (< net45) (>= netstandard1.3) (< netstandard2.0)) (&& (< net45) (>= netstandard2.0)) (>= netcoreapp2.1)
      Microsoft.NETCore.Platforms (>= 1.1.1) - restriction: || (&& (< monoandroid) (< monotouch) (< net45) (>= netstandard1.5) (< win8) (< wpa81) (< xamarinios) (< xamarinmac) (< xamarintvos) (< xamarinwatchos)) (&& (< monoandroid) (< net45) (>= netstandard1.0) (< netstandard1.3) (< win8) (< wp8) (< wpa81)) (&& (< monoandroid) (< net45) (>= netstandard1.3) (< netstandard1.5) (< win8) (< wpa81))
      Microsoft.NETCore.Targets (>= 1.1.3) - restriction: || (&& (< monoandroid) (< monotouch) (< net45) (>= netstandard1.5) (< win8) (< wpa81) (< xamarinios) (< xamarinmac) (< xamarintvos) (< xamarinwatchos)) (&& (< monoandroid) (< net45) (>= netstandard1.0) (< netstandard1.3) (< win8) (< wp8) (< wpa81)) (&& (< monoandroid) (< net45) (>= netstandard1.3) (< netstandard1.5) (< win8) (< wpa81))
      System.Runtime (>= 4.3.1) - restriction: || (&& (< monoandroid) (< monotouch) (< net45) (>= netstandard1.5) (< win8) (< wpa81) (< xamarinios) (< xamarinmac) (< xamarintvos) (< xamarinwatchos)) (&& (< monoandroid) (< net45) (>= netstandard1.0) (< netstandard1.3) (< win8) (< wp8) (< wpa81)) (&& (< monoandroid) (< net45) (>= netstandard1.3) (< netstandard1.5) (< win8) (< wpa81))
    System.Runtime.Handles (4.3) - restriction: || (&& (< monoandroid) (< monotouch) (< net45) (>= netstandard1.5) (< netstandard2.0) (< xamarintvos) (< xamarinwatchos)) (&& (< monoandroid) (< net45) (>= netstandard1.3) (< netstandard1.5) (< win8) (< wpa81)) (&& (< monoandroid) (< net45) (< netstandard1.5) (>= netstandard2.0) (< win8) (< wpa81)) (&& (< monoandroid) (< net45) (>= netstandard2.0) (< win8) (< wpa81) (< xamarinios) (< xamarinmac)) (&& (>= netcoreapp1.1) (>= netstandard2.0)) (&& (>= netcoreapp1.1) (< netstandard2.0)) (>= netcoreapp2.1)
      Microsoft.NETCore.Platforms (>= 1.1) - restriction: && (< monoandroid) (< monotouch) (< net46) (>= netstandard1.3) (< xamarinios) (< xamarinmac) (< xamarintvos) (< xamarinwatchos)
      Microsoft.NETCore.Targets (>= 1.1) - restriction: && (< monoandroid) (< monotouch) (< net46) (>= netstandard1.3) (< xamarinios) (< xamarinmac) (< xamarintvos) (< xamarinwatchos)
      System.Runtime (>= 4.3) - restriction: && (< monoandroid) (< monotouch) (< net46) (>= netstandard1.3) (< xamarinios) (< xamarinmac) (< xamarintvos) (< xamarinwatchos)
    System.Runtime.InteropServices (4.3) - restriction: || (&& (< monoandroid) (< monotouch) (< net20) (>= netstandard1.3) (< netstandard2.0) (< win8) (< wpa81) (< xamarintvos) (< xamarinwatchos)) (&& (< monoandroid) (< monotouch) (< net45) (>= netstandard1.5) (< netstandard2.0) (< win8) (< wpa81) (< xamarintvos) (< xamarinwatchos)) (&& (< monoandroid) (< monotouch) (< net45) (>= netstandard1.6) (< netstandard2.0) (< win8) (< wpa81) (< xamarintvos) (< xamarinwatchos)) (&& (< monoandroid) (< net35) (>= netstandard2.0) (< xamarinios) (< xamarinmac)) (&& (< net35) (>= net45) (>= netstandard1.3) (< netstandard1.5)) (&& (< net35) (>= net45) (>= netstandard1.5)) (&& (< net45) (>= netstandard1.3) (< netstandard2.0)) (&& (< net45) (>= netstandard2.0)) (>= netcoreapp2.1)
      Microsoft.NETCore.Platforms (>= 1.1) - restriction: || (&& (< monoandroid) (< monotouch) (< net45) (>= netstandard1.5) (< win8) (< wpa81) (< xamarinios) (< xamarinmac) (< xamarintvos) (< xamarinwatchos)) (&& (< monoandroid) (< net45) (>= netstandard1.1) (< netstandard1.2) (< win8)) (&& (< monoandroid) (< net45) (>= netstandard1.2) (< netstandard1.3) (< win8) (< wpa81)) (&& (< monoandroid) (< net45) (>= netstandard1.3) (< netstandard1.5) (< win8) (< wpa81)) (>= netcoreapp1.1)
      Microsoft.NETCore.Targets (>= 1.1) - restriction: || (&& (< monoandroid) (< monotouch) (< net45) (>= netstandard1.5) (< win8) (< wpa81) (< xamarinios) (< xamarinmac) (< xamarintvos) (< xamarinwatchos)) (&& (< monoandroid) (< net45) (>= netstandard1.1) (< netstandard1.2) (< win8)) (&& (< monoandroid) (< net45) (>= netstandard1.2) (< netstandard1.3) (< win8) (< wpa81)) (&& (< monoandroid) (< net45) (>= netstandard1.3) (< netstandard1.5) (< win8) (< wpa81)) (>= netcoreapp1.1)
      System.Reflection (>= 4.3) - restriction: || (&& (< monoandroid) (< monotouch) (< net45) (>= netstandard1.5) (< win8) (< wpa81) (< xamarinios) (< xamarinmac) (< xamarintvos) (< xamarinwatchos)) (&& (< monoandroid) (< net45) (>= netstandard1.1) (< netstandard1.2) (< win8)) (&& (< monoandroid) (< net45) (>= netstandard1.2) (< netstandard1.3) (< win8) (< wpa81)) (&& (< monoandroid) (< net45) (>= netstandard1.3) (< netstandard1.5) (< win8) (< wpa81)) (>= netcoreapp1.1)
      System.Reflection.Primitives (>= 4.3) - restriction: || (&& (< monoandroid) (< monotouch) (< net45) (>= netstandard1.5) (< win8) (< wpa81) (< xamarinios) (< xamarinmac) (< xamarintvos) (< xamarinwatchos)) (&& (< monoandroid) (< net45) (>= netstandard1.1) (< netstandard1.2) (< win8)) (&& (< monoandroid) (< net45) (>= netstandard1.2) (< netstandard1.3) (< win8) (< wpa81)) (&& (< monoandroid) (< net45) (>= netstandard1.3) (< netstandard1.5) (< win8) (< wpa81)) (>= netcoreapp1.1)
      System.Runtime (>= 4.3) - restriction: || (&& (< monoandroid) (< monotouch) (< net45) (>= netstandard1.5) (< win8) (< wpa81) (< xamarinios) (< xamarinmac) (< xamarintvos) (< xamarinwatchos)) (&& (< monoandroid) (< net45) (>= netstandard1.1) (< netstandard1.2) (< win8)) (&& (< monoandroid) (< net45) (>= netstandard1.2) (< netstandard1.3) (< win8) (< wpa81)) (&& (< monoandroid) (< net45) (>= netstandard1.3) (< netstandard1.5) (< win8) (< wpa81)) (>= net462) (>= netcoreapp1.1)
      System.Runtime.Handles (>= 4.3) - restriction: || (&& (< monoandroid) (< monotouch) (< net45) (>= netstandard1.5) (< win8) (< wpa81) (< xamarinios) (< xamarinmac) (< xamarintvos) (< xamarinwatchos)) (&& (< monoandroid) (< net45) (>= netstandard1.3) (< netstandard1.5) (< win8) (< wpa81)) (>= netcoreapp1.1)
    System.Runtime.InteropServices.RuntimeInformation (4.3) - restriction: || (&& (< net45) (>= netstandard1.3) (< netstandard2.0)) (&& (< net45) (>= netstandard2.0)) (>= netcoreapp2.1)
      runtime.native.System (>= 4.3) - restriction: && (< monoandroid) (< monotouch) (< net45) (>= netstandard1.1) (< win8) (< wpa81) (< xamarinios) (< xamarinmac) (< xamarintvos) (< xamarinwatchos)
      System.Reflection (>= 4.3) - restriction: && (< monoandroid) (< monotouch) (< net45) (>= netstandard1.1) (< win8) (< wpa81) (< xamarinios) (< xamarinmac) (< xamarintvos) (< xamarinwatchos)
      System.Reflection.Extensions (>= 4.3) - restriction: && (< monoandroid) (< monotouch) (< net45) (>= netstandard1.1) (< win8) (< wpa81) (< xamarinios) (< xamarinmac) (< xamarintvos) (< xamarinwatchos)
      System.Resources.ResourceManager (>= 4.3) - restriction: && (< monoandroid) (< monotouch) (< net45) (>= netstandard1.1) (< win8) (< wpa81) (< xamarinios) (< xamarinmac) (< xamarintvos) (< xamarinwatchos)
      System.Runtime (>= 4.3) - restriction: && (< monoandroid) (< monotouch) (< net45) (>= netstandard1.1) (< win8) (< wpa81) (< xamarinios) (< xamarinmac) (< xamarintvos) (< xamarinwatchos)
      System.Runtime.InteropServices (>= 4.3) - restriction: && (< monoandroid) (< monotouch) (< net45) (>= netstandard1.1) (< win8) (< wpa81) (< xamarinios) (< xamarinmac) (< xamarintvos) (< xamarinwatchos)
      System.Threading (>= 4.3) - restriction: && (< monoandroid) (< monotouch) (< net45) (>= netstandard1.1) (< win8) (< wpa81) (< xamarinios) (< xamarinmac) (< xamarintvos) (< xamarinwatchos)
    System.Runtime.InteropServices.WindowsRuntime (4.3) - restriction: && (< net46) (< netcoreapp3.0) (>= netstandard2.0) (< uap10.0)
      System.Runtime (>= 4.3) - restriction: && (< monoandroid) (< monotouch) (< net45) (>= netstandard1.0) (< win8) (< wp8) (< wpa81) (< xamarinios) (< xamarinmac) (< xamarintvos) (< xamarinwatchos)
    System.Runtime.Loader (4.3) - restriction: && (< net45) (>= netstandard1.5) (< netstandard2.0)
      System.IO (>= 4.3) - restriction: && (< monoandroid) (< monotouch) (< net462) (>= netstandard1.5) (< xamarinios) (< xamarinmac) (< xamarintvos) (< xamarinwatchos)
      System.Reflection (>= 4.3) - restriction: && (< monoandroid) (< monotouch) (< net462) (>= netstandard1.5) (< xamarinios) (< xamarinmac) (< xamarintvos) (< xamarinwatchos)
      System.Runtime (>= 4.3) - restriction: && (< monoandroid) (< monotouch) (< net462) (>= netstandard1.5) (< xamarinios) (< xamarinmac) (< xamarintvos) (< xamarinwatchos)
    System.Runtime.Serialization.Formatters (4.3) - restriction: && (< net20) (>= netstandard1.3) (< netstandard2.0)
      System.Collections (>= 4.3) - restriction: && (< monoandroid) (< monotouch) (< net46) (>= netstandard1.4) (< xamarinios) (< xamarinmac) (< xamarintvos) (< xamarinwatchos)
      System.Reflection (>= 4.3) - restriction: && (< monoandroid) (< monotouch) (< net46) (>= netstandard1.4) (< xamarinios) (< xamarinmac) (< xamarintvos) (< xamarinwatchos)
      System.Resources.ResourceManager (>= 4.3) - restriction: && (< monoandroid) (< monotouch) (< net46) (>= netstandard1.4) (< xamarinios) (< xamarinmac) (< xamarintvos) (< xamarinwatchos)
      System.Runtime (>= 4.3) - restriction: || (&& (< monoandroid) (< monotouch) (< net46) (>= netstandard1.4) (< xamarinios) (< xamarinmac) (< xamarintvos) (< xamarinwatchos)) (&& (< monoandroid) (< net46) (>= netstandard1.3) (< netstandard1.4))
      System.Runtime.Serialization.Primitives (>= 4.3) - restriction: || (&& (< monoandroid) (< monotouch) (>= netstandard1.4) (< xamarinios) (< xamarinmac) (< xamarintvos) (< xamarinwatchos)) (&& (< monoandroid) (>= netstandard1.3) (< netstandard1.4)) (>= net46)
    System.Runtime.Serialization.Primitives (4.3) - restriction: || (&& (< monoandroid) (< monotouch) (< net20) (>= netstandard1.4) (< netstandard2.0) (< xamarintvos) (< xamarinwatchos)) (&& (< monoandroid) (< net20) (>= netstandard1.3) (< netstandard1.4)) (&& (< net20) (>= net46) (< netstandard2.0)) (&& (< net20) (>= netstandard1.0) (< netstandard1.3)) (&& (< net20) (>= netstandard1.3) (< netstandard2.0)) (&& (< net45) (>= netstandard1.6) (< netstandard2.0)) (&& (< net45) (>= netstandard2.0))
      System.Resources.ResourceManager (>= 4.3) - restriction: && (< monoandroid) (< monotouch) (< net45) (>= netstandard1.3) (< win8) (< wpa81) (< xamarinios) (< xamarinmac) (< xamarintvos) (< xamarinwatchos)
      System.Runtime (>= 4.3) - restriction: || (&& (< monoandroid) (< monotouch) (< net45) (>= netstandard1.3) (< win8) (< wpa81) (< xamarinios) (< xamarinmac) (< xamarintvos) (< xamarinwatchos)) (&& (< monoandroid) (< net45) (>= netstandard1.0) (< netstandard1.3) (< win8) (< wp8) (< wpa81))
    System.Security.AccessControl (4.7) - restriction: || (&& (>= monotouch) (>= netstandard2.0)) (&& (< net452) (>= netstandard2.0)) (>= netcoreapp2.0) (&& (>= netstandard2.0) (>= xamarintvos)) (&& (>= netstandard2.0) (>= xamarinwatchos)) (>= xamarinios) (>= xamarinmac)
      Microsoft.NETCore.Platforms (>= 3.1) - restriction: >= netcoreapp2.0
      System.Security.Principal.Windows (>= 4.7) - restriction: || (&& (>= net46) (< netstandard2.0)) (&& (< net46) (>= netstandard1.3) (< netstandard2.0) (< uap10.1)) (&& (< net46) (>= netstandard2.0)) (>= net461) (>= netcoreapp2.0)
    System.Security.Cryptography.Cng (4.7) - restriction: || (&& (< net45) (< netcoreapp2.0) (>= netstandard2.0) (< netstandard2.1) (< xamarinios) (< xamarinmac)) (&& (>= netcoreapp2.0) (< netcoreapp2.1) (< netstandard2.1)) (&& (< netcoreapp2.0) (>= netstandard2.1)) (&& (>= netcoreapp2.1) (< netstandard2.1)) (>= netcoreapp3.0)
      Microsoft.NETCore.Platforms (>= 3.1) - restriction: && (>= netcoreapp2.0) (< netcoreapp2.1) (< netstandard2.1)
    System.Security.Cryptography.Pkcs (4.7) - restriction: || (&& (< net45) (>= netstandard2.0) (< xamarinios) (< xamarinmac)) (>= netcoreapp2.1)
      System.Buffers (>= 4.5) - restriction: && (< net46) (< netcoreapp2.0) (>= netstandard2.0) (< netstandard2.1) (< xamarinios) (< xamarinmac)
      System.Memory (>= 4.5.3) - restriction: || (&& (< net46) (< netcoreapp2.0) (>= netstandard2.0) (< netstandard2.1) (< xamarinios) (< xamarinmac)) (&& (>= netcoreapp2.0) (< netcoreapp2.1) (< netstandard2.1)) (>= uap10.1)
      System.Security.Cryptography.Cng (>= 4.7) - restriction: || (&& (< net46) (< netcoreapp2.0) (>= netstandard2.0) (< netstandard2.1) (< xamarinios) (< xamarinmac)) (&& (>= netcoreapp2.0) (< netcoreapp2.1) (< netstandard2.1)) (&& (< netcoreapp2.0) (>= netstandard2.1)) (&& (>= netcoreapp2.1) (< netstandard2.1)) (>= netcoreapp3.0)
    System.Security.Cryptography.ProtectedData (4.7) - restriction: && (< net452) (>= netstandard2.0) (< xamarinios) (< xamarinmac)
      System.Memory (>= 4.5.3) - restriction: && (< net46) (< netcoreapp2.1) (>= netstandard2.0) (< xamarinios) (< xamarinmac)
    System.Security.Cryptography.Xml (4.7) - restriction: || (&& (< net45) (>= netstandard2.0) (< xamarinios) (< xamarinmac)) (>= netcoreapp2.1)
      System.Security.Cryptography.Pkcs (>= 4.7) - restriction: && (< net461) (>= netstandard2.0)
      System.Security.Permissions (>= 4.7) - restriction: || (>= net461) (>= netstandard2.0)
    System.Security.Permissions (4.7) - restriction: || (&& (>= monoandroid) (>= netstandard2.0)) (&& (>= monotouch) (>= netstandard2.0)) (&& (< net45) (>= net461) (>= netstandard2.0)) (&& (< net45) (>= netstandard2.0) (< xamarinios) (< xamarinmac)) (&& (< net452) (>= netstandard2.0)) (>= netcoreapp2.1) (&& (>= netstandard2.0) (>= xamarintvos)) (&& (>= netstandard2.0) (>= xamarinwatchos))
      System.Security.AccessControl (>= 4.7) - restriction: || (>= net461) (>= netstandard2.0)
      System.Windows.Extensions (>= 4.7) - restriction: >= netcoreapp3.0
    System.Security.Principal.Windows (4.7) - restriction: || (&& (>= monotouch) (>= netstandard2.0)) (&& (< net451) (>= netstandard2.0)) (&& (< net452) (>= netstandard2.0)) (>= netcoreapp2.0) (&& (>= netstandard2.0) (>= xamarintvos)) (&& (>= netstandard2.0) (>= xamarinwatchos)) (>= xamarinios) (>= xamarinmac)
      Microsoft.NETCore.Platforms (>= 3.1) - restriction: || (&& (>= netcoreapp2.0) (< netcoreapp2.1)) (&& (>= netcoreapp2.1) (< netcoreapp3.0))
    System.ServiceModel.Http (4.7) - restriction: && (< net452) (>= netstandard2.0)
      System.Private.ServiceModel (>= 4.7) - restriction: && (< net45) (>= netstandard2.0) (< xamarinios) (< xamarinmac)
      System.ServiceModel.Primitives (>= 4.7) - restriction: || (&& (< net45) (>= netstandard2.0) (< xamarinios) (< xamarinmac)) (>= net461)
    System.ServiceModel.Primitives (4.7) - restriction: || (&& (< net45) (>= netstandard2.0) (< xamarinios) (< xamarinmac)) (&& (< net452) (>= netstandard2.0))
      System.Private.ServiceModel (>= 4.7) - restriction: || (&& (< net45) (>= netstandard2.0) (< xamarinios) (< xamarinmac)) (>= netcoreapp2.1)
    System.ServiceProcess.ServiceController (4.7) - restriction: && (< net452) (>= netstandard2.0)
      System.Buffers (>= 4.5) - restriction: || (&& (>= monoandroid) (< netstandard2.0)) (>= monotouch) (&& (< net461) (< netcoreapp2.0) (>= netstandard2.0)) (>= xamarinios) (>= xamarinmac) (>= xamarintvos) (>= xamarinwatchos)
      System.Diagnostics.EventLog (>= 4.7) - restriction: || (>= monoandroid) (>= monotouch) (>= net461) (>= netstandard2.0) (>= uap10.1) (>= xamarintvos) (>= xamarinwatchos)
      System.Memory (>= 4.5.3) - restriction: || (&& (< net461) (< netcoreapp2.0) (>= netstandard2.0) (< xamarinios) (< xamarinmac)) (&& (>= netcoreapp2.0) (< netcoreapp2.1)) (>= uap10.1)
    System.Text.Encoding (4.3) - restriction: || (&& (< monoandroid) (< monotouch) (< net20) (>= netstandard1.3) (< netstandard2.0) (< xamarintvos) (< xamarinwatchos)) (&& (< monoandroid) (< monotouch) (< net45) (>= netstandard1.5) (< win8) (< wpa81) (< xamarinios) (< xamarinmac) (< xamarintvos) (< xamarinwatchos)) (&& (< monoandroid) (< net45) (>= netstandard1.2) (< netstandard1.3) (< win8) (< wpa81)) (&& (< monoandroid) (< net45) (>= netstandard1.3) (< netstandard1.5) (< win8) (< wpa81)) (>= netcoreapp2.1)
      Microsoft.NETCore.Platforms (>= 1.1) - restriction: || (&& (< monoandroid) (< monotouch) (< net45) (>= netstandard1.3) (< win8) (< wpa81) (< xamarinios) (< xamarinmac) (< xamarintvos) (< xamarinwatchos)) (&& (< monoandroid) (< net45) (>= netstandard1.0) (< netstandard1.3) (< win8) (< wp8) (< wpa81))
      Microsoft.NETCore.Targets (>= 1.1) - restriction: || (&& (< monoandroid) (< monotouch) (< net45) (>= netstandard1.3) (< win8) (< wpa81) (< xamarinios) (< xamarinmac) (< xamarintvos) (< xamarinwatchos)) (&& (< monoandroid) (< net45) (>= netstandard1.0) (< netstandard1.3) (< win8) (< wp8) (< wpa81))
      System.Runtime (>= 4.3) - restriction: || (&& (< monoandroid) (< monotouch) (< net45) (>= netstandard1.3) (< win8) (< wpa81) (< xamarinios) (< xamarinmac) (< xamarintvos) (< xamarinwatchos)) (&& (< monoandroid) (< net45) (>= netstandard1.0) (< netstandard1.3) (< win8) (< wp8) (< wpa81))
    System.Text.Encoding.CodePages (4.7) - restriction: || (&& (< net451) (< netcoreapp2.0) (>= netstandard2.0) (< xamarinios) (< xamarinmac)) (&& (>= netcoreapp2.0) (< netcoreapp2.1)) (&& (>= netcoreapp2.1) (< netcoreapp3.1)) (&& (>= netstandard2.0) (>= uap10.1))
      Microsoft.NETCore.Platforms (>= 3.1) - restriction: >= netcoreapp2.0
      System.Runtime.CompilerServices.Unsafe (>= 4.7) - restriction: || (&& (< net46) (< netcoreapp2.0) (>= netstandard2.0) (< xamarinios) (< xamarinmac)) (>= net461) (&& (>= netcoreapp2.0) (< netcoreapp3.1))
    System.Text.Encoding.Extensions (4.3) - restriction: || (&& (< monoandroid) (< monotouch) (< net20) (>= netstandard1.3) (< netstandard2.0) (< win8) (< wpa81) (< xamarintvos) (< xamarinwatchos)) (>= netcoreapp2.1)
      Microsoft.NETCore.Platforms (>= 1.1) - restriction: || (&& (< monoandroid) (< monotouch) (< net45) (>= netstandard1.3) (< win8) (< wpa81) (< xamarinios) (< xamarinmac) (< xamarintvos) (< xamarinwatchos)) (&& (< monoandroid) (< net45) (>= netstandard1.0) (< netstandard1.3) (< win8) (< wp8) (< wpa81))
      Microsoft.NETCore.Targets (>= 1.1) - restriction: || (&& (< monoandroid) (< monotouch) (< net45) (>= netstandard1.3) (< win8) (< wpa81) (< xamarinios) (< xamarinmac) (< xamarintvos) (< xamarinwatchos)) (&& (< monoandroid) (< net45) (>= netstandard1.0) (< netstandard1.3) (< win8) (< wp8) (< wpa81))
      System.Runtime (>= 4.3) - restriction: || (&& (< monoandroid) (< monotouch) (< net45) (>= netstandard1.3) (< win8) (< wpa81) (< xamarinios) (< xamarinmac) (< xamarintvos) (< xamarinwatchos)) (&& (< monoandroid) (< net45) (>= netstandard1.0) (< netstandard1.3) (< win8) (< wp8) (< wpa81))
      System.Text.Encoding (>= 4.3) - restriction: || (&& (< monoandroid) (< monotouch) (< net45) (>= netstandard1.3) (< win8) (< wpa81) (< xamarinios) (< xamarinmac) (< xamarintvos) (< xamarinwatchos)) (&& (< monoandroid) (< net45) (>= netstandard1.0) (< netstandard1.3) (< win8) (< wp8) (< wpa81))
    System.Text.RegularExpressions (4.3.1) - restriction: || (&& (< monoandroid) (< monotouch) (< net20) (>= netstandard1.3) (< netstandard2.0) (< win8) (< wpa81) (< xamarintvos) (< xamarinwatchos)) (&& (< monoandroid) (< monotouch) (< net451) (>= netstandard1.2) (< win81) (< wpa81) (< xamarinios) (< xamarinmac) (< xamarintvos) (< xamarinwatchos))
      System.Collections (>= 4.3) - restriction: && (< monoandroid) (< monotouch) (< net45) (< netcoreapp1.1) (>= netstandard1.6) (< xamarinios) (< xamarinmac) (< xamarintvos) (< xamarinwatchos)
      System.Globalization (>= 4.3) - restriction: && (< monoandroid) (< monotouch) (< net45) (< netcoreapp1.1) (>= netstandard1.6) (< xamarinios) (< xamarinmac) (< xamarintvos) (< xamarinwatchos)
      System.Resources.ResourceManager (>= 4.3) - restriction: && (< monoandroid) (< monotouch) (< net45) (< netcoreapp1.1) (>= netstandard1.6) (< xamarinios) (< xamarinmac) (< xamarintvos) (< xamarinwatchos)
      System.Runtime (>= 4.3.1) - restriction: || (&& (< monoandroid) (< monotouch) (< net45) (>= netstandard1.6) (< xamarinios) (< xamarinmac) (< xamarintvos) (< xamarinwatchos)) (&& (< monoandroid) (< net45) (>= netstandard1.0) (< netstandard1.3) (< win8) (< wp8) (< wpa81)) (&& (< monoandroid) (< net45) (>= netstandard1.3) (< netstandard1.6) (< win8) (< wpa81)) (>= netcoreapp1.1)
      System.Runtime.Extensions (>= 4.3.1) - restriction: && (< monoandroid) (< monotouch) (< net45) (< netcoreapp1.1) (>= netstandard1.6) (< xamarinios) (< xamarinmac) (< xamarintvos) (< xamarinwatchos)
      System.Threading (>= 4.3) - restriction: && (< monoandroid) (< monotouch) (< net45) (< netcoreapp1.1) (>= netstandard1.6) (< xamarinios) (< xamarinmac) (< xamarintvos) (< xamarinwatchos)
    System.Threading (4.3) - restriction: || (&& (< monoandroid) (< monotouch) (< net20) (>= netstandard1.3) (< netstandard2.0) (< xamarintvos) (< xamarinwatchos)) (&& (< monoandroid) (< monotouch) (< net20) (>= netstandard1.5) (< netstandard2.0) (< win8) (< wpa81) (< xamarintvos) (< xamarinwatchos)) (&& (< monoandroid) (< monotouch) (< net40) (>= netstandard1.3) (< netstandard2.0) (< win8) (< wpa81) (< xamarintvos) (< xamarinwatchos)) (&& (< monoandroid) (< monotouch) (< net40) (>= netstandard1.6) (< netstandard2.0) (< win8) (< wpa81) (< xamarintvos) (< xamarinwatchos)) (&& (< monoandroid) (< monotouch) (< net45) (< netcoreapp1.1) (>= netstandard1.6) (< win81) (< wpa81) (< xamarinios) (< xamarinmac) (< xamarintvos) (< xamarinwatchos)) (&& (< monoandroid) (< net20) (>= netstandard1.0) (< netstandard1.3) (< win8) (< wp8) (< wpa81)) (&& (< monoandroid) (< net20) (>= netstandard1.3) (< netstandard1.5) (< win8) (< wpa81)) (&& (< monoandroid) (< net20) (< netstandard1.3) (>= netstandard1.5) (< win8) (< wpa81)) (&& (< monoandroid) (< net35) (>= netstandard2.0) (< xamarinios) (< xamarinmac)) (&& (< monoandroid) (< net40) (< netstandard1.3) (>= netstandard2.0) (< win8) (< wpa81)) (&& (< monoandroid) (< net40) (>= netstandard2.0) (< win8) (< wpa81) (< xamarinios) (< xamarinmac)) (&& (< monoandroid) (< net45) (>= netstandard2.0) (< win8) (< wpa81) (< xamarinios) (< xamarinmac)) (&& (< net20) (>= net462) (< netstandard1.3)) (&& (< net20) (>= net462) (< netstandard2.0)) (&& (< net35) (>= net45) (>= netstandard1.3) (< netstandard1.5)) (&& (< net35) (>= net45) (>= netstandard1.5)) (>= netcoreapp2.1)
      System.Runtime (>= 4.3) - restriction: || (&& (< monoandroid) (< monotouch) (< net45) (>= netstandard1.3) (< win8) (< wpa81) (< xamarinios) (< xamarinmac) (< xamarintvos) (< xamarinwatchos)) (&& (< monoandroid) (< net45) (>= netstandard1.0) (< netstandard1.3) (< win8) (< wp8) (< wpa81))
      System.Threading.Tasks (>= 4.3) - restriction: || (&& (< monoandroid) (< monotouch) (< net45) (>= netstandard1.3) (< win8) (< wpa81) (< xamarinios) (< xamarinmac) (< xamarintvos) (< xamarinwatchos)) (&& (< monoandroid) (< net45) (>= netstandard1.0) (< netstandard1.3) (< win8) (< wp8) (< wpa81))
    System.Threading.Tasks (4.3) - restriction: || (&& (< monoandroid) (< monotouch) (< net20) (>= netstandard1.3) (< netstandard2.0) (< win8) (< wpa81) (< xamarintvos) (< xamarinwatchos)) (&& (< monoandroid) (< monotouch) (< net451) (>= netstandard1.2) (< win81) (< wpa81) (< xamarinios) (< xamarinmac) (< xamarintvos) (< xamarinwatchos)) (&& (< monoandroid) (< net45) (< netstandard1.3) (>= netstandard2.0) (< win8) (< wpa81)) (&& (< monoandroid) (< net45) (>= netstandard2.0) (< win8) (< wpa81) (< xamarinios) (< xamarinmac)) (>= netcoreapp2.1)
      Microsoft.NETCore.Platforms (>= 1.1) - restriction: || (&& (< monoandroid) (< monotouch) (< net45) (>= netstandard1.3) (< win8) (< wpa81) (< xamarinios) (< xamarinmac) (< xamarintvos) (< xamarinwatchos)) (&& (< monoandroid) (< net45) (>= netstandard1.0) (< netstandard1.3) (< win8) (< wp8) (< wpa81))
      Microsoft.NETCore.Targets (>= 1.1) - restriction: || (&& (< monoandroid) (< monotouch) (< net45) (>= netstandard1.3) (< win8) (< wpa81) (< xamarinios) (< xamarinmac) (< xamarintvos) (< xamarinwatchos)) (&& (< monoandroid) (< net45) (>= netstandard1.0) (< netstandard1.3) (< win8) (< wp8) (< wpa81))
      System.Runtime (>= 4.3) - restriction: || (&& (< monoandroid) (< monotouch) (< net45) (>= netstandard1.3) (< win8) (< wpa81) (< xamarinios) (< xamarinmac) (< xamarintvos) (< xamarinwatchos)) (&& (< monoandroid) (< net45) (>= netstandard1.0) (< netstandard1.3) (< win8) (< wp8) (< wpa81))
    System.Threading.Tasks.Extensions (4.5.3) - restriction: || (&& (< monoandroid) (< monotouch) (< net20) (>= netstandard1.3) (< netstandard2.0) (< win8) (< wpa81) (< xamarintvos) (< xamarinwatchos)) (>= net45) (&& (< netcoreapp2.1) (>= netstandard2.0) (< netstandard2.1)) (>= netstandard1.6) (>= uap10.0)
      System.Runtime.CompilerServices.Unsafe (>= 4.5.2) - restriction: || (&& (< monoandroid) (< monotouch) (>= netstandard1.0) (< netstandard2.0) (< win8) (< wpa81) (< xamarintvos) (< xamarinwatchos)) (&& (< monoandroid) (< netstandard1.0) (>= portable-net45+win8+wp8+wpa81) (< win8)) (>= net45) (&& (< netcoreapp2.1) (>= netstandard2.0) (< xamarinios) (< xamarinmac)) (&& (< netstandard1.0) (>= win8)) (&& (< netstandard2.0) (>= wpa81)) (>= wp8)
    System.Threading.Tasks.Parallel (4.3) - restriction: >= netstandard2.0
      System.Collections.Concurrent (>= 4.3) - restriction: || (&& (< monoandroid) (< monotouch) (< net45) (>= netstandard1.3) (< win8) (< wpa81) (< xamarinios) (< xamarinmac) (< xamarintvos) (< xamarinwatchos)) (&& (< monoandroid) (< net45) (>= netstandard1.1) (< netstandard1.3) (< win8) (< wpa81))
      System.Diagnostics.Debug (>= 4.3) - restriction: && (< monoandroid) (< monotouch) (< net45) (>= netstandard1.3) (< win8) (< wpa81) (< xamarinios) (< xamarinmac) (< xamarintvos) (< xamarinwatchos)
      System.Diagnostics.Tracing (>= 4.3) - restriction: && (< monoandroid) (< monotouch) (< net45) (>= netstandard1.3) (< win8) (< wpa81) (< xamarinios) (< xamarinmac) (< xamarintvos) (< xamarinwatchos)
      System.Resources.ResourceManager (>= 4.3) - restriction: && (< monoandroid) (< monotouch) (< net45) (>= netstandard1.3) (< win8) (< wpa81) (< xamarinios) (< xamarinmac) (< xamarintvos) (< xamarinwatchos)
      System.Runtime (>= 4.3) - restriction: || (&& (< monoandroid) (< monotouch) (< net45) (>= netstandard1.3) (< win8) (< wpa81) (< xamarinios) (< xamarinmac) (< xamarintvos) (< xamarinwatchos)) (&& (< monoandroid) (< net45) (>= netstandard1.1) (< netstandard1.3) (< win8) (< wpa81))
      System.Runtime.Extensions (>= 4.3) - restriction: && (< monoandroid) (< monotouch) (< net45) (>= netstandard1.3) (< win8) (< wpa81) (< xamarinios) (< xamarinmac) (< xamarintvos) (< xamarinwatchos)
      System.Threading (>= 4.3) - restriction: && (< monoandroid) (< monotouch) (< net45) (>= netstandard1.3) (< win8) (< wpa81) (< xamarinios) (< xamarinmac) (< xamarintvos) (< xamarinwatchos)
      System.Threading.Tasks (>= 4.3) - restriction: || (&& (< monoandroid) (< monotouch) (< net45) (>= netstandard1.3) (< win8) (< wpa81) (< xamarinios) (< xamarinmac) (< xamarintvos) (< xamarinwatchos)) (&& (< monoandroid) (< net45) (>= netstandard1.1) (< netstandard1.3) (< win8) (< wpa81))
    System.Threading.Thread (4.3) - restriction: || (&& (< net45) (>= netstandard1.5) (< netstandard2.0)) (>= netcoreapp2.1)
      System.Runtime (>= 4.3) - restriction: && (< monoandroid) (< monotouch) (< net46) (>= netstandard1.3) (< xamarinios) (< xamarinmac) (< xamarintvos) (< xamarinwatchos)
    System.Threading.ThreadPool (4.3) - restriction: || (&& (< net45) (>= netstandard1.5) (< netstandard2.0)) (>= netcoreapp2.1)
      System.Runtime (>= 4.3) - restriction: && (< monoandroid) (< monotouch) (< net46) (>= netstandard1.3) (< xamarinios) (< xamarinmac) (< xamarintvos) (< xamarinwatchos)
      System.Runtime.Handles (>= 4.3) - restriction: && (< monoandroid) (< monotouch) (< net46) (>= netstandard1.3) (< xamarinios) (< xamarinmac) (< xamarintvos) (< xamarinwatchos)
    System.ValueTuple (4.5) - restriction: || (&& (>= net45) (< net47) (< netstandard1.6)) (&& (< net45) (>= netstandard1.6) (< netstandard2.0)) (&& (< net45) (>= netstandard2.0)) (>= net46) (&& (>= net461) (< net472)) (&& (< net461) (>= netstandard1.1) (< netstandard2.0)) (&& (>= uap10.0) (< uap10.1))
      NETStandard.Library (>= 1.6.1) - restriction: && (< monoandroid) (< monotouch) (< net45) (>= netstandard1.0) (< netstandard2.0) (< win8) (< wp8) (< wpa81) (< xamarintvos) (< xamarinwatchos)
    System.Windows.Extensions (4.7) - restriction: >= netcoreapp3.0
      System.Drawing.Common (>= 4.7) - restriction: >= netcoreapp3.0
    System.Xml.ReaderWriter (4.3.1) - restriction: || (&& (< monoandroid) (< monotouch) (< net20) (>= netstandard1.3) (< netstandard2.0) (< xamarintvos) (< xamarinwatchos)) (>= netcoreapp2.1)
      System.Collections (>= 4.3) - restriction: && (< monoandroid) (< monotouch) (< net45) (>= netstandard1.3) (< win8) (< wpa81) (< xamarinios) (< xamarinmac) (< xamarintvos) (< xamarinwatchos)
      System.Diagnostics.Debug (>= 4.3) - restriction: && (< monoandroid) (< monotouch) (< net45) (>= netstandard1.3) (< win8) (< wpa81) (< xamarinios) (< xamarinmac) (< xamarintvos) (< xamarinwatchos)
      System.Globalization (>= 4.3) - restriction: && (< monoandroid) (< monotouch) (< net45) (>= netstandard1.3) (< win8) (< wpa81) (< xamarinios) (< xamarinmac) (< xamarintvos) (< xamarinwatchos)
      System.IO (>= 4.3) - restriction: || (&& (< monoandroid) (< monotouch) (< net45) (>= netstandard1.3) (< win8) (< wpa81) (< xamarinios) (< xamarinmac) (< xamarintvos) (< xamarinwatchos)) (&& (< monoandroid) (< net45) (>= netstandard1.0) (< netstandard1.3) (< win8) (< wp8) (< wpa81))
      System.IO.FileSystem (>= 4.3) - restriction: && (< monoandroid) (< monotouch) (< net45) (>= netstandard1.3) (< win8) (< wpa81) (< xamarinios) (< xamarinmac) (< xamarintvos) (< xamarinwatchos)
      System.IO.FileSystem.Primitives (>= 4.3) - restriction: && (< monoandroid) (< monotouch) (< net45) (>= netstandard1.3) (< win8) (< wpa81) (< xamarinios) (< xamarinmac) (< xamarintvos) (< xamarinwatchos)
      System.Resources.ResourceManager (>= 4.3) - restriction: && (< monoandroid) (< monotouch) (< net45) (>= netstandard1.3) (< win8) (< wpa81) (< xamarinios) (< xamarinmac) (< xamarintvos) (< xamarinwatchos)
      System.Runtime (>= 4.3) - restriction: || (&& (< monoandroid) (< monotouch) (< net45) (>= netstandard1.3) (< win8) (< wpa81) (< xamarinios) (< xamarinmac) (< xamarintvos) (< xamarinwatchos)) (&& (< monoandroid) (< net45) (>= netstandard1.0) (< netstandard1.3) (< win8) (< wp8) (< wpa81))
      System.Runtime.Extensions (>= 4.3) - restriction: && (< monoandroid) (< monotouch) (< net45) (>= netstandard1.3) (< win8) (< wpa81) (< xamarinios) (< xamarinmac) (< xamarintvos) (< xamarinwatchos)
      System.Runtime.InteropServices (>= 4.3) - restriction: && (< monoandroid) (< monotouch) (< net45) (>= netstandard1.3) (< win8) (< wpa81) (< xamarinios) (< xamarinmac) (< xamarintvos) (< xamarinwatchos)
      System.Text.Encoding (>= 4.3) - restriction: || (&& (< monoandroid) (< monotouch) (< net45) (>= netstandard1.3) (< win8) (< wpa81) (< xamarinios) (< xamarinmac) (< xamarintvos) (< xamarinwatchos)) (&& (< monoandroid) (< net45) (>= netstandard1.0) (< netstandard1.3) (< win8) (< wp8) (< wpa81))
      System.Text.Encoding.Extensions (>= 4.3) - restriction: && (< monoandroid) (< monotouch) (< net45) (>= netstandard1.3) (< win8) (< wpa81) (< xamarinios) (< xamarinmac) (< xamarintvos) (< xamarinwatchos)
      System.Text.RegularExpressions (>= 4.3) - restriction: && (< monoandroid) (< monotouch) (< net45) (>= netstandard1.3) (< win8) (< wpa81) (< xamarinios) (< xamarinmac) (< xamarintvos) (< xamarinwatchos)
      System.Threading.Tasks (>= 4.3) - restriction: || (&& (< monoandroid) (< monotouch) (< net45) (>= netstandard1.3) (< win8) (< wpa81) (< xamarinios) (< xamarinmac) (< xamarintvos) (< xamarinwatchos)) (&& (< monoandroid) (< net45) (>= netstandard1.0) (< netstandard1.3) (< win8) (< wp8) (< wpa81))
      System.Threading.Tasks.Extensions (>= 4.3) - restriction: && (< monoandroid) (< monotouch) (< net45) (>= netstandard1.3) (< win8) (< wpa81) (< xamarinios) (< xamarinmac) (< xamarintvos) (< xamarinwatchos)
    System.Xml.XmlDocument (4.3) - restriction: || (&& (< net20) (>= netstandard1.3) (< netstandard2.0)) (&& (< net35) (>= net45) (>= netstandard1.3) (< netstandard1.5)) (&& (< net35) (>= net45) (>= netstandard1.5)) (&& (< net35) (>= netstandard2.0)) (>= netcoreapp2.1)
      System.Collections (>= 4.3) - restriction: && (< monoandroid) (< monotouch) (< net46) (>= netstandard1.3) (< xamarinios) (< xamarinmac) (< xamarintvos) (< xamarinwatchos)
      System.Diagnostics.Debug (>= 4.3) - restriction: && (< monoandroid) (< monotouch) (< net46) (>= netstandard1.3) (< xamarinios) (< xamarinmac) (< xamarintvos) (< xamarinwatchos)
      System.Globalization (>= 4.3) - restriction: && (< monoandroid) (< monotouch) (< net46) (>= netstandard1.3) (< xamarinios) (< xamarinmac) (< xamarintvos) (< xamarinwatchos)
      System.IO (>= 4.3) - restriction: && (< monoandroid) (< monotouch) (< net46) (>= netstandard1.3) (< xamarinios) (< xamarinmac) (< xamarintvos) (< xamarinwatchos)
      System.Resources.ResourceManager (>= 4.3) - restriction: && (< monoandroid) (< monotouch) (< net46) (>= netstandard1.3) (< xamarinios) (< xamarinmac) (< xamarintvos) (< xamarinwatchos)
      System.Runtime (>= 4.3) - restriction: && (< monoandroid) (< monotouch) (< net46) (>= netstandard1.3) (< xamarinios) (< xamarinmac) (< xamarintvos) (< xamarinwatchos)
      System.Runtime.Extensions (>= 4.3) - restriction: && (< monoandroid) (< monotouch) (< net46) (>= netstandard1.3) (< xamarinios) (< xamarinmac) (< xamarintvos) (< xamarinwatchos)
      System.Text.Encoding (>= 4.3) - restriction: && (< monoandroid) (< monotouch) (< net46) (>= netstandard1.3) (< xamarinios) (< xamarinmac) (< xamarintvos) (< xamarinwatchos)
      System.Threading (>= 4.3) - restriction: && (< monoandroid) (< monotouch) (< net46) (>= netstandard1.3) (< xamarinios) (< xamarinmac) (< xamarintvos) (< xamarinwatchos)
      System.Xml.ReaderWriter (>= 4.3) - restriction: && (< monoandroid) (< monotouch) (< net46) (>= netstandard1.3) (< xamarinios) (< xamarinmac) (< xamarintvos) (< xamarinwatchos)
    System.Xml.XPath (4.3) - restriction: >= netcoreapp2.1
      System.Collections (>= 4.3) - restriction: && (< monoandroid) (< monotouch) (< net46) (>= netstandard1.3) (< xamarinios) (< xamarinmac) (< xamarintvos) (< xamarinwatchos)
      System.Diagnostics.Debug (>= 4.3) - restriction: && (< monoandroid) (< monotouch) (< net46) (>= netstandard1.3) (< xamarinios) (< xamarinmac) (< xamarintvos) (< xamarinwatchos)
      System.Globalization (>= 4.3) - restriction: && (< monoandroid) (< monotouch) (< net46) (>= netstandard1.3) (< xamarinios) (< xamarinmac) (< xamarintvos) (< xamarinwatchos)
      System.IO (>= 4.3) - restriction: && (< monoandroid) (< monotouch) (< net46) (>= netstandard1.3) (< xamarinios) (< xamarinmac) (< xamarintvos) (< xamarinwatchos)
      System.Resources.ResourceManager (>= 4.3) - restriction: && (< monoandroid) (< monotouch) (< net46) (>= netstandard1.3) (< xamarinios) (< xamarinmac) (< xamarintvos) (< xamarinwatchos)
      System.Runtime (>= 4.3) - restriction: && (< monoandroid) (< monotouch) (< net46) (>= netstandard1.3) (< xamarinios) (< xamarinmac) (< xamarintvos) (< xamarinwatchos)
      System.Runtime.Extensions (>= 4.3) - restriction: && (< monoandroid) (< monotouch) (< net46) (>= netstandard1.3) (< xamarinios) (< xamarinmac) (< xamarintvos) (< xamarinwatchos)
      System.Threading (>= 4.3) - restriction: && (< monoandroid) (< monotouch) (< net46) (>= netstandard1.3) (< xamarinios) (< xamarinmac) (< xamarintvos) (< xamarinwatchos)
      System.Xml.ReaderWriter (>= 4.3) - restriction: && (< monoandroid) (< monotouch) (< net46) (>= netstandard1.3) (< xamarinios) (< xamarinmac) (< xamarintvos) (< xamarinwatchos)
    System.Xml.XPath.XmlDocument (4.3) - restriction: >= netcoreapp2.1
      System.Collections (>= 4.3) - restriction: && (< monoandroid) (< monotouch) (< net46) (>= netstandard1.3) (< xamarinios) (< xamarinmac) (< xamarintvos) (< xamarinwatchos)
      System.Globalization (>= 4.3) - restriction: && (< monoandroid) (< monotouch) (< net46) (>= netstandard1.3) (< xamarinios) (< xamarinmac) (< xamarintvos) (< xamarinwatchos)
      System.IO (>= 4.3) - restriction: && (< monoandroid) (< monotouch) (< net46) (>= netstandard1.3) (< xamarinios) (< xamarinmac) (< xamarintvos) (< xamarinwatchos)
      System.Resources.ResourceManager (>= 4.3) - restriction: && (< monoandroid) (< monotouch) (< net46) (>= netstandard1.3) (< xamarinios) (< xamarinmac) (< xamarintvos) (< xamarinwatchos)
      System.Runtime (>= 4.3) - restriction: && (< monoandroid) (< monotouch) (< net46) (>= netstandard1.3) (< xamarinios) (< xamarinmac) (< xamarintvos) (< xamarinwatchos)
      System.Runtime.Extensions (>= 4.3) - restriction: && (< monoandroid) (< monotouch) (< net46) (>= netstandard1.3) (< xamarinios) (< xamarinmac) (< xamarintvos) (< xamarinwatchos)
      System.Threading (>= 4.3) - restriction: && (< monoandroid) (< monotouch) (< net46) (>= netstandard1.3) (< xamarinios) (< xamarinmac) (< xamarintvos) (< xamarinwatchos)
      System.Xml.ReaderWriter (>= 4.3) - restriction: && (< monoandroid) (< monotouch) (< net46) (>= netstandard1.3) (< xamarinios) (< xamarinmac) (< xamarintvos) (< xamarinwatchos)
      System.Xml.XmlDocument (>= 4.3) - restriction: || (&& (< monoandroid) (< monotouch) (>= netstandard1.3) (< xamarinios) (< xamarinmac) (< xamarintvos) (< xamarinwatchos)) (>= net46)
      System.Xml.XPath (>= 4.3) - restriction: || (&& (< monoandroid) (< monotouch) (>= netstandard1.3) (< xamarinios) (< xamarinmac) (< xamarintvos) (< xamarinwatchos)) (>= net46)
    Unofficial.Microsoft.mshtml (7.0.3300)
    Xpand.Collections (1.0.1)
    Xpand.Patcher (1.0.1)
  remote: C:\Program Files (x86)\DevExpress 19.2\Components\System\Components\Packages
    DevExpress.Charts (19.2.6) - restriction: || (>= net452) (>= netstandard2.0)
      DevExpress.Charts.Core (19.2.6) - restriction: || (>= net452) (>= netstandard2.0)
      DevExpress.Data (19.2.6) - restriction: || (>= net452) (>= netstandard2.0)
      DevExpress.Printing.Core (19.2.6) - restriction: || (>= net452) (>= netstandard2.0)
    DevExpress.Charts.Core (19.2.6) - restriction: || (>= net452) (>= netstandard2.0)
      DevExpress.Data (19.2.6) - restriction: || (>= net452) (>= netstandard2.0)
    DevExpress.CodeParser (19.2.6) - restriction: || (>= net452) (>= netstandard2.0)
      DevExpress.Data (19.2.6) - restriction: || (>= net452) (>= netstandard2.0)
    DevExpress.Dashboard.Core (19.2.6) - restriction: >= net452
      DevExpress.Charts (19.2.6) - restriction: || (>= net452) (>= netstandard2.0)
      DevExpress.Charts.Core (19.2.6) - restriction: || (>= net452) (>= netstandard2.0)
      DevExpress.Data (19.2.6) - restriction: || (>= net452) (>= netstandard2.0)
      DevExpress.DataAccess (19.2.6) - restriction: || (>= net452) (>= netstandard2.0)
      DevExpress.Gauges.Core (19.2.6) - restriction: || (>= net452) (>= netstandard2.0)
      DevExpress.Map.Core (19.2.6) - restriction: || (>= net452) (>= netstandard2.0)
      DevExpress.Office.Core (19.2.6) - restriction: || (>= net452) (>= netstandard2.0)
      DevExpress.PivotGrid.Core (19.2.6) - restriction: || (>= net452) (>= netstandard2.0)
      DevExpress.Printing.Core (19.2.6) - restriction: || (>= net452) (>= netstandard2.0)
      DevExpress.Reporting.Core (19.2.6) - restriction: || (>= net452) (>= netstandard2.0)
      DevExpress.RichEdit.Core (19.2.6) - restriction: || (>= net452) (>= netstandard2.0)
      DevExpress.Sparkline.Core (19.2.6) - restriction: || (>= net452) (>= netstandard2.0)
      DevExpress.TreeMap.Core (19.2.6) - restriction: || (>= net452) (>= netstandard2.0)
      DevExpress.Utils (19.2.6) - restriction: >= net452
      DevExpress.Win.Gauges (19.2.6) - restriction: >= net452
      DevExpress.Win.Map (19.2.6) - restriction: >= net452
      DevExpress.Win.TreeMap (19.2.6) - restriction: >= net452
      DevExpress.Xpo (19.2.6) - restriction: || (>= net452) (>= netstandard2.0)
    DevExpress.DataAccess (19.2.6) - restriction: || (>= net452) (>= netstandard2.0)
      DevExpress.CodeParser (19.2.6) - restriction: || (>= net452) (>= netstandard2.0)
      DevExpress.Data (19.2.6) - restriction: || (>= net452) (>= netstandard2.0)
      DevExpress.Office.Core (19.2.6) - restriction: >= net452
      DevExpress.Printing.Core (19.2.6) - restriction: || (>= net452) (>= netstandard2.0)
      DevExpress.RichEdit.Core (19.2.6) - restriction: >= net452
      DevExpress.Xpo (19.2.6) - restriction: || (>= net452) (>= netstandard2.0)
    DevExpress.DataAccess.UI (19.2.6) - restriction: >= net452
      DevExpress.CodeParser (19.2.6) - restriction: >= net452
      DevExpress.Data (19.2.6) - restriction: >= net452
      DevExpress.DataAccess (19.2.6) - restriction: >= net452
      DevExpress.Diagram.Core (19.2.6) - restriction: >= net452
      DevExpress.Printing.Core (19.2.6) - restriction: >= net452
      DevExpress.RichEdit.Core (19.2.6) - restriction: >= net452
      DevExpress.Utils (19.2.6) - restriction: >= net452
      DevExpress.Utils.UI (19.2.6) - restriction: >= net452
      DevExpress.Win.Diagram (19.2.6) - restriction: >= net452
      DevExpress.Win.Grid (19.2.6) - restriction: >= net452
      DevExpress.Win.Navigation (19.2.6) - restriction: >= net452
      DevExpress.Win.Printing (19.2.6) - restriction: >= net452
      DevExpress.Win.RichEdit (19.2.6) - restriction: >= net452
      DevExpress.Win.TreeList (19.2.6) - restriction: >= net452
      DevExpress.Xpo (19.2.6) - restriction: >= net452
    DevExpress.Diagram.Core (19.2.6) - restriction: >= net452
      DevExpress.Data (19.2.6) - restriction: >= net452
      DevExpress.Printing.Core (19.2.6) - restriction: >= net452
    DevExpress.EasyTest (19.2.6)
      Microsoft.Win32.Registry (>= 4.6) - restriction: && (< net452) (>= netstandard2.0)
      NETStandard.Library (>= 2.0.3) - restriction: && (< net452) (>= netstandard2.0)
      System.Configuration.ConfigurationManager (>= 4.6) - restriction: && (< net452) (>= netstandard2.0)
      System.Data.SqlClient (>= 4.7) - restriction: && (< net452) (>= netstandard2.0)
      System.Drawing.Common (>= 4.6) - restriction: && (< net452) (>= netstandard2.0)
      System.ServiceProcess.ServiceController (>= 4.6) - restriction: && (< net452) (>= netstandard2.0)
    DevExpress.ExpressApp (19.2.6) - restriction: || (>= net452) (>= netstandard2.0)
      DevExpress.Data (19.2.6) - restriction: || (>= net452) (>= netstandard2.0)
      DevExpress.Images (19.2.6) - restriction: || (>= net452) (>= netstandard2.0)
      DevExpress.Printing.Core (19.2.6) - restriction: || (>= net452) (>= netstandard2.0)
      DevExpress.Utils (19.2.6) - restriction: >= net452
    DevExpress.ExpressApp.AuditTrail (19.2.6) - restriction: || (>= net452) (>= netstandard2.0)
      DevExpress.Data (19.2.6) - restriction: || (>= net452) (>= netstandard2.0)
      DevExpress.ExpressApp (19.2.6) - restriction: || (>= net452) (>= netstandard2.0)
      DevExpress.ExpressApp.Xpo (19.2.6) - restriction: || (>= net452) (>= netstandard2.0)
      DevExpress.Persistent.BaseImpl (19.2.6) - restriction: || (>= net452) (>= netstandard2.0)
      DevExpress.Xpo (19.2.6) - restriction: || (>= net452) (>= netstandard2.0)
      NETStandard.Library (>= 2.0.3) - restriction: && (< net452) (>= netstandard2.0)
      System.Drawing.Common (>= 4.5) - restriction: && (< net452) (>= netstandard2.0)
    DevExpress.ExpressApp.Chart (19.2.6) - restriction: >= net452
      DevExpress.Charts (19.2.6) - restriction: >= net452
      DevExpress.Data (19.2.6) - restriction: >= net452
      DevExpress.ExpressApp (19.2.6) - restriction: >= net452
      DevExpress.Persistent.Base (19.2.6) - restriction: >= net452
    DevExpress.ExpressApp.Chart.Web (19.2.6) - restriction: >= net452
      DevExpress.Charts (19.2.6) - restriction: >= net452
      DevExpress.Data (19.2.6) - restriction: >= net452
      DevExpress.ExpressApp (19.2.6) - restriction: >= net452
      DevExpress.ExpressApp.Chart (19.2.6) - restriction: >= net452
      DevExpress.ExpressApp.Web (19.2.6) - restriction: >= net452
      DevExpress.Persistent.Base (19.2.6) - restriction: >= net452
      DevExpress.Web (19.2.6) - restriction: >= net452
      DevExpress.Web.Visualization (19.2.6) - restriction: >= net452
    DevExpress.ExpressApp.Chart.Win (19.2.6) - restriction: >= net452
      DevExpress.Charts (19.2.6) - restriction: >= net452
      DevExpress.Data (19.2.6) - restriction: >= net452
      DevExpress.ExpressApp (19.2.6) - restriction: >= net452
      DevExpress.ExpressApp.Chart (19.2.6) - restriction: >= net452
      DevExpress.ExpressApp.Win (19.2.6) - restriction: >= net452
      DevExpress.Persistent.Base (19.2.6) - restriction: >= net452
      DevExpress.Printing.Core (19.2.6) - restriction: >= net452
      DevExpress.Utils (19.2.6) - restriction: >= net452
      DevExpress.Win.Charts (19.2.6) - restriction: >= net452
      DevExpress.Win.Navigation (19.2.6) - restriction: >= net452
    DevExpress.ExpressApp.CloneObject (19.2.6) - restriction: || (>= net452) (>= netstandard2.0)
      DevExpress.Data (19.2.6) - restriction: || (>= net452) (>= netstandard2.0)
      DevExpress.ExpressApp (19.2.6) - restriction: || (>= net452) (>= netstandard2.0)
      DevExpress.Persistent.Base (19.2.6) - restriction: || (>= net452) (>= netstandard2.0)
      NETStandard.Library (>= 2.0.3) - restriction: && (< net452) (>= netstandard2.0)
      System.Drawing.Common (>= 4.5) - restriction: && (< net452) (>= netstandard2.0)
    DevExpress.ExpressApp.ConditionalAppearance (19.2.6) - restriction: || (>= net452) (>= netstandard2.0)
      DevExpress.Data (19.2.6) - restriction: || (>= net452) (>= netstandard2.0)
      DevExpress.ExpressApp (19.2.6) - restriction: || (>= net452) (>= netstandard2.0)
      DevExpress.Persistent.Base (19.2.6) - restriction: || (>= net452) (>= netstandard2.0)
      NETStandard.Library (>= 2.0.3) - restriction: && (< net452) (>= netstandard2.0)
      System.Drawing.Common (>= 4.5) - restriction: && (< net452) (>= netstandard2.0)
    DevExpress.ExpressApp.Core.All (19.2.6)
      DevExpress.EasyTest (19.2.6) - restriction: || (>= net452) (>= netstandard2.0)
      DevExpress.ExpressApp.AuditTrail (19.2.6) - restriction: || (>= net452) (>= netstandard2.0)
      DevExpress.ExpressApp.Chart (19.2.6) - restriction: >= net452
      DevExpress.ExpressApp.CloneObject (19.2.6) - restriction: || (>= net452) (>= netstandard2.0)
      DevExpress.ExpressApp.ConditionalAppearance (19.2.6) - restriction: || (>= net452) (>= netstandard2.0)
      DevExpress.ExpressApp.Dashboards (19.2.6) - restriction: >= net452
      DevExpress.ExpressApp.Images (19.2.6) - restriction: || (>= net452) (>= netstandard2.0)
      DevExpress.ExpressApp.Kpi (19.2.6) - restriction: || (>= net452) (>= netstandard2.0)
      DevExpress.ExpressApp.Notifications (19.2.6) - restriction: >= net452
      DevExpress.ExpressApp.Objects (19.2.6) - restriction: || (>= net452) (>= netstandard2.0)
      DevExpress.ExpressApp.Office (19.2.6) - restriction: >= net452
      DevExpress.ExpressApp.PivotChart (19.2.6) - restriction: >= net452
      DevExpress.ExpressApp.PivotGrid (19.2.6) - restriction: >= net452
      DevExpress.ExpressApp.ReportsV2 (19.2.6) - restriction: || (>= net452) (>= netstandard2.0)
      DevExpress.ExpressApp.Scheduler (19.2.6) - restriction: >= net452
      DevExpress.ExpressApp.ScriptRecorder (19.2.6) - restriction: || (>= net452) (>= netstandard2.0)
      DevExpress.ExpressApp.Security (19.2.6) - restriction: || (>= net452) (>= netstandard2.0)
      DevExpress.ExpressApp.StateMachine (19.2.6) - restriction: || (>= net452) (>= netstandard2.0)
      DevExpress.ExpressApp.TreeListEditors (19.2.6) - restriction: >= net452
      DevExpress.ExpressApp.Validation (19.2.6) - restriction: || (>= net452) (>= netstandard2.0)
      DevExpress.ExpressApp.ViewVariantsModule (19.2.6) - restriction: || (>= net452) (>= netstandard2.0)
      DevExpress.ExpressApp.Workflow (19.2.6) - restriction: >= net452
      DevExpress.Persistent.Base (19.2.6) - restriction: || (>= net452) (>= netstandard2.0)
    DevExpress.ExpressApp.Dashboards (19.2.6) - restriction: >= net452
      DevExpress.Dashboard.Core (19.2.6) - restriction: >= net452
      DevExpress.Data (19.2.6) - restriction: >= net452
      DevExpress.DataAccess (19.2.6) - restriction: >= net452
      DevExpress.ExpressApp (19.2.6) - restriction: >= net452
      DevExpress.Persistent.Base (19.2.6) - restriction: >= net452
      DevExpress.Utils (19.2.6) - restriction: >= net452
    DevExpress.ExpressApp.Dashboards.Web (19.2.6) - restriction: >= net452
      DevExpress.Dashboard.Core (19.2.6) - restriction: >= net452
      DevExpress.Data (19.2.6) - restriction: >= net452
      DevExpress.DataAccess (19.2.6) - restriction: >= net452
      DevExpress.ExpressApp (19.2.6) - restriction: >= net452
      DevExpress.ExpressApp.Dashboards (19.2.6) - restriction: >= net452
      DevExpress.ExpressApp.Web (19.2.6) - restriction: >= net452
      DevExpress.Persistent.Base (19.2.6) - restriction: >= net452
      DevExpress.Web (19.2.6) - restriction: >= net452
      DevExpress.Web.Dashboard (19.2.6) - restriction: >= net452
      DevExpress.Web.Dashboard.Common (19.2.6) - restriction: >= net452
    DevExpress.ExpressApp.Dashboards.Win (19.2.6) - restriction: >= net452
      DevExpress.Dashboard.Core (19.2.6) - restriction: >= net452
      DevExpress.Data (19.2.6) - restriction: >= net452
      DevExpress.DataAccess (19.2.6) - restriction: >= net452
      DevExpress.DataAccess.UI (19.2.6) - restriction: >= net452
      DevExpress.ExpressApp (19.2.6) - restriction: >= net452
      DevExpress.ExpressApp.Dashboards (19.2.6) - restriction: >= net452
      DevExpress.ExpressApp.Win (19.2.6) - restriction: >= net452
      DevExpress.Persistent.Base (19.2.6) - restriction: >= net452
      DevExpress.Utils (19.2.6) - restriction: >= net452
      DevExpress.Win.Dashboard (19.2.6) - restriction: >= net452
      DevExpress.Win.Navigation (19.2.6) - restriction: >= net452
    DevExpress.ExpressApp.EasyTest.WebAdapter (19.2.6)
      DevExpress.Data (19.2.6) - restriction: >= net452
      DevExpress.EasyTest (19.2.6) - restriction: >= net452
    DevExpress.ExpressApp.EasyTest.WinAdapter (19.2.6)
      DevExpress.Data (19.2.6) - restriction: >= net452
      DevExpress.EasyTest (19.2.6) - restriction: >= net452
      DevExpress.ExpressApp (19.2.6) - restriction: >= net452
      DevExpress.ExpressApp.HtmlPropertyEditor.Win (19.2.6) - restriction: >= net452
      DevExpress.ExpressApp.Office.Win (19.2.6) - restriction: >= net452
      DevExpress.ExpressApp.PivotChart.Win (19.2.6) - restriction: >= net452
      DevExpress.ExpressApp.Win (19.2.6) - restriction: >= net452
      DevExpress.PivotGrid.Core (19.2.6) - restriction: >= net452
      DevExpress.Scheduler.Core (19.2.6) - restriction: >= net452
      DevExpress.Spreadsheet.Core (19.2.6) - restriction: >= net452
      DevExpress.Utils (19.2.6) - restriction: >= net452
      DevExpress.Win (19.2.6) - restriction: >= net452
      DevExpress.Win.Grid (19.2.6) - restriction: >= net452
      DevExpress.Win.Navigation (19.2.6) - restriction: >= net452
      DevExpress.Win.PivotGrid (19.2.6) - restriction: >= net452
      DevExpress.Win.RichEdit (19.2.6) - restriction: >= net452
      DevExpress.Win.Scheduler (19.2.6) - restriction: >= net452
      DevExpress.Win.Spreadsheet (19.2.6) - restriction: >= net452
      DevExpress.Win.TreeList (19.2.6) - restriction: >= net452
      DevExpress.Win.VerticalGrid (19.2.6) - restriction: >= net452
    DevExpress.ExpressApp.FileAttachment.Web (19.2.6) - restriction: >= net452
      DevExpress.Data (19.2.6) - restriction: >= net452
      DevExpress.ExpressApp (19.2.6) - restriction: >= net452
      DevExpress.ExpressApp.Web (19.2.6) - restriction: >= net452
      DevExpress.Persistent.Base (19.2.6) - restriction: >= net452
      DevExpress.Web (19.2.6) - restriction: >= net452
    DevExpress.ExpressApp.FileAttachment.Win (19.2.6) - restriction: >= net452
      DevExpress.Data (19.2.6) - restriction: >= net452
      DevExpress.ExpressApp (19.2.6) - restriction: >= net452
      DevExpress.ExpressApp.Win (19.2.6) - restriction: >= net452
      DevExpress.Persistent.Base (19.2.6) - restriction: >= net452
      DevExpress.Utils (19.2.6) - restriction: >= net452
      DevExpress.Win.Navigation (19.2.6) - restriction: >= net452
    DevExpress.ExpressApp.HtmlPropertyEditor.Web (19.2.6) - restriction: >= net452
      DevExpress.Data (19.2.6) - restriction: >= net452
      DevExpress.ExpressApp (19.2.6) - restriction: >= net452
      DevExpress.ExpressApp.Web (19.2.6) - restriction: >= net452
      DevExpress.Web (19.2.6) - restriction: >= net452
    DevExpress.ExpressApp.HtmlPropertyEditor.Win (19.2.6) - restriction: >= net452
      DevExpress.Data (19.2.6) - restriction: >= net452
      DevExpress.ExpressApp (19.2.6) - restriction: >= net452
      DevExpress.ExpressApp.Win (19.2.6) - restriction: >= net452
      DevExpress.Utils (19.2.6) - restriction: >= net452
      DevExpress.Win.Navigation (19.2.6) - restriction: >= net452
    DevExpress.ExpressApp.Images (19.2.6) - restriction: || (>= net452) (>= netstandard2.0)
      NETStandard.Library (>= 2.0.3) - restriction: && (< net452) (>= netstandard2.0)
    DevExpress.ExpressApp.Kpi (19.2.6) - restriction: || (>= net452) (>= netstandard2.0)
      DevExpress.Data (19.2.6) - restriction: || (>= net452) (>= netstandard2.0)
      DevExpress.ExpressApp (19.2.6) - restriction: || (>= net452) (>= netstandard2.0)
      DevExpress.ExpressApp.Validation (19.2.6) - restriction: || (>= net452) (>= netstandard2.0)
      DevExpress.Persistent.Base (19.2.6) - restriction: || (>= net452) (>= netstandard2.0)
      NETStandard.Library (>= 2.0.3) - restriction: && (< net452) (>= netstandard2.0)
      System.Drawing.Common (>= 4.5) - restriction: && (< net452) (>= netstandard2.0)
    DevExpress.ExpressApp.Maps.Web (19.2.6) - restriction: >= net452
      DevExpress.Data (19.2.6) - restriction: >= net452
      DevExpress.ExpressApp (19.2.6) - restriction: >= net452
      DevExpress.ExpressApp.Web (19.2.6) - restriction: >= net452
      DevExpress.Persistent.Base (19.2.6) - restriction: >= net452
      DevExpress.Web (19.2.6) - restriction: >= net452
    DevExpress.ExpressApp.Notifications (19.2.6) - restriction: >= net452
      DevExpress.Data (19.2.6) - restriction: >= net452
      DevExpress.ExpressApp (19.2.6) - restriction: >= net452
      DevExpress.Persistent.Base (19.2.6) - restriction: >= net452
    DevExpress.ExpressApp.Notifications.Web (19.2.6) - restriction: >= net452
      DevExpress.Data (19.2.6) - restriction: >= net452
      DevExpress.ExpressApp (19.2.6) - restriction: >= net452
      DevExpress.ExpressApp.Notifications (19.2.6) - restriction: >= net452
      DevExpress.ExpressApp.Web (19.2.6) - restriction: >= net452
      DevExpress.Web (19.2.6) - restriction: >= net452
    DevExpress.ExpressApp.Notifications.Win (19.2.6) - restriction: >= net452
      DevExpress.Data (19.2.6) - restriction: >= net452
      DevExpress.ExpressApp (19.2.6) - restriction: >= net452
      DevExpress.ExpressApp.Notifications (19.2.6) - restriction: >= net452
      DevExpress.ExpressApp.Win (19.2.6) - restriction: >= net452
      DevExpress.Utils (19.2.6) - restriction: >= net452
      DevExpress.Win.Grid (19.2.6) - restriction: >= net452
      DevExpress.Win.Navigation (19.2.6) - restriction: >= net452
    DevExpress.ExpressApp.Objects (19.2.6) - restriction: || (>= net452) (>= netstandard2.0)
      DevExpress.Data (19.2.6) - restriction: || (>= net452) (>= netstandard2.0)
      DevExpress.ExpressApp (19.2.6) - restriction: || (>= net452) (>= netstandard2.0)
      NETStandard.Library (>= 2.0.3) - restriction: && (< net452) (>= netstandard2.0)
      System.Drawing.Common (>= 4.5) - restriction: && (< net452) (>= netstandard2.0)
    DevExpress.ExpressApp.Office (19.2.6) - restriction: >= net452
      DevExpress.Data (19.2.6) - restriction: >= net452
      DevExpress.ExpressApp (19.2.6) - restriction: >= net452
      DevExpress.Office.Core (19.2.6) - restriction: >= net452
      DevExpress.Persistent.Base (19.2.6) - restriction: >= net452
      DevExpress.RichEdit.Core (19.2.6) - restriction: >= net452
      DevExpress.Spreadsheet.Core (19.2.6) - restriction: >= net452
    DevExpress.ExpressApp.Office.Web (19.2.6) - restriction: >= net452
      DevExpress.Data (19.2.6) - restriction: >= net452
      DevExpress.ExpressApp (19.2.6) - restriction: >= net452
      DevExpress.ExpressApp.Office (19.2.6) - restriction: >= net452
      DevExpress.ExpressApp.Web (19.2.6) - restriction: >= net452
      DevExpress.Persistent.Base (19.2.6) - restriction: >= net452
      DevExpress.RichEdit.Core (19.2.6) - restriction: >= net452
      DevExpress.Spreadsheet.Core (19.2.6) - restriction: >= net452
      DevExpress.Web (19.2.6) - restriction: >= net452
      DevExpress.Web.Office (19.2.6) - restriction: >= net452
    DevExpress.ExpressApp.Office.Win (19.2.6) - restriction: >= net452
      DevExpress.Data (19.2.6) - restriction: >= net452
      DevExpress.ExpressApp (19.2.6) - restriction: >= net452
      DevExpress.ExpressApp.Office (19.2.6) - restriction: >= net452
      DevExpress.ExpressApp.Win (19.2.6) - restriction: >= net452
      DevExpress.Office.Core (19.2.6) - restriction: >= net452
      DevExpress.Persistent.Base (19.2.6) - restriction: >= net452
      DevExpress.RichEdit.Core (19.2.6) - restriction: >= net452
      DevExpress.Spreadsheet.Core (19.2.6) - restriction: >= net452
      DevExpress.Utils (19.2.6) - restriction: >= net452
      DevExpress.Win.Grid (19.2.6) - restriction: >= net452
      DevExpress.Win.Navigation (19.2.6) - restriction: >= net452
      DevExpress.Win.RichEdit (19.2.6) - restriction: >= net452
      DevExpress.Win.Spreadsheet (19.2.6) - restriction: >= net452
    DevExpress.ExpressApp.PivotChart (19.2.6) - restriction: >= net452
      DevExpress.Charts (19.2.6) - restriction: >= net452
      DevExpress.Data (19.2.6) - restriction: >= net452
      DevExpress.ExpressApp (19.2.6) - restriction: >= net452
      DevExpress.Persistent.Base (19.2.6) - restriction: >= net452
      DevExpress.PivotGrid.Core (19.2.6) - restriction: >= net452
    DevExpress.ExpressApp.PivotChart.Web (19.2.6) - restriction: >= net452
      DevExpress.Charts (19.2.6) - restriction: >= net452
      DevExpress.Data (19.2.6) - restriction: >= net452
      DevExpress.ExpressApp (19.2.6) - restriction: >= net452
      DevExpress.ExpressApp.PivotChart (19.2.6) - restriction: >= net452
      DevExpress.ExpressApp.Web (19.2.6) - restriction: >= net452
      DevExpress.Persistent.Base (19.2.6) - restriction: >= net452
      DevExpress.PivotGrid.Core (19.2.6) - restriction: >= net452
      DevExpress.Printing.Core (19.2.6) - restriction: >= net452
      DevExpress.Web (19.2.6) - restriction: >= net452
      DevExpress.Web.Visualization (19.2.6) - restriction: >= net452
    DevExpress.ExpressApp.PivotChart.Win (19.2.6) - restriction: >= net452
      DevExpress.Charts (19.2.6) - restriction: >= net452
      DevExpress.Data (19.2.6) - restriction: >= net452
      DevExpress.ExpressApp (19.2.6) - restriction: >= net452
      DevExpress.ExpressApp.PivotChart (19.2.6) - restriction: >= net452
      DevExpress.ExpressApp.Win (19.2.6) - restriction: >= net452
      DevExpress.Persistent.Base (19.2.6) - restriction: >= net452
      DevExpress.PivotGrid.Core (19.2.6) - restriction: >= net452
      DevExpress.Printing.Core (19.2.6) - restriction: >= net452
      DevExpress.Win.Charts (19.2.6) - restriction: >= net452
      DevExpress.Win.Navigation (19.2.6) - restriction: >= net452
      DevExpress.Win.PivotGrid (19.2.6) - restriction: >= net452
    DevExpress.ExpressApp.PivotGrid (19.2.6) - restriction: >= net452
      DevExpress.Data (19.2.6) - restriction: >= net452
      DevExpress.ExpressApp (19.2.6) - restriction: >= net452
      DevExpress.PivotGrid.Core (19.2.6) - restriction: >= net452
    DevExpress.ExpressApp.PivotGrid.Web (19.2.6) - restriction: >= net452
      DevExpress.Charts (19.2.6) - restriction: >= net452
      DevExpress.Data (19.2.6) - restriction: >= net452
      DevExpress.ExpressApp (19.2.6) - restriction: >= net452
      DevExpress.ExpressApp.PivotGrid (19.2.6) - restriction: >= net452
      DevExpress.ExpressApp.Web (19.2.6) - restriction: >= net452
      DevExpress.PivotGrid.Core (19.2.6) - restriction: >= net452
      DevExpress.Web (19.2.6) - restriction: >= net452
      DevExpress.Web.Visualization (19.2.6) - restriction: >= net452
    DevExpress.ExpressApp.PivotGrid.Win (19.2.6) - restriction: >= net452
      DevExpress.Charts (19.2.6) - restriction: >= net452
      DevExpress.Data (19.2.6) - restriction: >= net452
      DevExpress.ExpressApp (19.2.6) - restriction: >= net452
      DevExpress.ExpressApp.PivotGrid (19.2.6) - restriction: >= net452
      DevExpress.ExpressApp.Win (19.2.6) - restriction: >= net452
      DevExpress.PivotGrid.Core (19.2.6) - restriction: >= net452
      DevExpress.Utils (19.2.6) - restriction: >= net452
      DevExpress.Win.Charts (19.2.6) - restriction: >= net452
      DevExpress.Win.Navigation (19.2.6) - restriction: >= net452
      DevExpress.Win.PivotGrid (19.2.6) - restriction: >= net452
    DevExpress.ExpressApp.ReportsV2 (19.2.6) - restriction: || (>= net452) (>= netstandard2.0)
      DevExpress.Data (19.2.6) - restriction: || (>= net452) (>= netstandard2.0)
      DevExpress.ExpressApp (19.2.6) - restriction: || (>= net452) (>= netstandard2.0)
      DevExpress.Persistent.Base (19.2.6) - restriction: || (>= net452) (>= netstandard2.0)
      DevExpress.Printing.Core (19.2.6) - restriction: || (>= net452) (>= netstandard2.0)
      DevExpress.Reporting.Core (19.2.6) - restriction: || (>= net452) (>= netstandard2.0)
      DevExpress.Utils (19.2.6) - restriction: >= net452
      NETStandard.Library (>= 2.0.3) - restriction: && (< net452) (>= netstandard2.0)
      System.Drawing.Common (>= 4.5) - restriction: && (< net452) (>= netstandard2.0)
    DevExpress.ExpressApp.ReportsV2.Web (19.2.6) - restriction: >= net452
      DevExpress.Data (19.2.6) - restriction: >= net452
      DevExpress.ExpressApp (19.2.6) - restriction: >= net452
      DevExpress.ExpressApp.ReportsV2 (19.2.6) - restriction: >= net452
      DevExpress.ExpressApp.Web (19.2.6) - restriction: >= net452
      DevExpress.Persistent.Base (19.2.6) - restriction: >= net452
      DevExpress.Printing.Core (19.2.6) - restriction: >= net452
      DevExpress.Reporting.Core (19.2.6) - restriction: >= net452
      DevExpress.Web (19.2.6) - restriction: >= net452
      DevExpress.Web.Reporting (19.2.6) - restriction: >= net452
      DevExpress.Web.Reporting.Common (19.2.6) - restriction: >= net452
    DevExpress.ExpressApp.ReportsV2.Win (19.2.6) - restriction: >= net452
      DevExpress.Data (19.2.6) - restriction: >= net452
      DevExpress.DataAccess (19.2.6) - restriction: >= net452
      DevExpress.DataAccess.UI (19.2.6) - restriction: >= net452
      DevExpress.ExpressApp (19.2.6) - restriction: >= net452
      DevExpress.ExpressApp.ReportsV2 (19.2.6) - restriction: >= net452
      DevExpress.ExpressApp.Win (19.2.6) - restriction: >= net452
      DevExpress.Persistent.Base (19.2.6) - restriction: >= net452
      DevExpress.Printing.Core (19.2.6) - restriction: >= net452
      DevExpress.Reporting.Core (19.2.6) - restriction: >= net452
      DevExpress.Utils (19.2.6) - restriction: >= net452
      DevExpress.Utils.UI (19.2.6) - restriction: >= net452
      DevExpress.Win.Grid (19.2.6) - restriction: >= net452
      DevExpress.Win.Navigation (19.2.6) - restriction: >= net452
      DevExpress.Win.Printing (19.2.6) - restriction: >= net452
      DevExpress.Win.Reporting (19.2.6) - restriction: >= net452
      DevExpress.Win.TreeList (19.2.6) - restriction: >= net452
    DevExpress.ExpressApp.Scheduler (19.2.6) - restriction: >= net452
      DevExpress.Data (19.2.6) - restriction: >= net452
      DevExpress.ExpressApp (19.2.6) - restriction: >= net452
      DevExpress.Persistent.Base (19.2.6) - restriction: >= net452
      DevExpress.Scheduler.Core (19.2.6) - restriction: >= net452
    DevExpress.ExpressApp.Scheduler.Web (19.2.6) - restriction: >= net452
      DevExpress.Data (19.2.6) - restriction: >= net452
      DevExpress.ExpressApp (19.2.6) - restriction: >= net452
      DevExpress.ExpressApp.Scheduler (19.2.6) - restriction: >= net452
      DevExpress.ExpressApp.Web (19.2.6) - restriction: >= net452
      DevExpress.Persistent.Base (19.2.6) - restriction: >= net452
      DevExpress.Scheduler.Core (19.2.6) - restriction: >= net452
      DevExpress.Web (19.2.6) - restriction: >= net452
      DevExpress.Web.Scheduler (19.2.6) - restriction: >= net452
    DevExpress.ExpressApp.Scheduler.Win (19.2.6) - restriction: >= net452
      DevExpress.Data (19.2.6) - restriction: >= net452
      DevExpress.ExpressApp (19.2.6) - restriction: >= net452
      DevExpress.ExpressApp.Scheduler (19.2.6) - restriction: >= net452
      DevExpress.ExpressApp.Win (19.2.6) - restriction: >= net452
      DevExpress.Persistent.Base (19.2.6) - restriction: >= net452
      DevExpress.Scheduler.Core (19.2.6) - restriction: >= net452
      DevExpress.Utils (19.2.6) - restriction: >= net452
      DevExpress.Win.Navigation (19.2.6) - restriction: >= net452
      DevExpress.Win.Scheduler (19.2.6) - restriction: >= net452
    DevExpress.ExpressApp.ScriptRecorder (19.2.6) - restriction: || (>= net452) (>= netstandard2.0)
      DevExpress.ExpressApp (19.2.6) - restriction: || (>= net452) (>= netstandard2.0)
      NETStandard.Library (>= 2.0.3) - restriction: && (< net452) (>= netstandard2.0)
      System.Drawing.Common (>= 4.5) - restriction: && (< net452) (>= netstandard2.0)
    DevExpress.ExpressApp.ScriptRecorder.Web (19.2.6) - restriction: >= net452
      DevExpress.Data (19.2.6) - restriction: >= net452
      DevExpress.ExpressApp (19.2.6) - restriction: >= net452
      DevExpress.ExpressApp.ScriptRecorder (19.2.6) - restriction: >= net452
      DevExpress.ExpressApp.Web (19.2.6) - restriction: >= net452
    DevExpress.ExpressApp.ScriptRecorder.Win (19.2.6) - restriction: >= net452
      DevExpress.Data (19.2.6) - restriction: >= net452
      DevExpress.ExpressApp (19.2.6) - restriction: >= net452
      DevExpress.ExpressApp.ScriptRecorder (19.2.6) - restriction: >= net452
      DevExpress.ExpressApp.Win (19.2.6) - restriction: >= net452
      DevExpress.Utils (19.2.6) - restriction: >= net452
      DevExpress.Win.Navigation (19.2.6) - restriction: >= net452
    DevExpress.ExpressApp.Security (19.2.6) - restriction: || (>= net452) (>= netstandard2.0)
      DevExpress.Data (19.2.6) - restriction: || (>= net452) (>= netstandard2.0)
      DevExpress.ExpressApp (19.2.6) - restriction: || (>= net452) (>= netstandard2.0)
      DevExpress.Persistent.Base (19.2.6) - restriction: || (>= net452) (>= netstandard2.0)
      NETStandard.Library (>= 2.0.3) - restriction: && (< net452) (>= netstandard2.0)
      System.Drawing.Common (>= 4.5) - restriction: && (< net452) (>= netstandard2.0)
      System.Security.Permissions (>= 4.5) - restriction: && (< net452) (>= netstandard2.0)
    DevExpress.ExpressApp.Security.Xpo (19.2.6)
      DevExpress.Data (19.2.6) - restriction: || (>= net452) (>= netstandard2.0)
      DevExpress.ExpressApp (19.2.6) - restriction: || (>= net452) (>= netstandard2.0)
      DevExpress.ExpressApp.Security (19.2.6) - restriction: || (>= net452) (>= netstandard2.0)
      DevExpress.ExpressApp.Xpo (19.2.6) - restriction: || (>= net452) (>= netstandard2.0)
      DevExpress.Persistent.Base (19.2.6) - restriction: || (>= net452) (>= netstandard2.0)
      DevExpress.Xpo (19.2.6) - restriction: || (>= net452) (>= netstandard2.0)
      NETStandard.Library (>= 2.0.3) - restriction: && (< net452) (>= netstandard2.0)
      System.ServiceModel.Primitives (>= 4.5.3) - restriction: && (< net452) (>= netstandard2.0)
    DevExpress.ExpressApp.StateMachine (19.2.6) - restriction: || (>= net452) (>= netstandard2.0)
      DevExpress.Data (19.2.6) - restriction: || (>= net452) (>= netstandard2.0)
      DevExpress.ExpressApp (19.2.6) - restriction: || (>= net452) (>= netstandard2.0)
      DevExpress.ExpressApp.ConditionalAppearance (19.2.6) - restriction: || (>= net452) (>= netstandard2.0)
      DevExpress.ExpressApp.Validation (19.2.6) - restriction: || (>= net452) (>= netstandard2.0)
      DevExpress.Persistent.Base (19.2.6) - restriction: || (>= net452) (>= netstandard2.0)
      NETStandard.Library (>= 2.0.3) - restriction: && (< net452) (>= netstandard2.0)
      System.Drawing.Common (>= 4.5) - restriction: && (< net452) (>= netstandard2.0)
    DevExpress.ExpressApp.TreeListEditors (19.2.6) - restriction: >= net452
      DevExpress.Data (19.2.6) - restriction: >= net452
      DevExpress.ExpressApp (19.2.6) - restriction: >= net452
      DevExpress.Persistent.Base (19.2.6) - restriction: >= net452
    DevExpress.ExpressApp.TreeListEditors.Web (19.2.6) - restriction: >= net452
      DevExpress.Data (19.2.6) - restriction: >= net452
      DevExpress.ExpressApp (19.2.6) - restriction: >= net452
      DevExpress.ExpressApp.TreeListEditors (19.2.6) - restriction: >= net452
      DevExpress.ExpressApp.Web (19.2.6) - restriction: >= net452
      DevExpress.Persistent.Base (19.2.6) - restriction: >= net452
      DevExpress.Web (19.2.6) - restriction: >= net452
    DevExpress.ExpressApp.TreeListEditors.Win (19.2.6) - restriction: >= net452
      DevExpress.Data (19.2.6) - restriction: >= net452
      DevExpress.ExpressApp (19.2.6) - restriction: >= net452
      DevExpress.ExpressApp.TreeListEditors (19.2.6) - restriction: >= net452
      DevExpress.ExpressApp.Win (19.2.6) - restriction: >= net452
      DevExpress.Persistent.Base (19.2.6) - restriction: >= net452
      DevExpress.Utils (19.2.6) - restriction: >= net452
      DevExpress.Win.Navigation (19.2.6) - restriction: >= net452
      DevExpress.Win.TreeList (19.2.6) - restriction: >= net452
    DevExpress.ExpressApp.Validation (19.2.6) - restriction: || (>= net452) (>= netstandard2.0)
      DevExpress.Data (19.2.6) - restriction: || (>= net452) (>= netstandard2.0)
      DevExpress.ExpressApp (19.2.6) - restriction: || (>= net452) (>= netstandard2.0)
      DevExpress.Persistent.Base (19.2.6) - restriction: || (>= net452) (>= netstandard2.0)
      NETStandard.Library (>= 2.0.3) - restriction: && (< net452) (>= netstandard2.0)
      System.Drawing.Common (>= 4.5) - restriction: && (< net452) (>= netstandard2.0)
    DevExpress.ExpressApp.Validation.Web (19.2.6) - restriction: >= net452
      DevExpress.Data (19.2.6) - restriction: >= net452
      DevExpress.ExpressApp (19.2.6) - restriction: >= net452
      DevExpress.ExpressApp.Validation (19.2.6) - restriction: >= net452
      DevExpress.ExpressApp.Web (19.2.6) - restriction: >= net452
      DevExpress.Persistent.Base (19.2.6) - restriction: >= net452
      DevExpress.Web (19.2.6) - restriction: >= net452
    DevExpress.ExpressApp.Validation.Win (19.2.6) - restriction: >= net452
      DevExpress.Data (19.2.6) - restriction: >= net452
      DevExpress.ExpressApp (19.2.6) - restriction: >= net452
      DevExpress.ExpressApp.Validation (19.2.6) - restriction: >= net452
      DevExpress.ExpressApp.Win (19.2.6) - restriction: >= net452
      DevExpress.Persistent.Base (19.2.6) - restriction: >= net452
      DevExpress.Win.Grid (19.2.6) - restriction: >= net452
      DevExpress.Win.Navigation (19.2.6) - restriction: >= net452
    DevExpress.ExpressApp.ViewVariantsModule (19.2.6) - restriction: || (>= net452) (>= netstandard2.0)
      DevExpress.Data (19.2.6) - restriction: || (>= net452) (>= netstandard2.0)
      DevExpress.ExpressApp (19.2.6) - restriction: || (>= net452) (>= netstandard2.0)
      NETStandard.Library (>= 2.0.3) - restriction: && (< net452) (>= netstandard2.0)
      System.Drawing.Common (>= 4.5) - restriction: && (< net452) (>= netstandard2.0)
    DevExpress.ExpressApp.Web (19.2.6) - restriction: >= net452
      DevExpress.Data (19.2.6) - restriction: >= net452
      DevExpress.ExpressApp (19.2.6) - restriction: >= net452
      DevExpress.Persistent.Base (19.2.6) - restriction: >= net452
      DevExpress.Printing.Core (19.2.6) - restriction: >= net452
      DevExpress.Utils (19.2.6) - restriction: >= net452
      DevExpress.Web (19.2.6) - restriction: >= net452
      DevExpress.Web.Themes (19.2.6) - restriction: >= net452
    DevExpress.ExpressApp.Web.All (19.2.6)
      DevExpress.ExpressApp.Chart.Web (19.2.6) - restriction: >= net452
      DevExpress.ExpressApp.Core.All (19.2.6) - restriction: >= net452
      DevExpress.ExpressApp.Dashboards.Web (19.2.6) - restriction: >= net452
      DevExpress.ExpressApp.EasyTest.WebAdapter (19.2.6) - restriction: >= net452
      DevExpress.ExpressApp.FileAttachment.Web (19.2.6) - restriction: >= net452
      DevExpress.ExpressApp.HtmlPropertyEditor.Web (19.2.6) - restriction: >= net452
      DevExpress.ExpressApp.Maps.Web (19.2.6) - restriction: >= net452
      DevExpress.ExpressApp.Notifications.Web (19.2.6) - restriction: >= net452
      DevExpress.ExpressApp.Office.Web (19.2.6) - restriction: >= net452
      DevExpress.ExpressApp.PivotChart.Web (19.2.6) - restriction: >= net452
      DevExpress.ExpressApp.PivotGrid.Web (19.2.6) - restriction: >= net452
      DevExpress.ExpressApp.ReportsV2.Web (19.2.6) - restriction: >= net452
      DevExpress.ExpressApp.Scheduler.Web (19.2.6) - restriction: >= net452
      DevExpress.ExpressApp.ScriptRecorder.Web (19.2.6) - restriction: >= net452
      DevExpress.ExpressApp.TreeListEditors.Web (19.2.6) - restriction: >= net452
      DevExpress.ExpressApp.Validation.Web (19.2.6) - restriction: >= net452
      DevExpress.ExpressApp.Web (19.2.6) - restriction: >= net452
    DevExpress.ExpressApp.Win (19.2.6) - restriction: >= net452
      DevExpress.Data (19.2.6) - restriction: >= net452
      DevExpress.ExpressApp (19.2.6) - restriction: >= net452
      DevExpress.Office.Core (19.2.6) - restriction: >= net452
      DevExpress.Persistent.Base (19.2.6) - restriction: >= net452
      DevExpress.Printing.Core (19.2.6) - restriction: >= net452
      DevExpress.RichEdit.Core (19.2.6) - restriction: >= net452
      DevExpress.Utils (19.2.6) - restriction: >= net452
      DevExpress.Win (19.2.6) - restriction: >= net452
      DevExpress.Win.BonusSkins (19.2.6) - restriction: >= net452
      DevExpress.Win.Grid (19.2.6) - restriction: >= net452
      DevExpress.Win.Navigation (19.2.6) - restriction: >= net452
      DevExpress.Win.Printing (19.2.6) - restriction: >= net452
      DevExpress.Win.RichEdit (19.2.6) - restriction: >= net452
      DevExpress.Win.TreeList (19.2.6) - restriction: >= net452
      DevExpress.Win.VerticalGrid (19.2.6) - restriction: >= net452
    DevExpress.ExpressApp.Win.All (19.2.6)
      DevExpress.ExpressApp.Chart.Win (19.2.6) - restriction: >= net452
      DevExpress.ExpressApp.Core.All (19.2.6) - restriction: >= net452
      DevExpress.ExpressApp.Dashboards.Win (19.2.6) - restriction: >= net452
      DevExpress.ExpressApp.EasyTest.WinAdapter (19.2.6) - restriction: >= net452
      DevExpress.ExpressApp.FileAttachment.Win (19.2.6) - restriction: >= net452
      DevExpress.ExpressApp.HtmlPropertyEditor.Win (19.2.6) - restriction: >= net452
      DevExpress.ExpressApp.Notifications.Win (19.2.6) - restriction: >= net452
      DevExpress.ExpressApp.Office.Win (19.2.6) - restriction: >= net452
      DevExpress.ExpressApp.PivotChart.Win (19.2.6) - restriction: >= net452
      DevExpress.ExpressApp.PivotGrid.Win (19.2.6) - restriction: >= net452
      DevExpress.ExpressApp.ReportsV2.Win (19.2.6) - restriction: >= net452
      DevExpress.ExpressApp.Scheduler.Win (19.2.6) - restriction: >= net452
      DevExpress.ExpressApp.ScriptRecorder.Win (19.2.6) - restriction: >= net452
      DevExpress.ExpressApp.TreeListEditors.Win (19.2.6) - restriction: >= net452
      DevExpress.ExpressApp.Validation.Win (19.2.6) - restriction: >= net452
      DevExpress.ExpressApp.Win (19.2.6) - restriction: >= net452
      DevExpress.ExpressApp.Workflow.Win (19.2.6) - restriction: >= net452
    DevExpress.ExpressApp.Workflow (19.2.6) - restriction: >= net452
      DevExpress.Data (19.2.6) - restriction: >= net452
      DevExpress.ExpressApp (19.2.6) - restriction: >= net452
      DevExpress.ExpressApp.ConditionalAppearance (19.2.6) - restriction: >= net452
      DevExpress.ExpressApp.Security (19.2.6) - restriction: >= net452
      DevExpress.Persistent.Base (19.2.6) - restriction: >= net452
      DevExpress.Utils (19.2.6) - restriction: >= net452
    DevExpress.ExpressApp.Workflow.Win (19.2.6) - restriction: >= net452
      DevExpress.Data (19.2.6) - restriction: >= net452
      DevExpress.ExpressApp (19.2.6) - restriction: >= net452
      DevExpress.ExpressApp.Win (19.2.6) - restriction: >= net452
      DevExpress.ExpressApp.Workflow (19.2.6) - restriction: >= net452
      DevExpress.Persistent.Base (19.2.6) - restriction: >= net452
      DevExpress.Utils (19.2.6) - restriction: >= net452
    DevExpress.ExpressApp.Xpo (19.2.6) - restriction: || (>= net452) (>= netstandard2.0)
      DevExpress.Data (19.2.6) - restriction: || (>= net452) (>= netstandard2.0)
      DevExpress.ExpressApp (19.2.6) - restriction: || (>= net452) (>= netstandard2.0)
      DevExpress.Xpo (19.2.6) - restriction: || (>= net452) (>= netstandard2.0)
      NETStandard.Library (>= 2.0.3) - restriction: && (< net452) (>= netstandard2.0)
      System.Drawing.Common (>= 4.5) - restriction: && (< net452) (>= netstandard2.0)
      System.Security.Permissions (>= 4.5) - restriction: && (< net452) (>= netstandard2.0)
    DevExpress.Gauges.Core (19.2.6) - restriction: || (>= net452) (>= netstandard2.0)
      DevExpress.Data (19.2.6) - restriction: || (>= net452) (>= netstandard2.0)
      DevExpress.Printing.Core (19.2.6) - restriction: >= net452
      NETStandard.Library (>= 2.0.3) - restriction: && (< net452) (>= netstandard2.0)
      System.Drawing.Common (>= 4.5) - restriction: && (< net452) (>= netstandard2.0)
    DevExpress.Images (19.2.6) - restriction: >= net452
      DevExpress.Data (19.2.6) - restriction: || (>= net452) (>= netstandard2.0)
    DevExpress.Map.Core (19.2.6) - restriction: >= net452
      DevExpress.Data (19.2.6) - restriction: || (>= net452) (>= netstandard2.0)
    DevExpress.Office.Core (19.2.6) - restriction: || (>= net452) (>= netstandard2.0)
      DevExpress.Data (19.2.6) - restriction: || (>= net452) (>= netstandard2.0)
      DevExpress.Printing.Core (19.2.6) - restriction: || (>= net452) (>= netstandard2.0)
    DevExpress.Pdf.Core (19.2.6) - restriction: >= net452
      DevExpress.Data (19.2.6) - restriction: || (>= net452) (>= netstandard2.0)
    DevExpress.Persistent.Base (19.2.6) - restriction: || (>= net452) (>= netstandard2.0)
      DevExpress.Data (19.2.6) - restriction: || (>= net452) (>= netstandard2.0)
      DevExpress.ExpressApp (19.2.6) - restriction: || (>= net452) (>= netstandard2.0)
      DevExpress.Printing.Core (19.2.6) - restriction: || (>= net452) (>= netstandard2.0)
      DevExpress.Reporting.Core (19.2.6) - restriction: || (>= net452) (>= netstandard2.0)
      NETStandard.Library (>= 2.0.3) - restriction: && (< net452) (>= netstandard2.0)
      System.Drawing.Common (>= 4.5) - restriction: && (< net452) (>= netstandard2.0)
    DevExpress.Persistent.BaseImpl (19.2.6) - restriction: || (>= net452) (>= netstandard2.0)
      DevExpress.Data (19.2.6) - restriction: || (>= net452) (>= netstandard2.0)
      DevExpress.ExpressApp (19.2.6) - restriction: || (>= net452) (>= netstandard2.0)
      DevExpress.ExpressApp.Objects (19.2.6) - restriction: || (>= net452) (>= netstandard2.0)
      DevExpress.ExpressApp.Xpo (19.2.6) - restriction: || (>= net452) (>= netstandard2.0)
      DevExpress.Persistent.Base (19.2.6) - restriction: || (>= net452) (>= netstandard2.0)
      DevExpress.Reporting.Core (19.2.6) - restriction: || (>= net452) (>= netstandard2.0)
      DevExpress.Scheduler.Core (19.2.6) - restriction: || (>= net452) (>= netstandard2.0)
      DevExpress.Xpo (19.2.6) - restriction: || (>= net452) (>= netstandard2.0)
      NETStandard.Library (>= 2.0.3) - restriction: && (< net452) (>= netstandard2.0)
      System.Drawing.Common (>= 4.5) - restriction: && (< net452) (>= netstandard2.0)
    DevExpress.PivotGrid.Core (19.2.6) - restriction: || (>= net452) (>= netstandard2.0)
      DevExpress.Data (19.2.6) - restriction: || (>= net452) (>= netstandard2.0)
      DevExpress.Printing.Core (19.2.6) - restriction: || (>= net452) (>= netstandard2.0)
    DevExpress.Printing.Core (19.2.6) - restriction: || (>= net452) (>= netstandard2.0)
      DevExpress.Data (19.2.6) - restriction: || (>= net452) (>= netstandard2.0)
      DevExpress.Pdf.Core (19.2.6) - restriction: || (>= net452) (>= netstandard2.0)
    DevExpress.Reporting.Core (19.2.6) - restriction: || (>= net452) (>= netstandard2.0)
      DevExpress.Charts (19.2.6) - restriction: || (>= net452) (>= netstandard2.0)
      DevExpress.Charts.Core (19.2.6) - restriction: || (>= net452) (>= netstandard2.0)
      DevExpress.CodeParser (19.2.6) - restriction: || (>= net452) (>= netstandard2.0)
      DevExpress.Data (19.2.6) - restriction: || (>= net452) (>= netstandard2.0)
      DevExpress.DataAccess (19.2.6) - restriction: || (>= net452) (>= netstandard2.0)
      DevExpress.Gauges.Core (19.2.6) - restriction: || (>= net452) (>= netstandard2.0)
      DevExpress.Office.Core (19.2.6) - restriction: || (>= net452) (>= netstandard2.0)
      DevExpress.PivotGrid.Core (19.2.6) - restriction: || (>= net452) (>= netstandard2.0)
      DevExpress.Printing.Core (19.2.6) - restriction: || (>= net452) (>= netstandard2.0)
      DevExpress.RichEdit.Core (19.2.6) - restriction: || (>= net452) (>= netstandard2.0)
      DevExpress.RichEdit.Export (19.2.6) - restriction: || (>= net452) (>= netstandard2.0)
      DevExpress.Sparkline.Core (19.2.6) - restriction: || (>= net452) (>= netstandard2.0)
      DevExpress.Xpo (19.2.6) - restriction: || (>= net452) (>= netstandard2.0)
      NETStandard.Library (>= 2.0.3) - restriction: && (< net452) (>= netstandard2.0)
      System.CodeDom (>= 4.4) - restriction: && (< net452) (>= netstandard2.0)
      System.Collections.Immutable (>= 1.5) - restriction: && (< net452) (>= netstandard2.0)
      System.Data.Common (>= 4.3) - restriction: && (< net452) (>= netstandard2.0)
      System.Drawing.Common (>= 4.5) - restriction: && (< net452) (>= netstandard2.0)
      System.ServiceModel.Http (>= 4.4) - restriction: && (< net452) (>= netstandard2.0)
    DevExpress.RichEdit.Core (19.2.6) - restriction: || (>= net452) (>= netstandard2.0)
      DevExpress.Data (19.2.6) - restriction: || (>= net452) (>= netstandard2.0)
      DevExpress.Images (19.2.6) - restriction: >= net452
      DevExpress.Office.Core (19.2.6) - restriction: || (>= net452) (>= netstandard2.0)
      DevExpress.Pdf.Core (19.2.6) - restriction: || (>= net452) (>= netstandard2.0)
      DevExpress.Printing.Core (19.2.6) - restriction: || (>= net452) (>= netstandard2.0)
    DevExpress.RichEdit.Export (19.2.6) - restriction: || (>= net452) (>= netstandard2.0)
      DevExpress.Data (19.2.6) - restriction: || (>= net452) (>= netstandard2.0)
      DevExpress.Office.Core (19.2.6) - restriction: || (>= net452) (>= netstandard2.0)
      DevExpress.Printing.Core (19.2.6) - restriction: || (>= net452) (>= netstandard2.0)
      DevExpress.RichEdit.Core (19.2.6) - restriction: || (>= net452) (>= netstandard2.0)
    DevExpress.Scheduler.Core (19.2.6) - restriction: || (>= net452) (>= netstandard2.0)
      DevExpress.Data (19.2.6) - restriction: || (>= net452) (>= netstandard2.0)
      DevExpress.Images (19.2.6) - restriction: >= net452
      DevExpress.Printing.Core (19.2.6) - restriction: >= net452
    DevExpress.Sparkline.Core (19.2.6) - restriction: || (>= net452) (>= netstandard2.0)
      DevExpress.Data (19.2.6) - restriction: || (>= net452) (>= netstandard2.0)
    DevExpress.SpellChecker.Core (19.2.6) - restriction: >= net452
      DevExpress.Data (19.2.6) - restriction: >= net452
    DevExpress.Spreadsheet.Core (19.2.6) - restriction: >= net452
      DevExpress.Charts.Core (19.2.6) - restriction: || (>= net452) (>= netstandard2.0)
      DevExpress.Data (19.2.6) - restriction: || (>= net452) (>= netstandard2.0)
      DevExpress.DataAccess (19.2.6) - restriction: || (>= net452) (>= netstandard2.0)
      DevExpress.Office.Core (19.2.6) - restriction: || (>= net452) (>= netstandard2.0)
      DevExpress.Printing.Core (19.2.6) - restriction: || (>= net452) (>= netstandard2.0)
      DevExpress.Sparkline.Core (19.2.6) - restriction: || (>= net452) (>= netstandard2.0)
    DevExpress.TreeMap.Core (19.2.6) - restriction: >= net452
      DevExpress.Data (19.2.6) - restriction: || (>= net452) (>= netstandard2.0)
    DevExpress.Utils (19.2.6) - restriction: >= net452
      DevExpress.Data (19.2.6) - restriction: >= net452
      DevExpress.Printing.Core (19.2.6) - restriction: >= net452
    DevExpress.Utils.UI (19.2.6) - restriction: >= net452
      DevExpress.Data (19.2.6) - restriction: >= net452
      DevExpress.Printing.Core (19.2.6) - restriction: >= net452
      DevExpress.Utils (19.2.6) - restriction: >= net452
      DevExpress.Win.Navigation (19.2.6) - restriction: >= net452
      DevExpress.Win.Printing (19.2.6) - restriction: >= net452
      DevExpress.Win.RichEdit (19.2.6) - restriction: >= net452
      DevExpress.Win.TreeList (19.2.6) - restriction: >= net452
      DevExpress.Win.VerticalGrid (19.2.6) - restriction: >= net452
    DevExpress.Web (19.2.6) - restriction: >= net452
      DevExpress.Data (19.2.6) - restriction: >= net452
      DevExpress.Office.Core (19.2.6) - restriction: >= net452
      DevExpress.PivotGrid.Core (19.2.6) - restriction: >= net452
      DevExpress.Printing.Core (19.2.6) - restriction: >= net452
      DevExpress.RichEdit.Core (19.2.6) - restriction: >= net452
      DevExpress.RichEdit.Export (19.2.6) - restriction: >= net452
      DevExpress.SpellChecker.Core (19.2.6) - restriction: >= net452
    DevExpress.Web.Dashboard (19.2.6) - restriction: >= net452
      DevExpress.Dashboard.Core (19.2.6) - restriction: >= net452
      DevExpress.Data (19.2.6) - restriction: >= net452
      DevExpress.DataAccess (19.2.6) - restriction: >= net452
      DevExpress.Web (19.2.6) - restriction: >= net452
      DevExpress.Web.Dashboard.Common (19.2.6) - restriction: >= net452
    DevExpress.Web.Dashboard.Common (19.2.6) - restriction: >= net452
      DevExpress.Charts.Core (19.2.6) - restriction: >= net452
      DevExpress.Dashboard.Core (19.2.6) - restriction: || (>= net452) (>= netstandard2.0)
      DevExpress.Data (19.2.6) - restriction: || (>= net452) (>= netstandard2.0)
      DevExpress.DataAccess (19.2.6) - restriction: || (>= net452) (>= netstandard2.0)
      DevExpress.Pdf.Core (19.2.6) - restriction: >= net452
      DevExpress.PivotGrid.Core (19.2.6) - restriction: || (>= net452) (>= netstandard2.0)
      DevExpress.Printing.Core (19.2.6) - restriction: || (>= net452) (>= netstandard2.0)
      DevExpress.Reporting.Core (19.2.6) - restriction: || (>= net452) (>= netstandard2.0)
      DevExpress.RichEdit.Core (19.2.6) - restriction: >= net452
      DevExpress.Xpo (19.2.6) - restriction: >= net452
    DevExpress.Web.Office (19.2.6) - restriction: >= net452
      DevExpress.Charts (19.2.6) - restriction: >= net452
      DevExpress.Charts.Core (19.2.6) - restriction: >= net452
      DevExpress.Data (19.2.6) - restriction: >= net452
      DevExpress.Office.Core (19.2.6) - restriction: >= net452
      DevExpress.Printing.Core (19.2.6) - restriction: >= net452
      DevExpress.RichEdit.Core (19.2.6) - restriction: >= net452
      DevExpress.SpellChecker.Core (19.2.6) - restriction: >= net452
      DevExpress.Spreadsheet.Core (19.2.6) - restriction: >= net452
      DevExpress.Web (19.2.6) - restriction: >= net452
    DevExpress.Web.Reporting (19.2.6) - restriction: >= net452
      DevExpress.Data (19.2.6) - restriction: >= net452
      DevExpress.DataAccess (19.2.6) - restriction: >= net452
      DevExpress.Printing.Core (19.2.6) - restriction: >= net452
      DevExpress.Reporting.Core (19.2.6) - restriction: >= net452
      DevExpress.Utils (19.2.6) - restriction: >= net452
      DevExpress.Web (19.2.6) - restriction: >= net452
      DevExpress.Web.Reporting.Common (19.2.6) - restriction: >= net452
    DevExpress.Web.Reporting.Common (19.2.6) - restriction: >= net452
      DevExpress.Charts (19.2.6) - restriction: || (>= net452) (>= netstandard2.0)
      DevExpress.Charts.Core (19.2.6) - restriction: || (>= net452) (>= netstandard2.0)
      DevExpress.Data (19.2.6) - restriction: || (>= net452) (>= netstandard2.0)
      DevExpress.DataAccess (19.2.6) - restriction: || (>= net452) (>= netstandard2.0)
      DevExpress.Gauges.Core (19.2.6) - restriction: || (>= net452) (>= netstandard2.0)
      DevExpress.PivotGrid.Core (19.2.6) - restriction: || (>= net452) (>= netstandard2.0)
      DevExpress.Printing.Core (19.2.6) - restriction: || (>= net452) (>= netstandard2.0)
      DevExpress.Reporting.Core (19.2.6) - restriction: || (>= net452) (>= netstandard2.0)
      DevExpress.Sparkline.Core (19.2.6) - restriction: || (>= net452) (>= netstandard2.0)
    DevExpress.Web.Scheduler (19.2.6) - restriction: >= net452
      DevExpress.Data (19.2.6) - restriction: >= net452
      DevExpress.Scheduler.Core (19.2.6) - restriction: >= net452
      DevExpress.Web (19.2.6) - restriction: >= net452
    DevExpress.Web.Themes (19.2.6) - restriction: >= net452
      DevExpress.Web (19.2.6) - restriction: >= net452
    DevExpress.Web.Visualization (19.2.6) - restriction: >= net452
      DevExpress.Charts (19.2.6) - restriction: >= net452
      DevExpress.Charts.Core (19.2.6) - restriction: >= net452
      DevExpress.Data (19.2.6) - restriction: >= net452
      DevExpress.Gauges.Core (19.2.6) - restriction: >= net452
      DevExpress.Printing.Core (19.2.6) - restriction: >= net452
      DevExpress.Web (19.2.6) - restriction: >= net452
    DevExpress.Win (19.2.6) - restriction: >= net452
      DevExpress.Data (19.2.6) - restriction: >= net452
      DevExpress.RichEdit.Export (19.2.6) - restriction: >= net452
      DevExpress.Utils (19.2.6) - restriction: >= net452
      DevExpress.Win.Grid (19.2.6) - restriction: >= net452
      DevExpress.Win.Navigation (19.2.6) - restriction: >= net452
      DevExpress.Win.PivotGrid (19.2.6) - restriction: >= net452
      DevExpress.Win.Printing (19.2.6) - restriction: >= net452
      DevExpress.Win.TreeList (19.2.6) - restriction: >= net452
      DevExpress.Win.VerticalGrid (19.2.6) - restriction: >= net452
    DevExpress.Win.BonusSkins (19.2.6) - restriction: >= net452
      DevExpress.Utils (19.2.6) - restriction: >= net452
    DevExpress.Win.Charts (19.2.6) - restriction: >= net452
      DevExpress.Charts (19.2.6) - restriction: >= net452
      DevExpress.Charts.Core (19.2.6) - restriction: >= net452
      DevExpress.Data (19.2.6) - restriction: >= net452
      DevExpress.Printing.Core (19.2.6) - restriction: >= net452
      DevExpress.Utils (19.2.6) - restriction: >= net452
      DevExpress.Utils.UI (19.2.6) - restriction: >= net452
      DevExpress.Win (19.2.6) - restriction: >= net452
      DevExpress.Win.Grid (19.2.6) - restriction: >= net452
      DevExpress.Win.Navigation (19.2.6) - restriction: >= net452
      DevExpress.Win.Printing (19.2.6) - restriction: >= net452
      DevExpress.Win.TreeList (19.2.6) - restriction: >= net452
      DevExpress.Win.VerticalGrid (19.2.6) - restriction: >= net452
    DevExpress.Win.Dashboard (19.2.6) - restriction: >= net452
      DevExpress.Charts (19.2.6) - restriction: >= net452
      DevExpress.Charts.Core (19.2.6) - restriction: >= net452
      DevExpress.Dashboard.Core (19.2.6) - restriction: >= net452
      DevExpress.Data (19.2.6) - restriction: >= net452
      DevExpress.DataAccess (19.2.6) - restriction: >= net452
      DevExpress.DataAccess.UI (19.2.6) - restriction: >= net452
      DevExpress.Gauges.Core (19.2.6) - restriction: >= net452
      DevExpress.Map.Core (19.2.6) - restriction: >= net452
      DevExpress.Office.Core (19.2.6) - restriction: >= net452
      DevExpress.PivotGrid.Core (19.2.6) - restriction: >= net452
      DevExpress.Printing.Core (19.2.6) - restriction: >= net452
      DevExpress.Reporting.Core (19.2.6) - restriction: >= net452
      DevExpress.RichEdit.Core (19.2.6) - restriction: >= net452
      DevExpress.Sparkline.Core (19.2.6) - restriction: >= net452
      DevExpress.TreeMap.Core (19.2.6) - restriction: >= net452
      DevExpress.Utils (19.2.6) - restriction: >= net452
      DevExpress.Utils.UI (19.2.6) - restriction: >= net452
      DevExpress.Win.Charts (19.2.6) - restriction: >= net452
      DevExpress.Win.Gauges (19.2.6) - restriction: >= net452
      DevExpress.Win.Grid (19.2.6) - restriction: >= net452
      DevExpress.Win.Map (19.2.6) - restriction: >= net452
      DevExpress.Win.Navigation (19.2.6) - restriction: >= net452
      DevExpress.Win.PivotGrid (19.2.6) - restriction: >= net452
      DevExpress.Win.Printing (19.2.6) - restriction: >= net452
      DevExpress.Win.RichEdit (19.2.6) - restriction: >= net452
      DevExpress.Win.TreeList (19.2.6) - restriction: >= net452
      DevExpress.Win.TreeMap (19.2.6) - restriction: >= net452
      DevExpress.Xpo (19.2.6) - restriction: >= net452
    DevExpress.Win.Diagram (19.2.6) - restriction: >= net452
      DevExpress.Data (19.2.6) - restriction: >= net452
      DevExpress.Diagram.Core (19.2.6) - restriction: >= net452
      DevExpress.Pdf.Core (19.2.6) - restriction: >= net452
      DevExpress.Printing.Core (19.2.6) - restriction: >= net452
      DevExpress.Utils (19.2.6) - restriction: >= net452
      DevExpress.Win.Navigation (19.2.6) - restriction: >= net452
      DevExpress.Win.Printing (19.2.6) - restriction: >= net452
      DevExpress.Win.VerticalGrid (19.2.6) - restriction: >= net452
    DevExpress.Win.Gauges (19.2.6) - restriction: >= net452
      DevExpress.Data (19.2.6) - restriction: >= net452
      DevExpress.Gauges.Core (19.2.6) - restriction: >= net452
      DevExpress.Printing.Core (19.2.6) - restriction: >= net452
      DevExpress.Utils (19.2.6) - restriction: >= net452
      DevExpress.Win.Navigation (19.2.6) - restriction: >= net452
      DevExpress.Win.Printing (19.2.6) - restriction: >= net452
    DevExpress.Win.Grid (19.2.6) - restriction: >= net452
      DevExpress.Data (19.2.6) - restriction: >= net452
      DevExpress.Printing.Core (19.2.6) - restriction: >= net452
      DevExpress.Utils (19.2.6) - restriction: >= net452
      DevExpress.Win.Navigation (19.2.6) - restriction: >= net452
      DevExpress.Win.Printing (19.2.6) - restriction: >= net452
    DevExpress.Win.Map (19.2.6) - restriction: >= net452
      DevExpress.Data (19.2.6) - restriction: >= net452
      DevExpress.Map.Core (19.2.6) - restriction: >= net452
      DevExpress.Printing.Core (19.2.6) - restriction: >= net452
      DevExpress.Utils (19.2.6) - restriction: >= net452
      DevExpress.Win.Navigation (19.2.6) - restriction: >= net452
      DevExpress.Win.Printing (19.2.6) - restriction: >= net452
    DevExpress.Win.Navigation (19.2.6) - restriction: >= net452
      DevExpress.Data (19.2.6) - restriction: >= net452
      DevExpress.Printing.Core (19.2.6) - restriction: >= net452
      DevExpress.Sparkline.Core (19.2.6) - restriction: >= net452
      DevExpress.Utils (19.2.6) - restriction: >= net452
    DevExpress.Win.PivotGrid (19.2.6) - restriction: >= net452
      DevExpress.Data (19.2.6) - restriction: >= net452
      DevExpress.PivotGrid.Core (19.2.6) - restriction: >= net452
      DevExpress.Printing.Core (19.2.6) - restriction: >= net452
      DevExpress.Utils (19.2.6) - restriction: >= net452
      DevExpress.Win.Navigation (19.2.6) - restriction: >= net452
    DevExpress.Win.Printing (19.2.6) - restriction: >= net452
      DevExpress.Data (19.2.6) - restriction: >= net452
      DevExpress.Printing.Core (19.2.6) - restriction: >= net452
      DevExpress.RichEdit.Core (19.2.6) - restriction: >= net452
      DevExpress.Utils (19.2.6) - restriction: >= net452
      DevExpress.Win.Navigation (19.2.6) - restriction: >= net452
      DevExpress.Win.TreeList (19.2.6) - restriction: >= net452
    DevExpress.Win.Reporting (19.2.6) - restriction: >= net452
      DevExpress.Charts (19.2.6) - restriction: >= net452
      DevExpress.Charts.Core (19.2.6) - restriction: >= net452
      DevExpress.CodeParser (19.2.6) - restriction: >= net452
      DevExpress.Data (19.2.6) - restriction: >= net452
      DevExpress.DataAccess (19.2.6) - restriction: >= net452
      DevExpress.DataAccess.UI (19.2.6) - restriction: >= net452
      DevExpress.Gauges.Core (19.2.6) - restriction: >= net452
      DevExpress.Office.Core (19.2.6) - restriction: >= net452
      DevExpress.PivotGrid.Core (19.2.6) - restriction: >= net452
      DevExpress.Printing.Core (19.2.6) - restriction: >= net452
      DevExpress.Reporting.Core (19.2.6) - restriction: >= net452
      DevExpress.RichEdit.Core (19.2.6) - restriction: >= net452
      DevExpress.Sparkline.Core (19.2.6) - restriction: >= net452
      DevExpress.Utils (19.2.6) - restriction: >= net452
      DevExpress.Utils.UI (19.2.6) - restriction: >= net452
      DevExpress.Win (19.2.6) - restriction: >= net452
      DevExpress.Win.Charts (19.2.6) - restriction: >= net452
      DevExpress.Win.Grid (19.2.6) - restriction: >= net452
      DevExpress.Win.Navigation (19.2.6) - restriction: >= net452
      DevExpress.Win.PivotGrid (19.2.6) - restriction: >= net452
      DevExpress.Win.Printing (19.2.6) - restriction: >= net452
      DevExpress.Win.RichEdit (19.2.6) - restriction: >= net452
      DevExpress.Win.TreeList (19.2.6) - restriction: >= net452
      DevExpress.Win.VerticalGrid (19.2.6) - restriction: >= net452
    DevExpress.Win.RichEdit (19.2.6) - restriction: >= net452
      DevExpress.Data (19.2.6) - restriction: >= net452
      DevExpress.Images (19.2.6) - restriction: >= net452
      DevExpress.Office.Core (19.2.6) - restriction: >= net452
      DevExpress.Pdf.Core (19.2.6) - restriction: >= net452
      DevExpress.Printing.Core (19.2.6) - restriction: >= net452
      DevExpress.RichEdit.Core (19.2.6) - restriction: >= net452
      DevExpress.Utils (19.2.6) - restriction: >= net452
      DevExpress.Win.Grid (19.2.6) - restriction: >= net452
      DevExpress.Win.Navigation (19.2.6) - restriction: >= net452
      DevExpress.Win.Printing (19.2.6) - restriction: >= net452
    DevExpress.Win.Scheduler (19.2.6) - restriction: >= net452
      DevExpress.Data (19.2.6) - restriction: >= net452
      DevExpress.Printing.Core (19.2.6) - restriction: >= net452
      DevExpress.Scheduler.Core (19.2.6) - restriction: >= net452
      DevExpress.Utils (19.2.6) - restriction: >= net452
      DevExpress.Win.Grid (19.2.6) - restriction: >= net452
      DevExpress.Win.Navigation (19.2.6) - restriction: >= net452
      DevExpress.Win.Printing (19.2.6) - restriction: >= net452
    DevExpress.Win.Spreadsheet (19.2.6) - restriction: >= net452
      DevExpress.Charts (19.2.6) - restriction: >= net452
      DevExpress.Charts.Core (19.2.6) - restriction: >= net452
      DevExpress.Data (19.2.6) - restriction: >= net452
      DevExpress.DataAccess (19.2.6) - restriction: >= net452
      DevExpress.DataAccess.UI (19.2.6) - restriction: >= net452
      DevExpress.Office.Core (19.2.6) - restriction: >= net452
      DevExpress.Printing.Core (19.2.6) - restriction: >= net452
      DevExpress.RichEdit.Core (19.2.6) - restriction: >= net452
      DevExpress.Spreadsheet.Core (19.2.6) - restriction: >= net452
      DevExpress.Utils (19.2.6) - restriction: >= net452
      DevExpress.Utils.UI (19.2.6) - restriction: >= net452
      DevExpress.Win (19.2.6) - restriction: >= net452
      DevExpress.Win.Grid (19.2.6) - restriction: >= net452
      DevExpress.Win.Navigation (19.2.6) - restriction: >= net452
      DevExpress.Win.Printing (19.2.6) - restriction: >= net452
      DevExpress.Win.RichEdit (19.2.6) - restriction: >= net452
      DevExpress.Win.TreeList (19.2.6) - restriction: >= net452
    DevExpress.Win.TreeList (19.2.6) - restriction: >= net452
      DevExpress.Data (19.2.6) - restriction: >= net452
      DevExpress.Printing.Core (19.2.6) - restriction: >= net452
      DevExpress.Utils (19.2.6) - restriction: >= net452
      DevExpress.Win.Navigation (19.2.6) - restriction: >= net452
    DevExpress.Win.TreeMap (19.2.6) - restriction: >= net452
      DevExpress.Data (19.2.6) - restriction: >= net452
      DevExpress.Printing.Core (19.2.6) - restriction: >= net452
      DevExpress.TreeMap.Core (19.2.6) - restriction: >= net452
      DevExpress.Utils (19.2.6) - restriction: >= net452
      DevExpress.Win.Navigation (19.2.6) - restriction: >= net452
      DevExpress.Win.Printing (19.2.6) - restriction: >= net452
    DevExpress.Win.VerticalGrid (19.2.6) - restriction: >= net452
      DevExpress.Data (19.2.6) - restriction: >= net452
      DevExpress.Printing.Core (19.2.6) - restriction: >= net452
      DevExpress.Utils (19.2.6) - restriction: >= net452
      DevExpress.Win.Navigation (19.2.6) - restriction: >= net452
      DevExpress.Win.Printing (19.2.6) - restriction: >= net452
